GENERATE-LOAD-SCRIPTS: ON
STORAGE: NONE
NUGET
  remote: https://www.nuget.org/api/v2
    Azure.Core (1.22) - restriction: >= net6.0
      Microsoft.Bcl.AsyncInterfaces (>= 1.1.1) - restriction: || (>= net461) (>= netstandard2.0)
      System.Diagnostics.DiagnosticSource (>= 4.6) - restriction: || (>= net461) (>= netstandard2.0)
      System.Memory.Data (>= 1.0.2) - restriction: || (>= net461) (>= netstandard2.0)
      System.Numerics.Vectors (>= 4.5) - restriction: || (>= net461) (>= netstandard2.0)
      System.Text.Encodings.Web (>= 4.7.2) - restriction: || (>= net461) (>= netstandard2.0)
      System.Text.Json (>= 4.7.2) - restriction: || (>= net461) (>= netstandard2.0)
      System.Threading.Tasks.Extensions (>= 4.5.4) - restriction: || (>= net461) (>= netstandard2.0)
    Azure.Identity (1.5) - restriction: >= net6.0
      Azure.Core (>= 1.20) - restriction: >= netstandard2.0
      Microsoft.Identity.Client (>= 4.30.1) - restriction: >= netstandard2.0
      Microsoft.Identity.Client.Extensions.Msal (>= 2.18.4) - restriction: >= netstandard2.0
      System.Memory (>= 4.5.4) - restriction: >= netstandard2.0
      System.Security.Cryptography.ProtectedData (>= 4.5) - restriction: >= netstandard2.0
      System.Text.Json (>= 4.6) - restriction: >= netstandard2.0
      System.Threading.Tasks.Extensions (>= 4.5.4) - restriction: >= netstandard2.0
    Destructurama.FSharp (1.2)
      FSharp.Core (>= 4.3.4) - restriction: >= netstandard1.6
      NETStandard.Library (>= 1.6.1) - restriction: && (>= netstandard1.6) (< netstandard2.0)
      Serilog (>= 2.0 < 3.0) - restriction: >= netstandard1.6
    Dropbox.Api (6.23)
      Newtonsoft.Json (>= 12.0.3) - restriction: >= netstandard2.0
    FSharp.Core (6.0.1)
    FSharp.Data (4.2.7)
      FSharp.Core (>= 4.7.2) - restriction: >= netstandard2.0
    Giraffe (5.0)
      FSharp.Core (>= 5.0) - restriction: >= net5.0
      Giraffe.ViewEngine (>= 1.3) - restriction: >= net5.0
      Microsoft.IO.RecyclableMemoryStream (>= 1.3.6) - restriction: >= net5.0
      Newtonsoft.Json (>= 12.0.3) - restriction: >= net5.0
      Ply (>= 0.3.1) - restriction: >= net5.0
      System.Text.Json (>= 5.0.2) - restriction: >= net5.0
      Utf8Json (>= 1.3.7) - restriction: >= net5.0
    Giraffe.ViewEngine (1.4)
      FSharp.Core (>= 5.0) - restriction: >= netstandard2.0
    Google.Api.CommonProtos (2.5) - restriction: >= netstandard2.0
      Google.Protobuf (>= 3.18 < 4.0) - restriction: || (>= net461) (>= netstandard2.0)
    Google.Api.Gax (3.6) - restriction: || (>= net461) (>= netstandard2.0)
      Microsoft.Bcl.AsyncInterfaces (>= 1.0) - restriction: || (>= net461) (>= netstandard2.0)
      Newtonsoft.Json (>= 12.0.3) - restriction: || (>= net461) (>= netstandard2.0)
    Google.Api.Gax.Grpc (3.6) - restriction: >= netstandard2.0
      Google.Api.CommonProtos (>= 2.5) - restriction: || (>= net461) (>= netstandard2.0)
      Google.Api.Gax (>= 3.6) - restriction: || (>= net461) (>= netstandard2.0)
      Google.Apis.Auth (>= 1.55 < 2.0) - restriction: || (>= net461) (>= netstandard2.0)
      Grpc.Auth (>= 2.41 < 3.0) - restriction: || (>= net461) (>= netstandard2.0)
      Grpc.Core.Api (>= 2.41 < 3.0) - restriction: || (>= net461) (>= netstandard2.0)
    Google.Api.Gax.Grpc.GrpcCore (3.6) - restriction: >= netstandard2.0
      Google.Api.Gax.Grpc (>= 3.6) - restriction: || (>= net461) (>= netstandard2.0)
      Grpc.Core (>= 2.41 < 3.0) - restriction: || (>= net461) (>= netstandard2.0)
    Google.Api.Gax.Rest (3.6) - restriction: || (>= net461) (>= netstandard2.0)
      Google.Api.Gax (>= 3.6) - restriction: || (>= net461) (>= netstandard2.0)
      Google.Apis.Auth (>= 1.53 < 2.0) - restriction: || (>= net461) (>= netstandard2.0)
    Google.Apis (1.55) - restriction: || (&& (< net40) (>= netstandard2.0)) (&& (>= net45) (>= netstandard2.0)) (>= net461)
      Google.Apis.Core (>= 1.55) - restriction: || (>= net45) (>= netstandard1.3)
    Google.Apis.Auth (1.55) - restriction: || (>= net461) (>= netstandard2.0)
      Google.Apis (>= 1.55) - restriction: || (&& (>= net45) (< netstandard2.0)) (&& (< net45) (>= netstandard1.3) (< netstandard2.0)) (&& (< net45) (>= netstandard2.0)) (>= net461)
      Google.Apis.Core (>= 1.55) - restriction: || (&& (>= net45) (< netstandard2.0)) (&& (< net45) (>= netstandard1.3) (< netstandard2.0)) (&& (< net45) (>= netstandard2.0)) (>= net461)
    Google.Apis.Core (1.55) - restriction: || (&& (< net45) (>= netstandard2.0)) (>= net461)
      Newtonsoft.Json (>= 13.0.1) - restriction: || (>= net45) (>= netstandard1.3)
    Google.Apis.Storage.v1 (1.55.0.2526) - restriction: || (>= net461) (>= netstandard2.0)
      Google.Apis (>= 1.55) - restriction: || (&& (< net40) (>= netstandard1.3) (< netstandard2.0)) (&& (< net40) (>= netstandard2.0)) (>= net45)
      Google.Apis.Auth (>= 1.55) - restriction: || (&& (< net40) (>= netstandard1.3) (< netstandard2.0)) (&& (< net40) (>= netstandard2.0)) (>= net45)
    Google.Cloud.Logging.Type (3.3) - restriction: >= netstandard2.0
      Google.Api.CommonProtos (>= 2.3 < 3.0) - restriction: || (>= net461) (>= netstandard2.0)
    Google.Cloud.Logging.V2 (3.4) - restriction: >= netstandard2.0
      Google.Api.Gax.Grpc.GrpcCore (>= 3.5 < 4.0) - restriction: || (>= net461) (>= netstandard2.0)
      Google.Cloud.Logging.Type (>= 3.3 < 4.0) - restriction: || (>= net461) (>= netstandard2.0)
      Grpc.Core (>= 2.38.1 < 3.0) - restriction: || (>= net461) (>= netstandard2.0)
    Google.Cloud.Storage.V1 (3.7)
      Google.Api.Gax.Rest (>= 3.6 < 4.0) - restriction: || (>= net461) (>= netstandard2.0)
      Google.Apis.Storage.v1 (>= 1.55.0.2526 < 2.0) - restriction: || (>= net461) (>= netstandard2.0)
    Google.Protobuf (3.19.4) - restriction: >= netstandard2.0
      System.Memory (>= 4.5.3) - restriction: || (>= net45) (&& (< net5.0) (>= netstandard2.0)) (&& (>= netstandard1.1) (< netstandard2.0))
      System.Runtime.CompilerServices.Unsafe (>= 4.5.2) - restriction: && (< net45) (< net5.0) (>= netstandard2.0)
    Grpc.Auth (2.43) - restriction: >= netstandard2.0
      Google.Apis.Auth (>= 1.46) - restriction: || (>= net45) (>= netstandard1.5)
      Grpc.Core.Api (>= 2.43) - restriction: || (>= net45) (>= netstandard1.5)
    Grpc.Core (2.43) - restriction: >= netstandard2.0
      Grpc.Core.Api (>= 2.43) - restriction: || (>= net45) (>= netstandard1.5)
      System.Memory (>= 4.5.3) - restriction: || (>= net45) (>= netstandard1.5)
    Grpc.Core.Api (2.43) - restriction: >= netstandard2.0
      System.Memory (>= 4.5.3) - restriction: || (>= net45) (>= netstandard1.5)
    Humanizer.Core (2.14.1) - restriction: >= net6.0
    Libuv (1.10) - restriction: >= net6.0
      Microsoft.NETCore.Platforms (>= 1.0.1) - restriction: >= netstandard1.0
    MessagePack (2.3.85) - restriction: >= netcoreapp2.2
      MessagePack.Annotations (>= 2.3.85) - restriction: >= netstandard2.0
      Microsoft.Bcl.AsyncInterfaces (>= 1.0) - restriction: || (&& (>= netcoreapp2.1) (< netcoreapp3.1)) (&& (< netcoreapp2.1) (>= netstandard2.0))
      System.Collections.Immutable (>= 1.5) - restriction: || (&& (>= netcoreapp2.1) (< netcoreapp3.1)) (&& (< netcoreapp2.1) (>= netstandard2.0))
      System.Memory (>= 4.5.3) - restriction: || (&& (>= netcoreapp2.1) (< netcoreapp3.1)) (&& (< netcoreapp2.1) (>= netstandard2.0))
      System.Reflection.Emit (>= 4.6) - restriction: || (&& (>= netcoreapp2.1) (< netcoreapp3.1)) (&& (< netcoreapp2.1) (>= netstandard2.0))
      System.Reflection.Emit.Lightweight (>= 4.6) - restriction: || (&& (>= netcoreapp2.1) (< netcoreapp3.1)) (&& (< netcoreapp2.1) (>= netstandard2.0))
      System.Runtime.CompilerServices.Unsafe (>= 4.5.2) - restriction: || (&& (>= netcoreapp2.1) (< netcoreapp3.1)) (&& (< netcoreapp2.1) (>= netstandard2.0))
      System.Threading.Tasks.Extensions (>= 4.5.3) - restriction: || (&& (>= netcoreapp2.1) (< netcoreapp3.1)) (&& (< netcoreapp2.1) (>= netstandard2.0))
    MessagePack.Annotations (2.3.85) - restriction: >= netcoreapp2.2
    Microsoft.ApplicationInsights (2.20) - restriction: >= netcoreapp2.2
      System.Diagnostics.DiagnosticSource (>= 5.0) - restriction: || (&& (>= net452) (< netstandard2.0)) (&& (< net452) (>= netstandard2.0)) (>= net46)
    Microsoft.ApplicationInsights.AspNetCore (2.20) - restriction: >= netcoreapp2.2
      Microsoft.ApplicationInsights (>= 2.20) - restriction: >= netstandard2.0
      Microsoft.ApplicationInsights.DependencyCollector (>= 2.20) - restriction: >= netstandard2.0
      Microsoft.ApplicationInsights.EventCounterCollector (>= 2.20) - restriction: >= netstandard2.0
      Microsoft.ApplicationInsights.PerfCounterCollector (>= 2.20) - restriction: >= netstandard2.0
      Microsoft.ApplicationInsights.WindowsServer (>= 2.20) - restriction: >= netstandard2.0
      Microsoft.ApplicationInsights.WindowsServer.TelemetryChannel (>= 2.20) - restriction: >= netstandard2.0
      Microsoft.AspNetCore.Hosting (>= 2.1.1) - restriction: >= netstandard2.0
      Microsoft.AspNetCore.Http (>= 2.1.22) - restriction: >= netstandard2.0
      Microsoft.Extensions.Configuration.Json (>= 2.1) - restriction: >= netstandard2.0
      Microsoft.Extensions.Logging.ApplicationInsights (>= 2.20) - restriction: >= netstandard2.0
      System.Text.Encodings.Web (>= 4.5.1) - restriction: >= netstandard2.0
    Microsoft.ApplicationInsights.DependencyCollector (2.20) - restriction: >= netcoreapp2.2
      Microsoft.ApplicationInsights (>= 2.20) - restriction: || (>= net452) (>= netstandard2.0)
      System.Diagnostics.DiagnosticSource (>= 5.0) - restriction: || (>= net452) (>= netstandard2.0)
      System.Diagnostics.StackTrace (>= 4.3) - restriction: && (< net452) (>= netstandard2.0)
    Microsoft.ApplicationInsights.EventCounterCollector (2.20) - restriction: >= netcoreapp2.2
      Microsoft.ApplicationInsights (>= 2.20) - restriction: >= netstandard2.0
    Microsoft.ApplicationInsights.PerfCounterCollector (2.20) - restriction: >= netcoreapp2.2
      Microsoft.ApplicationInsights (>= 2.20) - restriction: || (>= net452) (>= netstandard2.0)
      Microsoft.Extensions.Caching.Memory (>= 1.0) - restriction: && (< net452) (>= netstandard2.0)
      System.Diagnostics.PerformanceCounter (>= 4.7) - restriction: && (< net452) (>= netstandard2.0)
    Microsoft.ApplicationInsights.WindowsServer (2.20) - restriction: >= netcoreapp2.2
      Microsoft.ApplicationInsights (>= 2.20) - restriction: || (>= net452) (>= netstandard2.0)
      Microsoft.ApplicationInsights.DependencyCollector (>= 2.20) - restriction: || (>= net452) (>= netstandard2.0)
      Microsoft.ApplicationInsights.PerfCounterCollector (>= 2.20) - restriction: || (>= net452) (>= netstandard2.0)
      Microsoft.ApplicationInsights.WindowsServer.TelemetryChannel (>= 2.20) - restriction: || (>= net452) (>= netstandard2.0)
      System.Diagnostics.DiagnosticSource (>= 5.0) - restriction: || (>= net452) (>= netstandard2.0)
    Microsoft.ApplicationInsights.WindowsServer.TelemetryChannel (2.20) - restriction: >= netcoreapp2.2
      Microsoft.ApplicationInsights (>= 2.20) - restriction: || (>= net452) (>= netstandard2.0)
      System.IO.FileSystem.AccessControl (>= 4.7) - restriction: && (< net452) (>= netstandard2.0)
    Microsoft.AspNet.WebApi.Client (5.2.7) - restriction: >= netcoreapp2.2
      Newtonsoft.Json (>= 10.0.1) - restriction: && (< net45) (>= netstandard2.0)
      Newtonsoft.Json.Bson (>= 1.0.1) - restriction: && (< net45) (>= netstandard2.0)
    Microsoft.AspNetCore (2.2) - restriction: || (>= netcoreapp2.2) (&& (< netcoreapp3.1) (>= netstandard2.0))
      Microsoft.AspNetCore.Diagnostics (>= 2.2) - restriction: >= netstandard2.0
      Microsoft.AspNetCore.HostFiltering (>= 2.2) - restriction: >= netstandard2.0
      Microsoft.AspNetCore.Hosting (>= 2.2) - restriction: >= netstandard2.0
      Microsoft.AspNetCore.Routing (>= 2.2) - restriction: >= netstandard2.0
      Microsoft.AspNetCore.Server.IIS (>= 2.2) - restriction: >= netstandard2.0
      Microsoft.AspNetCore.Server.IISIntegration (>= 2.2) - restriction: >= netstandard2.0
      Microsoft.AspNetCore.Server.Kestrel (>= 2.2) - restriction: >= netstandard2.0
      Microsoft.AspNetCore.Server.Kestrel.Https (>= 2.2) - restriction: >= netstandard2.0
      Microsoft.Extensions.Configuration.CommandLine (>= 2.2) - restriction: >= netstandard2.0
      Microsoft.Extensions.Configuration.EnvironmentVariables (>= 2.2) - restriction: >= netstandard2.0
      Microsoft.Extensions.Configuration.FileExtensions (>= 2.2) - restriction: >= netstandard2.0
      Microsoft.Extensions.Configuration.Json (>= 2.2) - restriction: >= netstandard2.0
      Microsoft.Extensions.Configuration.UserSecrets (>= 2.2) - restriction: >= netstandard2.0
      Microsoft.Extensions.Logging (>= 2.2) - restriction: >= netstandard2.0
      Microsoft.Extensions.Logging.Configuration (>= 2.2) - restriction: >= netstandard2.0
      Microsoft.Extensions.Logging.Console (>= 2.2) - restriction: >= netstandard2.0
      Microsoft.Extensions.Logging.Debug (>= 2.2) - restriction: >= netstandard2.0
      Microsoft.Extensions.Logging.EventSource (>= 2.2) - restriction: >= netstandard2.0
    Microsoft.AspNetCore.All (2.2.8)
      Microsoft.AspNet.WebApi.Client (>= 5.2.6) - restriction: >= netcoreapp2.2
      Microsoft.AspNetCore (>= 2.2) - restriction: >= netcoreapp2.2
      Microsoft.AspNetCore.Antiforgery (>= 2.2) - restriction: >= netcoreapp2.2
      Microsoft.AspNetCore.ApplicationInsights.HostingStartup (>= 2.2) - restriction: >= netcoreapp2.2
      Microsoft.AspNetCore.Authentication (>= 2.2) - restriction: >= netcoreapp2.2
      Microsoft.AspNetCore.Authentication.Abstractions (>= 2.2) - restriction: >= netcoreapp2.2
      Microsoft.AspNetCore.Authentication.Cookies (>= 2.2) - restriction: >= netcoreapp2.2
      Microsoft.AspNetCore.Authentication.Core (>= 2.2) - restriction: >= netcoreapp2.2
      Microsoft.AspNetCore.Authentication.Facebook (>= 2.2) - restriction: >= netcoreapp2.2
      Microsoft.AspNetCore.Authentication.Google (>= 2.2.2) - restriction: >= netcoreapp2.2
      Microsoft.AspNetCore.Authentication.JwtBearer (>= 2.2) - restriction: >= netcoreapp2.2
      Microsoft.AspNetCore.Authentication.MicrosoftAccount (>= 2.2) - restriction: >= netcoreapp2.2
      Microsoft.AspNetCore.Authentication.OAuth (>= 2.2) - restriction: >= netcoreapp2.2
      Microsoft.AspNetCore.Authentication.OpenIdConnect (>= 2.2) - restriction: >= netcoreapp2.2
      Microsoft.AspNetCore.Authentication.Twitter (>= 2.2) - restriction: >= netcoreapp2.2
      Microsoft.AspNetCore.Authentication.WsFederation (>= 2.2) - restriction: >= netcoreapp2.2
      Microsoft.AspNetCore.Authorization (>= 2.2) - restriction: >= netcoreapp2.2
      Microsoft.AspNetCore.Authorization.Policy (>= 2.2) - restriction: >= netcoreapp2.2
      Microsoft.AspNetCore.AzureAppServices.HostingStartup (>= 2.2.5) - restriction: >= netcoreapp2.2
      Microsoft.AspNetCore.AzureAppServicesIntegration (>= 2.2.5) - restriction: >= netcoreapp2.2
      Microsoft.AspNetCore.Connections.Abstractions (>= 2.2) - restriction: >= netcoreapp2.2
      Microsoft.AspNetCore.CookiePolicy (>= 2.2.8) - restriction: >= netcoreapp2.2
      Microsoft.AspNetCore.Cors (>= 2.2) - restriction: >= netcoreapp2.2
      Microsoft.AspNetCore.Cryptography.Internal (>= 2.2) - restriction: >= netcoreapp2.2
      Microsoft.AspNetCore.Cryptography.KeyDerivation (>= 2.2) - restriction: >= netcoreapp2.2
      Microsoft.AspNetCore.DataProtection (>= 2.2) - restriction: >= netcoreapp2.2
      Microsoft.AspNetCore.DataProtection.Abstractions (>= 2.2) - restriction: >= netcoreapp2.2
      Microsoft.AspNetCore.DataProtection.AzureKeyVault (>= 2.2) - restriction: >= netcoreapp2.2
      Microsoft.AspNetCore.DataProtection.AzureStorage (>= 2.2.7) - restriction: >= netcoreapp2.2
      Microsoft.AspNetCore.DataProtection.Extensions (>= 2.2) - restriction: >= netcoreapp2.2
      Microsoft.AspNetCore.Diagnostics (>= 2.2) - restriction: >= netcoreapp2.2
      Microsoft.AspNetCore.Diagnostics.Abstractions (>= 2.2) - restriction: >= netcoreapp2.2
      Microsoft.AspNetCore.Diagnostics.EntityFrameworkCore (>= 2.2.1) - restriction: >= netcoreapp2.2
      Microsoft.AspNetCore.Diagnostics.HealthChecks (>= 2.2) - restriction: >= netcoreapp2.2
      Microsoft.AspNetCore.HostFiltering (>= 2.2) - restriction: >= netcoreapp2.2
      Microsoft.AspNetCore.Hosting (>= 2.2.7) - restriction: >= netcoreapp2.2
      Microsoft.AspNetCore.Hosting.Abstractions (>= 2.2) - restriction: >= netcoreapp2.2
      Microsoft.AspNetCore.Hosting.Server.Abstractions (>= 2.2) - restriction: >= netcoreapp2.2
      Microsoft.AspNetCore.Html.Abstractions (>= 2.2) - restriction: >= netcoreapp2.2
      Microsoft.AspNetCore.Http (>= 2.2.2) - restriction: >= netcoreapp2.2
      Microsoft.AspNetCore.Http.Abstractions (>= 2.2) - restriction: >= netcoreapp2.2
      Microsoft.AspNetCore.Http.Connections (>= 1.1) - restriction: >= netcoreapp2.2
      Microsoft.AspNetCore.Http.Connections.Common (>= 1.1) - restriction: >= netcoreapp2.2
      Microsoft.AspNetCore.Http.Extensions (>= 2.2) - restriction: >= netcoreapp2.2
      Microsoft.AspNetCore.Http.Features (>= 2.2) - restriction: >= netcoreapp2.2
      Microsoft.AspNetCore.HttpOverrides (>= 2.2) - restriction: >= netcoreapp2.2
      Microsoft.AspNetCore.HttpsPolicy (>= 2.2) - restriction: >= netcoreapp2.2
      Microsoft.AspNetCore.Identity (>= 2.2) - restriction: >= netcoreapp2.2
      Microsoft.AspNetCore.Identity.EntityFrameworkCore (>= 2.2) - restriction: >= netcoreapp2.2
      Microsoft.AspNetCore.Identity.UI (>= 2.2.5) - restriction: >= netcoreapp2.2
      Microsoft.AspNetCore.JsonPatch (>= 2.2) - restriction: >= netcoreapp2.2
      Microsoft.AspNetCore.Localization (>= 2.2) - restriction: >= netcoreapp2.2
      Microsoft.AspNetCore.Localization.Routing (>= 2.2) - restriction: >= netcoreapp2.2
      Microsoft.AspNetCore.MiddlewareAnalysis (>= 2.2) - restriction: >= netcoreapp2.2
      Microsoft.AspNetCore.Mvc (>= 2.2) - restriction: >= netcoreapp2.2
      Microsoft.AspNetCore.Mvc.Abstractions (>= 2.2) - restriction: >= netcoreapp2.2
      Microsoft.AspNetCore.Mvc.Analyzers (>= 2.2) - restriction: >= netcoreapp2.2
      Microsoft.AspNetCore.Mvc.ApiExplorer (>= 2.2) - restriction: >= netcoreapp2.2
      Microsoft.AspNetCore.Mvc.Core (>= 2.2.5) - restriction: >= netcoreapp2.2
      Microsoft.AspNetCore.Mvc.Cors (>= 2.2) - restriction: >= netcoreapp2.2
      Microsoft.AspNetCore.Mvc.DataAnnotations (>= 2.2) - restriction: >= netcoreapp2.2
      Microsoft.AspNetCore.Mvc.Formatters.Json (>= 2.2) - restriction: >= netcoreapp2.2
      Microsoft.AspNetCore.Mvc.Formatters.Xml (>= 2.2) - restriction: >= netcoreapp2.2
      Microsoft.AspNetCore.Mvc.Localization (>= 2.2) - restriction: >= netcoreapp2.2
      Microsoft.AspNetCore.Mvc.Razor (>= 2.2) - restriction: >= netcoreapp2.2
      Microsoft.AspNetCore.Mvc.Razor.Extensions (>= 2.2) - restriction: >= netcoreapp2.2
      Microsoft.AspNetCore.Mvc.Razor.ViewCompilation (>= 2.2) - restriction: >= netcoreapp2.2
      Microsoft.AspNetCore.Mvc.RazorPages (>= 2.2.5) - restriction: >= netcoreapp2.2
      Microsoft.AspNetCore.Mvc.TagHelpers (>= 2.2) - restriction: >= netcoreapp2.2
      Microsoft.AspNetCore.Mvc.ViewFeatures (>= 2.2) - restriction: >= netcoreapp2.2
      Microsoft.AspNetCore.NodeServices (>= 2.2) - restriction: >= netcoreapp2.2
      Microsoft.AspNetCore.Owin (>= 2.2) - restriction: >= netcoreapp2.2
      Microsoft.AspNetCore.Razor (>= 2.2) - restriction: >= netcoreapp2.2
      Microsoft.AspNetCore.Razor.Design (>= 2.2) - restriction: >= netcoreapp2.2
      Microsoft.AspNetCore.Razor.Language (>= 2.2) - restriction: >= netcoreapp2.2
      Microsoft.AspNetCore.Razor.Runtime (>= 2.2) - restriction: >= netcoreapp2.2
      Microsoft.AspNetCore.ResponseCaching (>= 2.2) - restriction: >= netcoreapp2.2
      Microsoft.AspNetCore.ResponseCaching.Abstractions (>= 2.2) - restriction: >= netcoreapp2.2
      Microsoft.AspNetCore.ResponseCompression (>= 2.2) - restriction: >= netcoreapp2.2
      Microsoft.AspNetCore.Rewrite (>= 2.2) - restriction: >= netcoreapp2.2
      Microsoft.AspNetCore.Routing (>= 2.2.2) - restriction: >= netcoreapp2.2
      Microsoft.AspNetCore.Routing.Abstractions (>= 2.2) - restriction: >= netcoreapp2.2
      Microsoft.AspNetCore.Server.HttpSys (>= 2.2.6) - restriction: >= netcoreapp2.2
      Microsoft.AspNetCore.Server.IIS (>= 2.2.6) - restriction: >= netcoreapp2.2
      Microsoft.AspNetCore.Server.IISIntegration (>= 2.2.1) - restriction: >= netcoreapp2.2
      Microsoft.AspNetCore.Server.Kestrel (>= 2.2) - restriction: >= netcoreapp2.2
      Microsoft.AspNetCore.Server.Kestrel.Core (>= 2.2) - restriction: >= netcoreapp2.2
      Microsoft.AspNetCore.Server.Kestrel.Https (>= 2.2) - restriction: >= netcoreapp2.2
      Microsoft.AspNetCore.Server.Kestrel.Transport.Abstractions (>= 2.2) - restriction: >= netcoreapp2.2
      Microsoft.AspNetCore.Server.Kestrel.Transport.Libuv (>= 2.2) - restriction: >= netcoreapp2.2
      Microsoft.AspNetCore.Server.Kestrel.Transport.Sockets (>= 2.2.1) - restriction: >= netcoreapp2.2
      Microsoft.AspNetCore.Session (>= 2.2) - restriction: >= netcoreapp2.2
      Microsoft.AspNetCore.SignalR (>= 1.1) - restriction: >= netcoreapp2.2
      Microsoft.AspNetCore.SignalR.Common (>= 1.1) - restriction: >= netcoreapp2.2
      Microsoft.AspNetCore.SignalR.Core (>= 1.1) - restriction: >= netcoreapp2.2
      Microsoft.AspNetCore.SignalR.Protocols.Json (>= 1.1) - restriction: >= netcoreapp2.2
      Microsoft.AspNetCore.SignalR.Redis (>= 1.1.5) - restriction: >= netcoreapp2.2
      Microsoft.AspNetCore.SpaServices (>= 2.2.7) - restriction: >= netcoreapp2.2
      Microsoft.AspNetCore.SpaServices.Extensions (>= 2.2) - restriction: >= netcoreapp2.2
      Microsoft.AspNetCore.StaticFiles (>= 2.2) - restriction: >= netcoreapp2.2
      Microsoft.AspNetCore.WebSockets (>= 2.2.1) - restriction: >= netcoreapp2.2
      Microsoft.AspNetCore.WebUtilities (>= 2.2) - restriction: >= netcoreapp2.2
      Microsoft.CodeAnalysis.Razor (>= 2.2) - restriction: >= netcoreapp2.2
      Microsoft.Data.Sqlite (>= 2.2.6) - restriction: >= netcoreapp2.2
      Microsoft.Data.Sqlite.Core (>= 2.2.6) - restriction: >= netcoreapp2.2
      Microsoft.EntityFrameworkCore (>= 2.2.6) - restriction: >= netcoreapp2.2
      Microsoft.EntityFrameworkCore.Abstractions (>= 2.2.6) - restriction: >= netcoreapp2.2
      Microsoft.EntityFrameworkCore.Analyzers (>= 2.2.6) - restriction: >= netcoreapp2.2
      Microsoft.EntityFrameworkCore.Design (>= 2.2.6) - restriction: >= netcoreapp2.2
      Microsoft.EntityFrameworkCore.InMemory (>= 2.2.6) - restriction: >= netcoreapp2.2
      Microsoft.EntityFrameworkCore.Relational (>= 2.2.6) - restriction: >= netcoreapp2.2
      Microsoft.EntityFrameworkCore.Sqlite (>= 2.2.6) - restriction: >= netcoreapp2.2
      Microsoft.EntityFrameworkCore.Sqlite.Core (>= 2.2.6) - restriction: >= netcoreapp2.2
      Microsoft.EntityFrameworkCore.SqlServer (>= 2.2.6) - restriction: >= netcoreapp2.2
      Microsoft.EntityFrameworkCore.Tools (>= 2.2.6) - restriction: >= netcoreapp2.2
      Microsoft.Extensions.Caching.Abstractions (>= 2.2) - restriction: >= netcoreapp2.2
      Microsoft.Extensions.Caching.Memory (>= 2.2) - restriction: >= netcoreapp2.2
      Microsoft.Extensions.Caching.Redis (>= 2.2) - restriction: >= netcoreapp2.2
      Microsoft.Extensions.Caching.SqlServer (>= 2.2) - restriction: >= netcoreapp2.2
      Microsoft.Extensions.Configuration (>= 2.2) - restriction: >= netcoreapp2.2
      Microsoft.Extensions.Configuration.Abstractions (>= 2.2) - restriction: >= netcoreapp2.2
      Microsoft.Extensions.Configuration.AzureKeyVault (>= 2.2) - restriction: >= netcoreapp2.2
      Microsoft.Extensions.Configuration.Binder (>= 2.2.4) - restriction: >= netcoreapp2.2
      Microsoft.Extensions.Configuration.CommandLine (>= 2.2) - restriction: >= netcoreapp2.2
      Microsoft.Extensions.Configuration.EnvironmentVariables (>= 2.2.4) - restriction: >= netcoreapp2.2
      Microsoft.Extensions.Configuration.FileExtensions (>= 2.2) - restriction: >= netcoreapp2.2
      Microsoft.Extensions.Configuration.Ini (>= 2.2) - restriction: >= netcoreapp2.2
      Microsoft.Extensions.Configuration.Json (>= 2.2) - restriction: >= netcoreapp2.2
      Microsoft.Extensions.Configuration.KeyPerFile (>= 2.2.4) - restriction: >= netcoreapp2.2
      Microsoft.Extensions.Configuration.UserSecrets (>= 2.2) - restriction: >= netcoreapp2.2
      Microsoft.Extensions.Configuration.Xml (>= 2.2) - restriction: >= netcoreapp2.2
      Microsoft.Extensions.DependencyInjection (>= 2.2) - restriction: >= netcoreapp2.2
      Microsoft.Extensions.DependencyInjection.Abstractions (>= 2.2) - restriction: >= netcoreapp2.2
      Microsoft.Extensions.DiagnosticAdapter (>= 2.2) - restriction: >= netcoreapp2.2
      Microsoft.Extensions.Diagnostics.HealthChecks (>= 2.2.5) - restriction: >= netcoreapp2.2
      Microsoft.Extensions.Diagnostics.HealthChecks.Abstractions (>= 2.2) - restriction: >= netcoreapp2.2
      Microsoft.Extensions.FileProviders.Abstractions (>= 2.2) - restriction: >= netcoreapp2.2
      Microsoft.Extensions.FileProviders.Composite (>= 2.2) - restriction: >= netcoreapp2.2
      Microsoft.Extensions.FileProviders.Embedded (>= 2.2) - restriction: >= netcoreapp2.2
      Microsoft.Extensions.FileProviders.Physical (>= 2.2) - restriction: >= netcoreapp2.2
      Microsoft.Extensions.FileSystemGlobbing (>= 2.2) - restriction: >= netcoreapp2.2
      Microsoft.Extensions.Hosting (>= 2.2) - restriction: >= netcoreapp2.2
      Microsoft.Extensions.Hosting.Abstractions (>= 2.2) - restriction: >= netcoreapp2.2
      Microsoft.Extensions.Http (>= 2.2) - restriction: >= netcoreapp2.2
      Microsoft.Extensions.Identity.Core (>= 2.2) - restriction: >= netcoreapp2.2
      Microsoft.Extensions.Identity.Stores (>= 2.2) - restriction: >= netcoreapp2.2
      Microsoft.Extensions.Localization (>= 2.2) - restriction: >= netcoreapp2.2
      Microsoft.Extensions.Localization.Abstractions (>= 2.2) - restriction: >= netcoreapp2.2
      Microsoft.Extensions.Logging (>= 2.2) - restriction: >= netcoreapp2.2
      Microsoft.Extensions.Logging.Abstractions (>= 2.2) - restriction: >= netcoreapp2.2
      Microsoft.Extensions.Logging.AzureAppServices (>= 2.2.5) - restriction: >= netcoreapp2.2
      Microsoft.Extensions.Logging.Configuration (>= 2.2) - restriction: >= netcoreapp2.2
      Microsoft.Extensions.Logging.Console (>= 2.2) - restriction: >= netcoreapp2.2
      Microsoft.Extensions.Logging.Debug (>= 2.2) - restriction: >= netcoreapp2.2
      Microsoft.Extensions.Logging.EventSource (>= 2.2) - restriction: >= netcoreapp2.2
      Microsoft.Extensions.Logging.TraceSource (>= 2.2) - restriction: >= netcoreapp2.2
      Microsoft.Extensions.ObjectPool (>= 2.2) - restriction: >= netcoreapp2.2
      Microsoft.Extensions.Options (>= 2.2) - restriction: >= netcoreapp2.2
      Microsoft.Extensions.Options.ConfigurationExtensions (>= 2.2) - restriction: >= netcoreapp2.2
      Microsoft.Extensions.Options.DataAnnotations (>= 2.2) - restriction: >= netcoreapp2.2
      Microsoft.Extensions.Primitives (>= 2.2) - restriction: >= netcoreapp2.2
      Microsoft.Extensions.WebEncoders (>= 2.2) - restriction: >= netcoreapp2.2
      Microsoft.Net.Http.Headers (>= 2.2.8) - restriction: >= netcoreapp2.2
      Microsoft.VisualStudio.Web.BrowserLink (>= 2.2) - restriction: >= netcoreapp2.2
      System.IO.Pipelines (>= 4.5.3) - restriction: >= netcoreapp2.2
    Microsoft.AspNetCore.Antiforgery (2.2) - restriction: >= netcoreapp2.2
      Microsoft.AspNetCore.DataProtection (>= 2.2) - restriction: >= netstandard2.0
      Microsoft.AspNetCore.Http.Abstractions (>= 2.2) - restriction: >= netstandard2.0
      Microsoft.AspNetCore.Http.Extensions (>= 2.2) - restriction: >= netstandard2.0
      Microsoft.AspNetCore.WebUtilities (>= 2.2) - restriction: >= netstandard2.0
      Microsoft.Extensions.ObjectPool (>= 2.2) - restriction: >= netstandard2.0
    Microsoft.AspNetCore.ApplicationInsights.HostingStartup (2.2) - restriction: >= netcoreapp2.2
      Microsoft.ApplicationInsights.AspNetCore (>= 2.1.1) - restriction: || (>= net461) (>= netcoreapp2.0)
      Microsoft.AspNetCore.Hosting (>= 2.2) - restriction: || (>= net461) (>= netcoreapp2.0)
      Microsoft.AspNetCore.Razor.Runtime (>= 2.2) - restriction: || (>= net461) (>= netcoreapp2.0)
      Microsoft.Extensions.Configuration.Json (>= 2.2) - restriction: || (>= net461) (>= netcoreapp2.0)
      Microsoft.Extensions.DiagnosticAdapter (>= 2.2) - restriction: || (>= net461) (>= netcoreapp2.0)
      Microsoft.Extensions.Logging (>= 2.2) - restriction: || (>= net461) (>= netcoreapp2.0)
      Microsoft.Extensions.Logging.Configuration (>= 2.2) - restriction: || (>= net461) (>= netcoreapp2.0)
    Microsoft.AspNetCore.Authentication (2.2) - restriction: >= netcoreapp2.2
      Microsoft.AspNetCore.Authentication.Core (>= 2.2) - restriction: >= netstandard2.0
      Microsoft.AspNetCore.DataProtection (>= 2.2) - restriction: >= netstandard2.0
      Microsoft.AspNetCore.Http (>= 2.2) - restriction: >= netstandard2.0
      Microsoft.AspNetCore.Http.Extensions (>= 2.2) - restriction: >= netstandard2.0
      Microsoft.Extensions.Logging.Abstractions (>= 2.2) - restriction: >= netstandard2.0
      Microsoft.Extensions.Options (>= 2.2) - restriction: >= netstandard2.0
      Microsoft.Extensions.WebEncoders (>= 2.2) - restriction: >= netstandard2.0
    Microsoft.AspNetCore.Authentication.Abstractions (2.2) - restriction: >= netcoreapp2.2
      Microsoft.AspNetCore.Http.Abstractions (>= 2.2) - restriction: >= netstandard2.0
      Microsoft.Extensions.Logging.Abstractions (>= 2.2) - restriction: >= netstandard2.0
      Microsoft.Extensions.Options (>= 2.2) - restriction: >= netstandard2.0
    Microsoft.AspNetCore.Authentication.Cookies (2.2) - restriction: >= netcoreapp2.2
      Microsoft.AspNetCore.Authentication (>= 2.2) - restriction: >= netstandard2.0
    Microsoft.AspNetCore.Authentication.Core (2.2) - restriction: >= netcoreapp2.2
      Microsoft.AspNetCore.Authentication.Abstractions (>= 2.2) - restriction: >= netstandard2.0
      Microsoft.AspNetCore.Http (>= 2.2) - restriction: >= netstandard2.0
      Microsoft.AspNetCore.Http.Extensions (>= 2.2) - restriction: >= netstandard2.0
    Microsoft.AspNetCore.Authentication.Facebook (6.0.1) - restriction: >= netcoreapp2.2
    Microsoft.AspNetCore.Authentication.Google (6.0.1) - restriction: >= netcoreapp2.2
    Microsoft.AspNetCore.Authentication.JwtBearer (6.0.1) - restriction: >= netcoreapp2.2
      Microsoft.IdentityModel.Protocols.OpenIdConnect (>= 6.10) - restriction: >= net6.0
    Microsoft.AspNetCore.Authentication.MicrosoftAccount (6.0.1) - restriction: >= netcoreapp2.2
    Microsoft.AspNetCore.Authentication.OAuth (2.2) - restriction: >= netcoreapp2.2
      Microsoft.AspNetCore.Authentication (>= 2.2) - restriction: >= netstandard2.0
      Newtonsoft.Json (>= 11.0.2) - restriction: >= netstandard2.0
    Microsoft.AspNetCore.Authentication.OpenIdConnect (6.0.1) - restriction: >= netcoreapp2.2
      Microsoft.IdentityModel.Protocols.OpenIdConnect (>= 6.10) - restriction: >= net6.0
    Microsoft.AspNetCore.Authentication.Twitter (6.0.1) - restriction: >= netcoreapp2.2
    Microsoft.AspNetCore.Authentication.WsFederation (6.0.1) - restriction: >= netcoreapp2.2
      Microsoft.IdentityModel.Protocols.WsFederation (>= 6.10) - restriction: >= net6.0
      System.IdentityModel.Tokens.Jwt (>= 6.10) - restriction: >= net6.0
    Microsoft.AspNetCore.Authorization (6.0.1) - restriction: >= netcoreapp2.2
      Microsoft.AspNetCore.Metadata (>= 6.0.1) - restriction: || (>= net461) (>= netstandard2.0)
      Microsoft.Extensions.Logging.Abstractions (>= 6.0) - restriction: || (>= net461) (>= netstandard2.0)
      Microsoft.Extensions.Options (>= 6.0) - restriction: || (>= net461) (>= netstandard2.0)
    Microsoft.AspNetCore.Authorization.Policy (2.2) - restriction: >= netcoreapp2.2
      Microsoft.AspNetCore.Authentication.Abstractions (>= 2.2) - restriction: >= netstandard2.0
      Microsoft.AspNetCore.Authorization (>= 2.2) - restriction: >= netstandard2.0
    Microsoft.AspNetCore.AzureAppServices.HostingStartup (6.0.1) - restriction: >= netcoreapp2.2
      Microsoft.AspNetCore.AzureAppServicesIntegration (>= 6.0.1) - restriction: >= net6.0
      Microsoft.Extensions.Configuration.EnvironmentVariables (>= 6.0) - restriction: >= net6.0
    Microsoft.AspNetCore.AzureAppServicesIntegration (6.0.1) - restriction: >= netcoreapp2.2
      Microsoft.Extensions.Logging.AzureAppServices (>= 6.0.1) - restriction: >= net6.0
    Microsoft.AspNetCore.Connections.Abstractions (6.0.1) - restriction: >= netcoreapp2.2
      Microsoft.Bcl.AsyncInterfaces (>= 1.0) - restriction: || (>= net461) (&& (>= netstandard2.0) (< netstandard2.1))
      Microsoft.Extensions.Features (>= 6.0.1) - restriction: || (>= net461) (>= netstandard2.0)
      System.IO.Pipelines (>= 6.0.1) - restriction: || (>= net461) (>= netstandard2.0)
    Microsoft.AspNetCore.CookiePolicy (2.2.8) - restriction: >= netcoreapp2.2
      Microsoft.AspNetCore.Http (>= 2.2) - restriction: >= netstandard2.0
      Microsoft.Extensions.Logging.Abstractions (>= 2.2) - restriction: >= netstandard2.0
      Microsoft.Extensions.Options (>= 2.2) - restriction: >= netstandard2.0
    Microsoft.AspNetCore.Cors (2.2) - restriction: >= netcoreapp2.2
      Microsoft.AspNetCore.Http.Extensions (>= 2.2) - restriction: >= netstandard2.0
      Microsoft.Extensions.Configuration.Abstractions (>= 2.2) - restriction: >= netstandard2.0
      Microsoft.Extensions.DependencyInjection.Abstractions (>= 2.2) - restriction: >= netstandard2.0
      Microsoft.Extensions.Logging.Abstractions (>= 2.2) - restriction: >= netstandard2.0
      Microsoft.Extensions.Options (>= 2.2) - restriction: >= netstandard2.0
    Microsoft.AspNetCore.Cryptography.Internal (6.0.1) - restriction: >= netcoreapp2.2
    Microsoft.AspNetCore.Cryptography.KeyDerivation (6.0.1) - restriction: >= netcoreapp2.2
      Microsoft.AspNetCore.Cryptography.Internal (>= 6.0.1) - restriction: || (>= net461) (>= netstandard2.0)
    Microsoft.AspNetCore.DataProtection (6.0.1) - restriction: >= netcoreapp2.2
      Microsoft.AspNetCore.Cryptography.Internal (>= 6.0.1) - restriction: || (>= net461) (>= netstandard2.0)
      Microsoft.AspNetCore.DataProtection.Abstractions (>= 6.0.1) - restriction: || (>= net461) (>= netstandard2.0)
      Microsoft.Extensions.DependencyInjection.Abstractions (>= 6.0) - restriction: || (>= net461) (>= netstandard2.0)
      Microsoft.Extensions.Hosting.Abstractions (>= 6.0) - restriction: || (>= net461) (>= netstandard2.0)
      Microsoft.Extensions.Logging.Abstractions (>= 6.0) - restriction: || (>= net461) (>= netstandard2.0)
      Microsoft.Extensions.Options (>= 6.0) - restriction: || (>= net461) (>= netstandard2.0)
      Microsoft.Win32.Registry (>= 5.0) - restriction: || (>= net461) (&& (< net6.0) (>= netstandard2.0))
      System.Security.Cryptography.Xml (>= 6.0) - restriction: || (>= net461) (>= netstandard2.0)
      System.Security.Principal.Windows (>= 5.0) - restriction: && (< net461) (< net6.0) (>= netstandard2.0)
    Microsoft.AspNetCore.DataProtection.Abstractions (6.0.1) - restriction: >= netcoreapp2.2
    Microsoft.AspNetCore.DataProtection.AzureKeyVault (3.1.22) - restriction: >= netcoreapp2.2
      Microsoft.AspNetCore.DataProtection (>= 3.1.22) - restriction: >= netstandard2.0
      Microsoft.Azure.KeyVault (>= 2.3.2) - restriction: >= netstandard2.0
      Microsoft.IdentityModel.Clients.ActiveDirectory (>= 3.19.8) - restriction: >= netstandard2.0
    Microsoft.AspNetCore.DataProtection.AzureStorage (3.1.22) - restriction: >= netcoreapp2.2
      Microsoft.AspNetCore.DataProtection (>= 3.1.22) - restriction: >= netstandard2.0
      Microsoft.Azure.Storage.Blob (>= 10.0.1) - restriction: >= netstandard2.0
      Microsoft.Data.OData (>= 5.8.4) - restriction: >= netstandard2.0
    Microsoft.AspNetCore.DataProtection.Extensions (6.0.1) - restriction: >= netcoreapp2.2
      Microsoft.AspNetCore.DataProtection (>= 6.0.1) - restriction: || (>= net461) (>= netstandard2.0)
      Microsoft.Extensions.DependencyInjection (>= 6.0) - restriction: || (>= net461) (>= netstandard2.0)
    Microsoft.AspNetCore.Diagnostics (2.2) - restriction: >= netcoreapp2.2
      Microsoft.AspNetCore.Diagnostics.Abstractions (>= 2.2) - restriction: >= netstandard2.0
      Microsoft.AspNetCore.Hosting.Abstractions (>= 2.2) - restriction: >= netstandard2.0
      Microsoft.AspNetCore.Http.Extensions (>= 2.2) - restriction: >= netstandard2.0
      Microsoft.AspNetCore.WebUtilities (>= 2.2) - restriction: >= netstandard2.0
      Microsoft.Extensions.FileProviders.Physical (>= 2.2) - restriction: >= netstandard2.0
      Microsoft.Extensions.Logging.Abstractions (>= 2.2) - restriction: >= netstandard2.0
      Microsoft.Extensions.Options (>= 2.2) - restriction: >= netstandard2.0
      System.Diagnostics.DiagnosticSource (>= 4.5) - restriction: >= netstandard2.0
      System.Reflection.Metadata (>= 1.6) - restriction: >= netstandard2.0
    Microsoft.AspNetCore.Diagnostics.Abstractions (2.2) - restriction: >= netcoreapp2.2
    Microsoft.AspNetCore.Diagnostics.EntityFrameworkCore (6.0.1) - restriction: >= netcoreapp2.2
      Microsoft.EntityFrameworkCore.Relational (>= 6.0.1) - restriction: >= net6.0
    Microsoft.AspNetCore.Diagnostics.HealthChecks (2.2) - restriction: >= netcoreapp2.2
      Microsoft.AspNetCore.Http.Abstractions (>= 2.2) - restriction: >= netstandard2.0
      Microsoft.Extensions.Diagnostics.HealthChecks (>= 2.2) - restriction: >= netstandard2.0
      Microsoft.Extensions.Options (>= 2.2) - restriction: >= netstandard2.0
      Microsoft.Net.Http.Headers (>= 2.2) - restriction: >= netstandard2.0
    Microsoft.AspNetCore.HostFiltering (2.2) - restriction: >= netcoreapp2.2
      Microsoft.AspNetCore.Hosting.Abstractions (>= 2.2) - restriction: >= netstandard2.0
      Microsoft.AspNetCore.Http (>= 2.2) - restriction: >= netstandard2.0
      Microsoft.AspNetCore.Http.Extensions (>= 2.2) - restriction: >= netstandard2.0
      Microsoft.Extensions.Options (>= 2.2) - restriction: >= netstandard2.0
    Microsoft.AspNetCore.Hosting (2.2.7) - restriction: >= netcoreapp2.2
      Microsoft.AspNetCore.Hosting.Abstractions (>= 2.2) - restriction: >= netstandard2.0
      Microsoft.AspNetCore.Http (>= 2.2) - restriction: >= netstandard2.0
      Microsoft.AspNetCore.Http.Extensions (>= 2.2) - restriction: >= netstandard2.0
      Microsoft.Extensions.Configuration (>= 2.2) - restriction: >= netstandard2.0
      Microsoft.Extensions.Configuration.EnvironmentVariables (>= 2.2.4) - restriction: >= netstandard2.0
      Microsoft.Extensions.Configuration.FileExtensions (>= 2.2) - restriction: >= netstandard2.0
      Microsoft.Extensions.DependencyInjection (>= 2.2) - restriction: >= netstandard2.0
      Microsoft.Extensions.FileProviders.Physical (>= 2.2) - restriction: >= netstandard2.0
      Microsoft.Extensions.Hosting.Abstractions (>= 2.2) - restriction: >= netstandard2.0
      Microsoft.Extensions.Logging (>= 2.2) - restriction: >= netstandard2.0
      Microsoft.Extensions.Options (>= 2.2) - restriction: >= netstandard2.0
      System.Diagnostics.DiagnosticSource (>= 4.5.1) - restriction: >= netstandard2.0
      System.Reflection.Metadata (>= 1.6) - restriction: >= netstandard2.0
    Microsoft.AspNetCore.Hosting.Abstractions (2.2) - restriction: || (>= netcoreapp2.2) (&& (< netcoreapp3.1) (>= netstandard2.1)) (&& (>= netstandard2.0) (< netstandard2.1))
      Microsoft.AspNetCore.Hosting.Server.Abstractions (>= 2.2) - restriction: >= netstandard2.0
      Microsoft.AspNetCore.Http.Abstractions (>= 2.2) - restriction: >= netstandard2.0
      Microsoft.Extensions.Hosting.Abstractions (>= 2.2) - restriction: >= netstandard2.0
    Microsoft.AspNetCore.Hosting.Server.Abstractions (2.2) - restriction: >= netcoreapp2.2
      Microsoft.AspNetCore.Http.Features (>= 2.2) - restriction: >= netstandard2.0
      Microsoft.Extensions.Configuration.Abstractions (>= 2.2) - restriction: >= netstandard2.0
    Microsoft.AspNetCore.Html.Abstractions (2.2) - restriction: >= netcoreapp2.2
      System.Text.Encodings.Web (>= 4.5) - restriction: >= netstandard2.0
    Microsoft.AspNetCore.Http (2.2.2) - restriction: >= netcoreapp2.2
      Microsoft.AspNetCore.Http.Abstractions (>= 2.2) - restriction: >= netstandard2.0
      Microsoft.AspNetCore.WebUtilities (>= 2.2) - restriction: >= netstandard2.0
      Microsoft.Extensions.ObjectPool (>= 2.2) - restriction: >= netstandard2.0
      Microsoft.Extensions.Options (>= 2.2) - restriction: >= netstandard2.0
      Microsoft.Net.Http.Headers (>= 2.2) - restriction: >= netstandard2.0
    Microsoft.AspNetCore.Http.Abstractions (2.2) - restriction: || (>= netcoreapp2.2) (&& (< netcoreapp3.1) (>= netstandard2.1)) (&& (>= netstandard2.0) (< netstandard2.1))
      Microsoft.AspNetCore.Http.Features (>= 2.2) - restriction: >= netstandard2.0
      System.Text.Encodings.Web (>= 4.5) - restriction: >= netstandard2.0
    Microsoft.AspNetCore.Http.Connections (1.1) - restriction: >= netcoreapp2.2
      Microsoft.AspNetCore.Authorization.Policy (>= 2.2) - restriction: >= netstandard2.0
      Microsoft.AspNetCore.Hosting.Abstractions (>= 2.2) - restriction: >= netstandard2.0
      Microsoft.AspNetCore.Http (>= 2.2) - restriction: >= netstandard2.0
      Microsoft.AspNetCore.Http.Connections.Common (>= 1.1) - restriction: >= netstandard2.0
      Microsoft.AspNetCore.Routing (>= 2.2) - restriction: >= netstandard2.0
      Microsoft.AspNetCore.WebSockets (>= 2.2) - restriction: >= netstandard2.0
      Newtonsoft.Json (>= 11.0.2) - restriction: >= netstandard2.0
      System.Security.Principal.Windows (>= 4.5) - restriction: >= netstandard2.0
    Microsoft.AspNetCore.Http.Connections.Common (6.0.1) - restriction: >= netcoreapp2.2
      Microsoft.AspNetCore.Connections.Abstractions (>= 6.0.1) - restriction: || (>= net461) (>= netstandard2.0)
      System.Text.Json (>= 6.0.1) - restriction: || (>= net461) (&& (< net6.0) (>= netstandard2.0))
    Microsoft.AspNetCore.Http.Extensions (2.2) - restriction: >= netcoreapp2.2
      Microsoft.AspNetCore.Http.Abstractions (>= 2.2) - restriction: >= netstandard2.0
      Microsoft.Extensions.FileProviders.Abstractions (>= 2.2) - restriction: >= netstandard2.0
      Microsoft.Net.Http.Headers (>= 2.2) - restriction: >= netstandard2.0
      System.Buffers (>= 4.5) - restriction: >= netstandard2.0
    Microsoft.AspNetCore.Http.Features (5.0.13) - restriction: >= netcoreapp2.2
      Microsoft.Extensions.Primitives (>= 5.0.1) - restriction: || (>= net461) (>= netstandard2.0)
      System.IO.Pipelines (>= 5.0.1) - restriction: || (>= net461) (>= netstandard2.0)
    Microsoft.AspNetCore.HttpOverrides (2.2) - restriction: >= netcoreapp2.2
      Microsoft.AspNetCore.Http.Extensions (>= 2.2) - restriction: >= netstandard2.0
      Microsoft.Extensions.Logging.Abstractions (>= 2.2) - restriction: >= netstandard2.0
      Microsoft.Extensions.Options (>= 2.2) - restriction: >= netstandard2.0
    Microsoft.AspNetCore.HttpsPolicy (2.2) - restriction: >= netcoreapp2.2
      Microsoft.AspNetCore.Hosting.Abstractions (>= 2.2) - restriction: >= netstandard2.0
      Microsoft.AspNetCore.Http (>= 2.2) - restriction: >= netstandard2.0
      Microsoft.AspNetCore.Http.Extensions (>= 2.2) - restriction: >= netstandard2.0
      Microsoft.Extensions.Configuration.Binder (>= 2.2) - restriction: >= netstandard2.0
      Microsoft.Extensions.Options (>= 2.2) - restriction: >= netstandard2.0
    Microsoft.AspNetCore.Identity (2.2) - restriction: >= netcoreapp2.2
      Microsoft.AspNetCore.Authentication.Cookies (>= 2.2) - restriction: >= netstandard2.0
      Microsoft.AspNetCore.Cryptography.KeyDerivation (>= 2.2) - restriction: >= netstandard2.0
      Microsoft.AspNetCore.Hosting.Abstractions (>= 2.2) - restriction: >= netstandard2.0
      Microsoft.Extensions.Identity.Core (>= 2.2) - restriction: >= netstandard2.0
    Microsoft.AspNetCore.Identity.EntityFrameworkCore (6.0.1) - restriction: >= netcoreapp2.2
      Microsoft.EntityFrameworkCore.Relational (>= 6.0.1) - restriction: >= net6.0
      Microsoft.Extensions.Identity.Stores (>= 6.0.1) - restriction: >= net6.0
    Microsoft.AspNetCore.Identity.UI (6.0.1) - restriction: >= netcoreapp2.2
      Microsoft.Extensions.FileProviders.Embedded (>= 6.0.1) - restriction: >= net6.0
      Microsoft.Extensions.Identity.Stores (>= 6.0.1) - restriction: >= net6.0
    Microsoft.AspNetCore.JsonPatch (6.0.1) - restriction: >= netcoreapp2.2
      Microsoft.CSharp (>= 4.7) - restriction: || (>= net461) (>= netstandard2.0)
      Newtonsoft.Json (>= 13.0.1) - restriction: || (>= net461) (>= netstandard2.0)
    Microsoft.AspNetCore.Localization (2.2) - restriction: >= netcoreapp2.2
      Microsoft.AspNetCore.Http.Extensions (>= 2.2) - restriction: >= netstandard2.0
      Microsoft.Extensions.Localization.Abstractions (>= 2.2) - restriction: >= netstandard2.0
      Microsoft.Extensions.Logging.Abstractions (>= 2.2) - restriction: >= netstandard2.0
      Microsoft.Extensions.Options (>= 2.2) - restriction: >= netstandard2.0
    Microsoft.AspNetCore.Localization.Routing (2.2) - restriction: >= netcoreapp2.2
      Microsoft.AspNetCore.Localization (>= 2.2) - restriction: >= netstandard2.0
      Microsoft.AspNetCore.Routing.Abstractions (>= 2.2) - restriction: >= netstandard2.0
    Microsoft.AspNetCore.Metadata (6.0.1) - restriction: >= netcoreapp2.2
    Microsoft.AspNetCore.MiddlewareAnalysis (6.0.1) - restriction: >= netcoreapp2.2
      Microsoft.Extensions.DependencyInjection.Abstractions (>= 6.0) - restriction: >= net6.0
    Microsoft.AspNetCore.Mvc (2.2) - restriction: >= netcoreapp2.2
      Microsoft.AspNetCore.Mvc.Analyzers (>= 2.2) - restriction: >= netstandard2.0
      Microsoft.AspNetCore.Mvc.ApiExplorer (>= 2.2) - restriction: >= netstandard2.0
      Microsoft.AspNetCore.Mvc.Cors (>= 2.2) - restriction: >= netstandard2.0
      Microsoft.AspNetCore.Mvc.DataAnnotations (>= 2.2) - restriction: >= netstandard2.0
      Microsoft.AspNetCore.Mvc.Formatters.Json (>= 2.2) - restriction: >= netstandard2.0
      Microsoft.AspNetCore.Mvc.Localization (>= 2.2) - restriction: >= netstandard2.0
      Microsoft.AspNetCore.Mvc.Razor.Extensions (>= 2.2) - restriction: >= netstandard2.0
      Microsoft.AspNetCore.Mvc.RazorPages (>= 2.2) - restriction: >= netstandard2.0
      Microsoft.AspNetCore.Mvc.TagHelpers (>= 2.2) - restriction: >= netstandard2.0
      Microsoft.AspNetCore.Mvc.ViewFeatures (>= 2.2) - restriction: >= netstandard2.0
      Microsoft.AspNetCore.Razor.Design (>= 2.2) - restriction: >= netstandard2.0
      Microsoft.Extensions.Caching.Memory (>= 2.2) - restriction: >= netstandard2.0
      Microsoft.Extensions.DependencyInjection (>= 2.2) - restriction: >= netstandard2.0
    Microsoft.AspNetCore.Mvc.Abstractions (2.2) - restriction: >= netcoreapp2.2
      Microsoft.AspNetCore.Routing.Abstractions (>= 2.2) - restriction: >= netstandard2.0
      Microsoft.Net.Http.Headers (>= 2.2) - restriction: >= netstandard2.0
    Microsoft.AspNetCore.Mvc.Analyzers (2.2) - restriction: >= netcoreapp2.2
    Microsoft.AspNetCore.Mvc.ApiExplorer (2.2) - restriction: >= netcoreapp2.2
      Microsoft.AspNetCore.Mvc.Core (>= 2.2) - restriction: >= netstandard2.0
    Microsoft.AspNetCore.Mvc.Core (2.2.5) - restriction: >= netcoreapp2.2
      Microsoft.AspNetCore.Authentication.Core (>= 2.2) - restriction: >= netstandard2.0
      Microsoft.AspNetCore.Authorization.Policy (>= 2.2) - restriction: >= netstandard2.0
      Microsoft.AspNetCore.Hosting.Abstractions (>= 2.2) - restriction: >= netstandard2.0
      Microsoft.AspNetCore.Http (>= 2.2) - restriction: >= netstandard2.0
      Microsoft.AspNetCore.Http.Extensions (>= 2.2) - restriction: >= netstandard2.0
      Microsoft.AspNetCore.Mvc.Abstractions (>= 2.2) - restriction: >= netstandard2.0
      Microsoft.AspNetCore.ResponseCaching.Abstractions (>= 2.2) - restriction: >= netstandard2.0
      Microsoft.AspNetCore.Routing (>= 2.2) - restriction: >= netstandard2.0
      Microsoft.AspNetCore.Routing.Abstractions (>= 2.2) - restriction: >= netstandard2.0
      Microsoft.Extensions.DependencyInjection (>= 2.2) - restriction: >= netstandard2.0
      Microsoft.Extensions.DependencyModel (>= 2.1) - restriction: >= netstandard2.0
      Microsoft.Extensions.FileProviders.Abstractions (>= 2.2) - restriction: >= netstandard2.0
      Microsoft.Extensions.Logging.Abstractions (>= 2.2) - restriction: >= netstandard2.0
      System.Diagnostics.DiagnosticSource (>= 4.5) - restriction: >= netstandard2.0
      System.Threading.Tasks.Extensions (>= 4.5.1) - restriction: >= netstandard2.0
    Microsoft.AspNetCore.Mvc.Cors (2.2) - restriction: >= netcoreapp2.2
      Microsoft.AspNetCore.Cors (>= 2.2) - restriction: >= netstandard2.0
      Microsoft.AspNetCore.Mvc.Core (>= 2.2) - restriction: >= netstandard2.0
    Microsoft.AspNetCore.Mvc.DataAnnotations (2.2) - restriction: >= netcoreapp2.2
      Microsoft.AspNetCore.Mvc.Core (>= 2.2) - restriction: >= netstandard2.0
      Microsoft.Extensions.Localization (>= 2.2) - restriction: >= netstandard2.0
      System.ComponentModel.Annotations (>= 4.5) - restriction: >= netstandard2.0
    Microsoft.AspNetCore.Mvc.Formatters.Json (2.2) - restriction: >= netcoreapp2.2
      Microsoft.AspNetCore.JsonPatch (>= 2.2) - restriction: >= netstandard2.0
      Microsoft.AspNetCore.Mvc.Core (>= 2.2) - restriction: >= netstandard2.0
    Microsoft.AspNetCore.Mvc.Formatters.Xml (2.2) - restriction: >= netcoreapp2.2
      Microsoft.AspNetCore.Mvc.Core (>= 2.2) - restriction: >= netstandard2.0
    Microsoft.AspNetCore.Mvc.Localization (2.2) - restriction: >= netcoreapp2.2
      Microsoft.AspNetCore.Localization (>= 2.2) - restriction: >= netstandard2.0
      Microsoft.AspNetCore.Mvc.Razor (>= 2.2) - restriction: >= netstandard2.0
      Microsoft.Extensions.DependencyInjection (>= 2.2) - restriction: >= netstandard2.0
      Microsoft.Extensions.Localization (>= 2.2) - restriction: >= netstandard2.0
    Microsoft.AspNetCore.Mvc.Razor (2.2) - restriction: >= netcoreapp2.2
      Microsoft.AspNetCore.Mvc.Razor.Extensions (>= 2.2) - restriction: || (>= net461) (>= netstandard2.0)
      Microsoft.AspNetCore.Mvc.ViewFeatures (>= 2.2) - restriction: || (>= net461) (>= netstandard2.0)
      Microsoft.AspNetCore.Razor.Runtime (>= 2.2) - restriction: || (>= net461) (>= netstandard2.0)
      Microsoft.CodeAnalysis.CSharp (>= 2.8) - restriction: || (>= net461) (>= netstandard2.0)
      Microsoft.CodeAnalysis.Razor (>= 2.2) - restriction: || (>= net461) (>= netstandard2.0)
      Microsoft.Extensions.Caching.Memory (>= 2.2) - restriction: || (>= net461) (>= netstandard2.0)
      Microsoft.Extensions.FileProviders.Composite (>= 2.2) - restriction: || (>= net461) (>= netstandard2.0)
    Microsoft.AspNetCore.Mvc.Razor.Extensions (6.0.1) - restriction: >= netcoreapp2.2
      Microsoft.AspNetCore.Razor.Language (>= 6.0.1) - restriction: >= netstandard2.0
      Microsoft.CodeAnalysis.Razor (>= 6.0.1) - restriction: >= netstandard2.0
    Microsoft.AspNetCore.Mvc.Razor.ViewCompilation (2.2) - restriction: >= netcoreapp2.2
      Microsoft.AspNetCore.Hosting (>= 2.2) - restriction: || (>= net461) (>= netcoreapp2.0)
      Microsoft.AspNetCore.Mvc.RazorPages (>= 2.2) - restriction: || (>= net461) (>= netcoreapp2.0)
    Microsoft.AspNetCore.Mvc.RazorPages (2.2.5) - restriction: >= netcoreapp2.2
      Microsoft.AspNetCore.Mvc.Razor (>= 2.2) - restriction: >= netstandard2.0
    Microsoft.AspNetCore.Mvc.TagHelpers (2.2) - restriction: >= netcoreapp2.2
      Microsoft.AspNetCore.Mvc.Razor (>= 2.2) - restriction: >= netstandard2.0
      Microsoft.AspNetCore.Razor.Runtime (>= 2.2) - restriction: >= netstandard2.0
      Microsoft.AspNetCore.Routing.Abstractions (>= 2.2) - restriction: >= netstandard2.0
      Microsoft.Extensions.Caching.Memory (>= 2.2) - restriction: >= netstandard2.0
      Microsoft.Extensions.FileSystemGlobbing (>= 2.2) - restriction: >= netstandard2.0
      Microsoft.Extensions.Primitives (>= 2.2) - restriction: >= netstandard2.0
    Microsoft.AspNetCore.Mvc.ViewFeatures (2.2) - restriction: >= netcoreapp2.2
      Microsoft.AspNetCore.Antiforgery (>= 2.2) - restriction: >= netstandard2.0
      Microsoft.AspNetCore.Diagnostics.Abstractions (>= 2.2) - restriction: >= netstandard2.0
      Microsoft.AspNetCore.Html.Abstractions (>= 2.2) - restriction: >= netstandard2.0
      Microsoft.AspNetCore.Mvc.Core (>= 2.2) - restriction: >= netstandard2.0
      Microsoft.AspNetCore.Mvc.DataAnnotations (>= 2.2) - restriction: >= netstandard2.0
      Microsoft.AspNetCore.Mvc.Formatters.Json (>= 2.2) - restriction: >= netstandard2.0
      Microsoft.Extensions.WebEncoders (>= 2.2) - restriction: >= netstandard2.0
      Newtonsoft.Json.Bson (>= 1.0.1) - restriction: >= netstandard2.0
    Microsoft.AspNetCore.NodeServices (3.1.22) - restriction: >= netcoreapp2.2
      Microsoft.Extensions.Logging.Console (>= 3.1.22) - restriction: >= netcoreapp3.1
      Newtonsoft.Json (>= 12.0.2) - restriction: >= netcoreapp3.1
    Microsoft.AspNetCore.Owin (6.0.1) - restriction: >= netcoreapp2.2
    Microsoft.AspNetCore.Razor (2.2) - restriction: >= netcoreapp2.2
      Microsoft.AspNetCore.Html.Abstractions (>= 2.2) - restriction: >= netstandard2.0
    Microsoft.AspNetCore.Razor.Design (2.2) - restriction: >= netcoreapp2.2
    Microsoft.AspNetCore.Razor.Language (6.0.1) - restriction: >= netcoreapp2.2
    Microsoft.AspNetCore.Razor.Runtime (2.2) - restriction: >= netcoreapp2.2
      Microsoft.AspNetCore.Html.Abstractions (>= 2.2) - restriction: >= netstandard2.0
      Microsoft.AspNetCore.Razor (>= 2.2) - restriction: >= netstandard2.0
    Microsoft.AspNetCore.ResponseCaching (2.2) - restriction: >= netcoreapp2.2
      Microsoft.AspNetCore.Http (>= 2.2) - restriction: >= netstandard2.0
      Microsoft.AspNetCore.Http.Extensions (>= 2.2) - restriction: >= netstandard2.0
      Microsoft.AspNetCore.ResponseCaching.Abstractions (>= 2.2) - restriction: >= netstandard2.0
      Microsoft.Extensions.Caching.Memory (>= 2.2) - restriction: >= netstandard2.0
      Microsoft.Extensions.Logging.Abstractions (>= 2.2) - restriction: >= netstandard2.0
    Microsoft.AspNetCore.ResponseCaching.Abstractions (2.2) - restriction: >= netcoreapp2.2
      Microsoft.Extensions.Primitives (>= 2.2) - restriction: >= netstandard2.0
    Microsoft.AspNetCore.ResponseCompression (2.2) - restriction: >= netcoreapp2.2
      Microsoft.AspNetCore.Http.Extensions (>= 2.2) - restriction: || (>= net461) (>= netstandard2.0)
      Microsoft.Extensions.Logging.Abstractions (>= 2.2) - restriction: || (>= net461) (>= netstandard2.0)
      Microsoft.Extensions.Options (>= 2.2) - restriction: || (>= net461) (>= netstandard2.0)
    Microsoft.AspNetCore.Rewrite (2.2) - restriction: >= netcoreapp2.2
      Microsoft.AspNetCore.Hosting.Abstractions (>= 2.2) - restriction: >= netstandard2.0
      Microsoft.AspNetCore.Http.Extensions (>= 2.2) - restriction: >= netstandard2.0
      Microsoft.Extensions.Configuration.Abstractions (>= 2.2) - restriction: >= netstandard2.0
      Microsoft.Extensions.FileProviders.Abstractions (>= 2.2) - restriction: >= netstandard2.0
      Microsoft.Extensions.Logging.Abstractions (>= 2.2) - restriction: >= netstandard2.0
      Microsoft.Extensions.Options (>= 2.2) - restriction: >= netstandard2.0
    Microsoft.AspNetCore.Routing (2.2.2) - restriction: >= netcoreapp2.2
      Microsoft.AspNetCore.Http.Extensions (>= 2.2) - restriction: >= netstandard2.0
      Microsoft.AspNetCore.Routing.Abstractions (>= 2.2) - restriction: >= netstandard2.0
      Microsoft.Extensions.Logging.Abstractions (>= 2.2) - restriction: >= netstandard2.0
      Microsoft.Extensions.ObjectPool (>= 2.2) - restriction: >= netstandard2.0
      Microsoft.Extensions.Options (>= 2.2) - restriction: >= netstandard2.0
    Microsoft.AspNetCore.Routing.Abstractions (2.2) - restriction: >= netcoreapp2.2
      Microsoft.AspNetCore.Http.Abstractions (>= 2.2) - restriction: >= netstandard2.0
    Microsoft.AspNetCore.Server.HttpSys (2.2.6) - restriction: >= netcoreapp2.2
      Microsoft.AspNetCore.Authentication.Core (>= 2.2) - restriction: >= netstandard2.0
      Microsoft.AspNetCore.Hosting (>= 2.2) - restriction: >= netstandard2.0
      Microsoft.Net.Http.Headers (>= 2.2) - restriction: >= netstandard2.0
      Microsoft.Win32.Registry (>= 4.5) - restriction: >= netstandard2.0
      System.Security.Principal.Windows (>= 4.5) - restriction: >= netstandard2.0
    Microsoft.AspNetCore.Server.IIS (2.2.6) - restriction: >= netcoreapp2.2
      Microsoft.AspNetCore.Authentication.Core (>= 2.2) - restriction: >= netstandard2.0
      Microsoft.AspNetCore.Connections.Abstractions (>= 2.2) - restriction: >= netstandard2.0
      Microsoft.AspNetCore.Hosting.Abstractions (>= 2.2) - restriction: >= netstandard2.0
      System.IO.Pipelines (>= 4.5.3) - restriction: >= netstandard2.0
      System.Security.Principal.Windows (>= 4.5) - restriction: >= netstandard2.0
    Microsoft.AspNetCore.Server.IISIntegration (2.2.1) - restriction: >= netcoreapp2.2
      Microsoft.AspNetCore.Authentication.Core (>= 2.2) - restriction: >= netstandard2.0
      Microsoft.AspNetCore.Hosting.Abstractions (>= 2.2) - restriction: >= netstandard2.0
      Microsoft.AspNetCore.Http (>= 2.2) - restriction: >= netstandard2.0
      Microsoft.AspNetCore.Http.Extensions (>= 2.2) - restriction: >= netstandard2.0
      Microsoft.AspNetCore.HttpOverrides (>= 2.2) - restriction: >= netstandard2.0
      Microsoft.Extensions.Logging.Abstractions (>= 2.2) - restriction: >= netstandard2.0
      Microsoft.Extensions.Options (>= 2.2) - restriction: >= netstandard2.0
      System.Buffers (>= 4.5) - restriction: >= netstandard2.0
      System.IO.Pipelines (>= 4.5.2) - restriction: >= netstandard2.0
      System.Memory (>= 4.5.1) - restriction: >= netstandard2.0
      System.Numerics.Vectors (>= 4.5) - restriction: >= netstandard2.0
      System.Runtime.CompilerServices.Unsafe (>= 4.5.1) - restriction: >= netstandard2.0
      System.Security.Principal.Windows (>= 4.5) - restriction: >= netstandard2.0
    Microsoft.AspNetCore.Server.Kestrel (2.2) - restriction: >= netcoreapp2.2
      Microsoft.AspNetCore.Hosting (>= 2.2) - restriction: >= netstandard2.0
      Microsoft.AspNetCore.Server.Kestrel.Core (>= 2.2) - restriction: >= netstandard2.0
      Microsoft.AspNetCore.Server.Kestrel.Https (>= 2.2) - restriction: >= netstandard2.0
      Microsoft.AspNetCore.Server.Kestrel.Transport.Sockets (>= 2.2) - restriction: >= netstandard2.0
    Microsoft.AspNetCore.Server.Kestrel.Core (2.2) - restriction: >= netcoreapp2.2
      Microsoft.AspNetCore.Hosting.Abstractions (>= 2.2) - restriction: >= netstandard2.0
      Microsoft.AspNetCore.Http (>= 2.2) - restriction: >= netstandard2.0
      Microsoft.AspNetCore.Server.Kestrel.Transport.Abstractions (>= 2.2) - restriction: >= netstandard2.0
      Microsoft.AspNetCore.WebUtilities (>= 2.2) - restriction: >= netstandard2.0
      Microsoft.Extensions.Configuration.Binder (>= 2.2) - restriction: >= netstandard2.0
      Microsoft.Extensions.Logging.Abstractions (>= 2.2) - restriction: >= netstandard2.0
      Microsoft.Extensions.Options (>= 2.2) - restriction: >= netstandard2.0
      Microsoft.Net.Http.Headers (>= 2.2) - restriction: >= netstandard2.0
      System.Memory (>= 4.5.1) - restriction: >= netstandard2.0
      System.Numerics.Vectors (>= 4.5) - restriction: >= netstandard2.0
      System.Runtime.CompilerServices.Unsafe (>= 4.5.1) - restriction: >= netstandard2.0
      System.Security.Cryptography.Cng (>= 4.5) - restriction: >= netstandard2.0
      System.Threading.Tasks.Extensions (>= 4.5.1) - restriction: >= netstandard2.0
    Microsoft.AspNetCore.Server.Kestrel.Https (2.2) - restriction: >= netcoreapp2.2
      Microsoft.AspNetCore.Http.Abstractions (>= 2.2) - restriction: >= netstandard2.0
      Microsoft.AspNetCore.Server.Kestrel.Core (>= 2.2) - restriction: >= netstandard2.0
    Microsoft.AspNetCore.Server.Kestrel.Transport.Abstractions (2.2) - restriction: >= netcoreapp2.2
      Microsoft.AspNetCore.Connections.Abstractions (>= 2.2) - restriction: >= netstandard2.0
    Microsoft.AspNetCore.Server.Kestrel.Transport.Libuv (6.0.1) - restriction: >= netcoreapp2.2
      Libuv (>= 1.10) - restriction: >= net6.0
      Microsoft.AspNetCore.Connections.Abstractions (>= 6.0.1) - restriction: >= net6.0
      Microsoft.Extensions.Logging.Abstractions (>= 6.0) - restriction: >= net6.0
      Microsoft.Extensions.Options (>= 6.0) - restriction: >= net6.0
    Microsoft.AspNetCore.Server.Kestrel.Transport.Sockets (2.2.1) - restriction: >= netcoreapp2.2
      Microsoft.AspNetCore.Hosting.Abstractions (>= 2.2) - restriction: >= netstandard2.0
      Microsoft.AspNetCore.Server.Kestrel.Transport.Abstractions (>= 2.2) - restriction: >= netstandard2.0
      Microsoft.Extensions.Options (>= 2.2) - restriction: >= netstandard2.0
    Microsoft.AspNetCore.Session (2.2) - restriction: >= netcoreapp2.2
      Microsoft.AspNetCore.DataProtection (>= 2.2) - restriction: >= netstandard2.0
      Microsoft.AspNetCore.Http.Abstractions (>= 2.2) - restriction: >= netstandard2.0
      Microsoft.Extensions.Caching.Abstractions (>= 2.2) - restriction: >= netstandard2.0
      Microsoft.Extensions.Logging.Abstractions (>= 2.2) - restriction: >= netstandard2.0
      Microsoft.Extensions.Options (>= 2.2) - restriction: >= netstandard2.0
    Microsoft.AspNetCore.SignalR (1.1) - restriction: >= netcoreapp2.2
      Microsoft.AspNetCore.Http.Connections (>= 1.1) - restriction: >= netstandard2.0
      Microsoft.AspNetCore.SignalR.Core (>= 1.1) - restriction: >= netstandard2.0
    Microsoft.AspNetCore.SignalR.Common (6.0.1) - restriction: >= netcoreapp2.2
      Microsoft.AspNetCore.Connections.Abstractions (>= 6.0.1) - restriction: || (>= net461) (>= netstandard2.0)
      Microsoft.Extensions.Options (>= 6.0) - restriction: || (>= net461) (>= netstandard2.0)
      System.Text.Json (>= 6.0.1) - restriction: || (>= net461) (&& (< net6.0) (>= netstandard2.0))
    Microsoft.AspNetCore.SignalR.Core (1.1) - restriction: >= netcoreapp2.2
      Microsoft.AspNetCore.Authorization (>= 2.2) - restriction: >= netstandard2.0
      Microsoft.AspNetCore.SignalR.Common (>= 1.1) - restriction: >= netstandard2.0
      Microsoft.AspNetCore.SignalR.Protocols.Json (>= 1.1) - restriction: >= netstandard2.0
      Microsoft.Extensions.DependencyInjection.Abstractions (>= 2.2) - restriction: >= netstandard2.0
      Microsoft.Extensions.Logging.Abstractions (>= 2.2) - restriction: >= netstandard2.0
      System.Reflection.Emit (>= 4.3) - restriction: >= netstandard2.0
      System.Threading.Channels (>= 4.5) - restriction: >= netstandard2.0
    Microsoft.AspNetCore.SignalR.Protocols.Json (6.0.1) - restriction: >= netcoreapp2.2
      Microsoft.AspNetCore.SignalR.Common (>= 6.0.1) - restriction: || (>= net461) (>= netstandard2.0)
    Microsoft.AspNetCore.SignalR.Redis (1.1.5) - restriction: >= netcoreapp2.2
      MessagePack (>= 1.7.3.7) - restriction: >= netstandard2.0
      Microsoft.AspNetCore.SignalR.Core (>= 1.1) - restriction: >= netstandard2.0
      Microsoft.Extensions.Options (>= 2.2) - restriction: >= netstandard2.0
      StackExchange.Redis.StrongName (>= 1.2.6) - restriction: >= netstandard2.0
    Microsoft.AspNetCore.SpaServices (3.1.22) - restriction: >= netcoreapp2.2
      Microsoft.AspNetCore.NodeServices (>= 3.1.22) - restriction: >= netcoreapp3.1
    Microsoft.AspNetCore.SpaServices.Extensions (6.0.1) - restriction: >= netcoreapp2.2
      Microsoft.Extensions.FileProviders.Physical (>= 6.0) - restriction: >= net6.0
    Microsoft.AspNetCore.StaticFiles (2.2) - restriction: >= netcoreapp2.2
      Microsoft.AspNetCore.Hosting.Abstractions (>= 2.2) - restriction: >= netstandard2.0
      Microsoft.AspNetCore.Http.Extensions (>= 2.2) - restriction: >= netstandard2.0
      Microsoft.Extensions.FileProviders.Abstractions (>= 2.2) - restriction: >= netstandard2.0
      Microsoft.Extensions.Logging.Abstractions (>= 2.2) - restriction: >= netstandard2.0
      Microsoft.Extensions.WebEncoders (>= 2.2) - restriction: >= netstandard2.0
    Microsoft.AspNetCore.WebSockets (2.2.1) - restriction: >= netcoreapp2.2
      Microsoft.AspNetCore.Http.Extensions (>= 2.2) - restriction: >= netstandard2.0
      Microsoft.Extensions.Logging.Abstractions (>= 2.2) - restriction: >= netstandard2.0
      Microsoft.Extensions.Options (>= 2.2) - restriction: >= netstandard2.0
      System.Net.WebSockets.WebSocketProtocol (>= 4.5.3) - restriction: >= netstandard2.0
    Microsoft.AspNetCore.WebUtilities (2.2) - restriction: >= netcoreapp2.2
      Microsoft.Net.Http.Headers (>= 2.2) - restriction: >= netstandard2.0
      System.Text.Encodings.Web (>= 4.5) - restriction: >= netstandard2.0
    Microsoft.Azure.KeyVault (3.0.5) - restriction: >= netcoreapp2.2
      Microsoft.Azure.KeyVault.WebKey (>= 3.0.5) - restriction: || (&& (>= net452) (< netstandard1.4)) (&& (< net452) (>= netstandard1.4) (< netstandard2.0)) (&& (< net452) (>= netstandard2.0)) (>= net461)
      Microsoft.Rest.ClientRuntime (>= 2.3.20 < 3.0) - restriction: || (&& (>= net452) (< netstandard1.4)) (&& (< net452) (>= netstandard1.4) (< netstandard2.0)) (&& (< net452) (>= netstandard2.0)) (>= net461)
      Microsoft.Rest.ClientRuntime.Azure (>= 3.3.18 < 4.0) - restriction: || (&& (>= net452) (< netstandard1.4)) (&& (< net452) (>= netstandard1.4) (< netstandard2.0)) (&& (< net452) (>= netstandard2.0)) (>= net461)
      Newtonsoft.Json (>= 10.0.3) - restriction: || (&& (>= net452) (< netstandard1.4)) (&& (< net452) (>= netstandard1.4) (< netstandard2.0)) (&& (< net452) (>= netstandard2.0)) (>= net461)
      System.Net.Http (>= 4.3.4) - restriction: || (&& (< net452) (>= netstandard1.4) (< netstandard2.0)) (&& (< net452) (>= netstandard2.0))
    Microsoft.Azure.KeyVault.Core (3.0.5) - restriction: >= netcoreapp2.2
      Microsoft.Rest.ClientRuntime (>= 2.3.20 < 3.0) - restriction: || (&& (>= net452) (< netstandard1.4)) (&& (< net452) (>= netstandard1.4) (< netstandard2.0)) (&& (< net452) (>= netstandard2.0)) (>= net461)
      Microsoft.Rest.ClientRuntime.Azure (>= 3.3.18 < 4.0) - restriction: || (&& (>= net452) (< netstandard1.4)) (&& (< net452) (>= netstandard1.4) (< netstandard2.0)) (&& (< net452) (>= netstandard2.0)) (>= net461)
      Newtonsoft.Json (>= 10.0.3) - restriction: || (&& (>= net452) (< netstandard1.4)) (&& (< net452) (>= netstandard1.4) (< netstandard2.0)) (&& (< net452) (>= netstandard2.0)) (>= net461)
      System.Net.Http (>= 4.3.4) - restriction: || (&& (< net452) (>= netstandard1.4) (< netstandard2.0)) (&& (< net452) (>= netstandard2.0))
    Microsoft.Azure.KeyVault.WebKey (3.0.5) - restriction: >= netcoreapp2.2
      Microsoft.Rest.ClientRuntime (>= 2.3.20 < 3.0) - restriction: || (&& (>= net452) (< netstandard1.4)) (&& (< net452) (>= netstandard1.4) (< netstandard2.0)) (&& (< net452) (>= netstandard2.0)) (>= net461)
      Microsoft.Rest.ClientRuntime.Azure (>= 3.3.18 < 4.0) - restriction: || (&& (>= net452) (< netstandard1.4)) (&& (< net452) (>= netstandard1.4) (< netstandard2.0)) (&& (< net452) (>= netstandard2.0)) (>= net461)
      Newtonsoft.Json (>= 10.0.3) - restriction: || (&& (>= net452) (< netstandard1.4)) (&& (< net452) (>= netstandard1.4) (< netstandard2.0)) (&& (< net452) (>= netstandard2.0)) (>= net461)
      System.Collections (>= 4.3) - restriction: || (&& (< net452) (>= netstandard1.4) (< netstandard2.0)) (&& (< net452) (>= netstandard2.0))
      System.Collections.Concurrent (>= 4.3) - restriction: || (&& (< net452) (>= netstandard1.4) (< netstandard2.0)) (&& (< net452) (>= netstandard2.0))
      System.Linq (>= 4.3) - restriction: || (&& (< net452) (>= netstandard1.4) (< netstandard2.0)) (&& (< net452) (>= netstandard2.0))
      System.Net.Http (>= 4.3.4) - restriction: || (&& (< net452) (>= netstandard1.4) (< netstandard2.0)) (&& (< net452) (>= netstandard2.0))
      System.Runtime (>= 4.3) - restriction: || (&& (< net452) (>= netstandard1.4) (< netstandard2.0)) (&& (< net452) (>= netstandard2.0))
      System.Security.Cryptography.Algorithms (>= 4.3) - restriction: || (&& (< net452) (>= netstandard1.4) (< netstandard2.0)) (&& (< net452) (>= netstandard2.0))
      System.Security.Cryptography.Cng (>= 4.3) - restriction: || (&& (< net452) (>= netstandard1.4) (< netstandard2.0)) (&& (< net452) (>= netstandard2.0))
    Microsoft.Azure.Services.AppAuthentication (1.6.2) - restriction: >= netcoreapp2.2
      Microsoft.IdentityModel.Clients.ActiveDirectory (>= 5.2.9) - restriction: || (&& (>= net452) (< netstandard1.4)) (&& (< net452) (>= netstandard1.4) (< netstandard2.0)) (&& (< net452) (>= netstandard2.0)) (>= net461)
      System.Diagnostics.Process (>= 4.3) - restriction: || (&& (< net452) (>= netstandard1.4) (< netstandard2.0)) (&& (< net452) (>= netstandard2.0))
    Microsoft.Azure.Storage.Blob (11.2.3) - restriction: >= netcoreapp2.2
      Microsoft.Azure.Storage.Common (>= 11.2.3) - restriction: || (>= net452) (>= netstandard1.3)
      NETStandard.Library (>= 2.0.1) - restriction: && (< net452) (>= netstandard2.0)
    Microsoft.Azure.Storage.Common (11.2.3) - restriction: >= netcoreapp2.2
      Microsoft.Azure.KeyVault.Core (>= 2.0.4) - restriction: && (< net452) (>= netstandard2.0)
      NETStandard.Library (>= 2.0.1) - restriction: && (< net452) (>= netstandard2.0)
      Newtonsoft.Json (>= 10.0.2) - restriction: || (>= net452) (>= netstandard2.0)
    Microsoft.Bcl.AsyncInterfaces (6.0) - restriction: || (>= net461) (&& (>= netcoreapp2.2) (< netcoreapp3.1)) (&& (>= netcoreapp2.2) (< netstandard2.1)) (>= netstandard2.0)
      System.Threading.Tasks.Extensions (>= 4.5.4) - restriction: || (>= net461) (&& (>= netstandard2.0) (< netstandard2.1))
    Microsoft.CodeAnalysis.Analyzers (3.3.3) - restriction: >= netcoreapp2.2
    Microsoft.CodeAnalysis.Common (4.0.1) - restriction: >= netcoreapp2.2
      Microsoft.CodeAnalysis.Analyzers (>= 3.3.2) - restriction: >= netstandard2.0
      System.Collections.Immutable (>= 5.0) - restriction: >= netstandard2.0
      System.Memory (>= 4.5.4) - restriction: >= netstandard2.0
      System.Reflection.Metadata (>= 5.0) - restriction: >= netstandard2.0
      System.Runtime.CompilerServices.Unsafe (>= 5.0) - restriction: >= netstandard2.0
      System.Text.Encoding.CodePages (>= 4.5.1) - restriction: >= netstandard2.0
      System.Threading.Tasks.Extensions (>= 4.5.4) - restriction: >= netstandard2.0
    Microsoft.CodeAnalysis.CSharp (4.0.1) - restriction: >= netcoreapp2.2
      Microsoft.CodeAnalysis.Common (4.0.1) - restriction: >= netstandard2.0
    Microsoft.CodeAnalysis.Razor (6.0.1) - restriction: >= netcoreapp2.2
      Microsoft.AspNetCore.Razor.Language (>= 6.0.1) - restriction: >= netstandard2.0
      Microsoft.CodeAnalysis.Common (>= 4.0) - restriction: >= netstandard2.0
      Microsoft.CodeAnalysis.CSharp (>= 4.0) - restriction: >= netstandard2.0
    Microsoft.CSharp (4.7) - restriction: || (&& (< monoandroid9.0) (>= net6.0) (< netcoreapp2.1) (< xamarinmac)) (&& (>= net6.0) (>= uap10.0)) (&& (>= net6.0) (>= xamarinios)) (>= netcoreapp2.2)
    Microsoft.Data.Edm (5.8.5) - restriction: >= netcoreapp2.2
    Microsoft.Data.OData (5.8.5) - restriction: >= netcoreapp2.2
      Microsoft.Data.Edm (5.8.5)
      System.Spatial (5.8.5)
    Microsoft.Data.SqlClient (4.1) - restriction: >= netcoreapp2.2
      Azure.Identity (>= 1.3) - restriction: || (>= net461) (>= netstandard2.0)
      Microsoft.Data.SqlClient.SNI.runtime (>= 4.0) - restriction: || (&& (< net461) (>= netstandard2.0)) (>= netstandard2.1)
      Microsoft.Identity.Client (>= 4.22) - restriction: || (>= net461) (>= netstandard2.0)
      Microsoft.IdentityModel.JsonWebTokens (>= 6.8) - restriction: || (>= net461) (>= netstandard2.0)
      Microsoft.IdentityModel.Protocols.OpenIdConnect (>= 6.8) - restriction: || (>= net461) (>= netstandard2.0)
      Microsoft.Win32.Registry (>= 5.0) - restriction: || (&& (< net461) (>= netstandard2.0)) (>= netstandard2.1)
      System.Buffers (>= 4.5.1) - restriction: || (>= net461) (>= netstandard2.0)
      System.Configuration.ConfigurationManager (>= 5.0) - restriction: || (>= net461) (>= netstandard2.0)
      System.Diagnostics.DiagnosticSource (>= 5.0) - restriction: >= netcoreapp3.1
      System.IO (>= 4.3) - restriction: || (>= net461) (>= netstandard2.0)
      System.Resources.ResourceManager (>= 4.3) - restriction: || (&& (< net461) (>= netstandard2.0)) (>= netstandard2.1)
      System.Runtime.Caching (>= 5.0) - restriction: || (&& (< net461) (>= netstandard2.0)) (>= netstandard2.1)
      System.Security.Cryptography.Cng (>= 5.0) - restriction: || (&& (< net461) (>= netstandard2.0)) (>= netstandard2.1)
      System.Security.Principal.Windows (>= 5.0) - restriction: || (&& (< net461) (>= netstandard2.0)) (>= netstandard2.1)
      System.Text.Encoding.CodePages (>= 5.0) - restriction: || (&& (< net461) (>= netstandard2.0)) (>= netstandard2.1)
      System.Text.Encodings.Web (>= 4.7.2) - restriction: || (>= net461) (>= netstandard2.0)
    Microsoft.Data.SqlClient.SNI.runtime (4.0) - restriction: >= net6.0
    Microsoft.Data.Sqlite (6.0.1) - restriction: >= netcoreapp2.2
      Microsoft.Data.Sqlite.Core (>= 6.0.1) - restriction: >= netstandard2.0
      SQLitePCLRaw.bundle_e_sqlite3 (>= 2.0.6) - restriction: >= netstandard2.0
    Microsoft.Data.Sqlite.Core (6.0.1) - restriction: >= netcoreapp2.2
      SQLitePCLRaw.core (>= 2.0.6) - restriction: >= netstandard2.0
    Microsoft.EntityFrameworkCore (6.0.1) - restriction: >= netcoreapp2.2
      Microsoft.EntityFrameworkCore.Abstractions (>= 6.0.1) - restriction: >= net6.0
      Microsoft.EntityFrameworkCore.Analyzers (>= 6.0.1) - restriction: >= net6.0
      Microsoft.Extensions.Caching.Memory (>= 6.0) - restriction: >= net6.0
      Microsoft.Extensions.DependencyInjection (>= 6.0) - restriction: >= net6.0
      Microsoft.Extensions.Logging (>= 6.0) - restriction: >= net6.0
      System.Collections.Immutable (>= 6.0) - restriction: >= net6.0
      System.Diagnostics.DiagnosticSource (>= 6.0) - restriction: >= net6.0
    Microsoft.EntityFrameworkCore.Abstractions (6.0.1) - restriction: >= netcoreapp2.2
    Microsoft.EntityFrameworkCore.Analyzers (6.0.1) - restriction: >= netcoreapp2.2
    Microsoft.EntityFrameworkCore.Design (6.0.1) - restriction: >= netcoreapp2.2
      Humanizer.Core (>= 2.8.26) - restriction: >= net6.0
      Microsoft.EntityFrameworkCore.Relational (>= 6.0.1) - restriction: >= net6.0
    Microsoft.EntityFrameworkCore.InMemory (6.0.1) - restriction: >= netcoreapp2.2
      Microsoft.EntityFrameworkCore (>= 6.0.1) - restriction: >= net6.0
    Microsoft.EntityFrameworkCore.Relational (6.0.1) - restriction: >= netcoreapp2.2
      Microsoft.EntityFrameworkCore (>= 6.0.1) - restriction: >= net6.0
      Microsoft.Extensions.Configuration.Abstractions (>= 6.0) - restriction: >= net6.0
    Microsoft.EntityFrameworkCore.Sqlite (6.0.1) - restriction: >= netcoreapp2.2
      Microsoft.EntityFrameworkCore.Sqlite.Core (>= 6.0.1) - restriction: >= net6.0
      SQLitePCLRaw.bundle_e_sqlite3 (>= 2.0.6) - restriction: >= net6.0
    Microsoft.EntityFrameworkCore.Sqlite.Core (6.0.1) - restriction: >= netcoreapp2.2
      Microsoft.Data.Sqlite.Core (>= 6.0.1) - restriction: >= net6.0
      Microsoft.EntityFrameworkCore.Relational (>= 6.0.1) - restriction: >= net6.0
      Microsoft.Extensions.DependencyModel (>= 6.0) - restriction: >= net6.0
    Microsoft.EntityFrameworkCore.SqlServer (6.0.1) - restriction: >= netcoreapp2.2
      Microsoft.Data.SqlClient (>= 2.1.4) - restriction: >= net6.0
      Microsoft.EntityFrameworkCore.Relational (>= 6.0.1) - restriction: >= net6.0
    Microsoft.EntityFrameworkCore.Tools (6.0.1) - restriction: >= netcoreapp2.2
      Microsoft.EntityFrameworkCore.Design (>= 6.0.1) - restriction: >= net6.0
    Microsoft.Extensions.Caching.Abstractions (6.0) - restriction: >= netcoreapp2.2
      Microsoft.Extensions.Primitives (>= 6.0) - restriction: || (>= net461) (>= netstandard2.0)
    Microsoft.Extensions.Caching.Memory (6.0) - restriction: >= netcoreapp2.2
      Microsoft.Extensions.Caching.Abstractions (>= 6.0) - restriction: || (>= net461) (>= netstandard2.0)
      Microsoft.Extensions.DependencyInjection.Abstractions (>= 6.0) - restriction: || (>= net461) (>= netstandard2.0)
      Microsoft.Extensions.Logging.Abstractions (>= 6.0) - restriction: || (>= net461) (>= netstandard2.0)
      Microsoft.Extensions.Options (>= 6.0) - restriction: || (>= net461) (>= netstandard2.0)
      Microsoft.Extensions.Primitives (>= 6.0) - restriction: || (>= net461) (>= netstandard2.0)
    Microsoft.Extensions.Caching.Redis (2.2) - restriction: >= netcoreapp2.2
      Microsoft.Extensions.Caching.Abstractions (>= 2.2) - restriction: >= netstandard2.0
      Microsoft.Extensions.Options (>= 2.2) - restriction: >= netstandard2.0
      StackExchange.Redis.StrongName (>= 1.2.6) - restriction: >= netstandard2.0
    Microsoft.Extensions.Caching.SqlServer (6.0.1) - restriction: >= netcoreapp2.2
      Microsoft.Data.SqlClient (>= 1.0.19249.1) - restriction: || (>= net461) (>= netstandard2.0)
      Microsoft.Extensions.Caching.Abstractions (>= 6.0) - restriction: || (>= net461) (>= netstandard2.0)
      Microsoft.Extensions.Options (>= 6.0) - restriction: || (>= net461) (>= netstandard2.0)
    Microsoft.Extensions.Configuration (6.0) - restriction: >= netcoreapp2.2
      Microsoft.Extensions.Configuration.Abstractions (>= 6.0) - restriction: || (>= net461) (>= netstandard2.0)
      Microsoft.Extensions.Primitives (>= 6.0) - restriction: || (>= net461) (>= netstandard2.0)
    Microsoft.Extensions.Configuration.Abstractions (6.0) - restriction: >= netcoreapp2.2
      Microsoft.Extensions.Primitives (>= 6.0) - restriction: || (>= net461) (>= netstandard2.0)
    Microsoft.Extensions.Configuration.AzureKeyVault (3.1.22) - restriction: >= netcoreapp2.2
      Microsoft.Azure.KeyVault (>= 2.3.2) - restriction: >= netstandard2.0
      Microsoft.Azure.Services.AppAuthentication (>= 1.0.3) - restriction: >= netstandard2.0
      Microsoft.Extensions.Configuration (>= 3.1.22) - restriction: >= netstandard2.0
      Microsoft.Extensions.Configuration.FileExtensions (>= 3.1.22) - restriction: >= netstandard2.0
    Microsoft.Extensions.Configuration.Binder (6.0) - restriction: >= netcoreapp2.2
      Microsoft.Extensions.Configuration.Abstractions (>= 6.0) - restriction: || (>= net461) (>= netstandard2.0)
    Microsoft.Extensions.Configuration.CommandLine (6.0) - restriction: >= netcoreapp2.2
      Microsoft.Extensions.Configuration (>= 6.0) - restriction: || (>= net461) (>= netstandard2.0)
      Microsoft.Extensions.Configuration.Abstractions (>= 6.0) - restriction: || (>= net461) (>= netstandard2.0)
    Microsoft.Extensions.Configuration.EnvironmentVariables (6.0) - restriction: >= netcoreapp2.2
      Microsoft.Extensions.Configuration (>= 6.0) - restriction: || (>= net461) (>= netstandard2.0)
      Microsoft.Extensions.Configuration.Abstractions (>= 6.0) - restriction: || (>= net461) (>= netstandard2.0)
    Microsoft.Extensions.Configuration.FileExtensions (6.0) - restriction: >= netcoreapp2.2
      Microsoft.Extensions.Configuration (>= 6.0) - restriction: || (>= net461) (>= netstandard2.0)
      Microsoft.Extensions.Configuration.Abstractions (>= 6.0) - restriction: || (>= net461) (>= netstandard2.0)
      Microsoft.Extensions.FileProviders.Abstractions (>= 6.0) - restriction: || (>= net461) (>= netstandard2.0)
      Microsoft.Extensions.FileProviders.Physical (>= 6.0) - restriction: || (>= net461) (>= netstandard2.0)
      Microsoft.Extensions.Primitives (>= 6.0) - restriction: || (>= net461) (>= netstandard2.0)
    Microsoft.Extensions.Configuration.Ini (6.0) - restriction: >= netcoreapp2.2
      Microsoft.Extensions.Configuration (>= 6.0) - restriction: || (>= net461) (>= netstandard2.0)
      Microsoft.Extensions.Configuration.Abstractions (>= 6.0) - restriction: || (>= net461) (>= netstandard2.0)
      Microsoft.Extensions.Configuration.FileExtensions (>= 6.0) - restriction: || (>= net461) (>= netstandard2.0)
      Microsoft.Extensions.FileProviders.Abstractions (>= 6.0) - restriction: || (>= net461) (>= netstandard2.0)
    Microsoft.Extensions.Configuration.Json (6.0) - restriction: >= netcoreapp2.2
      Microsoft.Extensions.Configuration (>= 6.0) - restriction: || (>= net461) (>= netstandard2.0)
      Microsoft.Extensions.Configuration.Abstractions (>= 6.0) - restriction: || (>= net461) (>= netstandard2.0)
      Microsoft.Extensions.Configuration.FileExtensions (>= 6.0) - restriction: || (>= net461) (>= netstandard2.0)
      Microsoft.Extensions.FileProviders.Abstractions (>= 6.0) - restriction: || (>= net461) (>= netstandard2.0)
      System.Memory (>= 4.5.4) - restriction: || (>= net461) (&& (>= netstandard2.0) (< netstandard2.1))
      System.Text.Json (>= 6.0) - restriction: || (>= net461) (>= netstandard2.0)
    Microsoft.Extensions.Configuration.KeyPerFile (6.0.1) - restriction: >= netcoreapp2.2
      Microsoft.Extensions.Configuration (>= 6.0) - restriction: || (>= net461) (>= netstandard2.0)
      Microsoft.Extensions.FileProviders.Physical (>= 6.0) - restriction: || (>= net461) (>= netstandard2.0)
    Microsoft.Extensions.Configuration.UserSecrets (6.0) - restriction: >= netcoreapp2.2
      Microsoft.Extensions.Configuration.Abstractions (>= 6.0) - restriction: || (>= net461) (>= netstandard2.0)
      Microsoft.Extensions.Configuration.Json (>= 6.0) - restriction: || (>= net461) (>= netstandard2.0)
      Microsoft.Extensions.FileProviders.Abstractions (>= 6.0) - restriction: || (>= net461) (>= netstandard2.0)
      Microsoft.Extensions.FileProviders.Physical (>= 6.0) - restriction: || (>= net461) (>= netstandard2.0)
    Microsoft.Extensions.Configuration.Xml (6.0) - restriction: >= netcoreapp2.2
      Microsoft.Extensions.Configuration (>= 6.0) - restriction: || (>= net461) (>= netstandard2.0)
      Microsoft.Extensions.Configuration.Abstractions (>= 6.0) - restriction: || (>= net461) (>= netstandard2.0)
      Microsoft.Extensions.Configuration.FileExtensions (>= 6.0) - restriction: || (>= net461) (>= netstandard2.0)
      Microsoft.Extensions.FileProviders.Abstractions (>= 6.0) - restriction: || (>= net461) (>= netstandard2.0)
      System.Security.Cryptography.Xml (>= 6.0) - restriction: || (>= net461) (>= netstandard2.0)
    Microsoft.Extensions.DependencyInjection (6.0) - restriction: >= netstandard2.0
      Microsoft.Bcl.AsyncInterfaces (>= 6.0) - restriction: || (>= net461) (&& (>= netstandard2.0) (< netstandard2.1))
      Microsoft.Extensions.DependencyInjection.Abstractions (>= 6.0) - restriction: || (>= net461) (>= netstandard2.0)
      System.Runtime.CompilerServices.Unsafe (>= 6.0) - restriction: || (>= net461) (>= netstandard2.0)
      System.Threading.Tasks.Extensions (>= 4.5.4) - restriction: || (>= net461) (&& (>= netstandard2.0) (< netstandard2.1))
    Microsoft.Extensions.DependencyInjection.Abstractions (6.0) - restriction: || (>= net461) (>= netstandard2.0)
    Microsoft.Extensions.DependencyModel (6.0) - restriction: || (&& (< net451) (>= netstandard2.0)) (&& (>= net461) (>= netstandard2.0)) (>= netcoreapp2.2)
      System.Buffers (>= 4.5.1) - restriction: || (>= net461) (>= netstandard2.0)
      System.Memory (>= 4.5.4) - restriction: || (>= net461) (>= netstandard2.0)
      System.Runtime.CompilerServices.Unsafe (>= 6.0) - restriction: || (>= net461) (>= netstandard2.0)
      System.Text.Encodings.Web (>= 6.0) - restriction: || (>= net461) (>= netstandard2.0)
      System.Text.Json (>= 6.0) - restriction: || (>= net461) (>= netstandard2.0)
    Microsoft.Extensions.DiagnosticAdapter (3.1.22) - restriction: >= netcoreapp2.2
      System.Diagnostics.DiagnosticSource (>= 4.7.1) - restriction: || (>= net461) (>= netstandard2.0)
    Microsoft.Extensions.Diagnostics.HealthChecks (6.0.1) - restriction: >= netcoreapp2.2
      Microsoft.Extensions.Diagnostics.HealthChecks.Abstractions (>= 6.0.1) - restriction: || (>= net461) (>= netstandard2.0)
      Microsoft.Extensions.Hosting.Abstractions (>= 6.0) - restriction: || (>= net461) (>= netstandard2.0)
      Microsoft.Extensions.Logging.Abstractions (>= 6.0) - restriction: || (>= net461) (>= netstandard2.0)
      Microsoft.Extensions.Options (>= 6.0) - restriction: || (>= net461) (>= netstandard2.0)
    Microsoft.Extensions.Diagnostics.HealthChecks.Abstractions (6.0.1) - restriction: >= netcoreapp2.2
    Microsoft.Extensions.Features (6.0.1) - restriction: >= netcoreapp2.2
    Microsoft.Extensions.FileProviders.Abstractions (6.0) - restriction: >= netcoreapp2.2
      Microsoft.Extensions.Primitives (>= 6.0) - restriction: || (>= net461) (>= netstandard2.0)
    Microsoft.Extensions.FileProviders.Composite (6.0) - restriction: >= netcoreapp2.2
      Microsoft.Extensions.FileProviders.Abstractions (>= 6.0) - restriction: || (>= net461) (>= netstandard2.0)
      Microsoft.Extensions.Primitives (>= 6.0) - restriction: || (>= net461) (>= netstandard2.0)
    Microsoft.Extensions.FileProviders.Embedded (6.0.1) - restriction: >= netcoreapp2.2
      Microsoft.Extensions.FileProviders.Abstractions (>= 6.0) - restriction: >= netstandard2.0
    Microsoft.Extensions.FileProviders.Physical (6.0) - restriction: >= netcoreapp2.2
      Microsoft.Extensions.FileProviders.Abstractions (>= 6.0) - restriction: || (>= net461) (>= netstandard2.0)
      Microsoft.Extensions.FileSystemGlobbing (>= 6.0) - restriction: || (>= net461) (>= netstandard2.0)
      Microsoft.Extensions.Primitives (>= 6.0) - restriction: || (>= net461) (>= netstandard2.0)
    Microsoft.Extensions.FileSystemGlobbing (6.0) - restriction: >= netcoreapp2.2
    Microsoft.Extensions.Hosting (6.0) - restriction: >= netcoreapp2.2
      Microsoft.Bcl.AsyncInterfaces (>= 6.0) - restriction: || (>= net461) (&& (>= netstandard2.0) (< netstandard2.1))
      Microsoft.Extensions.Configuration (>= 6.0) - restriction: || (>= net461) (>= netstandard2.0)
      Microsoft.Extensions.Configuration.Abstractions (>= 6.0) - restriction: || (>= net461) (>= netstandard2.0)
      Microsoft.Extensions.Configuration.Binder (>= 6.0) - restriction: || (>= net461) (>= netstandard2.0)
      Microsoft.Extensions.Configuration.CommandLine (>= 6.0) - restriction: || (>= net461) (>= netstandard2.0)
      Microsoft.Extensions.Configuration.EnvironmentVariables (>= 6.0) - restriction: || (>= net461) (>= netstandard2.0)
      Microsoft.Extensions.Configuration.FileExtensions (>= 6.0) - restriction: || (>= net461) (>= netstandard2.0)
      Microsoft.Extensions.Configuration.Json (>= 6.0) - restriction: || (>= net461) (>= netstandard2.0)
      Microsoft.Extensions.Configuration.UserSecrets (>= 6.0) - restriction: || (>= net461) (>= netstandard2.0)
      Microsoft.Extensions.DependencyInjection (>= 6.0) - restriction: || (>= net461) (>= netstandard2.0)
      Microsoft.Extensions.DependencyInjection.Abstractions (>= 6.0) - restriction: || (>= net461) (>= netstandard2.0)
      Microsoft.Extensions.FileProviders.Abstractions (>= 6.0) - restriction: || (>= net461) (>= netstandard2.0)
      Microsoft.Extensions.FileProviders.Physical (>= 6.0) - restriction: || (>= net461) (>= netstandard2.0)
      Microsoft.Extensions.Hosting.Abstractions (>= 6.0) - restriction: || (>= net461) (>= netstandard2.0)
      Microsoft.Extensions.Logging (>= 6.0) - restriction: || (>= net461) (>= netstandard2.0)
      Microsoft.Extensions.Logging.Abstractions (>= 6.0) - restriction: || (>= net461) (>= netstandard2.0)
      Microsoft.Extensions.Logging.Configuration (>= 6.0) - restriction: || (>= net461) (>= netstandard2.0)
      Microsoft.Extensions.Logging.Console (>= 6.0) - restriction: || (>= net461) (>= netstandard2.0)
      Microsoft.Extensions.Logging.Debug (>= 6.0) - restriction: || (>= net461) (>= netstandard2.0)
      Microsoft.Extensions.Logging.EventLog (>= 6.0) - restriction: || (>= net461) (>= netstandard2.0)
      Microsoft.Extensions.Logging.EventSource (>= 6.0) - restriction: || (>= net461) (>= netstandard2.0)
      Microsoft.Extensions.Options (>= 6.0) - restriction: || (>= net461) (>= netstandard2.0)
      System.Runtime.CompilerServices.Unsafe (>= 6.0) - restriction: || (>= net461) (&& (>= netstandard2.0) (< netstandard2.1))
      System.Threading.Tasks.Extensions (>= 4.5.4) - restriction: || (>= net461) (&& (>= netstandard2.0) (< netstandard2.1))
    Microsoft.Extensions.Hosting.Abstractions (6.0) - restriction: >= netstandard2.0
      Microsoft.Bcl.AsyncInterfaces (>= 6.0) - restriction: || (>= net461) (&& (>= netstandard2.0) (< netstandard2.1))
      Microsoft.Extensions.Configuration.Abstractions (>= 6.0) - restriction: || (>= net461) (>= netstandard2.0)
      Microsoft.Extensions.DependencyInjection.Abstractions (>= 6.0) - restriction: || (>= net461) (>= netstandard2.0)
      Microsoft.Extensions.FileProviders.Abstractions (>= 6.0) - restriction: || (>= net461) (>= netstandard2.0)
      System.Runtime.CompilerServices.Unsafe (>= 6.0) - restriction: || (>= net461) (&& (>= netstandard2.0) (< netstandard2.1))
      System.Threading.Tasks.Extensions (>= 4.5.4) - restriction: || (>= net461) (&& (>= netstandard2.0) (< netstandard2.1))
    Microsoft.Extensions.Http (6.0)
      Microsoft.Extensions.DependencyInjection.Abstractions (>= 6.0) - restriction: || (>= net461) (>= netstandard2.0)
      Microsoft.Extensions.Logging (>= 6.0) - restriction: || (>= net461) (>= netstandard2.0)
      Microsoft.Extensions.Logging.Abstractions (>= 6.0) - restriction: || (>= net461) (>= netstandard2.0)
      Microsoft.Extensions.Options (>= 6.0) - restriction: || (>= net461) (>= netstandard2.0)
    Microsoft.Extensions.Identity.Core (6.0.1) - restriction: >= netcoreapp2.2
      Microsoft.AspNetCore.Cryptography.KeyDerivation (>= 6.0.1) - restriction: || (>= net461) (>= netstandard2.0)
      Microsoft.Extensions.Logging (>= 6.0) - restriction: || (>= net461) (>= netstandard2.0)
      Microsoft.Extensions.Options (>= 6.0) - restriction: || (>= net461) (>= netstandard2.0)
      System.ComponentModel.Annotations (>= 5.0) - restriction: || (>= net461) (&& (< net6.0) (>= netstandard2.0))
    Microsoft.Extensions.Identity.Stores (6.0.1) - restriction: >= netcoreapp2.2
      Microsoft.Extensions.Caching.Abstractions (>= 6.0) - restriction: || (>= net461) (>= netstandard2.0)
      Microsoft.Extensions.Identity.Core (>= 6.0.1) - restriction: || (>= net461) (>= netstandard2.0)
      Microsoft.Extensions.Logging (>= 6.0) - restriction: || (>= net461) (>= netstandard2.0)
    Microsoft.Extensions.Localization (6.0.1) - restriction: >= netcoreapp2.2
      Microsoft.Extensions.DependencyInjection.Abstractions (>= 6.0) - restriction: || (>= net461) (>= netstandard2.0)
      Microsoft.Extensions.Localization.Abstractions (>= 6.0.1) - restriction: || (>= net461) (>= netstandard2.0)
      Microsoft.Extensions.Logging.Abstractions (>= 6.0) - restriction: || (>= net461) (>= netstandard2.0)
      Microsoft.Extensions.Options (>= 6.0) - restriction: || (>= net461) (>= netstandard2.0)
    Microsoft.Extensions.Localization.Abstractions (6.0.1) - restriction: >= netcoreapp2.2
    Microsoft.Extensions.Logging (6.0) - restriction: || (>= net461) (>= netstandard2.0)
      Microsoft.Bcl.AsyncInterfaces (>= 6.0) - restriction: || (>= net461) (&& (>= netstandard2.0) (< netstandard2.1))
      Microsoft.Extensions.DependencyInjection (>= 6.0) - restriction: || (>= net461) (>= netstandard2.0)
      Microsoft.Extensions.DependencyInjection.Abstractions (>= 6.0) - restriction: || (>= net461) (>= netstandard2.0)
      Microsoft.Extensions.Logging.Abstractions (>= 6.0) - restriction: || (>= net461) (>= netstandard2.0)
      Microsoft.Extensions.Options (>= 6.0) - restriction: || (>= net461) (>= netstandard2.0)
      System.Diagnostics.DiagnosticSource (>= 6.0) - restriction: || (>= net461) (>= netstandard2.0)
      System.ValueTuple (>= 4.5) - restriction: >= net461
    Microsoft.Extensions.Logging.Abstractions (6.0) - restriction: || (>= net461) (>= netstandard2.0)
    Microsoft.Extensions.Logging.ApplicationInsights (2.20) - restriction: >= netcoreapp2.2
      Microsoft.ApplicationInsights (>= 2.20) - restriction: >= netstandard2.0
      Microsoft.Extensions.Logging (>= 2.1.1) - restriction: >= netstandard2.0
    Microsoft.Extensions.Logging.AzureAppServices (6.0.1) - restriction: >= netcoreapp2.2
      Microsoft.Extensions.Configuration.EnvironmentVariables (>= 6.0) - restriction: || (>= net461) (>= netstandard2.0)
      Microsoft.Extensions.Configuration.Json (>= 6.0) - restriction: || (>= net461) (>= netstandard2.0)
      Microsoft.Extensions.Logging (>= 6.0) - restriction: || (>= net461) (>= netstandard2.0)
      Microsoft.Extensions.Logging.Abstractions (>= 6.0) - restriction: || (>= net461) (>= netstandard2.0)
      Microsoft.Extensions.Logging.Configuration (>= 6.0) - restriction: || (>= net461) (>= netstandard2.0)
      System.ValueTuple (>= 4.5) - restriction: || (>= net461) (>= netstandard2.0)
    Microsoft.Extensions.Logging.Configuration (6.0) - restriction: >= netcoreapp2.2
      Microsoft.Extensions.Configuration (>= 6.0) - restriction: || (>= net461) (>= netstandard2.0)
      Microsoft.Extensions.Configuration.Abstractions (>= 6.0) - restriction: || (>= net461) (>= netstandard2.0)
      Microsoft.Extensions.Configuration.Binder (>= 6.0) - restriction: || (>= net461) (>= netstandard2.0)
      Microsoft.Extensions.DependencyInjection.Abstractions (>= 6.0) - restriction: || (>= net461) (>= netstandard2.0)
      Microsoft.Extensions.Logging (>= 6.0) - restriction: || (>= net461) (>= netstandard2.0)
      Microsoft.Extensions.Logging.Abstractions (>= 6.0) - restriction: || (>= net461) (>= netstandard2.0)
      Microsoft.Extensions.Options (>= 6.0) - restriction: || (>= net461) (>= netstandard2.0)
      Microsoft.Extensions.Options.ConfigurationExtensions (>= 6.0) - restriction: || (>= net461) (>= netstandard2.0)
    Microsoft.Extensions.Logging.Console (6.0) - restriction: >= netcoreapp2.2
      Microsoft.Bcl.AsyncInterfaces (>= 6.0) - restriction: || (>= net461) (&& (< netcoreapp3.1) (>= netstandard2.0))
      Microsoft.Extensions.DependencyInjection.Abstractions (>= 6.0) - restriction: || (>= net461) (>= netstandard2.0)
      Microsoft.Extensions.Logging (>= 6.0) - restriction: || (>= net461) (>= netstandard2.0)
      Microsoft.Extensions.Logging.Abstractions (>= 6.0) - restriction: || (>= net461) (>= netstandard2.0)
      Microsoft.Extensions.Logging.Configuration (>= 6.0) - restriction: || (>= net461) (>= netstandard2.0)
      Microsoft.Extensions.Options (>= 6.0) - restriction: || (>= net461) (>= netstandard2.0)
      System.Buffers (>= 4.5.1) - restriction: || (>= net461) (&& (< netcoreapp3.1) (>= netstandard2.0))
      System.Text.Json (>= 6.0) - restriction: || (>= net461) (>= netstandard2.0)
    Microsoft.Extensions.Logging.Debug (6.0) - restriction: >= netcoreapp2.2
      Microsoft.Extensions.DependencyInjection.Abstractions (>= 6.0) - restriction: || (>= net461) (>= netstandard2.0)
      Microsoft.Extensions.Logging (>= 6.0) - restriction: || (>= net461) (>= netstandard2.0)
      Microsoft.Extensions.Logging.Abstractions (>= 6.0) - restriction: || (>= net461) (>= netstandard2.0)
    Microsoft.Extensions.Logging.EventLog (6.0) - restriction: >= netcoreapp2.2
      Microsoft.Extensions.DependencyInjection.Abstractions (>= 6.0) - restriction: || (>= net461) (>= netstandard2.0)
      Microsoft.Extensions.Logging (>= 6.0) - restriction: || (>= net461) (>= netstandard2.0)
      Microsoft.Extensions.Logging.Abstractions (>= 6.0) - restriction: || (>= net461) (>= netstandard2.0)
      Microsoft.Extensions.Options (>= 6.0) - restriction: || (>= net461) (>= netstandard2.0)
      System.Diagnostics.EventLog (>= 6.0) - restriction: && (< net461) (>= netstandard2.0)
    Microsoft.Extensions.Logging.EventSource (6.0) - restriction: >= netcoreapp2.2
      Microsoft.Bcl.AsyncInterfaces (>= 6.0) - restriction: || (>= net461) (&& (< netcoreapp3.1) (>= netstandard2.0))
      Microsoft.Extensions.DependencyInjection.Abstractions (>= 6.0) - restriction: || (>= net461) (>= netstandard2.0)
      Microsoft.Extensions.Logging (>= 6.0) - restriction: || (>= net461) (>= netstandard2.0)
      Microsoft.Extensions.Logging.Abstractions (>= 6.0) - restriction: || (>= net461) (>= netstandard2.0)
      Microsoft.Extensions.Options (>= 6.0) - restriction: || (>= net461) (>= netstandard2.0)
      Microsoft.Extensions.Primitives (>= 6.0) - restriction: || (>= net461) (>= netstandard2.0)
      System.Memory (>= 4.5.4) - restriction: || (>= net461) (&& (< netcoreapp3.1) (>= netstandard2.0))
      System.Runtime.CompilerServices.Unsafe (>= 6.0) - restriction: || (>= net461) (>= netstandard2.0)
      System.Text.Json (>= 6.0) - restriction: || (>= net461) (>= netstandard2.0)
    Microsoft.Extensions.Logging.TraceSource (6.0) - restriction: >= netcoreapp2.2
      Microsoft.Extensions.DependencyInjection.Abstractions (>= 6.0) - restriction: || (>= net461) (>= netstandard2.0)
      Microsoft.Extensions.Logging (>= 6.0) - restriction: || (>= net461) (>= netstandard2.0)
      Microsoft.Extensions.Logging.Abstractions (>= 6.0) - restriction: || (>= net461) (>= netstandard2.0)
    Microsoft.Extensions.ObjectPool (6.0.1) - restriction: >= netcoreapp2.2
    Microsoft.Extensions.Options (6.0) - restriction: || (>= net461) (>= netstandard2.0)
      Microsoft.Extensions.DependencyInjection.Abstractions (>= 6.0) - restriction: || (>= net461) (>= netstandard2.0)
      Microsoft.Extensions.Primitives (>= 6.0) - restriction: || (>= net461) (>= netstandard2.0)
    Microsoft.Extensions.Options.ConfigurationExtensions (6.0) - restriction: || (&& (< net451) (>= netstandard2.0)) (&& (>= net461) (>= netstandard2.0)) (>= netcoreapp2.2)
      Microsoft.Extensions.Configuration.Abstractions (>= 6.0) - restriction: || (>= net461) (>= netstandard2.0)
      Microsoft.Extensions.Configuration.Binder (>= 6.0) - restriction: || (>= net461) (>= netstandard2.0)
      Microsoft.Extensions.DependencyInjection.Abstractions (>= 6.0) - restriction: || (>= net461) (>= netstandard2.0)
      Microsoft.Extensions.Options (>= 6.0) - restriction: || (>= net461) (>= netstandard2.0)
      Microsoft.Extensions.Primitives (>= 6.0) - restriction: || (>= net461) (>= netstandard2.0)
    Microsoft.Extensions.Options.DataAnnotations (6.0) - restriction: >= netcoreapp2.2
      Microsoft.Extensions.DependencyInjection.Abstractions (>= 6.0) - restriction: || (>= net461) (>= netstandard2.0)
      Microsoft.Extensions.Options (>= 6.0) - restriction: || (>= net461) (>= netstandard2.0)
      System.ComponentModel.Annotations (>= 5.0) - restriction: || (&& (< net461) (>= netstandard2.0)) (>= netstandard2.1)
    Microsoft.Extensions.Primitives (6.0) - restriction: >= netcoreapp2.2
      System.Memory (>= 4.5.4) - restriction: || (>= net461) (&& (< netcoreapp3.1) (>= netstandard2.0))
      System.Runtime.CompilerServices.Unsafe (>= 6.0) - restriction: || (>= net461) (>= netstandard2.0)
    Microsoft.Extensions.WebEncoders (6.0.1) - restriction: >= netcoreapp2.2
      Microsoft.Extensions.DependencyInjection.Abstractions (>= 6.0) - restriction: || (>= net461) (>= netstandard2.0)
      Microsoft.Extensions.Options (>= 6.0) - restriction: || (>= net461) (>= netstandard2.0)
      System.Text.Encodings.Web (>= 6.0) - restriction: || (>= net461) (&& (< net6.0) (>= netstandard2.0))
    Microsoft.Identity.Client (4.40) - restriction: >= net6.0
      Microsoft.CSharp (>= 4.5) - restriction: || (&& (< monoandroid9.0) (< net45) (< netcoreapp2.1) (>= netstandard1.3) (< xamarinmac)) (>= uap10.0) (>= xamarinios)
      System.ComponentModel.TypeConverter (>= 4.3) - restriction: || (&& (< monoandroid9.0) (< net45) (< netcoreapp2.1) (>= netstandard1.3) (< uap10.0) (< xamarinmac)) (>= xamarinios)
      System.Runtime.Serialization.Formatters (>= 4.3) - restriction: || (&& (< monoandroid9.0) (< net45) (< netcoreapp2.1) (>= netstandard1.3) (< xamarinmac)) (>= uap10.0) (>= xamarinios)
      System.Runtime.Serialization.Primitives (>= 4.3) - restriction: || (&& (< monoandroid9.0) (< net45) (< netcoreapp2.1) (>= netstandard1.3) (< xamarinmac)) (>= uap10.0) (>= xamarinios)
      System.Security.SecureString (>= 4.3) - restriction: || (>= monoandroid10.0) (&& (>= monoandroid9.0) (< netcoreapp2.1)) (&& (< monoandroid9.0) (< net45) (< netcoreapp2.1) (>= netstandard1.3) (< xamarinmac)) (>= uap10.0) (>= xamarinios)
      System.Xml.XmlDocument (>= 4.3) - restriction: || (&& (< monoandroid9.0) (< net45) (< netcoreapp2.1) (>= netstandard1.3) (< uap10.0) (< xamarinmac)) (>= xamarinios)
      Xamarin.AndroidX.Browser (>= 1.0) - restriction: >= monoandroid10.0
    Microsoft.Identity.Client.Extensions.Msal (2.19.3) - restriction: >= net6.0
      Microsoft.Identity.Client (>= 4.38) - restriction: || (>= net45) (>= netstandard2.0)
      System.Security.Cryptography.ProtectedData (>= 4.5) - restriction: || (&& (< net45) (>= netstandard2.0)) (>= netcoreapp2.1)
    Microsoft.IdentityModel.Clients.ActiveDirectory (5.2.9) - restriction: >= netcoreapp2.2
      Microsoft.CSharp (>= 4.3) - restriction: && (< monoandroid8.1) (< net45) (>= netstandard1.3) (< uap10.0) (< xamarinios)
      NETStandard.Library (>= 1.6.1) - restriction: && (< monoandroid8.1) (< net45) (>= netstandard1.3) (< uap10.0) (< xamarinios)
      System.ComponentModel.TypeConverter (>= 4.3) - restriction: && (< monoandroid8.1) (< net45) (>= netstandard1.3) (< uap10.0) (< xamarinios)
      System.Dynamic.Runtime (>= 4.3) - restriction: && (< monoandroid8.1) (< net45) (>= netstandard1.3) (< uap10.0) (< xamarinios)
      System.Net.Http (>= 4.3.4) - restriction: || (>= net45) (>= netstandard1.3)
      System.Private.Uri (>= 4.3.2) - restriction: || (>= net45) (>= netstandard1.3)
      System.Runtime.Serialization.Formatters (>= 4.3) - restriction: && (< monoandroid8.1) (< net45) (>= netstandard1.3) (< uap10.0) (< xamarinios)
      System.Runtime.Serialization.Json (>= 4.3) - restriction: || (&& (< monoandroid8.1) (< net45) (>= netstandard1.3) (< xamarinios)) (>= uap10.0)
      System.Runtime.Serialization.Primitives (>= 4.3) - restriction: || (&& (< monoandroid8.1) (< net45) (>= netstandard1.3) (< xamarinios)) (>= uap10.0)
      System.Security.Cryptography.X509Certificates (>= 4.3) - restriction: && (< monoandroid8.1) (< net45) (>= netstandard1.3) (< uap10.0) (< xamarinios)
      System.Security.SecureString (>= 4.3) - restriction: && (< monoandroid8.1) (< net45) (>= netstandard1.3) (< uap10.0) (< xamarinios)
      System.Xml.XDocument (>= 4.3) - restriction: || (&& (< monoandroid8.1) (< net45) (>= netstandard1.3) (< xamarinios)) (>= uap10.0)
      System.Xml.XmlDocument (>= 4.3) - restriction: && (< monoandroid8.1) (< net45) (>= netstandard1.3) (< uap10.0) (< xamarinios)
      Xamarin.Android.Support.CustomTabs (>= 27.0.2.1) - restriction: >= monoandroid8.1
      Xamarin.Android.Support.v7.AppCompat (>= 27.0.2.1) - restriction: >= monoandroid8.1
    Microsoft.IdentityModel.JsonWebTokens (6.15.1) - restriction: >= net6.0
      Microsoft.IdentityModel.Tokens (>= 6.15.1) - restriction: || (&& (>= net45) (< netstandard2.0)) (&& (< net45) (>= netstandard2.0)) (>= net461)
    Microsoft.IdentityModel.Logging (6.15.1) - restriction: >= net6.0
    Microsoft.IdentityModel.Protocols (6.15.1) - restriction: >= net6.0
      Microsoft.IdentityModel.Logging (>= 6.15.1) - restriction: || (&& (>= net45) (< netstandard2.0)) (&& (< net45) (>= netstandard2.0)) (>= net461)
      Microsoft.IdentityModel.Tokens (>= 6.15.1) - restriction: || (&& (>= net45) (< netstandard2.0)) (&& (< net45) (>= netstandard2.0)) (>= net461)
    Microsoft.IdentityModel.Protocols.OpenIdConnect (6.15.1) - restriction: >= net6.0
      Microsoft.IdentityModel.Protocols (>= 6.15.1) - restriction: || (&& (>= net45) (< netstandard2.0)) (&& (< net45) (>= netstandard2.0)) (>= net461)
      System.IdentityModel.Tokens.Jwt (>= 6.15.1) - restriction: || (&& (>= net45) (< netstandard2.0)) (&& (< net45) (>= netstandard2.0)) (>= net461)
    Microsoft.IdentityModel.Protocols.WsFederation (6.15.1) - restriction: >= net6.0
      Microsoft.IdentityModel.Protocols (>= 6.15.1) - restriction: || (&& (>= net45) (< netstandard2.0)) (&& (< net45) (>= netstandard2.0)) (>= net461)
      Microsoft.IdentityModel.Tokens.Saml (>= 6.15.1) - restriction: || (&& (>= net45) (< netstandard2.0)) (&& (< net45) (>= netstandard2.0)) (>= net461)
      Microsoft.IdentityModel.Xml (>= 6.15.1) - restriction: || (&& (>= net45) (< netstandard2.0)) (&& (< net45) (>= netstandard2.0)) (>= net461)
      System.Xml.XmlDocument (>= 4.3) - restriction: && (< net45) (>= netstandard2.0)
    Microsoft.IdentityModel.Tokens (6.15.1) - restriction: >= net6.0
      Microsoft.CSharp (>= 4.5) - restriction: && (< net45) (>= netstandard2.0)
      Microsoft.IdentityModel.Logging (>= 6.15.1) - restriction: || (&& (>= net45) (< netstandard2.0)) (&& (< net45) (>= netstandard2.0)) (>= net461)
      System.Security.Cryptography.Cng (>= 4.5) - restriction: && (< net45) (>= netstandard2.0)
    Microsoft.IdentityModel.Tokens.Saml (6.15.1) - restriction: >= net6.0
      Microsoft.IdentityModel.Tokens (>= 6.15.1) - restriction: || (&& (>= net45) (< netstandard2.0)) (&& (< net45) (>= netstandard2.0)) (>= net461)
      Microsoft.IdentityModel.Xml (>= 6.15.1) - restriction: || (&& (>= net45) (< netstandard2.0)) (&& (< net45) (>= netstandard2.0)) (>= net461)
    Microsoft.IdentityModel.Xml (6.15.1) - restriction: >= net6.0
      Microsoft.IdentityModel.Tokens (>= 6.15.1) - restriction: || (&& (>= net45) (< netstandard2.0)) (&& (< net45) (>= netstandard2.0)) (>= net461)
    Microsoft.IO.RecyclableMemoryStream (2.2) - restriction: >= net5.0
    Microsoft.Net.Http.Headers (2.2.8) - restriction: >= netcoreapp2.2
      Microsoft.Extensions.Primitives (>= 2.2) - restriction: >= netstandard2.0
      System.Buffers (>= 4.5) - restriction: >= netstandard2.0
    Microsoft.NETCore.Platforms (6.0.1) - restriction: || (&& (< monoandroid) (< netstandard1.1) (>= netstandard1.6) (< win8)) (&& (>= net45) (< netstandard1.3) (>= netstandard1.6)) (&& (< net45) (< netstandard1.2) (>= netstandard1.6) (< win8)) (&& (< net45) (< netstandard1.3) (>= netstandard1.6) (< win8) (< wpa81)) (&& (< net45) (< netstandard1.4) (>= netstandard1.6) (< win8) (< wpa81)) (&& (< net45) (< netstandard1.5) (>= netstandard1.6) (< win8) (< wpa81)) (&& (< net45) (>= netstandard1.6) (< netstandard2.0) (< win8) (< wpa81)) (&& (>= net46) (< netstandard1.4) (>= netstandard1.6)) (&& (>= net461) (>= netstandard1.6) (< netstandard2.0)) (&& (>= netcoreapp2.0) (< netstandard2.0)) (>= netcoreapp2.2) (&& (< netstandard1.0) (>= netstandard1.6) (< portable-net45+win8)) (&& (< netstandard1.0) (>= netstandard1.6) (>= win8)) (&& (< netstandard1.0) (>= netstandard1.6) (< win8)) (&& (< netstandard1.1) (>= netstandard1.6) (>= uap10.0) (< win8)) (&& (< netstandard1.3) (>= netstandard1.6) (>= uap10.0) (< win8) (< wpa81)) (&& (< netstandard1.3) (>= netstandard1.6) (< win8) (>= wpa81)) (&& (< netstandard1.5) (>= netstandard1.6) (>= uap10.0)) (&& (>= netstandard1.6) (< portable-net45+win8+wpa81)) (&& (>= netstandard1.6) (>= uap10.1)) (&& (>= netstandard1.6) (>= wp8))
    Microsoft.NETCore.Targets (5.0) - restriction: || (&& (< monoandroid) (< netstandard1.1) (>= netstandard1.6) (< win8)) (&& (< monotouch) (< net45) (>= netstandard1.6) (< netstandard2.0) (< win8) (< wpa81) (< xamarintvos) (< xamarinwatchos)) (&& (< net45) (< netstandard1.2) (>= netstandard1.6) (< win8)) (&& (< net45) (< netstandard1.3) (>= netstandard1.6) (< win8) (< wpa81)) (&& (< net45) (< netstandard1.4) (>= netstandard1.6) (< win8) (< wpa81)) (&& (< net45) (< netstandard1.5) (>= netstandard1.6) (< win8) (< wpa81)) (>= netcoreapp2.2) (&& (< netstandard1.1) (>= netstandard1.6) (>= uap10.0) (< win8)) (&& (< netstandard1.2) (>= netstandard1.6) (>= uap10.0) (< win8)) (&& (< netstandard1.3) (>= netstandard1.6) (>= uap10.0) (< win8) (< wpa81)) (&& (< netstandard1.5) (>= netstandard1.6) (>= uap10.0) (< win8) (< wpa81)) (&& (>= netstandard1.6) (< portable-net45+win8+wpa81))
    Microsoft.Rest.ClientRuntime (2.3.23) - restriction: >= netcoreapp2.2
      Newtonsoft.Json (>= 10.0.3) - restriction: || (&& (< net452) (>= netstandard1.4) (< netstandard2.0)) (&& (< net452) (>= netstandard2.0)) (>= net461)
    Microsoft.Rest.ClientRuntime.Azure (3.3.19) - restriction: >= netcoreapp2.2
      Microsoft.Rest.ClientRuntime (>= 2.3.19 < 3.0) - restriction: || (&& (>= net452) (< netstandard1.4)) (&& (< net452) (>= netstandard1.4) (< netstandard2.0)) (&& (< net452) (>= netstandard2.0)) (>= net461)
      Newtonsoft.Json (>= 10.0.3) - restriction: || (&& (< net452) (>= netstandard1.4) (< netstandard2.0)) (&& (< net452) (>= netstandard2.0)) (>= net461)
    Microsoft.VisualStudio.Web.BrowserLink (2.2) - restriction: >= netcoreapp2.2
      Microsoft.AspNetCore.Hosting.Abstractions (>= 2.2) - restriction: >= netstandard2.0
      Microsoft.AspNetCore.Http.Abstractions (>= 2.2) - restriction: >= netstandard2.0
      Microsoft.AspNetCore.Http.Extensions (>= 2.2) - restriction: >= netstandard2.0
      Microsoft.Extensions.FileProviders.Physical (>= 2.2) - restriction: >= netstandard2.0
    Microsoft.Win32.Primitives (4.3) - restriction: || (&& (< net45) (< netstandard1.4) (>= netstandard1.6) (< win8) (< wpa81)) (&& (< net45) (< netstandard1.5) (>= netstandard1.6) (< win8) (< wpa81)) (&& (< net45) (>= netstandard1.6) (< netstandard2.0) (< win8) (< wpa81)) (&& (>= net46) (< netstandard1.4) (>= netstandard1.6)) (&& (>= netcoreapp2.2) (< xamarinios) (< xamarinmac) (< xamarintvos) (< xamarinwatchos)) (&& (< netstandard1.5) (>= netstandard1.6) (>= uap10.0))
      Microsoft.NETCore.Platforms (>= 1.1) - restriction: && (< monoandroid) (< monotouch) (< net46) (>= netstandard1.3) (< xamarinios) (< xamarinmac) (< xamarintvos) (< xamarinwatchos)
      Microsoft.NETCore.Targets (>= 1.1) - restriction: && (< monoandroid) (< monotouch) (< net46) (>= netstandard1.3) (< xamarinios) (< xamarinmac) (< xamarintvos) (< xamarinwatchos)
      System.Runtime (>= 4.3) - restriction: && (< monoandroid) (< monotouch) (< net46) (>= netstandard1.3) (< xamarinios) (< xamarinmac) (< xamarintvos) (< xamarinwatchos)
    Microsoft.Win32.Registry (5.0) - restriction: || (&& (< net6.0) (>= netcoreapp3.1)) (>= netcoreapp2.2)
      System.Buffers (>= 4.5.1) - restriction: || (&& (>= monoandroid) (< netstandard1.3)) (>= monotouch) (&& (< net46) (< netcoreapp2.0) (>= netstandard2.0)) (>= xamarinios) (>= xamarinmac) (>= xamarintvos) (>= xamarinwatchos)
      System.Security.AccessControl (>= 5.0) - restriction: || (&& (>= monoandroid) (< netstandard1.3)) (&& (< monoandroid) (>= netcoreapp2.0)) (>= monotouch) (&& (< net46) (< netcoreapp2.0) (>= netstandard2.0)) (>= net461) (>= netcoreapp2.1) (>= uap10.1) (>= xamarinios) (>= xamarinmac) (>= xamarintvos) (>= xamarinwatchos)
      System.Security.Principal.Windows (>= 5.0) - restriction: || (&& (>= monoandroid) (< netstandard1.3)) (&& (< monoandroid) (>= netcoreapp2.0)) (>= monotouch) (&& (< net46) (< netcoreapp2.0) (>= netstandard2.0)) (>= net461) (>= netcoreapp2.1) (>= uap10.1) (>= xamarinios) (>= xamarinmac) (>= xamarintvos) (>= xamarinwatchos)
    Microsoft.Win32.SystemEvents (6.0) - restriction: >= net6.0
    NETStandard.Library (2.0.3) - restriction: || (&& (< net45) (>= netstandard1.0) (< netstandard1.3)) (&& (< net45) (>= netstandard1.3) (< netstandard2.0)) (>= netcoreapp2.2) (&& (>= netstandard1.6) (< netstandard2.0))
      Microsoft.NETCore.Platforms (>= 1.1) - restriction: || (&& (>= net45) (< netstandard1.3)) (&& (< net45) (>= netstandard1.1) (< netstandard1.2) (< win8)) (&& (< net45) (>= netstandard1.2) (< netstandard1.3) (< win8) (< wpa81)) (&& (< net45) (>= netstandard1.3) (< netstandard1.4) (< win8) (< wpa81)) (&& (< net45) (>= netstandard1.4) (< netstandard1.5) (< win8) (< wpa81)) (&& (< net45) (>= netstandard1.5) (< netstandard1.6) (< win8) (< wpa81)) (&& (< net45) (>= netstandard1.6) (< netstandard2.0) (< win8) (< wpa81)) (&& (< net45) (>= netstandard2.0)) (&& (>= net46) (< netstandard1.4)) (>= net461) (>= netcoreapp2.0) (&& (>= netstandard1.0) (< portable-net45+win8+wpa81)) (&& (< netstandard1.0) (>= portable-net45+win8) (< win8)) (&& (< netstandard1.0) (< portable-net45+win8) (>= portable-net45+win8+wpa81)) (&& (< netstandard1.0) (>= portable-net45+win8+wp8+wpa81) (< portable-net45+win8+wpa81)) (&& (< netstandard1.0) (>= win8)) (&& (< netstandard1.3) (< win8) (>= wpa81)) (&& (< netstandard1.5) (>= uap10.0)) (>= uap10.1) (>= wp8)
      Microsoft.Win32.Primitives (>= 4.3) - restriction: || (&& (< net45) (>= netstandard1.3) (< netstandard1.4) (< win8) (< wpa81)) (&& (< net45) (>= netstandard1.4) (< netstandard1.5) (< win8) (< wpa81)) (&& (< net45) (>= netstandard1.5) (< netstandard1.6) (< win8) (< wpa81)) (&& (< net45) (>= netstandard1.6) (< netstandard2.0) (< win8) (< wpa81)) (&& (>= net46) (< netstandard1.4)) (&& (< netstandard1.5) (>= uap10.0) (< uap10.1))
      System.AppContext (>= 4.3) - restriction: || (&& (< net45) (>= netstandard1.3) (< netstandard1.4) (< win8) (< wpa81)) (&& (< net45) (>= netstandard1.4) (< netstandard1.5) (< win8) (< wpa81)) (&& (< net45) (>= netstandard1.5) (< netstandard1.6) (< win8) (< wpa81)) (&& (< net45) (>= netstandard1.6) (< netstandard2.0) (< win8) (< wpa81)) (&& (>= net46) (< netstandard1.4)) (&& (< netstandard1.5) (>= uap10.0) (< uap10.1))
      System.Collections (>= 4.3) - restriction: || (&& (< net45) (>= netstandard1.1) (< netstandard1.2) (< win8)) (&& (< net45) (>= netstandard1.2) (< netstandard1.3) (< win8) (< wpa81)) (&& (< net45) (>= netstandard1.3) (< netstandard1.4) (< win8) (< wpa81)) (&& (< net45) (>= netstandard1.4) (< netstandard1.5) (< win8) (< wpa81)) (&& (< net45) (>= netstandard1.5) (< netstandard1.6) (< win8) (< wpa81)) (&& (< net45) (>= netstandard1.6) (< netstandard2.0) (< win8) (< wpa81)) (&& (>= netstandard1.0) (< portable-net45+win8+wpa81) (< wp8)) (&& (< netstandard1.5) (>= uap10.0) (< uap10.1))
      System.Collections.Concurrent (>= 4.3) - restriction: || (&& (< net45) (>= netstandard1.1) (< netstandard1.2) (< win8)) (&& (< net45) (>= netstandard1.2) (< netstandard1.3) (< win8) (< wpa81)) (&& (< net45) (>= netstandard1.3) (< netstandard1.4) (< win8) (< wpa81)) (&& (< net45) (>= netstandard1.4) (< netstandard1.5) (< win8) (< wpa81)) (&& (< net45) (>= netstandard1.5) (< netstandard1.6) (< win8) (< wpa81)) (&& (< net45) (>= netstandard1.6) (< netstandard2.0) (< win8) (< wpa81)) (&& (< netstandard1.5) (>= uap10.0) (< uap10.1))
      System.Console (>= 4.3) - restriction: || (&& (< net45) (>= netstandard1.3) (< netstandard1.4) (< win8) (< wpa81)) (&& (< net45) (>= netstandard1.4) (< netstandard1.5) (< win8) (< wpa81)) (&& (< net45) (>= netstandard1.5) (< netstandard1.6) (< win8) (< wpa81)) (&& (< net45) (>= netstandard1.6) (< netstandard2.0) (< win8) (< wpa81)) (&& (>= net46) (< netstandard1.4)) (&& (< netstandard1.5) (>= uap10.0) (< uap10.1))
      System.Diagnostics.Debug (>= 4.3) - restriction: || (&& (< net45) (>= netstandard1.1) (< netstandard1.2) (< win8)) (&& (< net45) (>= netstandard1.2) (< netstandard1.3) (< win8) (< wpa81)) (&& (< net45) (>= netstandard1.3) (< netstandard1.4) (< win8) (< wpa81)) (&& (< net45) (>= netstandard1.4) (< netstandard1.5) (< win8) (< wpa81)) (&& (< net45) (>= netstandard1.5) (< netstandard1.6) (< win8) (< wpa81)) (&& (< net45) (>= netstandard1.6) (< netstandard2.0) (< win8) (< wpa81)) (&& (>= netstandard1.0) (< portable-net45+win8+wpa81) (< wp8)) (&& (< netstandard1.5) (>= uap10.0) (< uap10.1))
      System.Diagnostics.Tools (>= 4.3) - restriction: || (&& (< net45) (>= netstandard1.1) (< netstandard1.2) (< win8)) (&& (< net45) (>= netstandard1.2) (< netstandard1.3) (< win8) (< wpa81)) (&& (< net45) (>= netstandard1.3) (< netstandard1.4) (< win8) (< wpa81)) (&& (< net45) (>= netstandard1.4) (< netstandard1.5) (< win8) (< wpa81)) (&& (< net45) (>= netstandard1.5) (< netstandard1.6) (< win8) (< wpa81)) (&& (< net45) (>= netstandard1.6) (< netstandard2.0) (< win8) (< wpa81)) (&& (>= netstandard1.0) (< portable-net45+win8+wpa81) (< wp8)) (&& (< netstandard1.5) (>= uap10.0) (< uap10.1))
      System.Diagnostics.Tracing (>= 4.3) - restriction: || (&& (< net45) (>= netstandard1.1) (< netstandard1.2) (< win8)) (&& (< net45) (>= netstandard1.2) (< netstandard1.3) (< win8) (< wpa81)) (&& (< net45) (>= netstandard1.3) (< netstandard1.4) (< win8) (< wpa81)) (&& (< net45) (>= netstandard1.4) (< netstandard1.5) (< win8) (< wpa81)) (&& (< net45) (>= netstandard1.5) (< netstandard1.6) (< win8) (< wpa81)) (&& (< net45) (>= netstandard1.6) (< netstandard2.0) (< win8) (< wpa81)) (&& (< netstandard1.5) (>= uap10.0) (< uap10.1))
      System.Globalization (>= 4.3) - restriction: || (&& (< net45) (>= netstandard1.1) (< netstandard1.2) (< win8)) (&& (< net45) (>= netstandard1.2) (< netstandard1.3) (< win8) (< wpa81)) (&& (< net45) (>= netstandard1.3) (< netstandard1.4) (< win8) (< wpa81)) (&& (< net45) (>= netstandard1.4) (< netstandard1.5) (< win8) (< wpa81)) (&& (< net45) (>= netstandard1.5) (< netstandard1.6) (< win8) (< wpa81)) (&& (< net45) (>= netstandard1.6) (< netstandard2.0) (< win8) (< wpa81)) (&& (>= netstandard1.0) (< portable-net45+win8+wpa81) (< wp8)) (&& (< netstandard1.5) (>= uap10.0) (< uap10.1))
      System.Globalization.Calendars (>= 4.3) - restriction: || (&& (< net45) (>= netstandard1.3) (< netstandard1.4) (< win8) (< wpa81)) (&& (< net45) (>= netstandard1.4) (< netstandard1.5) (< win8) (< wpa81)) (&& (< net45) (>= netstandard1.5) (< netstandard1.6) (< win8) (< wpa81)) (&& (< net45) (>= netstandard1.6) (< netstandard2.0) (< win8) (< wpa81)) (&& (>= net46) (< netstandard1.4)) (&& (< netstandard1.5) (>= uap10.0) (< uap10.1))
      System.IO (>= 4.3) - restriction: || (&& (< net45) (>= netstandard1.1) (< netstandard1.2) (< win8)) (&& (< net45) (>= netstandard1.2) (< netstandard1.3) (< win8) (< wpa81)) (&& (< net45) (>= netstandard1.3) (< netstandard1.4) (< win8) (< wpa81)) (&& (< net45) (>= netstandard1.4) (< netstandard1.5) (< win8) (< wpa81)) (&& (< net45) (>= netstandard1.5) (< netstandard1.6) (< win8) (< wpa81)) (&& (< net45) (>= netstandard1.6) (< netstandard2.0) (< win8) (< wpa81)) (&& (>= netstandard1.0) (< portable-net45+win8+wpa81) (< wp8)) (&& (< netstandard1.5) (>= uap10.0) (< uap10.1))
      System.IO.Compression (>= 4.3) - restriction: || (&& (< net45) (>= netstandard1.1) (< netstandard1.2) (< win8)) (&& (< net45) (>= netstandard1.2) (< netstandard1.3) (< win8) (< wpa81)) (&& (< net45) (>= netstandard1.3) (< netstandard1.4) (< win8) (< wpa81)) (&& (< net45) (>= netstandard1.4) (< netstandard1.5) (< win8) (< wpa81)) (&& (< net45) (>= netstandard1.5) (< netstandard1.6) (< win8) (< wpa81)) (&& (< net45) (>= netstandard1.6) (< netstandard2.0) (< win8) (< wpa81)) (&& (>= net46) (< netstandard1.4)) (&& (< netstandard1.5) (>= uap10.0) (< uap10.1))
      System.IO.Compression.ZipFile (>= 4.3) - restriction: || (&& (< net45) (>= netstandard1.3) (< netstandard1.4) (< win8) (< wpa81)) (&& (< net45) (>= netstandard1.4) (< netstandard1.5) (< win8) (< wpa81)) (&& (< net45) (>= netstandard1.5) (< netstandard1.6) (< win8) (< wpa81)) (&& (< net45) (>= netstandard1.6) (< netstandard2.0) (< win8) (< wpa81)) (&& (>= net46) (< netstandard1.4)) (&& (< netstandard1.5) (>= uap10.0) (< uap10.1))
      System.IO.FileSystem (>= 4.3) - restriction: || (&& (< net45) (>= netstandard1.3) (< netstandard1.4) (< win8) (< wpa81)) (&& (< net45) (>= netstandard1.4) (< netstandard1.5) (< win8) (< wpa81)) (&& (< net45) (>= netstandard1.5) (< netstandard1.6) (< win8) (< wpa81)) (&& (< net45) (>= netstandard1.6) (< netstandard2.0) (< win8) (< wpa81)) (&& (>= net46) (< netstandard1.4)) (&& (< netstandard1.5) (>= uap10.0) (< uap10.1))
      System.IO.FileSystem.Primitives (>= 4.3) - restriction: || (&& (< net45) (>= netstandard1.3) (< netstandard1.4) (< win8) (< wpa81)) (&& (< net45) (>= netstandard1.4) (< netstandard1.5) (< win8) (< wpa81)) (&& (< net45) (>= netstandard1.5) (< netstandard1.6) (< win8) (< wpa81)) (&& (< net45) (>= netstandard1.6) (< netstandard2.0) (< win8) (< wpa81)) (&& (>= net46) (< netstandard1.4)) (&& (< netstandard1.5) (>= uap10.0) (< uap10.1))
      System.Linq (>= 4.3) - restriction: || (&& (< net45) (>= netstandard1.1) (< netstandard1.2) (< win8)) (&& (< net45) (>= netstandard1.2) (< netstandard1.3) (< win8) (< wpa81)) (&& (< net45) (>= netstandard1.3) (< netstandard1.4) (< win8) (< wpa81)) (&& (< net45) (>= netstandard1.4) (< netstandard1.5) (< win8) (< wpa81)) (&& (< net45) (>= netstandard1.5) (< netstandard1.6) (< win8) (< wpa81)) (&& (< net45) (>= netstandard1.6) (< netstandard2.0) (< win8) (< wpa81)) (&& (>= netstandard1.0) (< portable-net45+win8+wpa81) (< wp8)) (&& (< netstandard1.5) (>= uap10.0) (< uap10.1))
      System.Linq.Expressions (>= 4.3) - restriction: || (&& (< net45) (>= netstandard1.1) (< netstandard1.2) (< win8)) (&& (< net45) (>= netstandard1.2) (< netstandard1.3) (< win8) (< wpa81)) (&& (< net45) (>= netstandard1.3) (< netstandard1.4) (< win8) (< wpa81)) (&& (< net45) (>= netstandard1.4) (< netstandard1.5) (< win8) (< wpa81)) (&& (< net45) (>= netstandard1.5) (< netstandard1.6) (< win8) (< wpa81)) (&& (< net45) (>= netstandard1.6) (< netstandard2.0) (< win8) (< wpa81)) (&& (>= netstandard1.0) (< portable-net45+win8+wpa81) (< wp8)) (&& (< netstandard1.5) (>= uap10.0) (< uap10.1))
      System.Net.Http (>= 4.3.2) - restriction: || (&& (< net45) (>= netstandard1.1) (< netstandard1.2) (< win8)) (&& (< net45) (>= netstandard1.2) (< netstandard1.3) (< win8) (< wpa81)) (&& (< net45) (>= netstandard1.3) (< netstandard1.4) (< win8) (< wpa81)) (&& (< net45) (>= netstandard1.4) (< netstandard1.5) (< win8) (< wpa81)) (&& (< net45) (>= netstandard1.5) (< netstandard1.6) (< win8) (< wpa81)) (&& (< net45) (>= netstandard1.6) (< netstandard2.0) (< win8) (< wpa81)) (&& (>= net46) (< netstandard1.4)) (&& (< netstandard1.5) (>= uap10.0) (< uap10.1))
      System.Net.Primitives (>= 4.3) - restriction: || (&& (< net45) (>= netstandard1.1) (< netstandard1.2) (< win8)) (&& (< net45) (>= netstandard1.2) (< netstandard1.3) (< win8) (< wpa81)) (&& (< net45) (>= netstandard1.3) (< netstandard1.4) (< win8) (< wpa81)) (&& (< net45) (>= netstandard1.4) (< netstandard1.5) (< win8) (< wpa81)) (&& (< net45) (>= netstandard1.5) (< netstandard1.6) (< win8) (< wpa81)) (&& (< net45) (>= netstandard1.6) (< netstandard2.0) (< win8) (< wpa81)) (&& (>= netstandard1.0) (< portable-net45+win8+wpa81) (< wp8)) (&& (< netstandard1.5) (>= uap10.0) (< uap10.1))
      System.Net.Sockets (>= 4.3) - restriction: || (&& (< net45) (>= netstandard1.3) (< netstandard1.4) (< win8) (< wpa81)) (&& (< net45) (>= netstandard1.4) (< netstandard1.5) (< win8) (< wpa81)) (&& (< net45) (>= netstandard1.5) (< netstandard1.6) (< win8) (< wpa81)) (&& (< net45) (>= netstandard1.6) (< netstandard2.0) (< win8) (< wpa81)) (&& (>= net46) (< netstandard1.4)) (&& (< netstandard1.5) (>= uap10.0) (< uap10.1))
      System.ObjectModel (>= 4.3) - restriction: || (&& (< net45) (>= netstandard1.1) (< netstandard1.2) (< win8)) (&& (< net45) (>= netstandard1.2) (< netstandard1.3) (< win8) (< wpa81)) (&& (< net45) (>= netstandard1.3) (< netstandard1.4) (< win8) (< wpa81)) (&& (< net45) (>= netstandard1.4) (< netstandard1.5) (< win8) (< wpa81)) (&& (< net45) (>= netstandard1.5) (< netstandard1.6) (< win8) (< wpa81)) (&& (< net45) (>= netstandard1.6) (< netstandard2.0) (< win8) (< wpa81)) (&& (>= netstandard1.0) (< portable-net45+win8+wpa81) (< wp8)) (&& (< netstandard1.5) (>= uap10.0) (< uap10.1))
      System.Reflection (>= 4.3) - restriction: || (&& (< net45) (>= netstandard1.1) (< netstandard1.2) (< win8)) (&& (< net45) (>= netstandard1.2) (< netstandard1.3) (< win8) (< wpa81)) (&& (< net45) (>= netstandard1.3) (< netstandard1.4) (< win8) (< wpa81)) (&& (< net45) (>= netstandard1.4) (< netstandard1.5) (< win8) (< wpa81)) (&& (< net45) (>= netstandard1.5) (< netstandard1.6) (< win8) (< wpa81)) (&& (< net45) (>= netstandard1.6) (< netstandard2.0) (< win8) (< wpa81)) (&& (>= netstandard1.0) (< portable-net45+win8+wpa81) (< wp8)) (&& (< netstandard1.5) (>= uap10.0) (< uap10.1))
      System.Reflection.Extensions (>= 4.3) - restriction: || (&& (< net45) (>= netstandard1.1) (< netstandard1.2) (< win8)) (&& (< net45) (>= netstandard1.2) (< netstandard1.3) (< win8) (< wpa81)) (&& (< net45) (>= netstandard1.3) (< netstandard1.4) (< win8) (< wpa81)) (&& (< net45) (>= netstandard1.4) (< netstandard1.5) (< win8) (< wpa81)) (&& (< net45) (>= netstandard1.5) (< netstandard1.6) (< win8) (< wpa81)) (&& (< net45) (>= netstandard1.6) (< netstandard2.0) (< win8) (< wpa81)) (&& (>= netstandard1.0) (< portable-net45+win8+wpa81) (< wp8)) (&& (< netstandard1.5) (>= uap10.0) (< uap10.1))
      System.Reflection.Primitives (>= 4.3) - restriction: || (&& (< net45) (>= netstandard1.1) (< netstandard1.2) (< win8)) (&& (< net45) (>= netstandard1.2) (< netstandard1.3) (< win8) (< wpa81)) (&& (< net45) (>= netstandard1.3) (< netstandard1.4) (< win8) (< wpa81)) (&& (< net45) (>= netstandard1.4) (< netstandard1.5) (< win8) (< wpa81)) (&& (< net45) (>= netstandard1.5) (< netstandard1.6) (< win8) (< wpa81)) (&& (< net45) (>= netstandard1.6) (< netstandard2.0) (< win8) (< wpa81)) (&& (>= netstandard1.0) (< portable-net45+win8+wpa81) (< wp8)) (&& (< netstandard1.5) (>= uap10.0) (< uap10.1))
      System.Resources.ResourceManager (>= 4.3) - restriction: || (&& (< net45) (>= netstandard1.1) (< netstandard1.2) (< win8)) (&& (< net45) (>= netstandard1.2) (< netstandard1.3) (< win8) (< wpa81)) (&& (< net45) (>= netstandard1.3) (< netstandard1.4) (< win8) (< wpa81)) (&& (< net45) (>= netstandard1.4) (< netstandard1.5) (< win8) (< wpa81)) (&& (< net45) (>= netstandard1.5) (< netstandard1.6) (< win8) (< wpa81)) (&& (< net45) (>= netstandard1.6) (< netstandard2.0) (< win8) (< wpa81)) (&& (>= netstandard1.0) (< portable-net45+win8+wpa81) (< wp8)) (&& (< netstandard1.5) (>= uap10.0) (< uap10.1))
      System.Runtime (>= 4.3) - restriction: || (&& (< net45) (>= netstandard1.1) (< netstandard1.2) (< win8)) (&& (< net45) (>= netstandard1.2) (< netstandard1.3) (< win8) (< wpa81)) (&& (< net45) (>= netstandard1.3) (< netstandard1.4) (< win8) (< wpa81)) (&& (< net45) (>= netstandard1.4) (< netstandard1.5) (< win8) (< wpa81)) (&& (< net45) (>= netstandard1.5) (< netstandard1.6) (< win8) (< wpa81)) (&& (< net45) (>= netstandard1.6) (< netstandard2.0) (< win8) (< wpa81)) (&& (>= netstandard1.0) (< portable-net45+win8+wpa81) (< wp8)) (&& (< netstandard1.5) (>= uap10.0) (< uap10.1))
      System.Runtime.Extensions (>= 4.3) - restriction: || (&& (< net45) (>= netstandard1.1) (< netstandard1.2) (< win8)) (&& (< net45) (>= netstandard1.2) (< netstandard1.3) (< win8) (< wpa81)) (&& (< net45) (>= netstandard1.3) (< netstandard1.4) (< win8) (< wpa81)) (&& (< net45) (>= netstandard1.4) (< netstandard1.5) (< win8) (< wpa81)) (&& (< net45) (>= netstandard1.5) (< netstandard1.6) (< win8) (< wpa81)) (&& (< net45) (>= netstandard1.6) (< netstandard2.0) (< win8) (< wpa81)) (&& (>= netstandard1.0) (< portable-net45+win8+wpa81) (< wp8)) (&& (< netstandard1.5) (>= uap10.0) (< uap10.1))
      System.Runtime.Handles (>= 4.3) - restriction: || (&& (< net45) (>= netstandard1.3) (< netstandard1.4) (< win8) (< wpa81)) (&& (< net45) (>= netstandard1.4) (< netstandard1.5) (< win8) (< wpa81)) (&& (< net45) (>= netstandard1.5) (< netstandard1.6) (< win8) (< wpa81)) (&& (< net45) (>= netstandard1.6) (< netstandard2.0) (< win8) (< wpa81)) (&& (< netstandard1.5) (>= uap10.0) (< uap10.1))
      System.Runtime.InteropServices (>= 4.3) - restriction: || (&& (< net45) (>= netstandard1.1) (< netstandard1.2) (< win8)) (&& (< net45) (>= netstandard1.2) (< netstandard1.3) (< win8) (< wpa81)) (&& (< net45) (>= netstandard1.3) (< netstandard1.4) (< win8) (< wpa81)) (&& (< net45) (>= netstandard1.4) (< netstandard1.5) (< win8) (< wpa81)) (&& (< net45) (>= netstandard1.5) (< netstandard1.6) (< win8) (< wpa81)) (&& (< net45) (>= netstandard1.6) (< netstandard2.0) (< win8) (< wpa81)) (&& (< netstandard1.5) (>= uap10.0) (< uap10.1))
      System.Runtime.InteropServices.RuntimeInformation (>= 4.3) - restriction: || (&& (>= net45) (< netstandard1.3)) (&& (< net45) (>= netstandard1.1) (< netstandard1.2) (< win8)) (&& (< net45) (>= netstandard1.2) (< netstandard1.3) (< win8) (< wpa81)) (&& (< net45) (>= netstandard1.3) (< netstandard1.4) (< win8) (< wpa81)) (&& (< net45) (>= netstandard1.4) (< netstandard1.5) (< win8) (< wpa81)) (&& (< net45) (>= netstandard1.5) (< netstandard1.6) (< win8) (< wpa81)) (&& (< net45) (>= netstandard1.6) (< netstandard2.0) (< win8) (< wpa81)) (&& (>= net46) (< netstandard1.4)) (&& (< netstandard1.0) (>= portable-net45+win8) (< win8)) (&& (< netstandard1.0) (< portable-net45+win8) (>= portable-net45+win8+wpa81)) (&& (< netstandard1.0) (>= win8)) (&& (< netstandard1.3) (< win8) (>= wpa81)) (&& (< netstandard1.5) (>= uap10.0) (< uap10.1))
      System.Runtime.Numerics (>= 4.3) - restriction: || (&& (< net45) (>= netstandard1.1) (< netstandard1.2) (< win8)) (&& (< net45) (>= netstandard1.2) (< netstandard1.3) (< win8) (< wpa81)) (&& (< net45) (>= netstandard1.3) (< netstandard1.4) (< win8) (< wpa81)) (&& (< net45) (>= netstandard1.4) (< netstandard1.5) (< win8) (< wpa81)) (&& (< net45) (>= netstandard1.5) (< netstandard1.6) (< win8) (< wpa81)) (&& (< net45) (>= netstandard1.6) (< netstandard2.0) (< win8) (< wpa81)) (&& (< netstandard1.5) (>= uap10.0) (< uap10.1))
      System.Security.Cryptography.Algorithms (>= 4.3) - restriction: || (&& (< net45) (>= netstandard1.3) (< netstandard1.4) (< win8) (< wpa81)) (&& (< net45) (>= netstandard1.4) (< netstandard1.5) (< win8) (< wpa81)) (&& (< net45) (>= netstandard1.5) (< netstandard1.6) (< win8) (< wpa81)) (&& (< net45) (>= netstandard1.6) (< netstandard2.0) (< win8) (< wpa81)) (&& (>= net46) (< netstandard1.4)) (&& (< netstandard1.5) (>= uap10.0) (< uap10.1))
      System.Security.Cryptography.Encoding (>= 4.3) - restriction: || (&& (< net45) (>= netstandard1.3) (< netstandard1.4) (< win8) (< wpa81)) (&& (< net45) (>= netstandard1.4) (< netstandard1.5) (< win8) (< wpa81)) (&& (< net45) (>= netstandard1.5) (< netstandard1.6) (< win8) (< wpa81)) (&& (< net45) (>= netstandard1.6) (< netstandard2.0) (< win8) (< wpa81)) (&& (>= net46) (< netstandard1.4)) (&& (< netstandard1.5) (>= uap10.0) (< uap10.1))
      System.Security.Cryptography.Primitives (>= 4.3) - restriction: || (&& (< net45) (>= netstandard1.3) (< netstandard1.4) (< win8) (< wpa81)) (&& (< net45) (>= netstandard1.4) (< netstandard1.5) (< win8) (< wpa81)) (&& (< net45) (>= netstandard1.5) (< netstandard1.6) (< win8) (< wpa81)) (&& (< net45) (>= netstandard1.6) (< netstandard2.0) (< win8) (< wpa81)) (&& (>= net46) (< netstandard1.4)) (&& (< netstandard1.5) (>= uap10.0) (< uap10.1))
      System.Security.Cryptography.X509Certificates (>= 4.3) - restriction: || (&& (< net45) (>= netstandard1.3) (< netstandard1.4) (< win8) (< wpa81)) (&& (< net45) (>= netstandard1.4) (< netstandard1.5) (< win8) (< wpa81)) (&& (< net45) (>= netstandard1.5) (< netstandard1.6) (< win8) (< wpa81)) (&& (< net45) (>= netstandard1.6) (< netstandard2.0) (< win8) (< wpa81)) (&& (>= net46) (< netstandard1.4)) (&& (< netstandard1.5) (>= uap10.0) (< uap10.1))
      System.Text.Encoding (>= 4.3) - restriction: || (&& (< net45) (>= netstandard1.1) (< netstandard1.2) (< win8)) (&& (< net45) (>= netstandard1.2) (< netstandard1.3) (< win8) (< wpa81)) (&& (< net45) (>= netstandard1.3) (< netstandard1.4) (< win8) (< wpa81)) (&& (< net45) (>= netstandard1.4) (< netstandard1.5) (< win8) (< wpa81)) (&& (< net45) (>= netstandard1.5) (< netstandard1.6) (< win8) (< wpa81)) (&& (< net45) (>= netstandard1.6) (< netstandard2.0) (< win8) (< wpa81)) (&& (>= netstandard1.0) (< portable-net45+win8+wpa81) (< wp8)) (&& (< netstandard1.5) (>= uap10.0) (< uap10.1))
      System.Text.Encoding.Extensions (>= 4.3) - restriction: || (&& (< net45) (>= netstandard1.1) (< netstandard1.2) (< win8)) (&& (< net45) (>= netstandard1.2) (< netstandard1.3) (< win8) (< wpa81)) (&& (< net45) (>= netstandard1.3) (< netstandard1.4) (< win8) (< wpa81)) (&& (< net45) (>= netstandard1.4) (< netstandard1.5) (< win8) (< wpa81)) (&& (< net45) (>= netstandard1.5) (< netstandard1.6) (< win8) (< wpa81)) (&& (< net45) (>= netstandard1.6) (< netstandard2.0) (< win8) (< wpa81)) (&& (>= netstandard1.0) (< portable-net45+win8+wpa81) (< wp8)) (&& (< netstandard1.5) (>= uap10.0) (< uap10.1))
      System.Text.RegularExpressions (>= 4.3) - restriction: || (&& (< net45) (>= netstandard1.1) (< netstandard1.2) (< win8)) (&& (< net45) (>= netstandard1.2) (< netstandard1.3) (< win8) (< wpa81)) (&& (< net45) (>= netstandard1.3) (< netstandard1.4) (< win8) (< wpa81)) (&& (< net45) (>= netstandard1.4) (< netstandard1.5) (< win8) (< wpa81)) (&& (< net45) (>= netstandard1.5) (< netstandard1.6) (< win8) (< wpa81)) (&& (< net45) (>= netstandard1.6) (< netstandard2.0) (< win8) (< wpa81)) (&& (>= netstandard1.0) (< portable-net45+win8+wpa81) (< wp8)) (&& (< netstandard1.5) (>= uap10.0) (< uap10.1))
      System.Threading (>= 4.3) - restriction: || (&& (< net45) (>= netstandard1.1) (< netstandard1.2) (< win8)) (&& (< net45) (>= netstandard1.2) (< netstandard1.3) (< win8) (< wpa81)) (&& (< net45) (>= netstandard1.3) (< netstandard1.4) (< win8) (< wpa81)) (&& (< net45) (>= netstandard1.4) (< netstandard1.5) (< win8) (< wpa81)) (&& (< net45) (>= netstandard1.5) (< netstandard1.6) (< win8) (< wpa81)) (&& (< net45) (>= netstandard1.6) (< netstandard2.0) (< win8) (< wpa81)) (&& (>= netstandard1.0) (< portable-net45+win8+wpa81) (< wp8)) (&& (< netstandard1.5) (>= uap10.0) (< uap10.1))
      System.Threading.Tasks (>= 4.3) - restriction: || (&& (< net45) (>= netstandard1.1) (< netstandard1.2) (< win8)) (&& (< net45) (>= netstandard1.2) (< netstandard1.3) (< win8) (< wpa81)) (&& (< net45) (>= netstandard1.3) (< netstandard1.4) (< win8) (< wpa81)) (&& (< net45) (>= netstandard1.4) (< netstandard1.5) (< win8) (< wpa81)) (&& (< net45) (>= netstandard1.5) (< netstandard1.6) (< win8) (< wpa81)) (&& (< net45) (>= netstandard1.6) (< netstandard2.0) (< win8) (< wpa81)) (&& (>= netstandard1.0) (< portable-net45+win8+wpa81) (< wp8)) (&& (< netstandard1.5) (>= uap10.0) (< uap10.1))
      System.Threading.Timer (>= 4.3) - restriction: || (&& (< net45) (>= netstandard1.2) (< netstandard1.3) (< win8) (< wpa81)) (&& (< net45) (>= netstandard1.3) (< netstandard1.4) (< win8) (< wpa81)) (&& (< net45) (>= netstandard1.4) (< netstandard1.5) (< win8) (< wpa81)) (&& (< net45) (>= netstandard1.5) (< netstandard1.6) (< win8) (< wpa81)) (&& (< net45) (>= netstandard1.6) (< netstandard2.0) (< win8) (< wpa81)) (&& (< netstandard1.5) (>= uap10.0) (< uap10.1))
      System.Xml.ReaderWriter (>= 4.3) - restriction: || (&& (< net45) (>= netstandard1.1) (< netstandard1.2) (< win8)) (&& (< net45) (>= netstandard1.2) (< netstandard1.3) (< win8) (< wpa81)) (&& (< net45) (>= netstandard1.3) (< netstandard1.4) (< win8) (< wpa81)) (&& (< net45) (>= netstandard1.4) (< netstandard1.5) (< win8) (< wpa81)) (&& (< net45) (>= netstandard1.5) (< netstandard1.6) (< win8) (< wpa81)) (&& (< net45) (>= netstandard1.6) (< netstandard2.0) (< win8) (< wpa81)) (&& (>= net46) (< netstandard1.4)) (&& (>= netstandard1.0) (< portable-net45+win8+wpa81) (< wp8)) (&& (< netstandard1.5) (>= uap10.0) (< uap10.1))
      System.Xml.XDocument (>= 4.3) - restriction: || (&& (< net45) (>= netstandard1.1) (< netstandard1.2) (< win8)) (&& (< net45) (>= netstandard1.2) (< netstandard1.3) (< win8) (< wpa81)) (&& (< net45) (>= netstandard1.3) (< netstandard1.4) (< win8) (< wpa81)) (&& (< net45) (>= netstandard1.4) (< netstandard1.5) (< win8) (< wpa81)) (&& (< net45) (>= netstandard1.5) (< netstandard1.6) (< win8) (< wpa81)) (&& (< net45) (>= netstandard1.6) (< netstandard2.0) (< win8) (< wpa81)) (&& (>= netstandard1.0) (< portable-net45+win8+wpa81) (< wp8)) (&& (< netstandard1.5) (>= uap10.0) (< uap10.1))
    Newtonsoft.Json (13.0.1) - restriction: || (>= net461) (>= netstandard2.0)
    Newtonsoft.Json.Bson (1.0.2) - restriction: >= netcoreapp2.2
      Newtonsoft.Json (>= 12.0.1) - restriction: || (>= net45) (>= netstandard1.3)
    Ply (0.3.1)
      FSharp.Core (>= 4.6.2) - restriction: >= netstandard2.0
      System.Threading.Tasks.Extensions (>= 4.5.4) - restriction: >= netstandard2.0
    prometheus-net (5.0.2)
      Microsoft.Extensions.Http (>= 3.1.9) - restriction: || (>= net461) (>= netstandard2.0)
      System.ValueTuple (>= 4.5) - restriction: >= net461
    prometheus-net.AspNetCore (5.0.2)
      Microsoft.AspNetCore (>= 2.1.7) - restriction: && (< netcoreapp3.1) (>= netstandard2.0)
      Microsoft.Extensions.Http (>= 3.1.9) - restriction: < netstandard2.0
      prometheus-net (>= 5.0.2) - restriction: >= netstandard2.0
    runtime.debian.8-x64.runtime.native.System.Security.Cryptography.OpenSsl (4.3.3) - restriction: || (&& (< monotouch) (< net45) (>= netstandard1.6) (< netstandard2.0) (< win8) (< wpa81) (< xamarintvos) (< xamarinwatchos)) (&& (< net45) (>= net46) (< netstandard1.4) (>= netstandard1.6)) (&& (< net45) (< netstandard1.2) (>= netstandard1.6) (< win8)) (&& (< net45) (< netstandard1.3) (>= netstandard1.6) (< win8) (< wpa81)) (&& (< net45) (< netstandard1.4) (>= netstandard1.6) (< win8) (< wpa81)) (&& (< net45) (< netstandard1.5) (>= netstandard1.6) (< win8) (< wpa81)) (&& (< netstandard1.5) (>= netstandard1.6) (>= uap10.0))
    runtime.debian.9-x64.runtime.native.System.Security.Cryptography.OpenSsl (4.3.3) - restriction: || (&& (< monotouch) (< net45) (>= netstandard1.6) (< netstandard2.0) (< win8) (< wpa81) (< xamarintvos) (< xamarinwatchos)) (&& (< net45) (>= net46) (< netstandard1.4) (>= netstandard1.6)) (&& (< net45) (< netstandard1.2) (>= netstandard1.6) (< win8)) (&& (< net45) (< netstandard1.3) (>= netstandard1.6) (< win8) (< wpa81)) (&& (< net45) (< netstandard1.4) (>= netstandard1.6) (< win8) (< wpa81)) (&& (< net45) (< netstandard1.5) (>= netstandard1.6) (< win8) (< wpa81)) (&& (< netstandard1.5) (>= netstandard1.6) (>= uap10.0))
    runtime.fedora.23-x64.runtime.native.System.Security.Cryptography.OpenSsl (4.3.3) - restriction: || (&& (< monotouch) (< net45) (>= netstandard1.6) (< netstandard2.0) (< win8) (< wpa81) (< xamarintvos) (< xamarinwatchos)) (&& (< net45) (>= net46) (< netstandard1.4) (>= netstandard1.6)) (&& (< net45) (< netstandard1.2) (>= netstandard1.6) (< win8)) (&& (< net45) (< netstandard1.3) (>= netstandard1.6) (< win8) (< wpa81)) (&& (< net45) (< netstandard1.4) (>= netstandard1.6) (< win8) (< wpa81)) (&& (< net45) (< netstandard1.5) (>= netstandard1.6) (< win8) (< wpa81)) (&& (< netstandard1.5) (>= netstandard1.6) (>= uap10.0))
    runtime.fedora.24-x64.runtime.native.System.Security.Cryptography.OpenSsl (4.3.3) - restriction: || (&& (< monotouch) (< net45) (>= netstandard1.6) (< netstandard2.0) (< win8) (< wpa81) (< xamarintvos) (< xamarinwatchos)) (&& (< net45) (>= net46) (< netstandard1.4) (>= netstandard1.6)) (&& (< net45) (< netstandard1.2) (>= netstandard1.6) (< win8)) (&& (< net45) (< netstandard1.3) (>= netstandard1.6) (< win8) (< wpa81)) (&& (< net45) (< netstandard1.4) (>= netstandard1.6) (< win8) (< wpa81)) (&& (< net45) (< netstandard1.5) (>= netstandard1.6) (< win8) (< wpa81)) (&& (< netstandard1.5) (>= netstandard1.6) (>= uap10.0))
    runtime.fedora.27-x64.runtime.native.System.Security.Cryptography.OpenSsl (4.3.3) - restriction: || (&& (< monotouch) (< net45) (>= netstandard1.6) (< netstandard2.0) (< win8) (< wpa81) (< xamarintvos) (< xamarinwatchos)) (&& (< net45) (>= net46) (< netstandard1.4) (>= netstandard1.6)) (&& (< net45) (< netstandard1.2) (>= netstandard1.6) (< win8)) (&& (< net45) (< netstandard1.3) (>= netstandard1.6) (< win8) (< wpa81)) (&& (< net45) (< netstandard1.4) (>= netstandard1.6) (< win8) (< wpa81)) (&& (< net45) (< netstandard1.5) (>= netstandard1.6) (< win8) (< wpa81)) (&& (< netstandard1.5) (>= netstandard1.6) (>= uap10.0))
    runtime.fedora.28-x64.runtime.native.System.Security.Cryptography.OpenSsl (4.3.3) - restriction: || (&& (< monotouch) (< net45) (>= netstandard1.6) (< netstandard2.0) (< win8) (< wpa81) (< xamarintvos) (< xamarinwatchos)) (&& (< net45) (>= net46) (< netstandard1.4) (>= netstandard1.6)) (&& (< net45) (< netstandard1.2) (>= netstandard1.6) (< win8)) (&& (< net45) (< netstandard1.3) (>= netstandard1.6) (< win8) (< wpa81)) (&& (< net45) (< netstandard1.4) (>= netstandard1.6) (< win8) (< wpa81)) (&& (< net45) (< netstandard1.5) (>= netstandard1.6) (< win8) (< wpa81)) (&& (< netstandard1.5) (>= netstandard1.6) (>= uap10.0))
    runtime.native.System (4.3.1) - restriction: || (&& (< monotouch) (< net45) (>= netstandard1.6) (< netstandard2.0) (< win8) (< wpa81) (< xamarintvos) (< xamarinwatchos)) (&& (< net45) (>= net46) (< netstandard1.4) (>= netstandard1.6)) (&& (< net45) (< netstandard1.2) (>= netstandard1.6) (< win8)) (&& (< net45) (< netstandard1.3) (>= netstandard1.6) (< win8) (< wpa81)) (&& (< net45) (< netstandard1.4) (>= netstandard1.6) (< win8) (< wpa81)) (&& (< net45) (< netstandard1.5) (>= netstandard1.6) (< win8) (< wpa81)) (&& (>= netcoreapp2.2) (< xamarinios) (< xamarinmac) (< xamarintvos) (< xamarinwatchos)) (&& (< netstandard1.5) (>= netstandard1.6) (>= uap10.0))
      Microsoft.NETCore.Platforms (>= 1.1.1)
      Microsoft.NETCore.Targets (>= 1.1.3)
    runtime.native.System.IO.Compression (4.3.2) - restriction: || (&& (< monoandroid) (< monotouch) (< net45) (>= netstandard1.6) (< netstandard2.0) (< win8) (< wpa81) (< xamarintvos) (< xamarinwatchos)) (&& (< monoandroid) (< net45) (< netstandard1.2) (>= netstandard1.6) (< win8)) (&& (< monoandroid) (< net45) (< netstandard1.3) (>= netstandard1.6) (< win8) (< wpa81)) (&& (< monoandroid) (< net45) (< netstandard1.4) (>= netstandard1.6) (< win8) (< wpa81)) (&& (< monoandroid) (< net45) (< netstandard1.5) (>= netstandard1.6) (< win8) (< wpa81)) (&& (< net45) (>= net46) (< netstandard1.4) (>= netstandard1.6)) (&& (< netstandard1.5) (>= netstandard1.6) (>= uap10.0) (< win8) (< wpa81))
      Microsoft.NETCore.Platforms (>= 1.1.1)
      Microsoft.NETCore.Targets (>= 1.1.3)
    runtime.native.System.Net.Http (4.3.1) - restriction: || (&& (< monotouch) (< net45) (>= netstandard1.6) (< netstandard2.0) (< win8) (< wpa81) (< xamarintvos) (< xamarinwatchos)) (&& (< net45) (>= net46) (< netstandard1.4) (>= netstandard1.6)) (&& (< net45) (< netstandard1.2) (>= netstandard1.6) (< win8)) (&& (< net45) (< netstandard1.3) (>= netstandard1.6) (< win8) (< wpa81)) (&& (< net45) (< netstandard1.4) (>= netstandard1.6) (< win8) (< wpa81)) (&& (< net45) (< netstandard1.5) (>= netstandard1.6) (< win8) (< wpa81)) (&& (< netstandard1.5) (>= netstandard1.6) (>= uap10.0))
      Microsoft.NETCore.Platforms (>= 1.1.1)
      Microsoft.NETCore.Targets (>= 1.1.3)
    runtime.native.System.Net.Security (4.3.1) - restriction: && (>= netcoreapp2.2) (< xamarinios) (< xamarinmac) (< xamarintvos) (< xamarinwatchos)
      Microsoft.NETCore.Platforms (>= 1.1.1)
      Microsoft.NETCore.Targets (>= 1.1.3)
    runtime.native.System.Security.Cryptography.Apple (4.3.1) - restriction: || (&& (< monotouch) (< net45) (>= netstandard1.6) (< netstandard2.0) (< win8) (< wpa81) (< xamarintvos) (< xamarinwatchos)) (&& (< net45) (< netstandard1.4) (>= netstandard1.6) (< win8) (< wpa81)) (&& (< net45) (< netstandard1.5) (>= netstandard1.6) (< win8) (< wpa81)) (&& (< netstandard1.5) (>= netstandard1.6) (>= uap10.0))
      runtime.osx.10.10-x64.runtime.native.System.Security.Cryptography.Apple (>= 4.3.1)
    runtime.native.System.Security.Cryptography.OpenSsl (4.3.3) - restriction: || (&& (< monotouch) (< net45) (>= netstandard1.6) (< netstandard2.0) (< win8) (< wpa81) (< xamarintvos) (< xamarinwatchos)) (&& (< net45) (>= net46) (< netstandard1.4) (>= netstandard1.6)) (&& (< net45) (< netstandard1.2) (>= netstandard1.6) (< win8)) (&& (< net45) (< netstandard1.3) (>= netstandard1.6) (< win8) (< wpa81)) (&& (< net45) (< netstandard1.4) (>= netstandard1.6) (< win8) (< wpa81)) (&& (< net45) (< netstandard1.5) (>= netstandard1.6) (< win8) (< wpa81)) (&& (>= netcoreapp2.2) (< xamarinios) (< xamarinmac) (< xamarintvos) (< xamarinwatchos)) (&& (< netstandard1.5) (>= netstandard1.6) (>= uap10.0))
      runtime.debian.8-x64.runtime.native.System.Security.Cryptography.OpenSsl (>= 4.3.3)
      runtime.debian.9-x64.runtime.native.System.Security.Cryptography.OpenSsl (>= 4.3.3)
      runtime.fedora.23-x64.runtime.native.System.Security.Cryptography.OpenSsl (>= 4.3.3)
      runtime.fedora.24-x64.runtime.native.System.Security.Cryptography.OpenSsl (>= 4.3.3)
      runtime.fedora.27-x64.runtime.native.System.Security.Cryptography.OpenSsl (>= 4.3.3)
      runtime.fedora.28-x64.runtime.native.System.Security.Cryptography.OpenSsl (>= 4.3.3)
      runtime.opensuse.13.2-x64.runtime.native.System.Security.Cryptography.OpenSsl (>= 4.3.3)
      runtime.opensuse.42.1-x64.runtime.native.System.Security.Cryptography.OpenSsl (>= 4.3.3)
      runtime.opensuse.42.3-x64.runtime.native.System.Security.Cryptography.OpenSsl (>= 4.3.3)
      runtime.osx.10.10-x64.runtime.native.System.Security.Cryptography.OpenSsl (>= 4.3.3)
      runtime.rhel.7-x64.runtime.native.System.Security.Cryptography.OpenSsl (>= 4.3.3)
      runtime.ubuntu.14.04-x64.runtime.native.System.Security.Cryptography.OpenSsl (>= 4.3.3)
      runtime.ubuntu.16.04-x64.runtime.native.System.Security.Cryptography.OpenSsl (>= 4.3.3)
      runtime.ubuntu.16.10-x64.runtime.native.System.Security.Cryptography.OpenSsl (>= 4.3.3)
      runtime.ubuntu.18.04-x64.runtime.native.System.Security.Cryptography.OpenSsl (>= 4.3.3)
    runtime.opensuse.13.2-x64.runtime.native.System.Security.Cryptography.OpenSsl (4.3.3) - restriction: || (&& (< monotouch) (< net45) (>= netstandard1.6) (< netstandard2.0) (< win8) (< wpa81) (< xamarintvos) (< xamarinwatchos)) (&& (< net45) (>= net46) (< netstandard1.4) (>= netstandard1.6)) (&& (< net45) (< netstandard1.2) (>= netstandard1.6) (< win8)) (&& (< net45) (< netstandard1.3) (>= netstandard1.6) (< win8) (< wpa81)) (&& (< net45) (< netstandard1.4) (>= netstandard1.6) (< win8) (< wpa81)) (&& (< net45) (< netstandard1.5) (>= netstandard1.6) (< win8) (< wpa81)) (&& (< netstandard1.5) (>= netstandard1.6) (>= uap10.0))
    runtime.opensuse.42.1-x64.runtime.native.System.Security.Cryptography.OpenSsl (4.3.3) - restriction: || (&& (< monotouch) (< net45) (>= netstandard1.6) (< netstandard2.0) (< win8) (< wpa81) (< xamarintvos) (< xamarinwatchos)) (&& (< net45) (>= net46) (< netstandard1.4) (>= netstandard1.6)) (&& (< net45) (< netstandard1.2) (>= netstandard1.6) (< win8)) (&& (< net45) (< netstandard1.3) (>= netstandard1.6) (< win8) (< wpa81)) (&& (< net45) (< netstandard1.4) (>= netstandard1.6) (< win8) (< wpa81)) (&& (< net45) (< netstandard1.5) (>= netstandard1.6) (< win8) (< wpa81)) (&& (< netstandard1.5) (>= netstandard1.6) (>= uap10.0))
    runtime.opensuse.42.3-x64.runtime.native.System.Security.Cryptography.OpenSsl (4.3.3) - restriction: || (&& (< monotouch) (< net45) (>= netstandard1.6) (< netstandard2.0) (< win8) (< wpa81) (< xamarintvos) (< xamarinwatchos)) (&& (< net45) (>= net46) (< netstandard1.4) (>= netstandard1.6)) (&& (< net45) (< netstandard1.2) (>= netstandard1.6) (< win8)) (&& (< net45) (< netstandard1.3) (>= netstandard1.6) (< win8) (< wpa81)) (&& (< net45) (< netstandard1.4) (>= netstandard1.6) (< win8) (< wpa81)) (&& (< net45) (< netstandard1.5) (>= netstandard1.6) (< win8) (< wpa81)) (&& (< netstandard1.5) (>= netstandard1.6) (>= uap10.0))
    runtime.osx.10.10-x64.runtime.native.System.Security.Cryptography.Apple (4.3.1) - restriction: || (&& (< monotouch) (< net45) (>= netstandard1.6) (< netstandard2.0) (< win8) (< wpa81) (< xamarintvos) (< xamarinwatchos)) (&& (< net45) (< netstandard1.4) (>= netstandard1.6) (< win8) (< wpa81)) (&& (< net45) (< netstandard1.5) (>= netstandard1.6) (< win8) (< wpa81)) (&& (< netstandard1.5) (>= netstandard1.6) (>= uap10.0))
    runtime.osx.10.10-x64.runtime.native.System.Security.Cryptography.OpenSsl (4.3.3) - restriction: || (&& (< monotouch) (< net45) (>= netstandard1.6) (< netstandard2.0) (< win8) (< wpa81) (< xamarintvos) (< xamarinwatchos)) (&& (< net45) (>= net46) (< netstandard1.4) (>= netstandard1.6)) (&& (< net45) (< netstandard1.2) (>= netstandard1.6) (< win8)) (&& (< net45) (< netstandard1.3) (>= netstandard1.6) (< win8) (< wpa81)) (&& (< net45) (< netstandard1.4) (>= netstandard1.6) (< win8) (< wpa81)) (&& (< net45) (< netstandard1.5) (>= netstandard1.6) (< win8) (< wpa81)) (&& (< netstandard1.5) (>= netstandard1.6) (>= uap10.0))
    runtime.rhel.7-x64.runtime.native.System.Security.Cryptography.OpenSsl (4.3.3) - restriction: || (&& (< monotouch) (< net45) (>= netstandard1.6) (< netstandard2.0) (< win8) (< wpa81) (< xamarintvos) (< xamarinwatchos)) (&& (< net45) (>= net46) (< netstandard1.4) (>= netstandard1.6)) (&& (< net45) (< netstandard1.2) (>= netstandard1.6) (< win8)) (&& (< net45) (< netstandard1.3) (>= netstandard1.6) (< win8) (< wpa81)) (&& (< net45) (< netstandard1.4) (>= netstandard1.6) (< win8) (< wpa81)) (&& (< net45) (< netstandard1.5) (>= netstandard1.6) (< win8) (< wpa81)) (&& (< netstandard1.5) (>= netstandard1.6) (>= uap10.0))
    runtime.ubuntu.14.04-x64.runtime.native.System.Security.Cryptography.OpenSsl (4.3.3) - restriction: || (&& (< monotouch) (< net45) (>= netstandard1.6) (< netstandard2.0) (< win8) (< wpa81) (< xamarintvos) (< xamarinwatchos)) (&& (< net45) (>= net46) (< netstandard1.4) (>= netstandard1.6)) (&& (< net45) (< netstandard1.2) (>= netstandard1.6) (< win8)) (&& (< net45) (< netstandard1.3) (>= netstandard1.6) (< win8) (< wpa81)) (&& (< net45) (< netstandard1.4) (>= netstandard1.6) (< win8) (< wpa81)) (&& (< net45) (< netstandard1.5) (>= netstandard1.6) (< win8) (< wpa81)) (&& (< netstandard1.5) (>= netstandard1.6) (>= uap10.0))
    runtime.ubuntu.16.04-x64.runtime.native.System.Security.Cryptography.OpenSsl (4.3.3) - restriction: || (&& (< monotouch) (< net45) (>= netstandard1.6) (< netstandard2.0) (< win8) (< wpa81) (< xamarintvos) (< xamarinwatchos)) (&& (< net45) (>= net46) (< netstandard1.4) (>= netstandard1.6)) (&& (< net45) (< netstandard1.2) (>= netstandard1.6) (< win8)) (&& (< net45) (< netstandard1.3) (>= netstandard1.6) (< win8) (< wpa81)) (&& (< net45) (< netstandard1.4) (>= netstandard1.6) (< win8) (< wpa81)) (&& (< net45) (< netstandard1.5) (>= netstandard1.6) (< win8) (< wpa81)) (&& (< netstandard1.5) (>= netstandard1.6) (>= uap10.0))
    runtime.ubuntu.16.10-x64.runtime.native.System.Security.Cryptography.OpenSsl (4.3.3) - restriction: || (&& (< monotouch) (< net45) (>= netstandard1.6) (< netstandard2.0) (< win8) (< wpa81) (< xamarintvos) (< xamarinwatchos)) (&& (< net45) (>= net46) (< netstandard1.4) (>= netstandard1.6)) (&& (< net45) (< netstandard1.2) (>= netstandard1.6) (< win8)) (&& (< net45) (< netstandard1.3) (>= netstandard1.6) (< win8) (< wpa81)) (&& (< net45) (< netstandard1.4) (>= netstandard1.6) (< win8) (< wpa81)) (&& (< net45) (< netstandard1.5) (>= netstandard1.6) (< win8) (< wpa81)) (&& (< netstandard1.5) (>= netstandard1.6) (>= uap10.0))
    runtime.ubuntu.18.04-x64.runtime.native.System.Security.Cryptography.OpenSsl (4.3.3) - restriction: || (&& (< monotouch) (< net45) (>= netstandard1.6) (< netstandard2.0) (< win8) (< wpa81) (< xamarintvos) (< xamarinwatchos)) (&& (< net45) (>= net46) (< netstandard1.4) (>= netstandard1.6)) (&& (< net45) (< netstandard1.2) (>= netstandard1.6) (< win8)) (&& (< net45) (< netstandard1.3) (>= netstandard1.6) (< win8) (< wpa81)) (&& (< net45) (< netstandard1.4) (>= netstandard1.6) (< win8) (< wpa81)) (&& (< net45) (< netstandard1.5) (>= netstandard1.6) (< win8) (< wpa81)) (&& (< netstandard1.5) (>= netstandard1.6) (>= uap10.0))
    Serilog (2.10)
      NETStandard.Library (>= 1.6.1) - restriction: || (&& (< net45) (>= netstandard1.0) (< netstandard1.3)) (&& (< net45) (>= netstandard1.3) (< netstandard2.0))
      System.Collections.NonGeneric (>= 4.3) - restriction: && (< net45) (>= netstandard1.3) (< netstandard2.0)
    Serilog.AspNetCore (4.1)
      Microsoft.AspNetCore.Hosting.Abstractions (>= 2.2) - restriction: || (&& (< netcoreapp3.1) (>= netstandard2.1)) (&& (>= netstandard2.0) (< netstandard2.1))
      Microsoft.AspNetCore.Http.Abstractions (>= 2.2) - restriction: || (&& (< netcoreapp3.1) (>= netstandard2.1)) (&& (>= netstandard2.0) (< netstandard2.1))
      Microsoft.Extensions.DependencyInjection (>= 2.2) - restriction: || (&& (< netcoreapp3.1) (>= netstandard2.1)) (&& (>= netstandard2.0) (< netstandard2.1))
      Microsoft.Extensions.DependencyInjection (>= 3.1.8) - restriction: && (< net5.0) (>= netcoreapp3.1)
      Microsoft.Extensions.DependencyInjection (>= 5.0) - restriction: >= net5.0
      Microsoft.Extensions.Logging (>= 2.2) - restriction: || (&& (< netcoreapp3.1) (>= netstandard2.1)) (&& (>= netstandard2.0) (< netstandard2.1))
      Microsoft.Extensions.Logging (>= 3.1.8) - restriction: && (< net5.0) (>= netcoreapp3.1)
      Microsoft.Extensions.Logging (>= 5.0) - restriction: >= net5.0
      Serilog (>= 2.10) - restriction: >= netstandard2.0
      Serilog.Extensions.Hosting (>= 4.1.2) - restriction: >= netstandard2.0
      Serilog.Formatting.Compact (>= 1.1) - restriction: >= netstandard2.0
      Serilog.Settings.Configuration (>= 3.1) - restriction: >= netstandard2.0
      Serilog.Sinks.Console (>= 3.1.1) - restriction: >= netstandard2.0
      Serilog.Sinks.Debug (>= 2.0) - restriction: >= netstandard2.0
      Serilog.Sinks.File (>= 4.1) - restriction: >= netstandard2.0
    Serilog.Extensions.Hosting (4.2) - restriction: >= netstandard2.0
      Microsoft.Extensions.DependencyInjection.Abstractions (>= 3.1.8) - restriction: >= netstandard2.0
      Microsoft.Extensions.Hosting.Abstractions (>= 3.1.8) - restriction: >= netstandard2.0
      Microsoft.Extensions.Logging.Abstractions (>= 3.1.8) - restriction: >= netstandard2.0
      Serilog (>= 2.10) - restriction: >= netstandard2.0
      Serilog.Extensions.Logging (>= 3.1) - restriction: >= netstandard2.0
    Serilog.Extensions.Logging (3.1) - restriction: >= netstandard2.0
      Microsoft.Extensions.Logging (>= 2.0) - restriction: >= netstandard2.0
      Serilog (>= 2.9) - restriction: >= netstandard2.0
    Serilog.Formatting.Compact (1.1) - restriction: >= netstandard2.0
      Serilog (>= 2.8) - restriction: >= netstandard1.1
    Serilog.Settings.Configuration (3.3) - restriction: >= netstandard2.0
      Microsoft.Extensions.DependencyModel (>= 3.0) - restriction: || (&& (>= net451) (< netstandard2.0)) (&& (< net451) (>= netstandard2.0)) (>= net461)
      Microsoft.Extensions.Options.ConfigurationExtensions (>= 2.0) - restriction: || (&& (< net451) (>= netstandard2.0)) (>= net461)
      Serilog (>= 2.10) - restriction: || (&& (>= net451) (< netstandard2.0)) (&& (< net451) (>= netstandard2.0)) (>= net461)
    Serilog.Sinks.Console (4.0.1)
      NETStandard.Library (>= 1.6.1) - restriction: && (< net45) (>= netstandard1.3) (< netstandard2.0)
      Serilog (>= 2.10) - restriction: || (>= net45) (>= netstandard1.3)
    Serilog.Sinks.Debug (2.0) - restriction: >= netstandard2.0
      Serilog (>= 2.10) - restriction: || (&& (>= net45) (< netstandard2.0)) (&& (< net45) (>= netstandard1.0) (< netstandard2.0)) (&& (< net45) (>= netstandard2.0)) (>= net46) (>= netstandard2.1)
    Serilog.Sinks.File (5.0) - restriction: >= netstandard2.0
      Serilog (>= 2.10) - restriction: || (>= net45) (>= netstandard1.3)
    Serilog.Sinks.GoogleCloudLogging (3.6)
      Google.Cloud.Logging.V2 (>= 3.2) - restriction: >= netstandard2.0
      Serilog (>= 2.10) - restriction: >= netstandard2.0
      Serilog.Sinks.PeriodicBatching (>= 2.3) - restriction: >= netstandard2.0
      System.Text.Encodings.Web (>= 5.0.1) - restriction: >= netstandard2.0
    Serilog.Sinks.PeriodicBatching (2.3.1) - restriction: >= netstandard2.0
      Serilog (>= 2.0) - restriction: >= netstandard1.1
    SQLitePCLRaw.bundle_e_sqlite3 (2.0.7) - restriction: >= netcoreapp2.2
      SQLitePCLRaw.core (>= 2.0.7) - restriction: || (>= net461) (>= netstandard2.0) (>= xamarintvos)
      SQLitePCLRaw.lib.e_sqlite3 (>= 2.0.7) - restriction: || (&& (< monoandroid8.0) (>= netstandard2.0) (< xamarinios) (< xamarintvos)) (>= net461)
      SQLitePCLRaw.lib.e_sqlite3.android (>= 2.0.7) - restriction: >= monoandroid8.0
      SQLitePCLRaw.lib.e_sqlite3.ios (>= 2.0.7) - restriction: >= xamarinios
      SQLitePCLRaw.lib.e_sqlite3.tvos (>= 2.0.7) - restriction: >= xamarintvos
      SQLitePCLRaw.provider.e_sqlite3 (>= 2.0.7) - restriction: || (>= monoandroid8.0) (&& (< net461) (>= netstandard2.0) (< xamarinios) (< xamarintvos))
      SQLitePCLRaw.provider.internal (>= 2.0.7) - restriction: || (>= xamarinios) (>= xamarintvos)
    SQLitePCLRaw.core (2.0.7) - restriction: >= netcoreapp2.2
      System.Memory (>= 4.5.3) - restriction: >= netstandard2.0
    SQLitePCLRaw.lib.e_sqlite3 (2.0.7) - restriction: || (&& (< monoandroid8.0) (>= netcoreapp2.2) (< xamarinios) (< xamarintvos)) (&& (>= net461) (>= netcoreapp2.2))
    SQLitePCLRaw.lib.e_sqlite3.android (2.0.7) - restriction: && (>= monoandroid8.0) (>= netcoreapp2.2)
    SQLitePCLRaw.lib.e_sqlite3.ios (2.0.7) - restriction: && (>= netcoreapp2.2) (>= xamarinios)
    SQLitePCLRaw.lib.e_sqlite3.tvos (2.0.7) - restriction: && (>= netcoreapp2.2) (>= xamarintvos)
    SQLitePCLRaw.provider.e_sqlite3 (2.0.7) - restriction: || (&& (>= monoandroid8.0) (>= netcoreapp2.2)) (&& (>= netcoreapp2.2) (< xamarinios) (< xamarintvos))
      SQLitePCLRaw.core (>= 2.0.7)
    SQLitePCLRaw.provider.internal (2.0.7) - restriction: || (&& (>= netcoreapp2.2) (>= xamarinios)) (&& (>= netcoreapp2.2) (>= xamarintvos))
      SQLitePCLRaw.core (>= 2.0.7) - restriction: >= netstandard2.0
    StackExchange.Redis.StrongName (1.2.6) - restriction: >= netcoreapp2.2
      NETStandard.Library (>= 1.6.1) - restriction: && (< net45) (>= netstandard1.5)
      System.Collections (>= 4.3) - restriction: && (< net45) (>= netstandard1.5)
      System.Collections.Concurrent (>= 4.3) - restriction: && (< net45) (>= netstandard1.5)
      System.Collections.NonGeneric (>= 4.3) - restriction: && (< net45) (>= netstandard1.5)
      System.Diagnostics.Tools (>= 4.3) - restriction: && (< net45) (>= netstandard1.5)
      System.IO.Compression (>= 4.3) - restriction: && (< net45) (>= netstandard1.5)
      System.IO.FileSystem (>= 4.3) - restriction: && (< net45) (>= netstandard1.5)
      System.Linq (>= 4.3) - restriction: && (< net45) (>= netstandard1.5)
      System.Net.NameResolution (>= 4.3) - restriction: && (< net45) (>= netstandard1.5)
      System.Net.Security (>= 4.3) - restriction: && (< net45) (>= netstandard1.5)
      System.Net.Sockets (>= 4.3) - restriction: && (< net45) (>= netstandard1.5)
      System.Reflection.Emit (>= 4.3) - restriction: && (< net45) (>= netstandard1.5)
      System.Reflection.Emit.Lightweight (>= 4.3) - restriction: && (< net45) (>= netstandard1.5)
      System.Reflection.TypeExtensions (>= 4.3) - restriction: && (< net45) (>= netstandard1.5)
      System.Runtime.Extensions (>= 4.3) - restriction: && (< net45) (>= netstandard1.5)
      System.Runtime.InteropServices.RuntimeInformation (>= 4.3) - restriction: && (< net45) (>= netstandard1.5)
      System.Security.Cryptography.Algorithms (>= 4.3) - restriction: && (< net45) (>= netstandard1.5)
      System.Security.Cryptography.X509Certificates (>= 4.3) - restriction: && (< net45) (>= netstandard1.5)
      System.Text.RegularExpressions (>= 4.3) - restriction: && (< net45) (>= netstandard1.5)
      System.Threading (>= 4.3) - restriction: && (< net45) (>= netstandard1.5)
      System.Threading.Thread (>= 4.3) - restriction: && (< net45) (>= netstandard1.5)
      System.Threading.ThreadPool (>= 4.3) - restriction: && (< net45) (>= netstandard1.5)
      System.Threading.Timer (>= 4.3) - restriction: && (< net45) (>= netstandard1.5)
    System.AppContext (4.3) - restriction: || (&& (< net45) (< netstandard1.4) (>= netstandard1.6) (< win8) (< wpa81)) (&& (< net45) (< netstandard1.5) (>= netstandard1.6) (< win8) (< wpa81)) (&& (< net45) (>= netstandard1.6) (< netstandard2.0) (< win8) (< wpa81)) (&& (>= net46) (< netstandard1.4) (>= netstandard1.6)) (&& (< netstandard1.5) (>= netstandard1.6) (>= uap10.0))
      System.Runtime (>= 4.3) - restriction: || (&& (< monoandroid) (< net46) (>= netstandard1.3) (< netstandard1.6)) (&& (< monotouch) (< net46) (>= netstandard1.6) (< xamarinios) (< xamarinmac) (< xamarintvos) (< xamarinwatchos))
    System.Buffers (4.5.1) - restriction: || (&& (< monoandroid) (< monotouch) (< net45) (>= netstandard1.6) (< netstandard2.0) (< win8) (< wpa81) (< xamarintvos) (< xamarinwatchos)) (&& (< monoandroid) (< net45) (< netstandard1.2) (>= netstandard1.6) (< win8)) (&& (< monoandroid) (< net45) (< netstandard1.3) (>= netstandard1.6) (< win8) (< wpa81)) (&& (< monoandroid) (< net45) (< netstandard1.4) (>= netstandard1.6) (< win8) (< wpa81)) (&& (< monoandroid) (< net45) (< netstandard1.5) (>= netstandard1.6) (< win8) (< wpa81)) (&& (< net45) (>= net46) (< netstandard1.4) (>= netstandard1.6)) (&& (>= net461) (>= netcoreapp3.0)) (&& (>= net461) (>= netstandard2.0)) (&& (< net6.0) (>= netcoreapp3.0) (< xamarinios) (< xamarinmac) (< xamarintvos) (< xamarinwatchos)) (>= netcoreapp2.2) (&& (< netcoreapp3.1) (>= netstandard2.0)) (&& (< netstandard1.5) (>= netstandard1.6) (>= uap10.0) (< win8) (< wpa81))
    System.Collections (4.3) - restriction: || (&& (< net45) (>= net46) (< netstandard1.4) (>= netstandard1.6)) (&& (< net45) (< netstandard1.2) (>= netstandard1.6) (< win8)) (&& (< net45) (< netstandard1.3) (>= netstandard1.6) (< win8) (< wpa81)) (&& (< net45) (< netstandard1.4) (>= netstandard1.6) (< win8) (< wpa81)) (&& (< net45) (< netstandard1.5) (>= netstandard1.6) (< win8) (< wpa81)) (&& (< net45) (>= netstandard1.6) (< netstandard2.0) (< win8) (< wpa81)) (>= netcoreapp2.2) (&& (< netstandard1.5) (>= netstandard1.6) (>= uap10.0)) (&& (>= netstandard1.6) (< portable-net45+win8+wpa81))
      Microsoft.NETCore.Platforms (>= 1.1) - restriction: || (&& (< monoandroid) (< monotouch) (< net45) (>= netstandard1.3) (< win8) (< wpa81) (< xamarinios) (< xamarinmac) (< xamarintvos) (< xamarinwatchos)) (&& (< monoandroid) (< net45) (>= netstandard1.0) (< netstandard1.3) (< win8) (< wp8) (< wpa81))
      Microsoft.NETCore.Targets (>= 1.1) - restriction: || (&& (< monoandroid) (< monotouch) (< net45) (>= netstandard1.3) (< win8) (< wpa81) (< xamarinios) (< xamarinmac) (< xamarintvos) (< xamarinwatchos)) (&& (< monoandroid) (< net45) (>= netstandard1.0) (< netstandard1.3) (< win8) (< wp8) (< wpa81))
      System.Runtime (>= 4.3) - restriction: || (&& (< monoandroid) (< monotouch) (< net45) (>= netstandard1.3) (< win8) (< wpa81) (< xamarinios) (< xamarinmac) (< xamarintvos) (< xamarinwatchos)) (&& (< monoandroid) (< net45) (>= netstandard1.0) (< netstandard1.3) (< win8) (< wp8) (< wpa81))
    System.Collections.Concurrent (4.3) - restriction: || (&& (< net45) (< netstandard1.2) (>= netstandard1.6) (< win8)) (&& (< net45) (< netstandard1.3) (>= netstandard1.6) (< win8) (< wpa81)) (&& (< net45) (< netstandard1.4) (>= netstandard1.6) (< win8) (< wpa81)) (&& (< net45) (< netstandard1.5) (>= netstandard1.6) (< win8) (< wpa81)) (&& (< net45) (>= netstandard1.6) (< netstandard2.0) (< win8) (< wpa81)) (>= netcoreapp2.2) (&& (< netstandard1.5) (>= netstandard1.6) (>= uap10.0))
      System.Collections (>= 4.3) - restriction: && (< monoandroid) (< monotouch) (< net45) (>= netstandard1.3) (< win8) (< wpa81) (< xamarinios) (< xamarinmac) (< xamarintvos) (< xamarinwatchos)
      System.Diagnostics.Debug (>= 4.3) - restriction: && (< monoandroid) (< monotouch) (< net45) (>= netstandard1.3) (< win8) (< wpa81) (< xamarinios) (< xamarinmac) (< xamarintvos) (< xamarinwatchos)
      System.Diagnostics.Tracing (>= 4.3) - restriction: && (< monoandroid) (< monotouch) (< net45) (>= netstandard1.3) (< win8) (< wpa81) (< xamarinios) (< xamarinmac) (< xamarintvos) (< xamarinwatchos)
      System.Globalization (>= 4.3) - restriction: && (< monoandroid) (< monotouch) (< net45) (>= netstandard1.3) (< win8) (< wpa81) (< xamarinios) (< xamarinmac) (< xamarintvos) (< xamarinwatchos)
      System.Reflection (>= 4.3) - restriction: && (< monoandroid) (< monotouch) (< net45) (>= netstandard1.3) (< win8) (< wpa81) (< xamarinios) (< xamarinmac) (< xamarintvos) (< xamarinwatchos)
      System.Resources.ResourceManager (>= 4.3) - restriction: && (< monoandroid) (< monotouch) (< net45) (>= netstandard1.3) (< win8) (< wpa81) (< xamarinios) (< xamarinmac) (< xamarintvos) (< xamarinwatchos)
      System.Runtime (>= 4.3) - restriction: || (&& (< monoandroid) (< monotouch) (< net45) (>= netstandard1.3) (< win8) (< wpa81) (< xamarinios) (< xamarinmac) (< xamarintvos) (< xamarinwatchos)) (&& (< monoandroid) (< net45) (>= netstandard1.1) (< netstandard1.3) (< win8) (< wpa81))
      System.Runtime.Extensions (>= 4.3) - restriction: && (< monoandroid) (< monotouch) (< net45) (>= netstandard1.3) (< win8) (< wpa81) (< xamarinios) (< xamarinmac) (< xamarintvos) (< xamarinwatchos)
      System.Threading (>= 4.3) - restriction: && (< monoandroid) (< monotouch) (< net45) (>= netstandard1.3) (< win8) (< wpa81) (< xamarinios) (< xamarinmac) (< xamarintvos) (< xamarinwatchos)
      System.Threading.Tasks (>= 4.3) - restriction: || (&& (< monoandroid) (< monotouch) (< net45) (>= netstandard1.3) (< win8) (< wpa81) (< xamarinios) (< xamarinmac) (< xamarintvos) (< xamarinwatchos)) (&& (< monoandroid) (< net45) (>= netstandard1.1) (< netstandard1.3) (< win8) (< wpa81))
    System.Collections.Immutable (6.0) - restriction: >= netcoreapp2.2
      System.Runtime.CompilerServices.Unsafe (>= 6.0) - restriction: || (>= net461) (>= netstandard2.0)
    System.Collections.NonGeneric (4.3) - restriction: || (&& (< net45) (>= netstandard1.3) (< netstandard2.0)) (>= netcoreapp2.2)
      System.Diagnostics.Debug (>= 4.3) - restriction: && (< monoandroid) (< monotouch) (< net46) (>= netstandard1.3) (< xamarinios) (< xamarinmac) (< xamarintvos) (< xamarinwatchos)
      System.Globalization (>= 4.3) - restriction: && (< monoandroid) (< monotouch) (< net46) (>= netstandard1.3) (< xamarinios) (< xamarinmac) (< xamarintvos) (< xamarinwatchos)
      System.Resources.ResourceManager (>= 4.3) - restriction: && (< monoandroid) (< monotouch) (< net46) (>= netstandard1.3) (< xamarinios) (< xamarinmac) (< xamarintvos) (< xamarinwatchos)
      System.Runtime (>= 4.3) - restriction: && (< monoandroid) (< monotouch) (< net46) (>= netstandard1.3) (< xamarinios) (< xamarinmac) (< xamarintvos) (< xamarinwatchos)
      System.Runtime.Extensions (>= 4.3) - restriction: && (< monoandroid) (< monotouch) (< net46) (>= netstandard1.3) (< xamarinios) (< xamarinmac) (< xamarintvos) (< xamarinwatchos)
      System.Threading (>= 4.3) - restriction: && (< monoandroid) (< monotouch) (< net46) (>= netstandard1.3) (< xamarinios) (< xamarinmac) (< xamarintvos) (< xamarinwatchos)
    System.Collections.Specialized (4.3) - restriction: && (< monoandroid8.1) (>= netcoreapp2.2) (< xamarinios) (< xamarinmac) (< xamarintvos) (< xamarinwatchos)
      System.Collections.NonGeneric (>= 4.3) - restriction: && (< monoandroid) (< monotouch) (< net46) (>= netstandard1.3) (< xamarinios) (< xamarinmac) (< xamarintvos) (< xamarinwatchos)
      System.Globalization (>= 4.3) - restriction: && (< monoandroid) (< monotouch) (< net46) (>= netstandard1.3) (< xamarinios) (< xamarinmac) (< xamarintvos) (< xamarinwatchos)
      System.Globalization.Extensions (>= 4.3) - restriction: && (< monoandroid) (< monotouch) (< net46) (>= netstandard1.3) (< xamarinios) (< xamarinmac) (< xamarintvos) (< xamarinwatchos)
      System.Resources.ResourceManager (>= 4.3) - restriction: && (< monoandroid) (< monotouch) (< net46) (>= netstandard1.3) (< xamarinios) (< xamarinmac) (< xamarintvos) (< xamarinwatchos)
      System.Runtime (>= 4.3) - restriction: && (< monoandroid) (< monotouch) (< net46) (>= netstandard1.3) (< xamarinios) (< xamarinmac) (< xamarintvos) (< xamarinwatchos)
      System.Runtime.Extensions (>= 4.3) - restriction: && (< monoandroid) (< monotouch) (< net46) (>= netstandard1.3) (< xamarinios) (< xamarinmac) (< xamarintvos) (< xamarinwatchos)
      System.Threading (>= 4.3) - restriction: && (< monoandroid) (< monotouch) (< net46) (>= netstandard1.3) (< xamarinios) (< xamarinmac) (< xamarintvos) (< xamarinwatchos)
    System.ComponentModel (4.3) - restriction: || (&& (< monoandroid) (>= netcoreapp2.2) (< netstandard1.5)) (&& (< monoandroid8.1) (>= netcoreapp2.2) (< xamarinios) (< xamarinmac) (< xamarintvos) (< xamarinwatchos))
      System.Runtime (>= 4.3) - restriction: || (&& (< monoandroid) (< monotouch) (< net45) (>= netstandard1.3) (< win8) (< wpa81) (< xamarinios) (< xamarinmac) (< xamarintvos) (< xamarinwatchos)) (&& (< monoandroid) (< net45) (>= netstandard1.0) (< netstandard1.3) (< win8) (< wp8) (< wpa81))
    System.ComponentModel.Annotations (5.0) - restriction: >= netcoreapp2.2
    System.ComponentModel.Primitives (4.3) - restriction: || (&& (< monoandroid) (>= netcoreapp2.2) (< netstandard1.5)) (&& (< monoandroid8.1) (>= netcoreapp2.2) (< xamarinios) (< xamarinmac) (< xamarintvos) (< xamarinwatchos)) (&& (>= net45) (>= netcoreapp2.2) (< netstandard1.5)) (&& (>= net462) (>= netcoreapp2.2)) (&& (>= netcoreapp2.2) (< netstandard1.0) (>= win8)) (&& (>= netcoreapp2.2) (>= wp8)) (&& (>= netcoreapp2.2) (>= wpa81))
      System.ComponentModel (>= 4.3) - restriction: && (< monoandroid) (< monotouch) (< net45) (>= netstandard1.0) (< win8) (< wp8) (< wpa81) (< xamarinios) (< xamarinmac) (< xamarintvos) (< xamarinwatchos)
      System.Resources.ResourceManager (>= 4.3) - restriction: && (< monoandroid) (< monotouch) (< net45) (>= netstandard1.0) (< win8) (< wp8) (< wpa81) (< xamarinios) (< xamarinmac) (< xamarintvos) (< xamarinwatchos)
      System.Runtime (>= 4.3) - restriction: && (< monoandroid) (< monotouch) (< net45) (>= netstandard1.0) (< win8) (< wp8) (< wpa81) (< xamarinios) (< xamarinmac) (< xamarintvos) (< xamarinwatchos)
    System.ComponentModel.TypeConverter (4.3) - restriction: || (&& (< monoandroid8.1) (>= netcoreapp2.2) (< xamarinios)) (&& (< monoandroid9.0) (>= net6.0) (< netcoreapp2.1) (< xamarinmac)) (&& (>= net6.0) (>= xamarinios))
      System.Collections (>= 4.3) - restriction: || (&& (< monoandroid) (< net45) (>= netstandard1.0) (< netstandard1.5) (< win8) (< wp8) (< wpa81)) (&& (< monotouch) (< net45) (>= netstandard1.5) (< win8) (< wpa81) (< xamarinios) (< xamarinmac) (< xamarintvos) (< xamarinwatchos))
      System.Collections.NonGeneric (>= 4.3) - restriction: || (&& (< monotouch) (< net45) (>= netstandard1.5) (< win8) (< wpa81) (< xamarinios) (< xamarinmac) (< xamarintvos) (< xamarinwatchos)) (>= net462)
      System.Collections.Specialized (>= 4.3) - restriction: && (< monotouch) (< net45) (>= netstandard1.5) (< win8) (< wpa81) (< xamarinios) (< xamarinmac) (< xamarintvos) (< xamarinwatchos)
      System.ComponentModel (>= 4.3) - restriction: || (&& (< monoandroid) (< net45) (>= netstandard1.0) (< netstandard1.5) (< win8) (< wp8) (< wpa81)) (&& (< monotouch) (< net45) (>= netstandard1.5) (< win8) (< wpa81) (< xamarinios) (< xamarinmac) (< xamarintvos) (< xamarinwatchos))
      System.ComponentModel.Primitives (>= 4.3) - restriction: || (&& (< monoandroid) (< net45) (>= netstandard1.0) (< netstandard1.5) (< win8)) (&& (< monotouch) (< net45) (>= netstandard1.5) (< win8) (< xamarinios) (< xamarinmac) (< xamarintvos) (< xamarinwatchos)) (&& (>= net45) (< netstandard1.5)) (>= net462) (&& (< netstandard1.0) (>= win8)) (>= wp8) (>= wpa81)
      System.Globalization (>= 4.3) - restriction: || (&& (< monoandroid) (< net45) (>= netstandard1.0) (< netstandard1.5) (< win8) (< wp8) (< wpa81)) (&& (< monotouch) (< net45) (>= netstandard1.5) (< win8) (< wpa81) (< xamarinios) (< xamarinmac) (< xamarintvos) (< xamarinwatchos))
      System.Linq (>= 4.3) - restriction: && (< monotouch) (< net45) (>= netstandard1.5) (< win8) (< wpa81) (< xamarinios) (< xamarinmac) (< xamarintvos) (< xamarinwatchos)
      System.Reflection (>= 4.3) - restriction: || (&& (< monoandroid) (< net45) (>= netstandard1.0) (< netstandard1.5) (< win8) (< wp8) (< wpa81)) (&& (< monotouch) (< net45) (>= netstandard1.5) (< win8) (< wpa81) (< xamarinios) (< xamarinmac) (< xamarintvos) (< xamarinwatchos))
      System.Reflection.Extensions (>= 4.3) - restriction: || (&& (< monoandroid) (< net45) (>= netstandard1.0) (< netstandard1.5) (< win8) (< wp8) (< wpa81)) (&& (< monotouch) (< net45) (>= netstandard1.5) (< win8) (< wpa81) (< xamarinios) (< xamarinmac) (< xamarintvos) (< xamarinwatchos))
      System.Reflection.Primitives (>= 4.3) - restriction: || (&& (< monoandroid) (< net45) (>= netstandard1.0) (< netstandard1.5) (< win8) (< wp8) (< wpa81)) (&& (< monotouch) (< net45) (>= netstandard1.5) (< win8) (< wpa81) (< xamarinios) (< xamarinmac) (< xamarintvos) (< xamarinwatchos))
      System.Reflection.TypeExtensions (>= 4.3) - restriction: && (< monotouch) (< net45) (>= netstandard1.5) (< win8) (< wpa81) (< xamarinios) (< xamarinmac) (< xamarintvos) (< xamarinwatchos)
      System.Resources.ResourceManager (>= 4.3) - restriction: || (&& (< monoandroid) (< net45) (>= netstandard1.0) (< netstandard1.5) (< win8) (< wp8) (< wpa81)) (&& (< monotouch) (< net45) (>= netstandard1.5) (< win8) (< wpa81) (< xamarinios) (< xamarinmac) (< xamarintvos) (< xamarinwatchos))
      System.Runtime (>= 4.3) - restriction: || (&& (< monoandroid) (< net45) (>= netstandard1.0) (< netstandard1.5) (< win8) (< wp8) (< wpa81)) (&& (< monotouch) (< net45) (>= netstandard1.5) (< win8) (< wpa81) (< xamarinios) (< xamarinmac) (< xamarintvos) (< xamarinwatchos))
      System.Runtime.Extensions (>= 4.3) - restriction: || (&& (< monoandroid) (< net45) (>= netstandard1.0) (< netstandard1.5) (< win8) (< wp8) (< wpa81)) (&& (< monotouch) (< net45) (>= netstandard1.5) (< win8) (< wpa81) (< xamarinios) (< xamarinmac) (< xamarintvos) (< xamarinwatchos))
      System.Threading (>= 4.3) - restriction: || (&& (< monoandroid) (< net45) (>= netstandard1.0) (< netstandard1.5) (< win8) (< wp8) (< wpa81)) (&& (< monotouch) (< net45) (>= netstandard1.5) (< win8) (< wpa81) (< xamarinios) (< xamarinmac) (< xamarintvos) (< xamarinwatchos))
    System.Configuration.ConfigurationManager (6.0) - restriction: >= netcoreapp3.1
      System.Security.Cryptography.ProtectedData (>= 6.0) - restriction: || (&& (< net461) (>= netstandard2.0)) (>= net6.0)
      System.Security.Permissions (>= 6.0) - restriction: || (>= net461) (>= netstandard2.0)
    System.Console (4.3.1) - restriction: || (&& (< net45) (< netstandard1.4) (>= netstandard1.6) (< win8) (< wpa81)) (&& (< net45) (< netstandard1.5) (>= netstandard1.6) (< win8) (< wpa81)) (&& (< net45) (>= netstandard1.6) (< netstandard2.0) (< win8) (< wpa81)) (&& (>= net46) (< netstandard1.4) (>= netstandard1.6)) (&& (< netstandard1.5) (>= netstandard1.6) (>= uap10.0))
      Microsoft.NETCore.Platforms (>= 1.1) - restriction: && (< monoandroid) (< monotouch) (< net46) (>= netstandard1.3) (< xamarinios) (< xamarinmac) (< xamarintvos) (< xamarinwatchos)
      Microsoft.NETCore.Targets (>= 1.1.2) - restriction: && (< monoandroid) (< monotouch) (< net46) (>= netstandard1.3) (< xamarinios) (< xamarinmac) (< xamarintvos) (< xamarinwatchos)
      System.IO (>= 4.3) - restriction: && (< monoandroid) (< monotouch) (< net46) (>= netstandard1.3) (< xamarinios) (< xamarinmac) (< xamarintvos) (< xamarinwatchos)
      System.Runtime (>= 4.3) - restriction: && (< monoandroid) (< monotouch) (< net46) (>= netstandard1.3) (< xamarinios) (< xamarinmac) (< xamarintvos) (< xamarinwatchos)
      System.Text.Encoding (>= 4.3) - restriction: && (< monoandroid) (< monotouch) (< net46) (>= netstandard1.3) (< xamarinios) (< xamarinmac) (< xamarintvos) (< xamarinwatchos)
    System.Diagnostics.Debug (4.3) - restriction: || (&& (< monoandroid) (< monotouch) (< net45) (>= netstandard1.3) (< netstandard2.0) (< xamarintvos) (< xamarinwatchos)) (&& (< net45) (>= net46) (< netstandard1.4) (>= netstandard1.6)) (&& (< net45) (< netstandard1.2) (>= netstandard1.6) (< win8)) (&& (< net45) (< netstandard1.3) (>= netstandard1.6) (< win8) (< wpa81)) (&& (< net45) (< netstandard1.4) (>= netstandard1.6) (< win8) (< wpa81)) (&& (< net45) (< netstandard1.5) (>= netstandard1.6) (< win8) (< wpa81)) (&& (< net45) (>= netstandard1.6) (< netstandard2.0) (< win8) (< wpa81)) (&& (>= netcoreapp2.2) (< xamarinios) (< xamarinmac) (< xamarintvos) (< xamarinwatchos)) (&& (< netstandard1.5) (>= netstandard1.6) (>= uap10.0)) (&& (>= netstandard1.6) (< portable-net45+win8+wpa81))
      Microsoft.NETCore.Platforms (>= 1.1) - restriction: || (&& (< monoandroid) (< monotouch) (< net45) (>= netstandard1.3) (< win8) (< wpa81) (< xamarinios) (< xamarinmac) (< xamarintvos) (< xamarinwatchos)) (&& (< monoandroid) (< net45) (>= netstandard1.0) (< netstandard1.3) (< win8) (< wp8) (< wpa81))
      Microsoft.NETCore.Targets (>= 1.1) - restriction: || (&& (< monoandroid) (< monotouch) (< net45) (>= netstandard1.3) (< win8) (< wpa81) (< xamarinios) (< xamarinmac) (< xamarintvos) (< xamarinwatchos)) (&& (< monoandroid) (< net45) (>= netstandard1.0) (< netstandard1.3) (< win8) (< wp8) (< wpa81))
      System.Runtime (>= 4.3) - restriction: || (&& (< monoandroid) (< monotouch) (< net45) (>= netstandard1.3) (< win8) (< wpa81) (< xamarinios) (< xamarinmac) (< xamarintvos) (< xamarinwatchos)) (&& (< monoandroid) (< net45) (>= netstandard1.0) (< netstandard1.3) (< win8) (< wp8) (< wpa81))
    System.Diagnostics.DiagnosticSource (6.0) - restriction: || (&& (< monotouch) (< net45) (>= netstandard1.6) (< win8) (< wpa81) (< xamarintvos) (< xamarinwatchos)) (&& (< net45) (>= net46) (< netstandard1.4) (>= netstandard1.6)) (&& (< net45) (< netstandard1.2) (>= netstandard1.6) (< win8)) (&& (< net45) (< netstandard1.3) (>= netstandard1.6) (< win8) (< wpa81)) (&& (< net45) (< netstandard1.4) (>= netstandard1.6) (< win8) (< wpa81)) (&& (< net45) (< netstandard1.5) (>= netstandard1.6) (< win8) (< wpa81)) (&& (< netstandard1.5) (>= netstandard1.6) (>= uap10.0)) (>= netstandard2.0)
      System.Runtime.CompilerServices.Unsafe (>= 6.0) - restriction: || (>= net461) (>= netstandard2.0)
    System.Diagnostics.EventLog (6.0) - restriction: >= netcoreapp2.2
      Microsoft.Win32.Registry (>= 5.0) - restriction: && (< net6.0) (>= netcoreapp3.1)
      System.Security.Principal.Windows (>= 5.0) - restriction: || (>= net461) (&& (< net6.0) (>= netcoreapp3.1)) (&& (< netcoreapp3.1) (>= netstandard2.0))
    System.Diagnostics.PerformanceCounter (6.0) - restriction: >= netcoreapp2.2
      Microsoft.Win32.Registry (>= 5.0) - restriction: && (< net6.0) (>= netcoreapp3.1)
      System.Configuration.ConfigurationManager (>= 6.0) - restriction: >= netcoreapp3.1
      System.Security.Principal.Windows (>= 5.0) - restriction: && (< net6.0) (>= netcoreapp3.1)
    System.Diagnostics.Process (4.3) - restriction: >= netcoreapp2.2
      Microsoft.NETCore.Platforms (>= 1.1) - restriction: && (< monotouch) (< net46) (>= netstandard1.4) (< xamarinios) (< xamarinmac) (< xamarintvos) (< xamarinwatchos)
      Microsoft.Win32.Primitives (>= 4.3) - restriction: && (< monotouch) (< net46) (>= netstandard1.4) (< xamarinios) (< xamarinmac) (< xamarintvos) (< xamarinwatchos)
      Microsoft.Win32.Registry (>= 4.3) - restriction: && (< monotouch) (< net46) (>= netstandard1.4) (< xamarinios) (< xamarinmac) (< xamarintvos) (< xamarinwatchos)
      runtime.native.System (>= 4.3) - restriction: && (< monotouch) (< net46) (>= netstandard1.4) (< xamarinios) (< xamarinmac) (< xamarintvos) (< xamarinwatchos)
      System.Collections (>= 4.3) - restriction: && (< monotouch) (< net46) (>= netstandard1.4) (< xamarinios) (< xamarinmac) (< xamarintvos) (< xamarinwatchos)
      System.Diagnostics.Debug (>= 4.3) - restriction: && (< monotouch) (< net46) (>= netstandard1.4) (< xamarinios) (< xamarinmac) (< xamarintvos) (< xamarinwatchos)
      System.Globalization (>= 4.3) - restriction: && (< monotouch) (< net46) (>= netstandard1.4) (< xamarinios) (< xamarinmac) (< xamarintvos) (< xamarinwatchos)
      System.IO (>= 4.3) - restriction: || (&& (< monoandroid) (< net46) (>= netstandard1.3) (< netstandard1.4)) (&& (< monotouch) (< net46) (>= netstandard1.4) (< xamarinios) (< xamarinmac) (< xamarintvos) (< xamarinwatchos))
      System.IO.FileSystem (>= 4.3) - restriction: && (< monotouch) (< net46) (>= netstandard1.4) (< xamarinios) (< xamarinmac) (< xamarintvos) (< xamarinwatchos)
      System.IO.FileSystem.Primitives (>= 4.3) - restriction: && (< monotouch) (< net46) (>= netstandard1.4) (< xamarinios) (< xamarinmac) (< xamarintvos) (< xamarinwatchos)
      System.Resources.ResourceManager (>= 4.3) - restriction: && (< monotouch) (< net46) (>= netstandard1.4) (< xamarinios) (< xamarinmac) (< xamarintvos) (< xamarinwatchos)
      System.Runtime (>= 4.3) - restriction: || (&& (< monoandroid) (< net46) (>= netstandard1.3) (< netstandard1.4)) (&& (< monotouch) (< net46) (>= netstandard1.4) (< xamarinios) (< xamarinmac) (< xamarintvos) (< xamarinwatchos))
      System.Runtime.Extensions (>= 4.3) - restriction: && (< monotouch) (< net46) (>= netstandard1.4) (< xamarinios) (< xamarinmac) (< xamarintvos) (< xamarinwatchos)
      System.Runtime.Handles (>= 4.3) - restriction: || (&& (< monoandroid) (< net46) (>= netstandard1.3) (< netstandard1.4)) (&& (< monotouch) (< net46) (>= netstandard1.4) (< xamarinios) (< xamarinmac) (< xamarintvos) (< xamarinwatchos))
      System.Runtime.InteropServices (>= 4.3) - restriction: && (< monotouch) (< net46) (>= netstandard1.4) (< xamarinios) (< xamarinmac) (< xamarintvos) (< xamarinwatchos)
      System.Text.Encoding (>= 4.3) - restriction: || (&& (< monoandroid) (< net46) (>= netstandard1.3) (< netstandard1.4)) (&& (< monotouch) (< net46) (>= netstandard1.4) (< xamarinios) (< xamarinmac) (< xamarintvos) (< xamarinwatchos))
      System.Text.Encoding.Extensions (>= 4.3) - restriction: && (< monotouch) (< net46) (>= netstandard1.4) (< xamarinios) (< xamarinmac) (< xamarintvos) (< xamarinwatchos)
      System.Threading (>= 4.3) - restriction: && (< monotouch) (< net46) (>= netstandard1.4) (< xamarinios) (< xamarinmac) (< xamarintvos) (< xamarinwatchos)
      System.Threading.Tasks (>= 4.3) - restriction: && (< monotouch) (< net46) (>= netstandard1.4) (< xamarinios) (< xamarinmac) (< xamarintvos) (< xamarinwatchos)
      System.Threading.Thread (>= 4.3) - restriction: && (< monotouch) (< net46) (>= netstandard1.4) (< xamarinios) (< xamarinmac) (< xamarintvos) (< xamarinwatchos)
      System.Threading.ThreadPool (>= 4.3) - restriction: && (< monotouch) (< net46) (>= netstandard1.4) (< xamarinios) (< xamarinmac) (< xamarintvos) (< xamarinwatchos)
    System.Diagnostics.StackTrace (4.3) - restriction: >= netcoreapp2.2
      System.IO.FileSystem (>= 4.3) - restriction: && (< monoandroid) (< monotouch) (< net46) (>= netstandard1.3) (< xamarinios) (< xamarinmac) (< xamarintvos) (< xamarinwatchos)
      System.Reflection (>= 4.3) - restriction: && (< monoandroid) (< monotouch) (< net46) (>= netstandard1.3) (< xamarinios) (< xamarinmac) (< xamarintvos) (< xamarinwatchos)
      System.Reflection.Metadata (>= 1.4.1) - restriction: && (< monoandroid) (< monotouch) (< net46) (>= netstandard1.3) (< xamarinios) (< xamarinmac) (< xamarintvos) (< xamarinwatchos)
      System.Runtime (>= 4.3) - restriction: && (< monoandroid) (< monotouch) (< net46) (>= netstandard1.3) (< xamarinios) (< xamarinmac) (< xamarintvos) (< xamarinwatchos)
    System.Diagnostics.Tools (4.3) - restriction: || (&& (< net45) (< netstandard1.2) (>= netstandard1.6) (< win8)) (&& (< net45) (< netstandard1.3) (>= netstandard1.6) (< win8) (< wpa81)) (&& (< net45) (< netstandard1.4) (>= netstandard1.6) (< win8) (< wpa81)) (&& (< net45) (< netstandard1.5) (>= netstandard1.6) (< win8) (< wpa81)) (&& (< net45) (>= netstandard1.6) (< netstandard2.0) (< win8) (< wpa81)) (>= netcoreapp2.2) (&& (< netstandard1.5) (>= netstandard1.6) (>= uap10.0)) (&& (>= netstandard1.6) (< portable-net45+win8+wpa81))
      Microsoft.NETCore.Platforms (>= 1.1) - restriction: && (< monoandroid) (< monotouch) (< net45) (>= netstandard1.0) (< win8) (< wp8) (< wpa81) (< xamarinios) (< xamarinmac) (< xamarintvos) (< xamarinwatchos)
      Microsoft.NETCore.Targets (>= 1.1) - restriction: && (< monoandroid) (< monotouch) (< net45) (>= netstandard1.0) (< win8) (< wp8) (< wpa81) (< xamarinios) (< xamarinmac) (< xamarintvos) (< xamarinwatchos)
      System.Runtime (>= 4.3) - restriction: && (< monoandroid) (< monotouch) (< net45) (>= netstandard1.0) (< win8) (< wp8) (< wpa81) (< xamarinios) (< xamarinmac) (< xamarintvos) (< xamarinwatchos)
    System.Diagnostics.Tracing (4.3) - restriction: || (&& (< monoandroid) (>= netcoreapp2.2) (< netstandard1.6)) (&& (< net45) (>= net46) (< netstandard1.4) (>= netstandard1.6)) (&& (< net45) (< netstandard1.2) (>= netstandard1.6) (< win8)) (&& (< net45) (< netstandard1.3) (>= netstandard1.6) (< win8) (< wpa81)) (&& (< net45) (< netstandard1.4) (>= netstandard1.6) (< win8) (< wpa81)) (&& (< net45) (< netstandard1.5) (>= netstandard1.6) (< win8) (< wpa81)) (&& (< net45) (>= netstandard1.6) (< netstandard2.0) (< win8) (< wpa81)) (&& (>= netcoreapp2.2) (< xamarinios) (< xamarinmac) (< xamarintvos) (< xamarinwatchos)) (&& (< netstandard1.5) (>= netstandard1.6) (>= uap10.0))
      Microsoft.NETCore.Platforms (>= 1.1) - restriction: || (&& (< monoandroid) (< net45) (>= netstandard1.1) (< netstandard1.2) (< win8)) (&& (< monoandroid) (< net45) (>= netstandard1.2) (< netstandard1.3) (< win8) (< wpa81)) (&& (< monoandroid) (< net45) (>= netstandard1.3) (< netstandard1.5) (< win8) (< wpa81)) (&& (< monotouch) (< net45) (>= netstandard1.5) (< win8) (< wpa81) (< xamarinios) (< xamarinmac) (< xamarintvos) (< xamarinwatchos))
      Microsoft.NETCore.Targets (>= 1.1) - restriction: || (&& (< monoandroid) (< net45) (>= netstandard1.1) (< netstandard1.2) (< win8)) (&& (< monoandroid) (< net45) (>= netstandard1.2) (< netstandard1.3) (< win8) (< wpa81)) (&& (< monoandroid) (< net45) (>= netstandard1.3) (< netstandard1.5) (< win8) (< wpa81)) (&& (< monotouch) (< net45) (>= netstandard1.5) (< win8) (< wpa81) (< xamarinios) (< xamarinmac) (< xamarintvos) (< xamarinwatchos))
      System.Runtime (>= 4.3) - restriction: || (&& (< monoandroid) (< net45) (>= netstandard1.1) (< netstandard1.2) (< win8)) (&& (< monoandroid) (< net45) (>= netstandard1.2) (< netstandard1.3) (< win8) (< wpa81)) (&& (< monoandroid) (< net45) (>= netstandard1.3) (< netstandard1.5) (< win8) (< wpa81)) (&& (< monotouch) (< net45) (>= netstandard1.5) (< win8) (< wpa81) (< xamarinios) (< xamarinmac) (< xamarintvos) (< xamarinwatchos))
    System.Drawing.Common (6.0) - restriction: >= net6.0
      Microsoft.Win32.SystemEvents (>= 6.0) - restriction: >= netcoreapp3.1
    System.Dynamic.Runtime (4.3) - restriction: && (< monoandroid8.1) (>= netcoreapp2.2) (< xamarinios)
      System.Collections (>= 4.3) - restriction: && (< monoandroid) (< monotouch) (< net45) (>= netstandard1.3) (< win8) (< wpa81) (< xamarinios) (< xamarinmac) (< xamarintvos) (< xamarinwatchos)
      System.Diagnostics.Debug (>= 4.3) - restriction: && (< monoandroid) (< monotouch) (< net45) (>= netstandard1.3) (< win8) (< wpa81) (< xamarinios) (< xamarinmac) (< xamarintvos) (< xamarinwatchos)
      System.Linq (>= 4.3) - restriction: && (< monoandroid) (< monotouch) (< net45) (>= netstandard1.3) (< win8) (< wpa81) (< xamarinios) (< xamarinmac) (< xamarintvos) (< xamarinwatchos)
      System.Linq.Expressions (>= 4.3) - restriction: || (&& (< monoandroid) (< monotouch) (< net45) (>= netstandard1.3) (< win8) (< wpa81) (< xamarinios) (< xamarinmac) (< xamarintvos) (< xamarinwatchos)) (&& (< monoandroid) (< net45) (>= netstandard1.0) (< netstandard1.3) (< win8) (< wp8) (< wpa81))
      System.ObjectModel (>= 4.3) - restriction: || (&& (< monoandroid) (< monotouch) (< net45) (>= netstandard1.3) (< win8) (< wpa81) (< xamarinios) (< xamarinmac) (< xamarintvos) (< xamarinwatchos)) (&& (< monoandroid) (< net45) (>= netstandard1.0) (< netstandard1.3) (< win8) (< wp8) (< wpa81))
      System.Reflection (>= 4.3) - restriction: || (&& (< monoandroid) (< monotouch) (< net45) (>= netstandard1.3) (< win8) (< wpa81) (< xamarinios) (< xamarinmac) (< xamarintvos) (< xamarinwatchos)) (&& (< monoandroid) (< net45) (>= netstandard1.0) (< netstandard1.3) (< win8) (< wp8) (< wpa81))
      System.Reflection.Emit (>= 4.3) - restriction: && (< monoandroid) (< monotouch) (< net45) (>= netstandard1.3) (< win8) (< wpa81) (< xamarinios) (< xamarinmac) (< xamarintvos) (< xamarinwatchos)
      System.Reflection.Emit.ILGeneration (>= 4.3) - restriction: && (< monoandroid) (< monotouch) (< net45) (>= netstandard1.3) (< win8) (< wpa81) (< xamarinios) (< xamarinmac) (< xamarintvos) (< xamarinwatchos)
      System.Reflection.Primitives (>= 4.3) - restriction: && (< monoandroid) (< monotouch) (< net45) (>= netstandard1.3) (< win8) (< wpa81) (< xamarinios) (< xamarinmac) (< xamarintvos) (< xamarinwatchos)
      System.Reflection.TypeExtensions (>= 4.3) - restriction: && (< monoandroid) (< monotouch) (< net45) (>= netstandard1.3) (< win8) (< wpa81) (< xamarinios) (< xamarinmac) (< xamarintvos) (< xamarinwatchos)
      System.Resources.ResourceManager (>= 4.3) - restriction: && (< monoandroid) (< monotouch) (< net45) (>= netstandard1.3) (< win8) (< wpa81) (< xamarinios) (< xamarinmac) (< xamarintvos) (< xamarinwatchos)
      System.Runtime (>= 4.3) - restriction: || (&& (< monoandroid) (< monotouch) (< net45) (>= netstandard1.3) (< win8) (< wpa81) (< xamarinios) (< xamarinmac) (< xamarintvos) (< xamarinwatchos)) (&& (< monoandroid) (< net45) (>= netstandard1.0) (< netstandard1.3) (< win8) (< wp8) (< wpa81))
      System.Runtime.Extensions (>= 4.3) - restriction: && (< monoandroid) (< monotouch) (< net45) (>= netstandard1.3) (< win8) (< wpa81) (< xamarinios) (< xamarinmac) (< xamarintvos) (< xamarinwatchos)
      System.Threading (>= 4.3) - restriction: && (< monoandroid) (< monotouch) (< net45) (>= netstandard1.3) (< win8) (< wpa81) (< xamarinios) (< xamarinmac) (< xamarintvos) (< xamarinwatchos)
    System.Formats.Asn1 (6.0) - restriction: || (>= netcoreapp2.2) (&& (>= netcoreapp3.0) (< xamarinios) (< xamarinmac) (< xamarintvos) (< xamarinwatchos))
      System.Buffers (>= 4.5.1) - restriction: || (>= net461) (&& (< net6.0) (>= netstandard2.0))
      System.Memory (>= 4.5.4) - restriction: || (>= net461) (&& (< net6.0) (>= netstandard2.0))
    System.Globalization (4.3) - restriction: || (&& (< monoandroid) (< monotouch) (< net45) (>= netstandard1.3) (< netstandard2.0) (< xamarintvos) (< xamarinwatchos)) (&& (< monoandroid) (>= netcoreapp2.2) (< netstandard1.5)) (&& (< net45) (>= net46) (< netstandard1.4) (>= netstandard1.6)) (&& (< net45) (< netstandard1.2) (>= netstandard1.6) (< win8)) (&& (< net45) (< netstandard1.3) (>= netstandard1.6) (< win8) (< wpa81)) (&& (< net45) (< netstandard1.4) (>= netstandard1.6) (< win8) (< wpa81)) (&& (< net45) (< netstandard1.5) (>= netstandard1.6) (< win8) (< wpa81)) (&& (< net45) (>= netstandard1.6) (< netstandard2.0) (< win8) (< wpa81)) (&& (>= netcoreapp2.2) (< xamarinios) (< xamarinmac) (< xamarintvos) (< xamarinwatchos)) (&& (< netstandard1.5) (>= netstandard1.6) (>= uap10.0)) (&& (>= netstandard1.6) (< portable-net45+win8+wpa81))
      Microsoft.NETCore.Platforms (>= 1.1) - restriction: || (&& (< monoandroid) (< monotouch) (< net45) (>= netstandard1.3) (< win8) (< wpa81) (< xamarinios) (< xamarinmac) (< xamarintvos) (< xamarinwatchos)) (&& (< monoandroid) (< net45) (>= netstandard1.0) (< netstandard1.3) (< win8) (< wp8) (< wpa81))
      Microsoft.NETCore.Targets (>= 1.1) - restriction: || (&& (< monoandroid) (< monotouch) (< net45) (>= netstandard1.3) (< win8) (< wpa81) (< xamarinios) (< xamarinmac) (< xamarintvos) (< xamarinwatchos)) (&& (< monoandroid) (< net45) (>= netstandard1.0) (< netstandard1.3) (< win8) (< wp8) (< wpa81))
      System.Runtime (>= 4.3) - restriction: || (&& (< monoandroid) (< monotouch) (< net45) (>= netstandard1.3) (< win8) (< wpa81) (< xamarinios) (< xamarinmac) (< xamarintvos) (< xamarinwatchos)) (&& (< monoandroid) (< net45) (>= netstandard1.0) (< netstandard1.3) (< win8) (< wp8) (< wpa81))
    System.Globalization.Calendars (4.3) - restriction: || (&& (< net45) (< netstandard1.4) (>= netstandard1.6) (< win8) (< wpa81)) (&& (< net45) (< netstandard1.5) (>= netstandard1.6) (< win8) (< wpa81)) (&& (< net45) (>= netstandard1.6) (< netstandard2.0) (< win8) (< wpa81)) (&& (>= net46) (< netstandard1.4) (>= netstandard1.6)) (&& (< netstandard1.5) (>= netstandard1.6) (>= uap10.0))
      Microsoft.NETCore.Platforms (>= 1.1) - restriction: && (< monoandroid) (< monotouch) (< net46) (>= netstandard1.3) (< xamarinios) (< xamarinmac) (< xamarintvos) (< xamarinwatchos)
      Microsoft.NETCore.Targets (>= 1.1) - restriction: && (< monoandroid) (< monotouch) (< net46) (>= netstandard1.3) (< xamarinios) (< xamarinmac) (< xamarintvos) (< xamarinwatchos)
      System.Globalization (>= 4.3) - restriction: && (< monoandroid) (< monotouch) (< net46) (>= netstandard1.3) (< xamarinios) (< xamarinmac) (< xamarintvos) (< xamarinwatchos)
      System.Runtime (>= 4.3) - restriction: && (< monoandroid) (< monotouch) (< net46) (>= netstandard1.3) (< xamarinios) (< xamarinmac) (< xamarintvos) (< xamarinwatchos)
    System.Globalization.Extensions (4.3) - restriction: || (&& (< monotouch) (< net45) (>= netstandard1.6) (< netstandard2.0) (< win8) (< wpa81) (< xamarintvos) (< xamarinwatchos)) (&& (< net45) (>= net46) (< netstandard1.4) (>= netstandard1.6)) (&& (< net45) (< netstandard1.2) (>= netstandard1.6) (< win8)) (&& (< net45) (< netstandard1.3) (>= netstandard1.6) (< win8) (< wpa81)) (&& (< net45) (< netstandard1.4) (>= netstandard1.6) (< win8) (< wpa81)) (&& (< net45) (< netstandard1.5) (>= netstandard1.6) (< win8) (< wpa81)) (&& (>= netcoreapp2.2) (< xamarinios) (< xamarinmac) (< xamarintvos) (< xamarinwatchos)) (&& (< netstandard1.5) (>= netstandard1.6) (>= uap10.0))
      Microsoft.NETCore.Platforms (>= 1.1) - restriction: && (< monoandroid) (< monotouch) (< net46) (>= netstandard1.3) (< xamarinios) (< xamarinmac) (< xamarintvos) (< xamarinwatchos)
      System.Globalization (>= 4.3) - restriction: && (< monoandroid) (< monotouch) (< net46) (>= netstandard1.3) (< xamarinios) (< xamarinmac) (< xamarintvos) (< xamarinwatchos)
      System.Resources.ResourceManager (>= 4.3) - restriction: && (< monoandroid) (< monotouch) (< net46) (>= netstandard1.3) (< xamarinios) (< xamarinmac) (< xamarintvos) (< xamarinwatchos)
      System.Runtime (>= 4.3) - restriction: && (< monoandroid) (< monotouch) (< net46) (>= netstandard1.3) (< xamarinios) (< xamarinmac) (< xamarintvos) (< xamarinwatchos)
      System.Runtime.Extensions (>= 4.3) - restriction: && (< monoandroid) (< monotouch) (< net46) (>= netstandard1.3) (< xamarinios) (< xamarinmac) (< xamarintvos) (< xamarinwatchos)
      System.Runtime.InteropServices (>= 4.3) - restriction: && (< monoandroid) (< monotouch) (< net46) (>= netstandard1.3) (< xamarinios) (< xamarinmac) (< xamarintvos) (< xamarinwatchos)
    System.IdentityModel.Tokens.Jwt (6.15.1) - restriction: >= net6.0
      Microsoft.IdentityModel.JsonWebTokens (>= 6.15.1) - restriction: || (&& (>= net45) (< netstandard2.0)) (&& (< net45) (>= netstandard2.0)) (>= net461)
      Microsoft.IdentityModel.Tokens (>= 6.15.1) - restriction: || (&& (>= net45) (< netstandard2.0)) (&& (< net45) (>= netstandard2.0)) (>= net461)
    System.IO (4.3) - restriction: || (&& (< monoandroid) (>= netcoreapp2.2) (< netstandard1.3)) (&& (< monoandroid) (>= netcoreapp2.2) (< netstandard1.4)) (&& (< net45) (>= net46) (< netstandard1.3) (>= netstandard1.6)) (&& (< net45) (>= net46) (< netstandard1.4) (>= netstandard1.6)) (&& (< net45) (< netstandard1.2) (>= netstandard1.6) (< win8)) (&& (< net45) (< netstandard1.3) (>= netstandard1.6) (< win8) (< wpa81)) (&& (< net45) (< netstandard1.4) (>= netstandard1.6) (< win8) (< wpa81)) (&& (< net45) (< netstandard1.5) (>= netstandard1.6) (< win8) (< wpa81)) (&& (< net45) (>= netstandard1.6) (< netstandard2.0) (< win8) (< wpa81)) (>= net6.0) (&& (>= netcoreapp2.2) (>= uap10.0)) (&& (>= netcoreapp2.2) (< xamarinios) (< xamarinmac) (< xamarintvos) (< xamarinwatchos)) (&& (< netstandard1.3) (>= netstandard1.6) (>= uap10.0) (< win8) (< wpa81)) (&& (< netstandard1.5) (>= netstandard1.6) (>= uap10.0)) (&& (>= netstandard1.6) (< portable-net45+win8+wpa81))
      Microsoft.NETCore.Platforms (>= 1.1) - restriction: || (&& (< monoandroid) (< net45) (>= netstandard1.0) (< netstandard1.3) (< win8) (< wp8) (< wpa81)) (&& (< monoandroid) (< net45) (>= netstandard1.3) (< netstandard1.5) (< win8) (< wpa81)) (&& (< monotouch) (< net45) (>= netstandard1.5) (< win8) (< wpa81) (< xamarinios) (< xamarinmac) (< xamarintvos) (< xamarinwatchos))
      Microsoft.NETCore.Targets (>= 1.1) - restriction: || (&& (< monoandroid) (< net45) (>= netstandard1.0) (< netstandard1.3) (< win8) (< wp8) (< wpa81)) (&& (< monoandroid) (< net45) (>= netstandard1.3) (< netstandard1.5) (< win8) (< wpa81)) (&& (< monotouch) (< net45) (>= netstandard1.5) (< win8) (< wpa81) (< xamarinios) (< xamarinmac) (< xamarintvos) (< xamarinwatchos))
      System.Runtime (>= 4.3) - restriction: || (&& (< monoandroid) (< net45) (>= netstandard1.0) (< netstandard1.3) (< win8) (< wp8) (< wpa81)) (&& (< monoandroid) (< net45) (>= netstandard1.3) (< netstandard1.5) (< win8) (< wpa81)) (&& (< monotouch) (< net45) (>= netstandard1.5) (< win8) (< wpa81) (< xamarinios) (< xamarinmac) (< xamarintvos) (< xamarinwatchos))
      System.Text.Encoding (>= 4.3) - restriction: || (&& (< monoandroid) (< net45) (>= netstandard1.0) (< netstandard1.3) (< win8) (< wp8) (< wpa81)) (&& (< monoandroid) (< net45) (>= netstandard1.3) (< netstandard1.5) (< win8) (< wpa81)) (&& (< monotouch) (< net45) (>= netstandard1.5) (< win8) (< wpa81) (< xamarinios) (< xamarinmac) (< xamarintvos) (< xamarinwatchos))
      System.Threading.Tasks (>= 4.3) - restriction: || (&& (< monoandroid) (< net45) (>= netstandard1.0) (< netstandard1.3) (< win8) (< wp8) (< wpa81)) (&& (< monoandroid) (< net45) (>= netstandard1.3) (< netstandard1.5) (< win8) (< wpa81)) (&& (< monotouch) (< net45) (>= netstandard1.5) (< win8) (< wpa81) (< xamarinios) (< xamarinmac) (< xamarintvos) (< xamarinwatchos))
    System.IO.Compression (4.3) - restriction: || (&& (< net45) (< netstandard1.2) (>= netstandard1.6) (< win8)) (&& (< net45) (< netstandard1.3) (>= netstandard1.6) (< win8) (< wpa81)) (&& (< net45) (< netstandard1.4) (>= netstandard1.6) (< win8) (< wpa81)) (&& (< net45) (< netstandard1.5) (>= netstandard1.6) (< win8) (< wpa81)) (&& (< net45) (>= netstandard1.6) (< netstandard2.0) (< win8) (< wpa81)) (&& (>= net46) (< netstandard1.4) (>= netstandard1.6)) (>= netcoreapp2.2) (&& (< netstandard1.5) (>= netstandard1.6) (>= uap10.0))
      Microsoft.NETCore.Platforms (>= 1.1) - restriction: && (< monoandroid) (< monotouch) (< net45) (>= netstandard1.3) (< win8) (< wpa81) (< xamarinios) (< xamarinmac) (< xamarintvos) (< xamarinwatchos)
      runtime.native.System (>= 4.3) - restriction: && (< monoandroid) (< monotouch) (< net45) (>= netstandard1.3) (< win8) (< wpa81) (< xamarinios) (< xamarinmac) (< xamarintvos) (< xamarinwatchos)
      runtime.native.System.IO.Compression (>= 4.3) - restriction: && (< monoandroid) (< monotouch) (< net45) (>= netstandard1.3) (< win8) (< wpa81) (< xamarinios) (< xamarinmac) (< xamarintvos) (< xamarinwatchos)
      System.Buffers (>= 4.3) - restriction: && (< monoandroid) (< monotouch) (< net45) (>= netstandard1.3) (< win8) (< wpa81) (< xamarinios) (< xamarinmac) (< xamarintvos) (< xamarinwatchos)
      System.Collections (>= 4.3) - restriction: && (< monoandroid) (< monotouch) (< net45) (>= netstandard1.3) (< win8) (< wpa81) (< xamarinios) (< xamarinmac) (< xamarintvos) (< xamarinwatchos)
      System.Diagnostics.Debug (>= 4.3) - restriction: && (< monoandroid) (< monotouch) (< net45) (>= netstandard1.3) (< win8) (< wpa81) (< xamarinios) (< xamarinmac) (< xamarintvos) (< xamarinwatchos)
      System.IO (>= 4.3) - restriction: || (&& (< monoandroid) (< monotouch) (< net45) (>= netstandard1.3) (< win8) (< wpa81) (< xamarinios) (< xamarinmac) (< xamarintvos) (< xamarinwatchos)) (&& (< monoandroid) (< net45) (>= netstandard1.1) (< netstandard1.3) (< win8) (< wpa81))
      System.Resources.ResourceManager (>= 4.3) - restriction: && (< monoandroid) (< monotouch) (< net45) (>= netstandard1.3) (< win8) (< wpa81) (< xamarinios) (< xamarinmac) (< xamarintvos) (< xamarinwatchos)
      System.Runtime (>= 4.3) - restriction: || (&& (< monoandroid) (< monotouch) (< net45) (>= netstandard1.3) (< win8) (< wpa81) (< xamarinios) (< xamarinmac) (< xamarintvos) (< xamarinwatchos)) (&& (< monoandroid) (< net45) (>= netstandard1.1) (< netstandard1.3) (< win8) (< wpa81))
      System.Runtime.Extensions (>= 4.3) - restriction: && (< monoandroid) (< monotouch) (< net45) (>= netstandard1.3) (< win8) (< wpa81) (< xamarinios) (< xamarinmac) (< xamarintvos) (< xamarinwatchos)
      System.Runtime.Handles (>= 4.3) - restriction: && (< monoandroid) (< monotouch) (< net45) (>= netstandard1.3) (< win8) (< wpa81) (< xamarinios) (< xamarinmac) (< xamarintvos) (< xamarinwatchos)
      System.Runtime.InteropServices (>= 4.3) - restriction: && (< monoandroid) (< monotouch) (< net45) (>= netstandard1.3) (< win8) (< wpa81) (< xamarinios) (< xamarinmac) (< xamarintvos) (< xamarinwatchos)
      System.Text.Encoding (>= 4.3) - restriction: || (&& (< monoandroid) (< monotouch) (< net45) (>= netstandard1.3) (< win8) (< wpa81) (< xamarinios) (< xamarinmac) (< xamarintvos) (< xamarinwatchos)) (&& (< monoandroid) (< net45) (>= netstandard1.1) (< netstandard1.3) (< win8) (< wpa81))
      System.Threading (>= 4.3) - restriction: && (< monoandroid) (< monotouch) (< net45) (>= netstandard1.3) (< win8) (< wpa81) (< xamarinios) (< xamarinmac) (< xamarintvos) (< xamarinwatchos)
      System.Threading.Tasks (>= 4.3) - restriction: && (< monoandroid) (< monotouch) (< net45) (>= netstandard1.3) (< win8) (< wpa81) (< xamarinios) (< xamarinmac) (< xamarintvos) (< xamarinwatchos)
    System.IO.Compression.ZipFile (4.3) - restriction: || (&& (< net45) (< netstandard1.4) (>= netstandard1.6) (< win8) (< wpa81)) (&& (< net45) (< netstandard1.5) (>= netstandard1.6) (< win8) (< wpa81)) (&& (< net45) (>= netstandard1.6) (< netstandard2.0) (< win8) (< wpa81)) (&& (>= net46) (< netstandard1.4) (>= netstandard1.6)) (&& (< netstandard1.5) (>= netstandard1.6) (>= uap10.0))
      System.Buffers (>= 4.3) - restriction: && (< monoandroid) (< monotouch) (< net46) (>= netstandard1.3) (< xamarinios) (< xamarinmac) (< xamarintvos) (< xamarinwatchos)
      System.IO (>= 4.3) - restriction: && (< monoandroid) (< monotouch) (< net46) (>= netstandard1.3) (< xamarinios) (< xamarinmac) (< xamarintvos) (< xamarinwatchos)
      System.IO.Compression (>= 4.3) - restriction: && (< monoandroid) (< monotouch) (< net46) (>= netstandard1.3) (< xamarinios) (< xamarinmac) (< xamarintvos) (< xamarinwatchos)
      System.IO.FileSystem (>= 4.3) - restriction: && (< monoandroid) (< monotouch) (< net46) (>= netstandard1.3) (< xamarinios) (< xamarinmac) (< xamarintvos) (< xamarinwatchos)
      System.IO.FileSystem.Primitives (>= 4.3) - restriction: && (< monoandroid) (< monotouch) (< net46) (>= netstandard1.3) (< xamarinios) (< xamarinmac) (< xamarintvos) (< xamarinwatchos)
      System.Resources.ResourceManager (>= 4.3) - restriction: && (< monoandroid) (< monotouch) (< net46) (>= netstandard1.3) (< xamarinios) (< xamarinmac) (< xamarintvos) (< xamarinwatchos)
      System.Runtime (>= 4.3) - restriction: && (< monoandroid) (< monotouch) (< net46) (>= netstandard1.3) (< xamarinios) (< xamarinmac) (< xamarintvos) (< xamarinwatchos)
      System.Runtime.Extensions (>= 4.3) - restriction: && (< monoandroid) (< monotouch) (< net46) (>= netstandard1.3) (< xamarinios) (< xamarinmac) (< xamarintvos) (< xamarinwatchos)
      System.Text.Encoding (>= 4.3) - restriction: && (< monoandroid) (< monotouch) (< net46) (>= netstandard1.3) (< xamarinios) (< xamarinmac) (< xamarintvos) (< xamarinwatchos)
    System.IO.FileSystem (4.3) - restriction: || (&& (< net45) (< netstandard1.2) (>= netstandard1.6) (< win8)) (&& (< net45) (< netstandard1.3) (>= netstandard1.6) (< win8) (< wpa81)) (&& (< net45) (< netstandard1.4) (>= netstandard1.6) (< win8) (< wpa81)) (&& (< net45) (< netstandard1.5) (>= netstandard1.6) (< win8) (< wpa81)) (&& (< net45) (>= netstandard1.6) (< netstandard2.0) (< win8) (< wpa81)) (&& (>= net46) (< netstandard1.4) (>= netstandard1.6)) (>= netcoreapp2.2) (&& (< netstandard1.5) (>= netstandard1.6) (>= uap10.0))
      Microsoft.NETCore.Platforms (>= 1.1) - restriction: && (< monoandroid) (< monotouch) (< net46) (>= netstandard1.3) (< xamarinios) (< xamarinmac) (< xamarintvos) (< xamarinwatchos)
      Microsoft.NETCore.Targets (>= 1.1) - restriction: && (< monoandroid) (< monotouch) (< net46) (>= netstandard1.3) (< xamarinios) (< xamarinmac) (< xamarintvos) (< xamarinwatchos)
      System.IO (>= 4.3) - restriction: && (< monoandroid) (< monotouch) (< net46) (>= netstandard1.3) (< xamarinios) (< xamarinmac) (< xamarintvos) (< xamarinwatchos)
      System.IO.FileSystem.Primitives (>= 4.3) - restriction: || (&& (< monoandroid) (< monotouch) (>= netstandard1.3) (< xamarinios) (< xamarinmac) (< xamarintvos) (< xamarinwatchos)) (>= net46)
      System.Runtime (>= 4.3) - restriction: && (< monoandroid) (< monotouch) (< net46) (>= netstandard1.3) (< xamarinios) (< xamarinmac) (< xamarintvos) (< xamarinwatchos)
      System.Runtime.Handles (>= 4.3) - restriction: && (< monoandroid) (< monotouch) (< net46) (>= netstandard1.3) (< xamarinios) (< xamarinmac) (< xamarintvos) (< xamarinwatchos)
      System.Text.Encoding (>= 4.3) - restriction: && (< monoandroid) (< monotouch) (< net46) (>= netstandard1.3) (< xamarinios) (< xamarinmac) (< xamarintvos) (< xamarinwatchos)
      System.Threading.Tasks (>= 4.3) - restriction: && (< monoandroid) (< monotouch) (< net46) (>= netstandard1.3) (< xamarinios) (< xamarinmac) (< xamarintvos) (< xamarinwatchos)
    System.IO.FileSystem.AccessControl (5.0) - restriction: >= netcoreapp2.2
      System.Buffers (>= 4.5.1) - restriction: || (&& (>= monoandroid) (< netstandard1.3)) (>= monotouch) (&& (< net46) (< netcoreapp2.0) (>= netstandard2.0)) (>= xamarinios) (>= xamarinmac) (>= xamarintvos) (>= xamarinwatchos)
      System.Security.AccessControl (>= 5.0) - restriction: || (&& (>= monoandroid) (< netstandard1.3)) (&& (< monoandroid) (< net46) (>= netstandard1.3) (< netstandard2.0)) (&& (< monoandroid) (>= netcoreapp2.0)) (>= monotouch) (&& (>= net46) (< netstandard2.0)) (&& (< net46) (< netcoreapp2.0) (>= netstandard2.0)) (>= net461) (>= netcoreapp2.1) (>= uap10.1) (>= xamarinios) (>= xamarinmac) (>= xamarintvos) (>= xamarinwatchos)
      System.Security.Principal.Windows (>= 5.0) - restriction: || (&& (>= monoandroid) (< netstandard1.3)) (&& (< monoandroid) (< net46) (>= netstandard1.3) (< netstandard2.0)) (&& (< monoandroid) (>= netcoreapp2.0)) (>= monotouch) (&& (>= net46) (< netstandard2.0)) (&& (< net46) (< netcoreapp2.0) (>= netstandard2.0)) (>= net461) (>= netcoreapp2.1) (>= uap10.1) (>= xamarinios) (>= xamarinmac) (>= xamarintvos) (>= xamarinwatchos)
    System.IO.FileSystem.Primitives (4.3) - restriction: || (&& (< net45) (< netstandard1.4) (>= netstandard1.6) (< win8) (< wpa81)) (&& (< net45) (< netstandard1.5) (>= netstandard1.6) (< win8) (< wpa81)) (&& (< net45) (>= netstandard1.6) (< netstandard2.0) (< win8) (< wpa81)) (&& (>= net46) (< netstandard1.4) (>= netstandard1.6)) (&& (>= netcoreapp2.2) (< xamarinios) (< xamarinmac) (< xamarintvos) (< xamarinwatchos)) (&& (< netstandard1.5) (>= netstandard1.6) (>= uap10.0))
      System.Runtime (>= 4.3) - restriction: && (< monoandroid) (< monotouch) (< net46) (>= netstandard1.3) (< xamarinios) (< xamarinmac) (< xamarintvos) (< xamarinwatchos)
    System.IO.Pipelines (6.0.1) - restriction: >= netcoreapp2.2
      System.Buffers (>= 4.5.1) - restriction: || (>= net461) (&& (< netcoreapp3.1) (>= netstandard2.0))
      System.Memory (>= 4.5.4) - restriction: || (>= net461) (&& (< netcoreapp3.1) (>= netstandard2.0))
      System.Threading.Tasks.Extensions (>= 4.5.4) - restriction: || (>= net461) (&& (< netcoreapp3.1) (>= netstandard2.0))
    System.Linq (4.3) - restriction: || (&& (< net45) (< netstandard1.2) (>= netstandard1.6) (< win8)) (&& (< net45) (< netstandard1.3) (>= netstandard1.6) (< win8) (< wpa81)) (&& (< net45) (< netstandard1.4) (>= netstandard1.6) (< win8) (< wpa81)) (&& (< net45) (< netstandard1.5) (>= netstandard1.6) (< win8) (< wpa81)) (&& (< net45) (>= netstandard1.6) (< netstandard2.0) (< win8) (< wpa81)) (>= netcoreapp2.2) (&& (< netstandard1.5) (>= netstandard1.6) (>= uap10.0)) (&& (>= netstandard1.6) (< portable-net45+win8+wpa81))
      System.Collections (>= 4.3) - restriction: || (&& (< monoandroid) (< net45) (>= netstandard1.0) (< netstandard1.6) (< win8) (< wp8) (< wpa81)) (&& (< monotouch) (< net45) (>= netstandard1.6) (< xamarinios) (< xamarinmac) (< xamarintvos) (< xamarinwatchos))
      System.Diagnostics.Debug (>= 4.3) - restriction: && (< monotouch) (< net45) (>= netstandard1.6) (< xamarinios) (< xamarinmac) (< xamarintvos) (< xamarinwatchos)
      System.Resources.ResourceManager (>= 4.3) - restriction: && (< monotouch) (< net45) (>= netstandard1.6) (< xamarinios) (< xamarinmac) (< xamarintvos) (< xamarinwatchos)
      System.Runtime (>= 4.3) - restriction: || (&& (< monoandroid) (< net45) (>= netstandard1.0) (< netstandard1.6) (< win8) (< wp8) (< wpa81)) (&& (< monotouch) (< net45) (>= netstandard1.6) (< xamarinios) (< xamarinmac) (< xamarintvos) (< xamarinwatchos))
      System.Runtime.Extensions (>= 4.3) - restriction: && (< monotouch) (< net45) (>= netstandard1.6) (< xamarinios) (< xamarinmac) (< xamarintvos) (< xamarinwatchos)
    System.Linq.Expressions (4.3) - restriction: || (&& (< monoandroid) (>= netcoreapp2.2) (< netstandard1.3)) (&& (< monoandroid) (>= netcoreapp2.2) (< xamarinios) (< xamarinmac) (< xamarintvos) (< xamarinwatchos)) (&& (< net45) (< netstandard1.2) (>= netstandard1.6) (< win8)) (&& (< net45) (< netstandard1.3) (>= netstandard1.6) (< win8) (< wpa81)) (&& (< net45) (< netstandard1.4) (>= netstandard1.6) (< win8) (< wpa81)) (&& (< net45) (< netstandard1.5) (>= netstandard1.6) (< win8) (< wpa81)) (&& (< net45) (>= netstandard1.6) (< netstandard2.0) (< win8) (< wpa81)) (&& (< netstandard1.5) (>= netstandard1.6) (>= uap10.0)) (&& (>= netstandard1.6) (< portable-net45+win8+wpa81))
      System.Collections (>= 4.3) - restriction: && (< monotouch) (< net45) (>= netstandard1.6) (< xamarinios) (< xamarinmac) (< xamarintvos) (< xamarinwatchos)
      System.Diagnostics.Debug (>= 4.3) - restriction: && (< monotouch) (< net45) (>= netstandard1.6) (< xamarinios) (< xamarinmac) (< xamarintvos) (< xamarinwatchos)
      System.Globalization (>= 4.3) - restriction: && (< monotouch) (< net45) (>= netstandard1.6) (< xamarinios) (< xamarinmac) (< xamarintvos) (< xamarinwatchos)
      System.IO (>= 4.3) - restriction: && (< monotouch) (< net45) (>= netstandard1.6) (< xamarinios) (< xamarinmac) (< xamarintvos) (< xamarinwatchos)
      System.Linq (>= 4.3) - restriction: && (< monotouch) (< net45) (>= netstandard1.6) (< xamarinios) (< xamarinmac) (< xamarintvos) (< xamarinwatchos)
      System.ObjectModel (>= 4.3) - restriction: && (< monotouch) (< net45) (>= netstandard1.6) (< xamarinios) (< xamarinmac) (< xamarintvos) (< xamarinwatchos)
      System.Reflection (>= 4.3) - restriction: || (&& (< monoandroid) (< net45) (>= netstandard1.0) (< netstandard1.3) (< win8) (< wp8) (< wpa81)) (&& (< monoandroid) (< net45) (>= netstandard1.3) (< netstandard1.6) (< win8) (< wpa81)) (&& (< monotouch) (< net45) (>= netstandard1.6) (< xamarinios) (< xamarinmac) (< xamarintvos) (< xamarinwatchos))
      System.Reflection.Emit (>= 4.3) - restriction: && (< monotouch) (< net45) (>= netstandard1.6) (< xamarinios) (< xamarinmac) (< xamarintvos) (< xamarinwatchos)
      System.Reflection.Emit.ILGeneration (>= 4.3) - restriction: && (< monotouch) (< net45) (>= netstandard1.6) (< xamarinios) (< xamarinmac) (< xamarintvos) (< xamarinwatchos)
      System.Reflection.Emit.Lightweight (>= 4.3) - restriction: && (< monotouch) (< net45) (>= netstandard1.6) (< xamarinios) (< xamarinmac) (< xamarintvos) (< xamarinwatchos)
      System.Reflection.Extensions (>= 4.3) - restriction: && (< monotouch) (< net45) (>= netstandard1.6) (< xamarinios) (< xamarinmac) (< xamarintvos) (< xamarinwatchos)
      System.Reflection.Primitives (>= 4.3) - restriction: && (< monotouch) (< net45) (>= netstandard1.6) (< xamarinios) (< xamarinmac) (< xamarintvos) (< xamarinwatchos)
      System.Reflection.TypeExtensions (>= 4.3) - restriction: && (< monotouch) (< net45) (>= netstandard1.6) (< xamarinios) (< xamarinmac) (< xamarintvos) (< xamarinwatchos)
      System.Resources.ResourceManager (>= 4.3) - restriction: && (< monotouch) (< net45) (>= netstandard1.6) (< xamarinios) (< xamarinmac) (< xamarintvos) (< xamarinwatchos)
      System.Runtime (>= 4.3) - restriction: || (&& (< monoandroid) (< net45) (>= netstandard1.0) (< netstandard1.3) (< win8) (< wp8) (< wpa81)) (&& (< monoandroid) (< net45) (>= netstandard1.3) (< netstandard1.6) (< win8) (< wpa81)) (&& (< monotouch) (< net45) (>= netstandard1.6) (< xamarinios) (< xamarinmac) (< xamarintvos) (< xamarinwatchos))
      System.Runtime.Extensions (>= 4.3) - restriction: && (< monotouch) (< net45) (>= netstandard1.6) (< xamarinios) (< xamarinmac) (< xamarintvos) (< xamarinwatchos)
      System.Threading (>= 4.3) - restriction: && (< monotouch) (< net45) (>= netstandard1.6) (< xamarinios) (< xamarinmac) (< xamarintvos) (< xamarinwatchos)
    System.Memory (4.5.4) - restriction: || (&& (>= net461) (>= netcoreapp3.0)) (&& (< net6.0) (>= netcoreapp3.0) (< xamarinios) (< xamarinmac) (< xamarintvos) (< xamarinwatchos)) (>= netstandard2.0)
    System.Memory.Data (6.0) - restriction: >= net6.0
      System.Text.Json (>= 6.0) - restriction: || (>= net461) (>= netstandard2.0)
    System.Net.Http (4.3.4) - restriction: || (&& (< net45) (< netstandard1.2) (>= netstandard1.6) (< win8)) (&& (< net45) (< netstandard1.3) (>= netstandard1.6) (< win8) (< wpa81)) (&& (< net45) (< netstandard1.4) (>= netstandard1.6) (< win8) (< wpa81)) (&& (< net45) (< netstandard1.5) (>= netstandard1.6) (< win8) (< wpa81)) (&& (< net45) (>= netstandard1.6) (< netstandard2.0) (< win8) (< wpa81)) (&& (>= net46) (< netstandard1.4) (>= netstandard1.6)) (>= netcoreapp2.2) (&& (< netstandard1.5) (>= netstandard1.6) (>= uap10.0))
      Microsoft.NETCore.Platforms (>= 1.1.1) - restriction: || (&& (< monoandroid) (< net45) (>= netstandard1.3) (< netstandard1.6) (< win8) (< wpa81)) (&& (< monotouch) (< net45) (>= netstandard1.6) (< xamarinios) (< xamarinmac) (< xamarintvos) (< xamarinwatchos))
      runtime.native.System (>= 4.3) - restriction: && (< monotouch) (< net45) (>= netstandard1.6) (< xamarinios) (< xamarinmac) (< xamarintvos) (< xamarinwatchos)
      runtime.native.System.Net.Http (>= 4.3) - restriction: && (< monotouch) (< net45) (>= netstandard1.6) (< xamarinios) (< xamarinmac) (< xamarintvos) (< xamarinwatchos)
      runtime.native.System.Security.Cryptography.OpenSsl (>= 4.3.2) - restriction: && (< monotouch) (< net45) (>= netstandard1.6) (< xamarinios) (< xamarinmac) (< xamarintvos) (< xamarinwatchos)
      System.Collections (>= 4.3) - restriction: || (&& (< monoandroid) (< net45) (>= netstandard1.3) (< netstandard1.6) (< win8) (< wpa81)) (&& (< monotouch) (< net45) (>= netstandard1.6) (< xamarinios) (< xamarinmac) (< xamarintvos) (< xamarinwatchos))
      System.Diagnostics.Debug (>= 4.3) - restriction: || (&& (< monoandroid) (< net45) (>= netstandard1.3) (< netstandard1.6) (< win8) (< wpa81)) (&& (< monotouch) (< net45) (>= netstandard1.6) (< xamarinios) (< xamarinmac) (< xamarintvos) (< xamarinwatchos))
      System.Diagnostics.DiagnosticSource (>= 4.3) - restriction: || (&& (< monoandroid) (< net45) (>= netstandard1.3) (< netstandard1.6) (< win8) (< wpa81)) (&& (< monotouch) (< net45) (>= netstandard1.6) (< xamarinios) (< xamarinmac) (< xamarintvos) (< xamarinwatchos))
      System.Diagnostics.Tracing (>= 4.3) - restriction: || (&& (< monoandroid) (< net45) (>= netstandard1.3) (< netstandard1.6) (< win8) (< wpa81)) (&& (< monotouch) (< net45) (>= netstandard1.6) (< xamarinios) (< xamarinmac) (< xamarintvos) (< xamarinwatchos))
      System.Globalization (>= 4.3) - restriction: || (&& (< monoandroid) (< net45) (>= netstandard1.3) (< netstandard1.6) (< win8) (< wpa81)) (&& (< monotouch) (< net45) (>= netstandard1.6) (< xamarinios) (< xamarinmac) (< xamarintvos) (< xamarinwatchos))
      System.Globalization.Extensions (>= 4.3) - restriction: && (< monotouch) (< net45) (>= netstandard1.6) (< xamarinios) (< xamarinmac) (< xamarintvos) (< xamarinwatchos)
      System.IO (>= 4.3) - restriction: || (&& (< monoandroid) (< net45) (>= netstandard1.1) (< netstandard1.3) (< win8) (< wpa81)) (&& (< monoandroid) (< net45) (>= netstandard1.3) (< netstandard1.6) (< win8) (< wpa81)) (&& (< monotouch) (< net45) (>= netstandard1.6) (< xamarinios) (< xamarinmac) (< xamarintvos) (< xamarinwatchos))
      System.IO.FileSystem (>= 4.3) - restriction: && (< monotouch) (< net45) (>= netstandard1.6) (< xamarinios) (< xamarinmac) (< xamarintvos) (< xamarinwatchos)
      System.Net.Primitives (>= 4.3) - restriction: || (&& (< monoandroid) (< net45) (>= netstandard1.1) (< netstandard1.3) (< win8) (< wpa81)) (&& (< monoandroid) (< net45) (>= netstandard1.3) (< netstandard1.6) (< win8) (< wpa81)) (&& (< monotouch) (< net45) (>= netstandard1.6) (< xamarinios) (< xamarinmac) (< xamarintvos) (< xamarinwatchos))
      System.Resources.ResourceManager (>= 4.3) - restriction: || (&& (< monoandroid) (< net45) (>= netstandard1.3) (< netstandard1.6) (< win8) (< wpa81)) (&& (< monotouch) (< net45) (>= netstandard1.6) (< xamarinios) (< xamarinmac) (< xamarintvos) (< xamarinwatchos))
      System.Runtime (>= 4.3) - restriction: || (&& (< monoandroid) (< net45) (>= netstandard1.1) (< netstandard1.3) (< win8) (< wpa81)) (&& (< monoandroid) (< net45) (>= netstandard1.3) (< netstandard1.6) (< win8) (< wpa81)) (&& (< monotouch) (< net45) (>= netstandard1.6) (< xamarinios) (< xamarinmac) (< xamarintvos) (< xamarinwatchos))
      System.Runtime.Extensions (>= 4.3) - restriction: || (&& (< monoandroid) (< net45) (>= netstandard1.3) (< netstandard1.6) (< win8) (< wpa81)) (&& (< monotouch) (< net45) (>= netstandard1.6) (< xamarinios) (< xamarinmac) (< xamarintvos) (< xamarinwatchos))
      System.Runtime.Handles (>= 4.3) - restriction: || (&& (< monoandroid) (< net45) (>= netstandard1.3) (< netstandard1.6) (< win8) (< wpa81)) (&& (< monotouch) (< net45) (>= netstandard1.6) (< xamarinios) (< xamarinmac) (< xamarintvos) (< xamarinwatchos))
      System.Runtime.InteropServices (>= 4.3) - restriction: || (&& (< monoandroid) (< net45) (>= netstandard1.3) (< netstandard1.6) (< win8) (< wpa81)) (&& (< monotouch) (< net45) (>= netstandard1.6) (< xamarinios) (< xamarinmac) (< xamarintvos) (< xamarinwatchos))
      System.Security.Cryptography.Algorithms (>= 4.3) - restriction: && (< monotouch) (< net45) (>= netstandard1.6) (< xamarinios) (< xamarinmac) (< xamarintvos) (< xamarinwatchos)
      System.Security.Cryptography.Encoding (>= 4.3) - restriction: || (&& (< monoandroid) (< net45) (>= netstandard1.3) (< netstandard1.6) (< win8) (< wpa81)) (&& (< monotouch) (< net45) (>= netstandard1.6) (< xamarinios) (< xamarinmac) (< xamarintvos) (< xamarinwatchos))
      System.Security.Cryptography.OpenSsl (>= 4.3) - restriction: && (< monotouch) (< net45) (>= netstandard1.6) (< xamarinios) (< xamarinmac) (< xamarintvos) (< xamarinwatchos)
      System.Security.Cryptography.Primitives (>= 4.3) - restriction: && (< monotouch) (< net45) (>= netstandard1.6) (< xamarinios) (< xamarinmac) (< xamarintvos) (< xamarinwatchos)
      System.Security.Cryptography.X509Certificates (>= 4.3) - restriction: || (&& (< monoandroid) (< net45) (>= netstandard1.3) (< netstandard1.6) (< win8) (< wpa81)) (&& (< monotouch) (< net45) (>= netstandard1.6) (< xamarinios) (< xamarinmac) (< xamarintvos) (< xamarinwatchos)) (>= net46)
      System.Text.Encoding (>= 4.3) - restriction: || (&& (< monoandroid) (< net45) (>= netstandard1.1) (< netstandard1.3) (< win8) (< wpa81)) (&& (< monoandroid) (< net45) (>= netstandard1.3) (< netstandard1.6) (< win8) (< wpa81)) (&& (< monotouch) (< net45) (>= netstandard1.6) (< xamarinios) (< xamarinmac) (< xamarintvos) (< xamarinwatchos))
      System.Threading (>= 4.3) - restriction: || (&& (< monoandroid) (< net45) (>= netstandard1.3) (< netstandard1.6) (< win8) (< wpa81)) (&& (< monotouch) (< net45) (>= netstandard1.6) (< xamarinios) (< xamarinmac) (< xamarintvos) (< xamarinwatchos))
      System.Threading.Tasks (>= 4.3) - restriction: || (&& (< monoandroid) (< net45) (>= netstandard1.1) (< netstandard1.3) (< win8) (< wpa81)) (&& (< monoandroid) (< net45) (>= netstandard1.3) (< netstandard1.6) (< win8) (< wpa81)) (&& (< monotouch) (< net45) (>= netstandard1.6) (< xamarinios) (< xamarinmac) (< xamarintvos) (< xamarinwatchos))
    System.Net.NameResolution (4.3) - restriction: >= netcoreapp2.2
      Microsoft.NETCore.Platforms (>= 1.1) - restriction: && (< monoandroid) (< monotouch) (< net46) (>= netstandard1.3) (< xamarinios) (< xamarinmac) (< xamarintvos) (< xamarinwatchos)
      runtime.native.System (>= 4.3) - restriction: && (< monoandroid) (< monotouch) (< net46) (>= netstandard1.3) (< xamarinios) (< xamarinmac) (< xamarintvos) (< xamarinwatchos)
      System.Collections (>= 4.3) - restriction: && (< monoandroid) (< monotouch) (< net46) (>= netstandard1.3) (< xamarinios) (< xamarinmac) (< xamarintvos) (< xamarinwatchos)
      System.Diagnostics.Tracing (>= 4.3) - restriction: && (< monoandroid) (< monotouch) (< net46) (>= netstandard1.3) (< xamarinios) (< xamarinmac) (< xamarintvos) (< xamarinwatchos)
      System.Globalization (>= 4.3) - restriction: && (< monoandroid) (< monotouch) (< net46) (>= netstandard1.3) (< xamarinios) (< xamarinmac) (< xamarintvos) (< xamarinwatchos)
      System.Net.Primitives (>= 4.3) - restriction: && (< monoandroid) (< monotouch) (< net46) (>= netstandard1.3) (< xamarinios) (< xamarinmac) (< xamarintvos) (< xamarinwatchos)
      System.Resources.ResourceManager (>= 4.3) - restriction: && (< monoandroid) (< monotouch) (< net46) (>= netstandard1.3) (< xamarinios) (< xamarinmac) (< xamarintvos) (< xamarinwatchos)
      System.Runtime (>= 4.3) - restriction: && (< monoandroid) (< monotouch) (< net46) (>= netstandard1.3) (< xamarinios) (< xamarinmac) (< xamarintvos) (< xamarinwatchos)
      System.Runtime.Extensions (>= 4.3) - restriction: && (< monoandroid) (< monotouch) (< net46) (>= netstandard1.3) (< xamarinios) (< xamarinmac) (< xamarintvos) (< xamarinwatchos)
      System.Runtime.Handles (>= 4.3) - restriction: && (< monoandroid) (< monotouch) (< net46) (>= netstandard1.3) (< xamarinios) (< xamarinmac) (< xamarintvos) (< xamarinwatchos)
      System.Runtime.InteropServices (>= 4.3) - restriction: && (< monoandroid) (< monotouch) (< net46) (>= netstandard1.3) (< xamarinios) (< xamarinmac) (< xamarintvos) (< xamarinwatchos)
      System.Security.Principal.Windows (>= 4.3) - restriction: && (< monoandroid) (< monotouch) (< net46) (>= netstandard1.3) (< xamarinios) (< xamarinmac) (< xamarintvos) (< xamarinwatchos)
      System.Threading (>= 4.3) - restriction: && (< monoandroid) (< monotouch) (< net46) (>= netstandard1.3) (< xamarinios) (< xamarinmac) (< xamarintvos) (< xamarinwatchos)
      System.Threading.Tasks (>= 4.3) - restriction: && (< monoandroid) (< monotouch) (< net46) (>= netstandard1.3) (< xamarinios) (< xamarinmac) (< xamarintvos) (< xamarinwatchos)
    System.Net.Primitives (4.3.1) - restriction: || (&& (< monoandroid) (>= netcoreapp2.2) (< netstandard1.6)) (&& (< net45) (>= net46) (< netstandard1.3) (>= netstandard1.6)) (&& (< net45) (>= net46) (< netstandard1.4) (>= netstandard1.6)) (&& (< net45) (< netstandard1.2) (>= netstandard1.6) (< win8)) (&& (< net45) (< netstandard1.3) (>= netstandard1.6) (< win8) (< wpa81)) (&& (< net45) (< netstandard1.4) (>= netstandard1.6) (< win8) (< wpa81)) (&& (< net45) (< netstandard1.5) (>= netstandard1.6) (< win8) (< wpa81)) (&& (< net45) (>= netstandard1.6) (< netstandard2.0) (< win8) (< wpa81)) (&& (>= netcoreapp2.2) (< xamarinios) (< xamarinmac) (< xamarintvos) (< xamarinwatchos)) (&& (< netstandard1.3) (>= netstandard1.6) (>= uap10.0) (< win8) (< wpa81)) (&& (< netstandard1.5) (>= netstandard1.6) (>= uap10.0)) (&& (>= netstandard1.6) (< portable-net45+win8+wpa81))
      Microsoft.NETCore.Platforms (>= 1.1.1) - restriction: || (&& (< monoandroid) (< monotouch) (< net45) (>= netstandard1.3) (< win8) (< wpa81) (< xamarinios) (< xamarinmac) (< xamarintvos) (< xamarinwatchos)) (&& (< monoandroid) (< net45) (>= netstandard1.1) (< netstandard1.3) (< win8) (< wpa81)) (&& (< monoandroid) (>= netstandard1.0) (< netstandard1.1) (< win8) (< wp8))
      Microsoft.NETCore.Targets (>= 1.1.3) - restriction: || (&& (< monoandroid) (< monotouch) (< net45) (>= netstandard1.3) (< win8) (< wpa81) (< xamarinios) (< xamarinmac) (< xamarintvos) (< xamarinwatchos)) (&& (< monoandroid) (< net45) (>= netstandard1.1) (< netstandard1.3) (< win8) (< wpa81)) (&& (< monoandroid) (>= netstandard1.0) (< netstandard1.1) (< win8) (< wp8))
      System.Runtime (>= 4.3.1) - restriction: || (&& (< monoandroid) (< monotouch) (< net45) (>= netstandard1.3) (< win8) (< wpa81) (< xamarinios) (< xamarinmac) (< xamarintvos) (< xamarinwatchos)) (&& (< monoandroid) (< net45) (>= netstandard1.1) (< netstandard1.3) (< win8) (< wpa81)) (&& (< monoandroid) (>= netstandard1.0) (< netstandard1.1) (< win8) (< wp8))
      System.Runtime.Handles (>= 4.3) - restriction: && (< monoandroid) (< monotouch) (< net45) (>= netstandard1.3) (< win8) (< wpa81) (< xamarinios) (< xamarinmac) (< xamarintvos) (< xamarinwatchos)
    System.Net.Security (4.3.2) - restriction: >= netcoreapp2.2
      Microsoft.NETCore.Platforms (>= 1.1) - restriction: || (&& (< monoandroid) (< net46) (>= netstandard1.3) (< netstandard1.6)) (&& (< monotouch) (< net46) (>= netstandard1.6) (< xamarinios) (< xamarinmac) (< xamarintvos) (< xamarinwatchos))
      Microsoft.Win32.Primitives (>= 4.3) - restriction: || (&& (< monoandroid) (< net46) (>= netstandard1.3) (< netstandard1.6)) (&& (< monotouch) (< net46) (>= netstandard1.6) (< xamarinios) (< xamarinmac) (< xamarintvos) (< xamarinwatchos))
      runtime.native.System (>= 4.3) - restriction: && (< monotouch) (< net46) (>= netstandard1.6) (< xamarinios) (< xamarinmac) (< xamarintvos) (< xamarinwatchos)
      runtime.native.System.Net.Security (>= 4.3) - restriction: && (< monotouch) (< net46) (>= netstandard1.6) (< xamarinios) (< xamarinmac) (< xamarintvos) (< xamarinwatchos)
      runtime.native.System.Security.Cryptography.OpenSsl (>= 4.3.2) - restriction: && (< monotouch) (< net46) (>= netstandard1.6) (< xamarinios) (< xamarinmac) (< xamarintvos) (< xamarinwatchos)
      System.Collections (>= 4.3) - restriction: || (&& (< monoandroid) (< net46) (>= netstandard1.3) (< netstandard1.6)) (&& (< monotouch) (< net46) (>= netstandard1.6) (< xamarinios) (< xamarinmac) (< xamarintvos) (< xamarinwatchos))
      System.Collections.Concurrent (>= 4.3) - restriction: || (&& (< monoandroid) (< net46) (>= netstandard1.3) (< netstandard1.6)) (&& (< monotouch) (< net46) (>= netstandard1.6) (< xamarinios) (< xamarinmac) (< xamarintvos) (< xamarinwatchos))
      System.Diagnostics.Tracing (>= 4.3) - restriction: || (&& (< monoandroid) (< net46) (>= netstandard1.3) (< netstandard1.6)) (&& (< monotouch) (< net46) (>= netstandard1.6) (< xamarinios) (< xamarinmac) (< xamarintvos) (< xamarinwatchos))
      System.Globalization (>= 4.3) - restriction: || (&& (< monoandroid) (< net46) (>= netstandard1.3) (< netstandard1.6)) (&& (< monotouch) (< net46) (>= netstandard1.6) (< xamarinios) (< xamarinmac) (< xamarintvos) (< xamarinwatchos))
      System.Globalization.Extensions (>= 4.3) - restriction: && (< monotouch) (< net46) (>= netstandard1.6) (< xamarinios) (< xamarinmac) (< xamarintvos) (< xamarinwatchos)
      System.IO (>= 4.3) - restriction: || (&& (< monoandroid) (< net46) (>= netstandard1.3) (< netstandard1.6)) (&& (< monotouch) (< net46) (>= netstandard1.6) (< xamarinios) (< xamarinmac) (< xamarintvos) (< xamarinwatchos))
      System.Net.Primitives (>= 4.3) - restriction: || (&& (< monoandroid) (< net46) (>= netstandard1.3) (< netstandard1.6)) (&& (< monotouch) (< net46) (>= netstandard1.6) (< xamarinios) (< xamarinmac) (< xamarintvos) (< xamarinwatchos))
      System.Resources.ResourceManager (>= 4.3) - restriction: || (&& (< monoandroid) (< net46) (>= netstandard1.3) (< netstandard1.6)) (&& (< monotouch) (< net46) (>= netstandard1.6) (< xamarinios) (< xamarinmac) (< xamarintvos) (< xamarinwatchos))
      System.Runtime (>= 4.3) - restriction: || (&& (< monoandroid) (< net46) (>= netstandard1.3) (< netstandard1.6)) (&& (< monotouch) (< net46) (>= netstandard1.6) (< xamarinios) (< xamarinmac) (< xamarintvos) (< xamarinwatchos))
      System.Runtime.Extensions (>= 4.3) - restriction: || (&& (< monoandroid) (< net46) (>= netstandard1.3) (< netstandard1.6)) (&& (< monotouch) (< net46) (>= netstandard1.6) (< xamarinios) (< xamarinmac) (< xamarintvos) (< xamarinwatchos))
      System.Runtime.Handles (>= 4.3) - restriction: || (&& (< monoandroid) (< net46) (>= netstandard1.3) (< netstandard1.6)) (&& (< monotouch) (< net46) (>= netstandard1.6) (< xamarinios) (< xamarinmac) (< xamarintvos) (< xamarinwatchos))
      System.Runtime.InteropServices (>= 4.3) - restriction: || (&& (< monoandroid) (< net46) (>= netstandard1.3) (< netstandard1.6)) (&& (< monotouch) (< net46) (>= netstandard1.6) (< xamarinios) (< xamarinmac) (< xamarintvos) (< xamarinwatchos))
      System.Security.Claims (>= 4.3) - restriction: || (&& (< monoandroid) (< net46) (>= netstandard1.3) (< netstandard1.6)) (&& (< monotouch) (< net46) (>= netstandard1.6) (< xamarinios) (< xamarinmac) (< xamarintvos) (< xamarinwatchos))
      System.Security.Cryptography.Algorithms (>= 4.3) - restriction: && (< monotouch) (< net46) (>= netstandard1.6) (< xamarinios) (< xamarinmac) (< xamarintvos) (< xamarinwatchos)
      System.Security.Cryptography.Encoding (>= 4.3) - restriction: || (&& (< monoandroid) (< net46) (>= netstandard1.3) (< netstandard1.6)) (&& (< monotouch) (< net46) (>= netstandard1.6) (< xamarinios) (< xamarinmac) (< xamarintvos) (< xamarinwatchos))
      System.Security.Cryptography.OpenSsl (>= 4.3) - restriction: && (< monotouch) (< net46) (>= netstandard1.6) (< xamarinios) (< xamarinmac) (< xamarintvos) (< xamarinwatchos)
      System.Security.Cryptography.Primitives (>= 4.3) - restriction: || (&& (< monoandroid) (< net46) (>= netstandard1.3) (< netstandard1.6)) (&& (< monotouch) (< net46) (>= netstandard1.6) (< xamarinios) (< xamarinmac) (< xamarintvos) (< xamarinwatchos))
      System.Security.Cryptography.X509Certificates (>= 4.3) - restriction: || (&& (< monoandroid) (>= netstandard1.3) (< netstandard1.6)) (&& (< monotouch) (>= netstandard1.6) (< xamarinios) (< xamarinmac) (< xamarintvos) (< xamarinwatchos)) (>= net46)
      System.Security.Principal (>= 4.3) - restriction: || (&& (< monoandroid) (< net46) (>= netstandard1.3) (< netstandard1.6)) (&& (< monotouch) (< net46) (>= netstandard1.6) (< xamarinios) (< xamarinmac) (< xamarintvos) (< xamarinwatchos))
      System.Text.Encoding (>= 4.3) - restriction: && (< monotouch) (< net46) (>= netstandard1.6) (< xamarinios) (< xamarinmac) (< xamarintvos) (< xamarinwatchos)
      System.Threading (>= 4.3) - restriction: || (&& (< monoandroid) (< net46) (>= netstandard1.3) (< netstandard1.6)) (&& (< monotouch) (< net46) (>= netstandard1.6) (< xamarinios) (< xamarinmac) (< xamarintvos) (< xamarinwatchos))
      System.Threading.Tasks (>= 4.3) - restriction: || (&& (< monoandroid) (< net46) (>= netstandard1.3) (< netstandard1.6)) (&& (< monotouch) (< net46) (>= netstandard1.6) (< xamarinios) (< xamarinmac) (< xamarintvos) (< xamarinwatchos))
      System.Threading.ThreadPool (>= 4.3) - restriction: || (&& (< monoandroid) (< net46) (>= netstandard1.3) (< netstandard1.6)) (&& (< monotouch) (< net46) (>= netstandard1.6) (< xamarinios) (< xamarinmac) (< xamarintvos) (< xamarinwatchos))
    System.Net.Sockets (4.3) - restriction: || (&& (< net45) (< netstandard1.4) (>= netstandard1.6) (< win8) (< wpa81)) (&& (< net45) (< netstandard1.5) (>= netstandard1.6) (< win8) (< wpa81)) (&& (< net45) (>= netstandard1.6) (< netstandard2.0) (< win8) (< wpa81)) (&& (>= net46) (< netstandard1.4) (>= netstandard1.6)) (>= netcoreapp2.2) (&& (< netstandard1.5) (>= netstandard1.6) (>= uap10.0))
      Microsoft.NETCore.Platforms (>= 1.1) - restriction: && (< monoandroid) (< monotouch) (< net46) (>= netstandard1.3) (< xamarinios) (< xamarinmac) (< xamarintvos) (< xamarinwatchos)
      Microsoft.NETCore.Targets (>= 1.1) - restriction: && (< monoandroid) (< monotouch) (< net46) (>= netstandard1.3) (< xamarinios) (< xamarinmac) (< xamarintvos) (< xamarinwatchos)
      System.IO (>= 4.3) - restriction: && (< monoandroid) (< monotouch) (< net46) (>= netstandard1.3) (< xamarinios) (< xamarinmac) (< xamarintvos) (< xamarinwatchos)
      System.Net.Primitives (>= 4.3) - restriction: && (< monoandroid) (< monotouch) (< net46) (>= netstandard1.3) (< xamarinios) (< xamarinmac) (< xamarintvos) (< xamarinwatchos)
      System.Runtime (>= 4.3) - restriction: && (< monoandroid) (< monotouch) (< net46) (>= netstandard1.3) (< xamarinios) (< xamarinmac) (< xamarintvos) (< xamarinwatchos)
      System.Threading.Tasks (>= 4.3) - restriction: && (< monoandroid) (< monotouch) (< net46) (>= netstandard1.3) (< xamarinios) (< xamarinmac) (< xamarintvos) (< xamarinwatchos)
    System.Net.WebSockets.WebSocketProtocol (5.0) - restriction: >= netcoreapp2.2
      System.Buffers (>= 4.5.1) - restriction: || (&& (>= monoandroid) (< netstandard2.0)) (>= monotouch) (>= net461) (&& (< netcoreapp2.0) (>= netstandard2.0)) (>= xamarinios) (>= xamarinmac) (>= xamarintvos) (>= xamarinwatchos)
      System.Runtime.CompilerServices.Unsafe (>= 5.0) - restriction: || (&& (>= monoandroid) (< netstandard2.0)) (&& (< monoandroid) (>= netcoreapp2.0) (< netcoreapp2.1)) (>= monotouch) (>= net461) (&& (< netcoreapp2.0) (>= netstandard2.0)) (>= uap10.1) (>= xamarinios) (>= xamarinmac) (>= xamarintvos) (>= xamarinwatchos)
    System.Numerics.Vectors (4.5) - restriction: >= netcoreapp2.2
    System.ObjectModel (4.3) - restriction: || (&& (< monoandroid) (>= netcoreapp2.2) (< netstandard1.3)) (&& (< monoandroid) (>= netcoreapp2.2) (< xamarinios) (< xamarinmac) (< xamarintvos) (< xamarinwatchos)) (&& (< net45) (< netstandard1.2) (>= netstandard1.6) (< win8)) (&& (< net45) (< netstandard1.3) (>= netstandard1.6) (< win8) (< wpa81)) (&& (< net45) (< netstandard1.4) (>= netstandard1.6) (< win8) (< wpa81)) (&& (< net45) (< netstandard1.5) (>= netstandard1.6) (< win8) (< wpa81)) (&& (< net45) (>= netstandard1.6) (< netstandard2.0) (< win8) (< wpa81)) (&& (< netstandard1.5) (>= netstandard1.6) (>= uap10.0)) (&& (>= netstandard1.6) (< portable-net45+win8+wpa81))
      System.Collections (>= 4.3) - restriction: && (< monoandroid) (< monotouch) (< net45) (>= netstandard1.3) (< win8) (< wpa81) (< xamarinios) (< xamarinmac) (< xamarintvos) (< xamarinwatchos)
      System.Diagnostics.Debug (>= 4.3) - restriction: && (< monoandroid) (< monotouch) (< net45) (>= netstandard1.3) (< win8) (< wpa81) (< xamarinios) (< xamarinmac) (< xamarintvos) (< xamarinwatchos)
      System.Resources.ResourceManager (>= 4.3) - restriction: && (< monoandroid) (< monotouch) (< net45) (>= netstandard1.3) (< win8) (< wpa81) (< xamarinios) (< xamarinmac) (< xamarintvos) (< xamarinwatchos)
      System.Runtime (>= 4.3) - restriction: || (&& (< monoandroid) (< monotouch) (< net45) (>= netstandard1.3) (< win8) (< wpa81) (< xamarinios) (< xamarinmac) (< xamarintvos) (< xamarinwatchos)) (&& (< monoandroid) (< net45) (>= netstandard1.0) (< netstandard1.3) (< win8) (< wp8) (< wpa81))
      System.Threading (>= 4.3) - restriction: && (< monoandroid) (< monotouch) (< net45) (>= netstandard1.3) (< win8) (< wpa81) (< xamarinios) (< xamarinmac) (< xamarintvos) (< xamarinwatchos)
    System.Private.DataContractSerialization (4.3) - restriction: || (&& (< monoandroid) (>= netcoreapp2.2) (< xamarinios) (< xamarinmac) (< xamarintvos) (< xamarinwatchos)) (&& (>= netcoreapp2.2) (>= uap10.0))
      System.Collections (>= 4.3) - restriction: && (< monoandroid) (< monotouch) (< net46) (>= netstandard1.3) (< xamarinios) (< xamarinmac) (< xamarintvos) (< xamarinwatchos)
      System.Collections.Concurrent (>= 4.3) - restriction: && (< monoandroid) (< monotouch) (< net46) (>= netstandard1.3) (< xamarinios) (< xamarinmac) (< xamarintvos) (< xamarinwatchos)
      System.Diagnostics.Debug (>= 4.3) - restriction: && (< monoandroid) (< monotouch) (< net46) (>= netstandard1.3) (< xamarinios) (< xamarinmac) (< xamarintvos) (< xamarinwatchos)
      System.Globalization (>= 4.3) - restriction: && (< monoandroid) (< monotouch) (< net46) (>= netstandard1.3) (< xamarinios) (< xamarinmac) (< xamarintvos) (< xamarinwatchos)
      System.IO (>= 4.3) - restriction: && (< monoandroid) (< monotouch) (< net46) (>= netstandard1.3) (< xamarinios) (< xamarinmac) (< xamarintvos) (< xamarinwatchos)
      System.Linq (>= 4.3) - restriction: && (< monoandroid) (< monotouch) (< net46) (>= netstandard1.3) (< xamarinios) (< xamarinmac) (< xamarintvos) (< xamarinwatchos)
      System.Reflection (>= 4.3) - restriction: && (< monoandroid) (< monotouch) (< net46) (>= netstandard1.3) (< xamarinios) (< xamarinmac) (< xamarintvos) (< xamarinwatchos)
      System.Reflection.Emit.ILGeneration (>= 4.3) - restriction: && (< monoandroid) (< monotouch) (< net46) (>= netstandard1.3) (< xamarinios) (< xamarinmac) (< xamarintvos) (< xamarinwatchos)
      System.Reflection.Emit.Lightweight (>= 4.3) - restriction: && (< monoandroid) (< monotouch) (< net46) (>= netstandard1.3) (< xamarinios) (< xamarinmac) (< xamarintvos) (< xamarinwatchos)
      System.Reflection.Extensions (>= 4.3) - restriction: && (< monoandroid) (< monotouch) (< net46) (>= netstandard1.3) (< xamarinios) (< xamarinmac) (< xamarintvos) (< xamarinwatchos)
      System.Reflection.Primitives (>= 4.3) - restriction: && (< monoandroid) (< monotouch) (< net46) (>= netstandard1.3) (< xamarinios) (< xamarinmac) (< xamarintvos) (< xamarinwatchos)
      System.Reflection.TypeExtensions (>= 4.3) - restriction: || (&& (< monoandroid) (< monotouch) (>= netstandard1.3) (< xamarinios) (< xamarinmac) (< xamarintvos) (< xamarinwatchos)) (>= net46)
      System.Resources.ResourceManager (>= 4.3) - restriction: && (< monoandroid) (< monotouch) (< net46) (>= netstandard1.3) (< xamarinios) (< xamarinmac) (< xamarintvos) (< xamarinwatchos)
      System.Runtime (>= 4.3) - restriction: && (< monoandroid) (< monotouch) (< net46) (>= netstandard1.3) (< xamarinios) (< xamarinmac) (< xamarintvos) (< xamarinwatchos)
      System.Runtime.Extensions (>= 4.3) - restriction: && (< monoandroid) (< monotouch) (< net46) (>= netstandard1.3) (< xamarinios) (< xamarinmac) (< xamarintvos) (< xamarinwatchos)
      System.Runtime.Serialization.Primitives (>= 4.3) - restriction: || (&& (< monoandroid) (< monotouch) (>= netstandard1.3) (< xamarinios) (< xamarinmac) (< xamarintvos) (< xamarinwatchos)) (>= net46)
      System.Text.Encoding (>= 4.3) - restriction: && (< monoandroid) (< monotouch) (< net46) (>= netstandard1.3) (< xamarinios) (< xamarinmac) (< xamarintvos) (< xamarinwatchos)
      System.Text.Encoding.Extensions (>= 4.3) - restriction: && (< monoandroid) (< monotouch) (< net46) (>= netstandard1.3) (< xamarinios) (< xamarinmac) (< xamarintvos) (< xamarinwatchos)
      System.Text.RegularExpressions (>= 4.3) - restriction: && (< monoandroid) (< monotouch) (< net46) (>= netstandard1.3) (< xamarinios) (< xamarinmac) (< xamarintvos) (< xamarinwatchos)
      System.Threading (>= 4.3) - restriction: && (< monoandroid) (< monotouch) (< net46) (>= netstandard1.3) (< xamarinios) (< xamarinmac) (< xamarintvos) (< xamarinwatchos)
      System.Threading.Tasks (>= 4.3) - restriction: && (< monoandroid) (< monotouch) (< net46) (>= netstandard1.3) (< xamarinios) (< xamarinmac) (< xamarintvos) (< xamarinwatchos)
      System.Xml.ReaderWriter (>= 4.3) - restriction: && (< monoandroid) (< monotouch) (< net46) (>= netstandard1.3) (< xamarinios) (< xamarinmac) (< xamarintvos) (< xamarinwatchos)
      System.Xml.XDocument (>= 4.3) - restriction: && (< monoandroid) (< monotouch) (< net46) (>= netstandard1.3) (< xamarinios) (< xamarinmac) (< xamarintvos) (< xamarinwatchos)
      System.Xml.XmlDocument (>= 4.3) - restriction: || (&& (< monoandroid) (< monotouch) (>= netstandard1.3) (< xamarinios) (< xamarinmac) (< xamarintvos) (< xamarinwatchos)) (>= net46)
      System.Xml.XmlSerializer (>= 4.3) - restriction: && (< monoandroid) (< monotouch) (< net46) (>= netstandard1.3) (< xamarinios) (< xamarinmac) (< xamarintvos) (< xamarinwatchos)
    System.Private.Uri (4.3.2) - restriction: >= netcoreapp2.2
      Microsoft.NETCore.Platforms (>= 1.1.1)
      Microsoft.NETCore.Targets (>= 1.1.3)
    System.Reflection (4.3) - restriction: || (&& (< monoandroid) (>= netcoreapp2.2) (< netstandard1.5)) (&& (< monoandroid8.1) (>= netcoreapp2.2) (< xamarinios) (< xamarinmac) (< xamarintvos) (< xamarinwatchos)) (&& (< net45) (< netstandard1.2) (>= netstandard1.6) (< win8)) (&& (< net45) (< netstandard1.3) (>= netstandard1.6) (< win8) (< wpa81)) (&& (< net45) (< netstandard1.4) (>= netstandard1.6) (< win8) (< wpa81)) (&& (< net45) (< netstandard1.5) (>= netstandard1.6) (< win8) (< wpa81)) (&& (< net45) (>= netstandard1.6) (< netstandard2.0) (< win8) (< wpa81)) (&& (< netstandard1.3) (>= netstandard1.6) (>= uap10.0) (< win8) (< wpa81)) (&& (< netstandard1.5) (>= netstandard1.6) (>= uap10.0)) (&& (>= netstandard1.6) (< portable-net45+win8+wpa81))
      Microsoft.NETCore.Platforms (>= 1.1) - restriction: || (&& (< monoandroid) (< net45) (>= netstandard1.0) (< netstandard1.3) (< win8) (< wp8) (< wpa81)) (&& (< monoandroid) (< net45) (>= netstandard1.3) (< netstandard1.5) (< win8) (< wpa81)) (&& (< monotouch) (< net45) (>= netstandard1.5) (< win8) (< wpa81) (< xamarinios) (< xamarinmac) (< xamarintvos) (< xamarinwatchos))
      Microsoft.NETCore.Targets (>= 1.1) - restriction: || (&& (< monoandroid) (< net45) (>= netstandard1.0) (< netstandard1.3) (< win8) (< wp8) (< wpa81)) (&& (< monoandroid) (< net45) (>= netstandard1.3) (< netstandard1.5) (< win8) (< wpa81)) (&& (< monotouch) (< net45) (>= netstandard1.5) (< win8) (< wpa81) (< xamarinios) (< xamarinmac) (< xamarintvos) (< xamarinwatchos))
      System.IO (>= 4.3) - restriction: || (&& (< monoandroid) (< net45) (>= netstandard1.0) (< netstandard1.3) (< win8) (< wp8) (< wpa81)) (&& (< monoandroid) (< net45) (>= netstandard1.3) (< netstandard1.5) (< win8) (< wpa81)) (&& (< monotouch) (< net45) (>= netstandard1.5) (< win8) (< wpa81) (< xamarinios) (< xamarinmac) (< xamarintvos) (< xamarinwatchos))
      System.Reflection.Primitives (>= 4.3) - restriction: || (&& (< monoandroid) (< net45) (>= netstandard1.0) (< netstandard1.3) (< win8) (< wp8) (< wpa81)) (&& (< monoandroid) (< net45) (>= netstandard1.3) (< netstandard1.5) (< win8) (< wpa81)) (&& (< monotouch) (< net45) (>= netstandard1.5) (< win8) (< wpa81) (< xamarinios) (< xamarinmac) (< xamarintvos) (< xamarinwatchos))
      System.Runtime (>= 4.3) - restriction: || (&& (< monoandroid) (< net45) (>= netstandard1.0) (< netstandard1.3) (< win8) (< wp8) (< wpa81)) (&& (< monoandroid) (< net45) (>= netstandard1.3) (< netstandard1.5) (< win8) (< wpa81)) (&& (< monotouch) (< net45) (>= netstandard1.5) (< win8) (< wpa81) (< xamarinios) (< xamarinmac) (< xamarintvos) (< xamarinwatchos))
    System.Reflection.Emit (4.7) - restriction: || (&& (< monotouch) (< net45) (>= netstandard1.6) (< netstandard2.0) (< win8) (< wpa81) (< xamarintvos) (< xamarinwatchos)) (&& (< net45) (< netstandard1.2) (>= netstandard1.6) (< win8)) (&& (< net45) (< netstandard1.3) (>= netstandard1.6) (< win8) (< wpa81)) (&& (< net45) (< netstandard1.4) (>= netstandard1.6) (< win8) (< wpa81)) (&& (< net45) (< netstandard1.5) (>= netstandard1.6) (< win8) (< wpa81)) (>= netcoreapp2.2) (&& (< netstandard1.5) (>= netstandard1.6) (>= uap10.0)) (&& (>= netstandard1.6) (< portable-net45+win8+wpa81))
    System.Reflection.Emit.ILGeneration (4.7) - restriction: || (&& (< monoandroid) (>= netcoreapp2.2) (< xamarinios) (< xamarinmac) (< xamarintvos) (< xamarinwatchos)) (&& (< monotouch) (< net45) (>= netstandard1.6) (< netstandard2.0) (< win8) (< wpa81) (< xamarintvos) (< xamarinwatchos)) (&& (< net45) (< netstandard1.2) (>= netstandard1.6) (< win8)) (&& (< net45) (< netstandard1.3) (>= netstandard1.6) (< win8) (< wpa81)) (&& (< net45) (< netstandard1.4) (>= netstandard1.6) (< win8) (< wpa81)) (&& (< net45) (< netstandard1.5) (>= netstandard1.6) (< win8) (< wpa81)) (&& (< netstandard1.5) (>= netstandard1.6) (>= uap10.0)) (&& (>= netstandard1.6) (< portable-net45+win8+wpa81))
      System.Reflection (>= 4.3) - restriction: && (< monoandroid) (< monotouch) (< net45) (>= netstandard1.0) (< netstandard2.0) (< win8) (< wp8) (< wpa81) (< xamarintvos) (< xamarinwatchos)
      System.Reflection.Primitives (>= 4.3) - restriction: && (< monoandroid) (< monotouch) (< net45) (>= netstandard1.0) (< netstandard2.0) (< win8) (< wp8) (< wpa81) (< xamarintvos) (< xamarinwatchos)
      System.Resources.ResourceManager (>= 4.3) - restriction: && (< monoandroid) (< monotouch) (< net45) (>= netstandard1.0) (< netstandard2.0) (< win8) (< wp8) (< wpa81) (< xamarintvos) (< xamarinwatchos)
      System.Runtime (>= 4.3) - restriction: && (< monoandroid) (< monotouch) (< net45) (>= netstandard1.0) (< netstandard2.0) (< win8) (< wp8) (< wpa81) (< xamarintvos) (< xamarinwatchos)
    System.Reflection.Emit.Lightweight (4.7) - restriction: || (&& (< monotouch) (< net45) (>= netstandard1.6) (< netstandard2.0) (< win8) (< wpa81) (< xamarintvos) (< xamarinwatchos)) (&& (< net45) (< netstandard1.2) (>= netstandard1.6) (< win8)) (&& (< net45) (< netstandard1.3) (>= netstandard1.6) (< win8) (< wpa81)) (&& (< net45) (< netstandard1.4) (>= netstandard1.6) (< win8) (< wpa81)) (&& (< net45) (< netstandard1.5) (>= netstandard1.6) (< win8) (< wpa81)) (>= netcoreapp2.2) (&& (< netstandard1.5) (>= netstandard1.6) (>= uap10.0)) (&& (>= netstandard1.6) (< portable-net45+win8+wpa81))
    System.Reflection.Extensions (4.3) - restriction: || (&& (< monoandroid) (>= netcoreapp2.2) (< netstandard1.5)) (&& (< monoandroid) (< netstandard1.0) (>= netstandard1.6) (< win8)) (&& (< monoandroid8.1) (>= netcoreapp2.2) (< xamarinios) (< xamarinmac) (< xamarintvos) (< xamarinwatchos)) (&& (< net45) (>= net46) (< netstandard1.4) (>= netstandard1.6)) (&& (< net45) (< netstandard1.2) (>= netstandard1.6) (< win8)) (&& (< net45) (< netstandard1.3) (>= netstandard1.6) (< win8) (< wpa81)) (&& (< net45) (< netstandard1.4) (>= netstandard1.6) (< win8) (< wpa81)) (&& (< net45) (< netstandard1.5) (>= netstandard1.6) (< win8) (< wpa81)) (&& (< net45) (>= netstandard1.6) (< netstandard2.0) (< win8) (< wpa81)) (&& (< netstandard1.0) (>= netstandard1.6) (< portable-net45+win8)) (&& (< netstandard1.5) (>= netstandard1.6) (>= uap10.0)) (&& (>= netstandard1.6) (< portable-net45+win8+wpa81))
      Microsoft.NETCore.Platforms (>= 1.1) - restriction: && (< monoandroid) (< monotouch) (< net45) (>= netstandard1.0) (< win8) (< wp8) (< wpa81) (< xamarinios) (< xamarinmac) (< xamarintvos) (< xamarinwatchos)
      Microsoft.NETCore.Targets (>= 1.1) - restriction: && (< monoandroid) (< monotouch) (< net45) (>= netstandard1.0) (< win8) (< wp8) (< wpa81) (< xamarinios) (< xamarinmac) (< xamarintvos) (< xamarinwatchos)
      System.Reflection (>= 4.3) - restriction: && (< monoandroid) (< monotouch) (< net45) (>= netstandard1.0) (< win8) (< wp8) (< wpa81) (< xamarinios) (< xamarinmac) (< xamarintvos) (< xamarinwatchos)
      System.Runtime (>= 4.3) - restriction: && (< monoandroid) (< monotouch) (< net45) (>= netstandard1.0) (< win8) (< wp8) (< wpa81) (< xamarinios) (< xamarinmac) (< xamarintvos) (< xamarinwatchos)
    System.Reflection.Metadata (6.0) - restriction: >= netcoreapp2.2
      System.Collections.Immutable (>= 6.0) - restriction: || (>= net461) (>= netstandard2.0)
    System.Reflection.Primitives (4.3) - restriction: || (&& (< monoandroid) (>= netcoreapp2.2) (< netstandard1.5)) (&& (< monoandroid8.1) (>= netcoreapp2.2) (< xamarinios) (< xamarinmac) (< xamarintvos) (< xamarinwatchos)) (&& (< net45) (< netstandard1.2) (>= netstandard1.6) (< win8)) (&& (< net45) (< netstandard1.3) (>= netstandard1.6) (< win8) (< wpa81)) (&& (< net45) (< netstandard1.4) (>= netstandard1.6) (< win8) (< wpa81)) (&& (< net45) (< netstandard1.5) (>= netstandard1.6) (< win8) (< wpa81)) (&& (< net45) (>= netstandard1.6) (< netstandard2.0) (< win8) (< wpa81)) (&& (< netstandard1.5) (>= netstandard1.6) (>= uap10.0)) (&& (>= netstandard1.6) (< portable-net45+win8+wpa81))
      Microsoft.NETCore.Platforms (>= 1.1) - restriction: && (< monoandroid) (< monotouch) (< net45) (>= netstandard1.0) (< win8) (< wp8) (< wpa81) (< xamarinios) (< xamarinmac) (< xamarintvos) (< xamarinwatchos)
      Microsoft.NETCore.Targets (>= 1.1) - restriction: && (< monoandroid) (< monotouch) (< net45) (>= netstandard1.0) (< win8) (< wp8) (< wpa81) (< xamarinios) (< xamarinmac) (< xamarintvos) (< xamarinwatchos)
      System.Runtime (>= 4.3) - restriction: && (< monoandroid) (< monotouch) (< net45) (>= netstandard1.0) (< win8) (< wp8) (< wpa81) (< xamarinios) (< xamarinmac) (< xamarintvos) (< xamarinwatchos)
    System.Reflection.TypeExtensions (4.7) - restriction: || (&& (< monotouch) (< net45) (>= netstandard1.6) (< netstandard2.0) (< win8) (< wpa81) (< xamarintvos) (< xamarinwatchos)) (&& (< net45) (< netstandard1.2) (>= netstandard1.6) (< win8)) (&& (< net45) (< netstandard1.3) (>= netstandard1.6) (< win8) (< wpa81)) (&& (< net45) (< netstandard1.4) (>= netstandard1.6) (< win8) (< wpa81)) (&& (< net45) (< netstandard1.5) (>= netstandard1.6) (< win8) (< wpa81)) (>= netcoreapp2.2) (&& (< netstandard1.5) (>= netstandard1.6) (>= uap10.0)) (&& (>= netstandard1.6) (< portable-net45+win8+wpa81))
    System.Resources.ResourceManager (4.3) - restriction: || (&& (< monoandroid) (< monotouch) (< net45) (>= netstandard1.3) (< netstandard2.0) (< xamarintvos) (< xamarinwatchos)) (&& (< monoandroid) (>= netcoreapp2.2) (< netstandard1.5)) (&& (< net45) (>= net46) (< netstandard1.4) (>= netstandard1.6)) (&& (< net45) (< netstandard1.2) (>= netstandard1.6) (< win8)) (&& (< net45) (< netstandard1.3) (>= netstandard1.6) (< win8) (< wpa81)) (&& (< net45) (< netstandard1.4) (>= netstandard1.6) (< win8) (< wpa81)) (&& (< net45) (< netstandard1.5) (>= netstandard1.6) (< win8) (< wpa81)) (&& (< net45) (>= netstandard1.6) (< netstandard2.0) (< win8) (< wpa81)) (>= net6.0) (&& (>= netcoreapp2.2) (< xamarinios) (< xamarinmac) (< xamarintvos) (< xamarinwatchos)) (&& (< netstandard1.5) (>= netstandard1.6) (>= uap10.0)) (&& (>= netstandard1.6) (< portable-net45+win8+wpa81))
      Microsoft.NETCore.Platforms (>= 1.1) - restriction: && (< monoandroid) (< monotouch) (< net45) (>= netstandard1.0) (< win8) (< wp8) (< wpa81) (< xamarinios) (< xamarinmac) (< xamarintvos) (< xamarinwatchos)
      Microsoft.NETCore.Targets (>= 1.1) - restriction: && (< monoandroid) (< monotouch) (< net45) (>= netstandard1.0) (< win8) (< wp8) (< wpa81) (< xamarinios) (< xamarinmac) (< xamarintvos) (< xamarinwatchos)
      System.Globalization (>= 4.3) - restriction: && (< monoandroid) (< monotouch) (< net45) (>= netstandard1.0) (< win8) (< wp8) (< wpa81) (< xamarinios) (< xamarinmac) (< xamarintvos) (< xamarinwatchos)
      System.Reflection (>= 4.3) - restriction: && (< monoandroid) (< monotouch) (< net45) (>= netstandard1.0) (< win8) (< wp8) (< wpa81) (< xamarinios) (< xamarinmac) (< xamarintvos) (< xamarinwatchos)
      System.Runtime (>= 4.3) - restriction: && (< monoandroid) (< monotouch) (< net45) (>= netstandard1.0) (< win8) (< wp8) (< wpa81) (< xamarinios) (< xamarinmac) (< xamarintvos) (< xamarinwatchos)
    System.Runtime (4.3.1) - restriction: || (&& (< monoandroid) (< monotouch) (< net45) (>= netstandard1.3) (< netstandard2.0) (< xamarintvos) (< xamarinwatchos)) (&& (< monoandroid) (< netstandard1.1) (>= netstandard1.6) (< win8)) (&& (< net45) (< netstandard1.2) (>= netstandard1.6) (< win8)) (&& (< net45) (< netstandard1.3) (>= netstandard1.6) (< win8) (< wpa81)) (&& (< net45) (< netstandard1.4) (>= netstandard1.6) (< win8) (< wpa81)) (&& (< net45) (< netstandard1.5) (>= netstandard1.6) (< win8) (< wpa81)) (&& (< net45) (>= netstandard1.6) (< netstandard2.0) (< win8) (< wpa81)) (>= netcoreapp2.2) (&& (< netstandard1.1) (>= netstandard1.6) (>= uap10.0) (< win8)) (&& (< netstandard1.3) (>= netstandard1.6) (>= uap10.0) (< win8) (< wpa81)) (&& (< netstandard1.5) (>= netstandard1.6) (>= uap10.0)) (&& (>= netstandard1.6) (< portable-net45+win8+wpa81))
      Microsoft.NETCore.Platforms (>= 1.1.1) - restriction: || (&& (< monoandroid) (< net45) (>= netstandard1.0) (< netstandard1.2) (< win8) (< wp8)) (&& (< monoandroid) (< net45) (>= netstandard1.2) (< netstandard1.3) (< win8) (< wpa81)) (&& (< monoandroid) (< net45) (>= netstandard1.3) (< netstandard1.5) (< win8) (< wpa81)) (&& (< monotouch) (< net45) (>= netstandard1.5) (< win8) (< wpa81) (< xamarinios) (< xamarinmac) (< xamarintvos) (< xamarinwatchos))
      Microsoft.NETCore.Targets (>= 1.1.3) - restriction: || (&& (< monoandroid) (< net45) (>= netstandard1.0) (< netstandard1.2) (< win8) (< wp8)) (&& (< monoandroid) (< net45) (>= netstandard1.2) (< netstandard1.3) (< win8) (< wpa81)) (&& (< monoandroid) (< net45) (>= netstandard1.3) (< netstandard1.5) (< win8) (< wpa81)) (&& (< monotouch) (< net45) (>= netstandard1.5) (< win8) (< wpa81) (< xamarinios) (< xamarinmac) (< xamarintvos) (< xamarinwatchos))
    System.Runtime.Caching (6.0) - restriction: >= net6.0
      System.Configuration.ConfigurationManager (>= 6.0) - restriction: >= netstandard2.0
    System.Runtime.CompilerServices.Unsafe (6.0) - restriction: || (&& (>= monoandroid) (>= netcoreapp2.2)) (&& (>= monotouch) (>= netcoreapp2.2)) (&& (>= net461) (>= netcoreapp2.2)) (&& (< netcoreapp2.0) (>= netcoreapp2.2)) (&& (< netcoreapp2.1) (>= netcoreapp2.2)) (&& (>= netcoreapp2.2) (< netcoreapp3.1)) (&& (>= netcoreapp2.2) (< netstandard2.1)) (&& (>= netcoreapp2.2) (>= uap10.1)) (&& (>= netcoreapp2.2) (>= xamarinios)) (&& (>= netcoreapp2.2) (>= xamarinmac)) (&& (>= netcoreapp2.2) (>= xamarintvos)) (&& (>= netcoreapp2.2) (>= xamarinwatchos)) (>= netstandard2.0)
    System.Runtime.Extensions (4.3.1) - restriction: || (&& (< monoandroid) (< monotouch) (< net45) (>= netstandard1.3) (< netstandard2.0) (< xamarintvos) (< xamarinwatchos)) (&& (< net45) (>= net46) (< netstandard1.4) (>= netstandard1.6)) (&& (< net45) (< netstandard1.2) (>= netstandard1.6) (< win8)) (&& (< net45) (< netstandard1.3) (>= netstandard1.6) (< win8) (< wpa81)) (&& (< net45) (< netstandard1.4) (>= netstandard1.6) (< win8) (< wpa81)) (&& (< net45) (< netstandard1.5) (>= netstandard1.6) (< win8) (< wpa81)) (&& (< net45) (>= netstandard1.6) (< netstandard2.0) (< win8) (< wpa81)) (>= netcoreapp2.2) (&& (< netstandard1.5) (>= netstandard1.6) (>= uap10.0)) (&& (>= netstandard1.6) (< portable-net45+win8+wpa81))
      Microsoft.NETCore.Platforms (>= 1.1.1) - restriction: || (&& (< monoandroid) (< net45) (>= netstandard1.0) (< netstandard1.3) (< win8) (< wp8) (< wpa81)) (&& (< monoandroid) (< net45) (>= netstandard1.3) (< netstandard1.5) (< win8) (< wpa81)) (&& (< monotouch) (< net45) (>= netstandard1.5) (< win8) (< wpa81) (< xamarinios) (< xamarinmac) (< xamarintvos) (< xamarinwatchos))
      Microsoft.NETCore.Targets (>= 1.1.3) - restriction: || (&& (< monoandroid) (< net45) (>= netstandard1.0) (< netstandard1.3) (< win8) (< wp8) (< wpa81)) (&& (< monoandroid) (< net45) (>= netstandard1.3) (< netstandard1.5) (< win8) (< wpa81)) (&& (< monotouch) (< net45) (>= netstandard1.5) (< win8) (< wpa81) (< xamarinios) (< xamarinmac) (< xamarintvos) (< xamarinwatchos))
      System.Runtime (>= 4.3.1) - restriction: || (&& (< monoandroid) (< net45) (>= netstandard1.0) (< netstandard1.3) (< win8) (< wp8) (< wpa81)) (&& (< monoandroid) (< net45) (>= netstandard1.3) (< netstandard1.5) (< win8) (< wpa81)) (&& (< monotouch) (< net45) (>= netstandard1.5) (< win8) (< wpa81) (< xamarinios) (< xamarinmac) (< xamarintvos) (< xamarinwatchos))
    System.Runtime.Handles (4.3) - restriction: || (&& (< monoandroid) (>= netcoreapp2.2) (< netstandard1.4)) (&& (< net45) (>= net46) (< netstandard1.4) (>= netstandard1.6)) (&& (< net45) (< netstandard1.2) (>= netstandard1.6) (< win8)) (&& (< net45) (< netstandard1.3) (>= netstandard1.6) (< win8) (< wpa81)) (&& (< net45) (< netstandard1.4) (>= netstandard1.6) (< win8) (< wpa81)) (&& (< net45) (< netstandard1.5) (>= netstandard1.6) (< win8) (< wpa81)) (&& (< net45) (>= netstandard1.6) (< netstandard2.0) (< win8) (< wpa81)) (&& (>= netcoreapp2.2) (< xamarinios) (< xamarinmac) (< xamarintvos) (< xamarinwatchos)) (&& (< netstandard1.5) (>= netstandard1.6) (>= uap10.0))
      Microsoft.NETCore.Platforms (>= 1.1) - restriction: && (< monoandroid) (< monotouch) (< net46) (>= netstandard1.3) (< xamarinios) (< xamarinmac) (< xamarintvos) (< xamarinwatchos)
      Microsoft.NETCore.Targets (>= 1.1) - restriction: && (< monoandroid) (< monotouch) (< net46) (>= netstandard1.3) (< xamarinios) (< xamarinmac) (< xamarintvos) (< xamarinwatchos)
      System.Runtime (>= 4.3) - restriction: && (< monoandroid) (< monotouch) (< net46) (>= netstandard1.3) (< xamarinios) (< xamarinmac) (< xamarintvos) (< xamarinwatchos)
    System.Runtime.InteropServices (4.3) - restriction: || (&& (< net45) (>= net46) (< netstandard1.4) (>= netstandard1.6)) (&& (< net45) (< netstandard1.2) (>= netstandard1.6) (< win8)) (&& (< net45) (< netstandard1.3) (>= netstandard1.6) (< win8) (< wpa81)) (&& (< net45) (< netstandard1.4) (>= netstandard1.6) (< win8) (< wpa81)) (&& (< net45) (< netstandard1.5) (>= netstandard1.6) (< win8) (< wpa81)) (&& (< net45) (>= netstandard1.6) (< netstandard2.0) (< win8) (< wpa81)) (&& (>= netcoreapp2.2) (< xamarinios) (< xamarinmac) (< xamarintvos) (< xamarinwatchos)) (&& (< netstandard1.5) (>= netstandard1.6) (>= uap10.0))
      Microsoft.NETCore.Platforms (>= 1.1) - restriction: || (&& (< monoandroid) (< net45) (>= netstandard1.1) (< netstandard1.2) (< win8)) (&& (< monoandroid) (< net45) (>= netstandard1.2) (< netstandard1.3) (< win8) (< wpa81)) (&& (< monoandroid) (< net45) (>= netstandard1.3) (< netstandard1.5) (< win8) (< wpa81)) (&& (< monotouch) (< net45) (< netcoreapp1.1) (>= netstandard1.5) (< win8) (< wpa81) (< xamarinios) (< xamarinmac) (< xamarintvos) (< xamarinwatchos)) (&& (>= netcoreapp1.1) (< xamarinios) (< xamarinmac) (< xamarintvos) (< xamarinwatchos))
      Microsoft.NETCore.Targets (>= 1.1) - restriction: || (&& (< monoandroid) (< net45) (>= netstandard1.1) (< netstandard1.2) (< win8)) (&& (< monoandroid) (< net45) (>= netstandard1.2) (< netstandard1.3) (< win8) (< wpa81)) (&& (< monoandroid) (< net45) (>= netstandard1.3) (< netstandard1.5) (< win8) (< wpa81)) (&& (< monotouch) (< net45) (< netcoreapp1.1) (>= netstandard1.5) (< win8) (< wpa81) (< xamarinios) (< xamarinmac) (< xamarintvos) (< xamarinwatchos)) (&& (>= netcoreapp1.1) (< xamarinios) (< xamarinmac) (< xamarintvos) (< xamarinwatchos))
      System.Reflection (>= 4.3) - restriction: || (&& (< monoandroid) (< net45) (>= netstandard1.1) (< netstandard1.2) (< win8)) (&& (< monoandroid) (< net45) (>= netstandard1.2) (< netstandard1.3) (< win8) (< wpa81)) (&& (< monoandroid) (< net45) (>= netstandard1.3) (< netstandard1.5) (< win8) (< wpa81)) (&& (< monotouch) (< net45) (< netcoreapp1.1) (>= netstandard1.5) (< win8) (< wpa81) (< xamarinios) (< xamarinmac) (< xamarintvos) (< xamarinwatchos)) (&& (>= netcoreapp1.1) (< xamarinios) (< xamarinmac) (< xamarintvos) (< xamarinwatchos))
      System.Reflection.Primitives (>= 4.3) - restriction: || (&& (< monoandroid) (< net45) (>= netstandard1.1) (< netstandard1.2) (< win8)) (&& (< monoandroid) (< net45) (>= netstandard1.2) (< netstandard1.3) (< win8) (< wpa81)) (&& (< monoandroid) (< net45) (>= netstandard1.3) (< netstandard1.5) (< win8) (< wpa81)) (&& (< monotouch) (< net45) (< netcoreapp1.1) (>= netstandard1.5) (< win8) (< wpa81) (< xamarinios) (< xamarinmac) (< xamarintvos) (< xamarinwatchos)) (&& (>= netcoreapp1.1) (< xamarinios) (< xamarinmac) (< xamarintvos) (< xamarinwatchos))
      System.Runtime (>= 4.3) - restriction: || (&& (< monoandroid) (< net45) (>= netstandard1.1) (< netstandard1.2) (< win8)) (&& (< monoandroid) (< net45) (>= netstandard1.2) (< netstandard1.3) (< win8) (< wpa81)) (&& (< monoandroid) (< net45) (>= netstandard1.3) (< netstandard1.5) (< win8) (< wpa81)) (&& (< monotouch) (< net45) (< netcoreapp1.1) (>= netstandard1.5) (< win8) (< wpa81) (< xamarinios) (< xamarinmac) (< xamarintvos) (< xamarinwatchos)) (>= net462) (&& (>= netcoreapp1.1) (< xamarinios) (< xamarinmac) (< xamarintvos) (< xamarinwatchos))
      System.Runtime.Handles (>= 4.3) - restriction: || (&& (< monoandroid) (< net45) (>= netstandard1.3) (< netstandard1.5) (< win8) (< wpa81)) (&& (< monotouch) (< net45) (< netcoreapp1.1) (>= netstandard1.5) (< win8) (< wpa81) (< xamarinios) (< xamarinmac) (< xamarintvos) (< xamarinwatchos)) (&& (>= netcoreapp1.1) (< xamarinios) (< xamarinmac) (< xamarintvos) (< xamarinwatchos))
    System.Runtime.InteropServices.RuntimeInformation (4.3) - restriction: || (&& (>= net45) (< netstandard1.3) (>= netstandard1.6)) (&& (< net45) (< netstandard1.2) (>= netstandard1.6) (< win8)) (&& (< net45) (< netstandard1.3) (>= netstandard1.6) (< win8) (< wpa81)) (&& (< net45) (< netstandard1.4) (>= netstandard1.6) (< win8) (< wpa81)) (&& (< net45) (< netstandard1.5) (>= netstandard1.6) (< win8) (< wpa81)) (&& (< net45) (>= netstandard1.6) (< netstandard2.0) (< win8) (< wpa81)) (&& (>= net46) (< netstandard1.4) (>= netstandard1.6)) (>= netcoreapp2.2) (&& (< netstandard1.0) (>= netstandard1.6) (< portable-net45+win8)) (&& (< netstandard1.0) (>= netstandard1.6) (>= win8)) (&& (< netstandard1.0) (>= netstandard1.6) (< win8)) (&& (< netstandard1.3) (>= netstandard1.6) (< win8) (>= wpa81)) (&& (< netstandard1.5) (>= netstandard1.6) (>= uap10.0))
      runtime.native.System (>= 4.3) - restriction: && (< monoandroid) (< monotouch) (< net45) (>= netstandard1.1) (< win8) (< wpa81) (< xamarinios) (< xamarinmac) (< xamarintvos) (< xamarinwatchos)
      System.Reflection (>= 4.3) - restriction: && (< monoandroid) (< monotouch) (< net45) (>= netstandard1.1) (< win8) (< wpa81) (< xamarinios) (< xamarinmac) (< xamarintvos) (< xamarinwatchos)
      System.Reflection.Extensions (>= 4.3) - restriction: && (< monoandroid) (< monotouch) (< net45) (>= netstandard1.1) (< win8) (< wpa81) (< xamarinios) (< xamarinmac) (< xamarintvos) (< xamarinwatchos)
      System.Resources.ResourceManager (>= 4.3) - restriction: && (< monoandroid) (< monotouch) (< net45) (>= netstandard1.1) (< win8) (< wpa81) (< xamarinios) (< xamarinmac) (< xamarintvos) (< xamarinwatchos)
      System.Runtime (>= 4.3) - restriction: && (< monoandroid) (< monotouch) (< net45) (>= netstandard1.1) (< win8) (< wpa81) (< xamarinios) (< xamarinmac) (< xamarintvos) (< xamarinwatchos)
      System.Runtime.InteropServices (>= 4.3) - restriction: && (< monoandroid) (< monotouch) (< net45) (>= netstandard1.1) (< win8) (< wpa81) (< xamarinios) (< xamarinmac) (< xamarintvos) (< xamarinwatchos)
      System.Threading (>= 4.3) - restriction: && (< monoandroid) (< monotouch) (< net45) (>= netstandard1.1) (< win8) (< wpa81) (< xamarinios) (< xamarinmac) (< xamarintvos) (< xamarinwatchos)
    System.Runtime.Numerics (4.3) - restriction: || (&& (< net45) (< netstandard1.2) (>= netstandard1.6) (< win8)) (&& (< net45) (< netstandard1.3) (>= netstandard1.6) (< win8) (< wpa81)) (&& (< net45) (< netstandard1.4) (>= netstandard1.6) (< win8) (< wpa81)) (&& (< net45) (< netstandard1.5) (>= netstandard1.6) (< win8) (< wpa81)) (&& (< net45) (>= netstandard1.6) (< netstandard2.0) (< win8) (< wpa81)) (&& (< netstandard1.5) (>= netstandard1.6) (>= uap10.0))
      System.Globalization (>= 4.3) - restriction: && (< monoandroid) (< monotouch) (< net45) (>= netstandard1.3) (< win8) (< wpa81) (< xamarinios) (< xamarinmac) (< xamarintvos) (< xamarinwatchos)
      System.Resources.ResourceManager (>= 4.3) - restriction: && (< monoandroid) (< monotouch) (< net45) (>= netstandard1.3) (< win8) (< wpa81) (< xamarinios) (< xamarinmac) (< xamarintvos) (< xamarinwatchos)
      System.Runtime (>= 4.3) - restriction: || (&& (< monoandroid) (< monotouch) (< net45) (>= netstandard1.3) (< win8) (< wpa81) (< xamarinios) (< xamarinmac) (< xamarintvos) (< xamarinwatchos)) (&& (< monoandroid) (< net45) (>= netstandard1.1) (< netstandard1.3) (< win8) (< wpa81))
      System.Runtime.Extensions (>= 4.3) - restriction: && (< monoandroid) (< monotouch) (< net45) (>= netstandard1.3) (< win8) (< wpa81) (< xamarinios) (< xamarinmac) (< xamarintvos) (< xamarinwatchos)
    System.Runtime.Serialization.Formatters (4.3) - restriction: || (&& (< monoandroid8.1) (>= netcoreapp2.2) (< xamarinios)) (&& (< monoandroid9.0) (>= net6.0) (< netcoreapp2.1) (< xamarinmac)) (&& (>= net6.0) (>= uap10.0)) (&& (>= net6.0) (>= xamarinios))
      System.Collections (>= 4.3) - restriction: && (< monotouch) (< net46) (>= netstandard1.4) (< xamarinios) (< xamarinmac) (< xamarintvos) (< xamarinwatchos)
      System.Reflection (>= 4.3) - restriction: && (< monotouch) (< net46) (>= netstandard1.4) (< xamarinios) (< xamarinmac) (< xamarintvos) (< xamarinwatchos)
      System.Resources.ResourceManager (>= 4.3) - restriction: && (< monotouch) (< net46) (>= netstandard1.4) (< xamarinios) (< xamarinmac) (< xamarintvos) (< xamarinwatchos)
      System.Runtime (>= 4.3) - restriction: || (&& (< monoandroid) (< net46) (>= netstandard1.3) (< netstandard1.4)) (&& (< monotouch) (< net46) (>= netstandard1.4) (< xamarinios) (< xamarinmac) (< xamarintvos) (< xamarinwatchos))
      System.Runtime.Serialization.Primitives (>= 4.3) - restriction: || (&& (< monoandroid) (>= netstandard1.3) (< netstandard1.4)) (&& (< monotouch) (>= netstandard1.4) (< xamarinios) (< xamarinmac) (< xamarintvos) (< xamarinwatchos)) (>= net46)
    System.Runtime.Serialization.Json (4.3) - restriction: || (&& (< monoandroid8.1) (>= netcoreapp2.2) (< xamarinios)) (&& (>= netcoreapp2.2) (>= uap10.0))
      System.IO (>= 4.3) - restriction: || (&& (< monoandroid) (< monotouch) (< net45) (>= netstandard1.3) (< win8) (< wpa81) (< xamarinios) (< xamarinmac) (< xamarintvos) (< xamarinwatchos)) (&& (< monoandroid) (< net45) (>= netstandard1.0) (< netstandard1.3) (< win8) (< wp8) (< wpa81))
      System.Private.DataContractSerialization (>= 4.3) - restriction: && (< monoandroid) (< monotouch) (< net45) (>= netstandard1.3) (< win8) (< wpa81) (< xamarinios) (< xamarinmac) (< xamarintvos) (< xamarinwatchos)
      System.Runtime (>= 4.3) - restriction: || (&& (< monoandroid) (< monotouch) (< net45) (>= netstandard1.3) (< win8) (< wpa81) (< xamarinios) (< xamarinmac) (< xamarintvos) (< xamarinwatchos)) (&& (< monoandroid) (< net45) (>= netstandard1.0) (< netstandard1.3) (< win8) (< wp8) (< wpa81))
    System.Runtime.Serialization.Primitives (4.3) - restriction: || (&& (< monoandroid) (>= netcoreapp2.2) (< netstandard1.4)) (&& (< monoandroid8.1) (>= netcoreapp2.2) (< xamarinios)) (&& (< monoandroid9.0) (>= net6.0) (< netcoreapp2.1) (< xamarinmac)) (&& (>= net46) (>= netcoreapp2.2)) (&& (>= net6.0) (>= uap10.0)) (&& (>= net6.0) (>= xamarinios)) (&& (>= netcoreapp2.2) (>= uap10.0))
      System.Resources.ResourceManager (>= 4.3) - restriction: && (< monoandroid) (< monotouch) (< net45) (>= netstandard1.3) (< win8) (< wpa81) (< xamarinios) (< xamarinmac) (< xamarintvos) (< xamarinwatchos)
      System.Runtime (>= 4.3) - restriction: || (&& (< monoandroid) (< monotouch) (< net45) (>= netstandard1.3) (< win8) (< wpa81) (< xamarinios) (< xamarinmac) (< xamarintvos) (< xamarinwatchos)) (&& (< monoandroid) (< net45) (>= netstandard1.0) (< netstandard1.3) (< win8) (< wp8) (< wpa81))
    System.Security.AccessControl (6.0) - restriction: >= netcoreapp2.2
      System.Security.Principal.Windows (>= 5.0) - restriction: || (>= net461) (&& (< net6.0) (>= netstandard2.0))
    System.Security.Claims (4.3) - restriction: || (&& (< monoandroid) (>= netcoreapp2.2) (< netstandard1.6)) (&& (>= netcoreapp2.2) (< xamarinios) (< xamarinmac) (< xamarintvos) (< xamarinwatchos))
      System.Collections (>= 4.3) - restriction: && (< monoandroid) (< monotouch) (< net46) (>= netstandard1.3) (< xamarinios) (< xamarinmac) (< xamarintvos) (< xamarinwatchos)
      System.Globalization (>= 4.3) - restriction: && (< monoandroid) (< monotouch) (< net46) (>= netstandard1.3) (< xamarinios) (< xamarinmac) (< xamarintvos) (< xamarinwatchos)
      System.IO (>= 4.3) - restriction: && (< monoandroid) (< monotouch) (< net46) (>= netstandard1.3) (< xamarinios) (< xamarinmac) (< xamarintvos) (< xamarinwatchos)
      System.Resources.ResourceManager (>= 4.3) - restriction: && (< monoandroid) (< monotouch) (< net46) (>= netstandard1.3) (< xamarinios) (< xamarinmac) (< xamarintvos) (< xamarinwatchos)
      System.Runtime (>= 4.3) - restriction: && (< monoandroid) (< monotouch) (< net46) (>= netstandard1.3) (< xamarinios) (< xamarinmac) (< xamarintvos) (< xamarinwatchos)
      System.Runtime.Extensions (>= 4.3) - restriction: && (< monoandroid) (< monotouch) (< net46) (>= netstandard1.3) (< xamarinios) (< xamarinmac) (< xamarintvos) (< xamarinwatchos)
      System.Security.Principal (>= 4.3) - restriction: && (< monoandroid) (< monotouch) (< net46) (>= netstandard1.3) (< xamarinios) (< xamarinmac) (< xamarintvos) (< xamarinwatchos)
    System.Security.Cryptography.Algorithms (4.3.1) - restriction: || (&& (< net45) (>= net46) (< netstandard1.5) (>= netstandard1.6)) (&& (< net45) (>= net46) (>= netstandard1.6) (< netstandard2.0)) (&& (< net45) (>= net461) (< netstandard1.2) (>= netstandard1.6)) (&& (< net45) (>= net461) (< netstandard1.3) (>= netstandard1.6)) (&& (< net45) (>= net461) (< netstandard1.4) (>= netstandard1.6)) (&& (< net45) (>= net461) (< netstandard1.5) (>= netstandard1.6)) (&& (< net45) (>= net461) (>= netstandard1.6) (< netstandard2.0)) (&& (< net45) (< netstandard1.2) (>= netstandard1.6) (< win8)) (&& (< net45) (< netstandard1.3) (>= netstandard1.6) (< win8) (< wpa81)) (&& (< net45) (< netstandard1.4) (>= netstandard1.6) (< win8) (< wpa81)) (&& (< net45) (< netstandard1.5) (>= netstandard1.6) (< win8) (< wpa81)) (&& (< net45) (>= netstandard1.6) (< netstandard2.0) (< win8) (< wpa81)) (&& (>= net46) (< netstandard1.4) (>= netstandard1.6)) (>= netcoreapp2.2) (&& (< netstandard1.5) (>= netstandard1.6) (>= uap10.0))
      Microsoft.NETCore.Platforms (>= 1.1) - restriction: && (< monotouch) (< net46) (>= netstandard1.6) (< xamarinios) (< xamarinmac) (< xamarintvos) (< xamarinwatchos)
      runtime.native.System.Security.Cryptography.Apple (>= 4.3.1) - restriction: && (< monotouch) (< net46) (>= netstandard1.6) (< xamarinios) (< xamarinmac) (< xamarintvos) (< xamarinwatchos)
      runtime.native.System.Security.Cryptography.OpenSsl (>= 4.3.2) - restriction: && (< monotouch) (< net46) (>= netstandard1.6) (< xamarinios) (< xamarinmac) (< xamarintvos) (< xamarinwatchos)
      System.Collections (>= 4.3) - restriction: && (< monotouch) (< net46) (>= netstandard1.6) (< xamarinios) (< xamarinmac) (< xamarintvos) (< xamarinwatchos)
      System.IO (>= 4.3) - restriction: || (&& (< monoandroid) (< net46) (>= netstandard1.3) (< netstandard1.4)) (&& (< monoandroid) (< net46) (>= netstandard1.4) (< netstandard1.6)) (&& (< monotouch) (< net46) (>= netstandard1.6) (< xamarinios) (< xamarinmac) (< xamarintvos) (< xamarinwatchos)) (>= net463)
      System.Resources.ResourceManager (>= 4.3) - restriction: && (< monotouch) (< net46) (>= netstandard1.6) (< xamarinios) (< xamarinmac) (< xamarintvos) (< xamarinwatchos)
      System.Runtime (>= 4.3) - restriction: || (&& (< monoandroid) (< net46) (>= netstandard1.3) (< netstandard1.4)) (&& (< monoandroid) (< net46) (>= netstandard1.4) (< netstandard1.6)) (&& (< monotouch) (< net46) (>= netstandard1.6) (< xamarinios) (< xamarinmac) (< xamarintvos) (< xamarinwatchos)) (>= net463)
      System.Runtime.Extensions (>= 4.3) - restriction: && (< monotouch) (< net46) (>= netstandard1.6) (< xamarinios) (< xamarinmac) (< xamarintvos) (< xamarinwatchos)
      System.Runtime.Handles (>= 4.3) - restriction: && (< monotouch) (< net46) (>= netstandard1.6) (< xamarinios) (< xamarinmac) (< xamarintvos) (< xamarinwatchos)
      System.Runtime.InteropServices (>= 4.3) - restriction: && (< monotouch) (< net46) (>= netstandard1.6) (< xamarinios) (< xamarinmac) (< xamarintvos) (< xamarinwatchos)
      System.Runtime.Numerics (>= 4.3) - restriction: && (< monotouch) (< net46) (>= netstandard1.6) (< xamarinios) (< xamarinmac) (< xamarintvos) (< xamarinwatchos)
      System.Security.Cryptography.Encoding (>= 4.3) - restriction: || (&& (< monotouch) (< net46) (>= netstandard1.6) (< xamarinios) (< xamarinmac) (< xamarintvos) (< xamarinwatchos)) (>= net463)
      System.Security.Cryptography.Primitives (>= 4.3) - restriction: || (&& (< monoandroid) (< net46) (>= netstandard1.3) (< netstandard1.4)) (&& (< monoandroid) (< net46) (>= netstandard1.4) (< netstandard1.6)) (&& (< monotouch) (< net46) (>= netstandard1.6) (< xamarinios) (< xamarinmac) (< xamarintvos) (< xamarinwatchos)) (&& (>= net46) (< netstandard1.4)) (&& (>= net461) (< netstandard1.6)) (>= net463)
      System.Text.Encoding (>= 4.3) - restriction: && (< monotouch) (< net46) (>= netstandard1.6) (< xamarinios) (< xamarinmac) (< xamarintvos) (< xamarinwatchos)
    System.Security.Cryptography.Cng (5.0) - restriction: || (&& (< monotouch) (< net45) (>= netstandard1.6) (< netstandard2.0) (< win8) (< wpa81) (< xamarintvos) (< xamarinwatchos)) (&& (< net45) (< netstandard1.4) (>= netstandard1.6) (< win8) (< wpa81)) (&& (< net45) (< netstandard1.5) (>= netstandard1.6) (< win8) (< wpa81)) (&& (< net6.0) (>= netcoreapp3.1)) (>= netcoreapp2.2) (&& (< netstandard1.5) (>= netstandard1.6) (>= uap10.0))
      System.Formats.Asn1 (>= 5.0) - restriction: && (>= netcoreapp3.0) (< xamarinios) (< xamarinmac) (< xamarintvos) (< xamarinwatchos)
    System.Security.Cryptography.Csp (4.3) - restriction: || (&& (< monotouch) (< net45) (>= netstandard1.6) (< netstandard2.0) (< win8) (< wpa81) (< xamarintvos) (< xamarinwatchos)) (&& (< net45) (< netstandard1.4) (>= netstandard1.6) (< win8) (< wpa81)) (&& (< net45) (< netstandard1.5) (>= netstandard1.6) (< win8) (< wpa81)) (&& (< netstandard1.5) (>= netstandard1.6) (>= uap10.0))
      Microsoft.NETCore.Platforms (>= 1.1) - restriction: && (< monoandroid) (< monotouch) (< net46) (>= netstandard1.3) (< xamarinios) (< xamarinmac) (< xamarintvos) (< xamarinwatchos)
      System.IO (>= 4.3) - restriction: && (< monoandroid) (< monotouch) (< net46) (>= netstandard1.3) (< xamarinios) (< xamarinmac) (< xamarintvos) (< xamarinwatchos)
      System.Reflection (>= 4.3) - restriction: && (< monoandroid) (< monotouch) (< net46) (>= netstandard1.3) (< xamarinios) (< xamarinmac) (< xamarintvos) (< xamarinwatchos)
      System.Resources.ResourceManager (>= 4.3) - restriction: && (< monoandroid) (< monotouch) (< net46) (>= netstandard1.3) (< xamarinios) (< xamarinmac) (< xamarintvos) (< xamarinwatchos)
      System.Runtime (>= 4.3) - restriction: && (< monoandroid) (< monotouch) (< net46) (>= netstandard1.3) (< xamarinios) (< xamarinmac) (< xamarintvos) (< xamarinwatchos)
      System.Runtime.Extensions (>= 4.3) - restriction: && (< monoandroid) (< monotouch) (< net46) (>= netstandard1.3) (< xamarinios) (< xamarinmac) (< xamarintvos) (< xamarinwatchos)
      System.Runtime.Handles (>= 4.3) - restriction: && (< monoandroid) (< monotouch) (< net46) (>= netstandard1.3) (< xamarinios) (< xamarinmac) (< xamarintvos) (< xamarinwatchos)
      System.Runtime.InteropServices (>= 4.3) - restriction: && (< monoandroid) (< monotouch) (< net46) (>= netstandard1.3) (< xamarinios) (< xamarinmac) (< xamarintvos) (< xamarinwatchos)
      System.Security.Cryptography.Algorithms (>= 4.3) - restriction: || (&& (< monoandroid) (< monotouch) (>= netstandard1.3) (< xamarinios) (< xamarinmac) (< xamarintvos) (< xamarinwatchos)) (>= net46)
      System.Security.Cryptography.Encoding (>= 4.3) - restriction: && (< monoandroid) (< monotouch) (< net46) (>= netstandard1.3) (< xamarinios) (< xamarinmac) (< xamarintvos) (< xamarinwatchos)
      System.Security.Cryptography.Primitives (>= 4.3) - restriction: || (&& (< monoandroid) (< monotouch) (>= netstandard1.3) (< xamarinios) (< xamarinmac) (< xamarintvos) (< xamarinwatchos)) (>= net46)
      System.Text.Encoding (>= 4.3) - restriction: && (< monoandroid) (< monotouch) (< net46) (>= netstandard1.3) (< xamarinios) (< xamarinmac) (< xamarintvos) (< xamarinwatchos)
      System.Threading (>= 4.3) - restriction: && (< monoandroid) (< monotouch) (< net46) (>= netstandard1.3) (< xamarinios) (< xamarinmac) (< xamarintvos) (< xamarinwatchos)
    System.Security.Cryptography.Encoding (4.3) - restriction: || (&& (< monoandroid) (>= netcoreapp2.2) (< netstandard1.6)) (&& (< net45) (< netstandard1.2) (>= netstandard1.6) (< win8)) (&& (< net45) (< netstandard1.3) (>= netstandard1.6) (< win8) (< wpa81)) (&& (< net45) (< netstandard1.4) (>= netstandard1.6) (< win8) (< wpa81)) (&& (< net45) (< netstandard1.5) (>= netstandard1.6) (< win8) (< wpa81)) (&& (< net45) (>= netstandard1.6) (< netstandard2.0) (< win8) (< wpa81)) (&& (>= net46) (< netstandard1.4) (>= netstandard1.6)) (&& (>= netcoreapp2.2) (< xamarinios) (< xamarinmac) (< xamarintvos) (< xamarinwatchos)) (&& (< netstandard1.5) (>= netstandard1.6) (>= uap10.0))
      Microsoft.NETCore.Platforms (>= 1.1) - restriction: && (< monoandroid) (< monotouch) (< net46) (>= netstandard1.3) (< xamarinios) (< xamarinmac) (< xamarintvos) (< xamarinwatchos)
      runtime.native.System.Security.Cryptography.OpenSsl (>= 4.3) - restriction: && (< monoandroid) (< monotouch) (< net46) (>= netstandard1.3) (< xamarinios) (< xamarinmac) (< xamarintvos) (< xamarinwatchos)
      System.Collections (>= 4.3) - restriction: && (< monoandroid) (< monotouch) (< net46) (>= netstandard1.3) (< xamarinios) (< xamarinmac) (< xamarintvos) (< xamarinwatchos)
      System.Collections.Concurrent (>= 4.3) - restriction: && (< monoandroid) (< monotouch) (< net46) (>= netstandard1.3) (< xamarinios) (< xamarinmac) (< xamarintvos) (< xamarinwatchos)
      System.Linq (>= 4.3) - restriction: && (< monoandroid) (< monotouch) (< net46) (>= netstandard1.3) (< xamarinios) (< xamarinmac) (< xamarintvos) (< xamarinwatchos)
      System.Resources.ResourceManager (>= 4.3) - restriction: && (< monoandroid) (< monotouch) (< net46) (>= netstandard1.3) (< xamarinios) (< xamarinmac) (< xamarintvos) (< xamarinwatchos)
      System.Runtime (>= 4.3) - restriction: && (< monoandroid) (< monotouch) (< net46) (>= netstandard1.3) (< xamarinios) (< xamarinmac) (< xamarintvos) (< xamarinwatchos)
      System.Runtime.Extensions (>= 4.3) - restriction: && (< monoandroid) (< monotouch) (< net46) (>= netstandard1.3) (< xamarinios) (< xamarinmac) (< xamarintvos) (< xamarinwatchos)
      System.Runtime.Handles (>= 4.3) - restriction: && (< monoandroid) (< monotouch) (< net46) (>= netstandard1.3) (< xamarinios) (< xamarinmac) (< xamarintvos) (< xamarinwatchos)
      System.Runtime.InteropServices (>= 4.3) - restriction: && (< monoandroid) (< monotouch) (< net46) (>= netstandard1.3) (< xamarinios) (< xamarinmac) (< xamarintvos) (< xamarinwatchos)
      System.Security.Cryptography.Primitives (>= 4.3) - restriction: && (< monoandroid) (< monotouch) (< net46) (>= netstandard1.3) (< xamarinios) (< xamarinmac) (< xamarintvos) (< xamarinwatchos)
      System.Text.Encoding (>= 4.3) - restriction: && (< monoandroid) (< monotouch) (< net46) (>= netstandard1.3) (< xamarinios) (< xamarinmac) (< xamarintvos) (< xamarinwatchos)
    System.Security.Cryptography.OpenSsl (5.0) - restriction: || (&& (< monotouch) (< net45) (>= netstandard1.6) (< netstandard2.0) (< win8) (< wpa81) (< xamarintvos) (< xamarinwatchos)) (&& (< net45) (>= net46) (< netstandard1.4) (>= netstandard1.6)) (&& (< net45) (< netstandard1.2) (>= netstandard1.6) (< win8)) (&& (< net45) (< netstandard1.3) (>= netstandard1.6) (< win8) (< wpa81)) (&& (< net45) (< netstandard1.4) (>= netstandard1.6) (< win8) (< wpa81)) (&& (< net45) (< netstandard1.5) (>= netstandard1.6) (< win8) (< wpa81)) (&& (>= netcoreapp2.2) (< xamarinios) (< xamarinmac) (< xamarintvos) (< xamarinwatchos)) (&& (< netstandard1.5) (>= netstandard1.6) (>= uap10.0))
      System.Collections (>= 4.3) - restriction: && (< net461) (>= netstandard1.6) (< netstandard2.0)
      System.IO (>= 4.3) - restriction: && (< net461) (>= netstandard1.6) (< netstandard2.0)
      System.Resources.ResourceManager (>= 4.3) - restriction: && (< net461) (>= netstandard1.6) (< netstandard2.0)
      System.Runtime (>= 4.3) - restriction: && (< net461) (>= netstandard1.6) (< netstandard2.0)
      System.Runtime.Extensions (>= 4.3) - restriction: && (< net461) (>= netstandard1.6) (< netstandard2.0)
      System.Runtime.Handles (>= 4.3) - restriction: && (< net461) (>= netstandard1.6) (< netstandard2.0)
      System.Runtime.InteropServices (>= 4.3) - restriction: && (< net461) (>= netstandard1.6) (< netstandard2.0)
      System.Runtime.Numerics (>= 4.3) - restriction: && (< net461) (>= netstandard1.6) (< netstandard2.0)
      System.Security.Cryptography.Algorithms (>= 4.3.1) - restriction: || (>= net461) (&& (>= netstandard1.6) (< netstandard2.0))
      System.Security.Cryptography.Encoding (>= 4.3) - restriction: && (< net461) (>= netstandard1.6) (< netstandard2.0)
      System.Security.Cryptography.Primitives (>= 4.3) - restriction: && (< net461) (>= netstandard1.6) (< netstandard2.0)
      System.Text.Encoding (>= 4.3) - restriction: && (< net461) (>= netstandard1.6) (< netstandard2.0)
    System.Security.Cryptography.Pkcs (6.0) - restriction: >= netcoreapp2.2
      System.Buffers (>= 4.5.1) - restriction: && (< net461) (>= netstandard2.0) (< netstandard2.1)
      System.Formats.Asn1 (>= 6.0) - restriction: || (&& (< net461) (>= netstandard2.0)) (>= netstandard2.1)
      System.Memory (>= 4.5.4) - restriction: && (< net461) (>= netstandard2.0) (< netstandard2.1)
      System.Security.Cryptography.Cng (>= 5.0) - restriction: || (&& (< net461) (>= netstandard2.0) (< netstandard2.1)) (&& (< net6.0) (>= netcoreapp3.1)) (&& (< netcoreapp3.1) (>= netstandard2.1))
    System.Security.Cryptography.Primitives (4.3) - restriction: || (&& (< monoandroid) (>= netcoreapp2.2) (< netstandard1.6)) (&& (< net45) (< netstandard1.2) (>= netstandard1.6) (< win8)) (&& (< net45) (< netstandard1.3) (>= netstandard1.6) (< win8) (< wpa81)) (&& (< net45) (< netstandard1.4) (>= netstandard1.6) (< win8) (< wpa81)) (&& (< net45) (< netstandard1.5) (>= netstandard1.6) (< win8) (< wpa81)) (&& (< net45) (>= netstandard1.6) (< netstandard2.0) (< win8) (< wpa81)) (&& (>= net46) (< netstandard1.4) (>= netstandard1.6)) (&& (>= netcoreapp2.2) (< xamarinios) (< xamarinmac) (< xamarintvos) (< xamarinwatchos)) (&& (< netstandard1.5) (>= netstandard1.6) (>= uap10.0))
      System.Diagnostics.Debug (>= 4.3) - restriction: && (< monoandroid) (< monotouch) (< net46) (>= netstandard1.3) (< xamarinios) (< xamarinmac) (< xamarintvos) (< xamarinwatchos)
      System.Globalization (>= 4.3) - restriction: && (< monoandroid) (< monotouch) (< net46) (>= netstandard1.3) (< xamarinios) (< xamarinmac) (< xamarintvos) (< xamarinwatchos)
      System.IO (>= 4.3) - restriction: && (< monoandroid) (< monotouch) (< net46) (>= netstandard1.3) (< xamarinios) (< xamarinmac) (< xamarintvos) (< xamarinwatchos)
      System.Resources.ResourceManager (>= 4.3) - restriction: && (< monoandroid) (< monotouch) (< net46) (>= netstandard1.3) (< xamarinios) (< xamarinmac) (< xamarintvos) (< xamarinwatchos)
      System.Runtime (>= 4.3) - restriction: && (< monoandroid) (< monotouch) (< net46) (>= netstandard1.3) (< xamarinios) (< xamarinmac) (< xamarintvos) (< xamarinwatchos)
      System.Threading (>= 4.3) - restriction: && (< monoandroid) (< monotouch) (< net46) (>= netstandard1.3) (< xamarinios) (< xamarinmac) (< xamarintvos) (< xamarinwatchos)
      System.Threading.Tasks (>= 4.3) - restriction: && (< monoandroid) (< monotouch) (< net46) (>= netstandard1.3) (< xamarinios) (< xamarinmac) (< xamarintvos) (< xamarinwatchos)
    System.Security.Cryptography.ProtectedData (6.0) - restriction: >= net6.0
    System.Security.Cryptography.X509Certificates (4.3.2) - restriction: || (&& (< net45) (>= net46) (< netstandard1.2) (>= netstandard1.6)) (&& (< net45) (>= net46) (< netstandard1.3) (>= netstandard1.6)) (&& (< net45) (>= net46) (< netstandard1.5) (>= netstandard1.6)) (&& (< net45) (>= net46) (>= netstandard1.6) (< netstandard2.0)) (&& (< net45) (< netstandard1.2) (>= netstandard1.6) (< win8)) (&& (< net45) (< netstandard1.3) (>= netstandard1.6) (< win8) (< wpa81)) (&& (< net45) (< netstandard1.4) (>= netstandard1.6) (< win8) (< wpa81)) (&& (< net45) (< netstandard1.5) (>= netstandard1.6) (< win8) (< wpa81)) (&& (< net45) (>= netstandard1.6) (< netstandard2.0) (< win8) (< wpa81)) (&& (>= net46) (< netstandard1.4) (>= netstandard1.6)) (>= netcoreapp2.2) (&& (< netstandard1.5) (>= netstandard1.6) (>= uap10.0))
      Microsoft.NETCore.Platforms (>= 1.1) - restriction: && (< monotouch) (< net46) (>= netstandard1.6) (< xamarinios) (< xamarinmac) (< xamarintvos) (< xamarinwatchos)
      runtime.native.System (>= 4.3) - restriction: && (< monotouch) (< net46) (>= netstandard1.6) (< xamarinios) (< xamarinmac) (< xamarintvos) (< xamarinwatchos)
      runtime.native.System.Net.Http (>= 4.3) - restriction: && (< monotouch) (< net46) (>= netstandard1.6) (< xamarinios) (< xamarinmac) (< xamarintvos) (< xamarinwatchos)
      runtime.native.System.Security.Cryptography.OpenSsl (>= 4.3.2) - restriction: && (< monotouch) (< net46) (>= netstandard1.6) (< xamarinios) (< xamarinmac) (< xamarintvos) (< xamarinwatchos)
      System.Collections (>= 4.3) - restriction: && (< monotouch) (< net46) (>= netstandard1.6) (< xamarinios) (< xamarinmac) (< xamarintvos) (< xamarinwatchos)
      System.Diagnostics.Debug (>= 4.3) - restriction: && (< monotouch) (< net46) (>= netstandard1.6) (< xamarinios) (< xamarinmac) (< xamarintvos) (< xamarinwatchos)
      System.Globalization (>= 4.3) - restriction: && (< monotouch) (< net46) (>= netstandard1.6) (< xamarinios) (< xamarinmac) (< xamarintvos) (< xamarinwatchos)
      System.Globalization.Calendars (>= 4.3) - restriction: && (< monotouch) (< net46) (>= netstandard1.6) (< xamarinios) (< xamarinmac) (< xamarintvos) (< xamarinwatchos)
      System.IO (>= 4.3) - restriction: && (< monotouch) (< net46) (>= netstandard1.6) (< xamarinios) (< xamarinmac) (< xamarintvos) (< xamarinwatchos)
      System.IO.FileSystem (>= 4.3) - restriction: && (< monotouch) (< net46) (>= netstandard1.6) (< xamarinios) (< xamarinmac) (< xamarintvos) (< xamarinwatchos)
      System.IO.FileSystem.Primitives (>= 4.3) - restriction: && (< monotouch) (< net46) (>= netstandard1.6) (< xamarinios) (< xamarinmac) (< xamarintvos) (< xamarinwatchos)
      System.Resources.ResourceManager (>= 4.3) - restriction: && (< monotouch) (< net46) (>= netstandard1.6) (< xamarinios) (< xamarinmac) (< xamarintvos) (< xamarinwatchos)
      System.Runtime (>= 4.3) - restriction: || (&& (< monoandroid) (< net46) (>= netstandard1.3) (< netstandard1.4)) (&& (< monoandroid) (< net46) (>= netstandard1.4) (< netstandard1.6)) (&& (< monotouch) (< net46) (>= netstandard1.6) (< xamarinios) (< xamarinmac) (< xamarintvos) (< xamarinwatchos))
      System.Runtime.Extensions (>= 4.3) - restriction: && (< monotouch) (< net46) (>= netstandard1.6) (< xamarinios) (< xamarinmac) (< xamarintvos) (< xamarinwatchos)
      System.Runtime.Handles (>= 4.3) - restriction: || (&& (< monoandroid) (< net46) (>= netstandard1.3) (< netstandard1.4)) (&& (< monoandroid) (< net46) (>= netstandard1.4) (< netstandard1.6)) (&& (< monotouch) (< net46) (>= netstandard1.6) (< xamarinios) (< xamarinmac) (< xamarintvos) (< xamarinwatchos))
      System.Runtime.InteropServices (>= 4.3) - restriction: && (< monotouch) (< net46) (>= netstandard1.6) (< xamarinios) (< xamarinmac) (< xamarintvos) (< xamarinwatchos)
      System.Runtime.Numerics (>= 4.3) - restriction: && (< monotouch) (< net46) (>= netstandard1.6) (< xamarinios) (< xamarinmac) (< xamarintvos) (< xamarinwatchos)
      System.Security.Cryptography.Algorithms (>= 4.3) - restriction: || (&& (< monoandroid) (< net46) (>= netstandard1.3) (< netstandard1.4)) (&& (< monoandroid) (< net46) (>= netstandard1.4) (< netstandard1.6)) (&& (< monotouch) (< net46) (>= netstandard1.6) (< xamarinios) (< xamarinmac) (< xamarintvos) (< xamarinwatchos)) (&& (>= net46) (< netstandard1.4)) (>= net461)
      System.Security.Cryptography.Cng (>= 4.3) - restriction: && (< monotouch) (< net46) (>= netstandard1.6) (< xamarinios) (< xamarinmac) (< xamarintvos) (< xamarinwatchos)
      System.Security.Cryptography.Csp (>= 4.3) - restriction: && (< monotouch) (< net46) (>= netstandard1.6) (< xamarinios) (< xamarinmac) (< xamarintvos) (< xamarinwatchos)
      System.Security.Cryptography.Encoding (>= 4.3) - restriction: || (&& (< monoandroid) (< net46) (>= netstandard1.3) (< netstandard1.4)) (&& (< monoandroid) (< net46) (>= netstandard1.4) (< netstandard1.6)) (&& (< monotouch) (< net46) (>= netstandard1.6) (< xamarinios) (< xamarinmac) (< xamarintvos) (< xamarinwatchos)) (&& (>= net46) (< netstandard1.4)) (>= net461)
      System.Security.Cryptography.OpenSsl (>= 4.3) - restriction: && (< monotouch) (< net46) (>= netstandard1.6) (< xamarinios) (< xamarinmac) (< xamarintvos) (< xamarinwatchos)
      System.Security.Cryptography.Primitives (>= 4.3) - restriction: && (< monotouch) (< net46) (>= netstandard1.6) (< xamarinios) (< xamarinmac) (< xamarintvos) (< xamarinwatchos)
      System.Text.Encoding (>= 4.3) - restriction: && (< monotouch) (< net46) (>= netstandard1.6) (< xamarinios) (< xamarinmac) (< xamarintvos) (< xamarinwatchos)
      System.Threading (>= 4.3) - restriction: && (< monotouch) (< net46) (>= netstandard1.6) (< xamarinios) (< xamarinmac) (< xamarintvos) (< xamarinwatchos)
    System.Security.Cryptography.Xml (6.0) - restriction: >= netcoreapp2.2
      System.Memory (>= 4.5.4) - restriction: && (< net461) (< net6.0) (>= netstandard2.0)
      System.Security.AccessControl (>= 6.0) - restriction: || (>= net461) (>= netstandard2.0)
      System.Security.Cryptography.Pkcs (>= 6.0) - restriction: || (&& (< net461) (>= netstandard2.0)) (>= net6.0)
    System.Security.Permissions (6.0) - restriction: >= net6.0
      System.Security.AccessControl (>= 6.0) - restriction: || (>= net461) (>= netstandard2.0)
      System.Windows.Extensions (>= 6.0) - restriction: >= netcoreapp3.1
    System.Security.Principal (4.3) - restriction: || (&& (< monoandroid) (>= netcoreapp2.2) (< netstandard1.6)) (&& (>= netcoreapp2.2) (< xamarinios) (< xamarinmac) (< xamarintvos) (< xamarinwatchos))
      System.Runtime (>= 4.3) - restriction: && (< monoandroid) (< monotouch) (< net45) (>= netstandard1.0) (< win8) (< wp8) (< wpa81) (< xamarinios) (< xamarinmac) (< xamarintvos) (< xamarinwatchos)
    System.Security.Principal.Windows (5.0) - restriction: || (&& (< net6.0) (>= netcoreapp3.1)) (>= netcoreapp2.2)
      Microsoft.NETCore.Platforms (>= 5.0) - restriction: || (&& (>= netcoreapp2.0) (< netcoreapp2.1)) (&& (>= netcoreapp2.1) (< netcoreapp3.0))
    System.Security.SecureString (4.3) - restriction: || (&& (>= monoandroid10.0) (>= net6.0)) (&& (< monoandroid8.1) (>= netcoreapp2.2) (< xamarinios)) (&& (>= monoandroid9.0) (>= net6.0) (< netcoreapp2.1)) (&& (< monoandroid9.0) (>= net6.0) (< netcoreapp2.1) (< xamarinmac)) (&& (>= net6.0) (>= uap10.0)) (&& (>= net6.0) (>= xamarinios))
      Microsoft.NETCore.Platforms (>= 1.1) - restriction: && (< monoandroid) (< monotouch) (< net46) (>= netstandard1.3) (< xamarinios) (< xamarinmac) (< xamarintvos) (< xamarinwatchos)
      System.Resources.ResourceManager (>= 4.3) - restriction: && (< monoandroid) (< monotouch) (< net46) (>= netstandard1.3) (< xamarinios) (< xamarinmac) (< xamarintvos) (< xamarinwatchos)
      System.Runtime (>= 4.3) - restriction: && (< monoandroid) (< monotouch) (< net46) (>= netstandard1.3) (< xamarinios) (< xamarinmac) (< xamarintvos) (< xamarinwatchos)
      System.Runtime.Handles (>= 4.3) - restriction: && (< monoandroid) (< monotouch) (< net46) (>= netstandard1.3) (< xamarinios) (< xamarinmac) (< xamarintvos) (< xamarinwatchos)
      System.Runtime.InteropServices (>= 4.3) - restriction: && (< monoandroid) (< monotouch) (< net46) (>= netstandard1.3) (< xamarinios) (< xamarinmac) (< xamarintvos) (< xamarinwatchos)
      System.Security.Cryptography.Primitives (>= 4.3) - restriction: && (< monoandroid) (< monotouch) (< net46) (>= netstandard1.3) (< xamarinios) (< xamarinmac) (< xamarintvos) (< xamarinwatchos)
      System.Text.Encoding (>= 4.3) - restriction: && (< monoandroid) (< monotouch) (< net46) (>= netstandard1.3) (< xamarinios) (< xamarinmac) (< xamarintvos) (< xamarinwatchos)
      System.Threading (>= 4.3) - restriction: && (< monoandroid) (< monotouch) (< net46) (>= netstandard1.3) (< xamarinios) (< xamarinmac) (< xamarintvos) (< xamarinwatchos)
    System.Spatial (5.8.5) - restriction: >= netcoreapp2.2
    System.Text.Encoding (4.3) - restriction: || (&& (< monoandroid) (>= netcoreapp2.2) (< netstandard1.4)) (&& (< net45) (>= net46) (< netstandard1.3) (>= netstandard1.6)) (&& (< net45) (>= net46) (< netstandard1.4) (>= netstandard1.6)) (&& (< net45) (< netstandard1.2) (>= netstandard1.6) (< win8)) (&& (< net45) (< netstandard1.3) (>= netstandard1.6) (< win8) (< wpa81)) (&& (< net45) (< netstandard1.4) (>= netstandard1.6) (< win8) (< wpa81)) (&& (< net45) (< netstandard1.5) (>= netstandard1.6) (< win8) (< wpa81)) (&& (< net45) (>= netstandard1.6) (< netstandard2.0) (< win8) (< wpa81)) (&& (>= netcoreapp2.2) (< xamarinios) (< xamarinmac) (< xamarintvos) (< xamarinwatchos)) (&& (< netstandard1.3) (>= netstandard1.6) (>= uap10.0) (< win8) (< wpa81)) (&& (< netstandard1.5) (>= netstandard1.6) (>= uap10.0)) (&& (>= netstandard1.6) (< portable-net45+win8+wpa81))
      Microsoft.NETCore.Platforms (>= 1.1) - restriction: || (&& (< monoandroid) (< monotouch) (< net45) (>= netstandard1.3) (< win8) (< wpa81) (< xamarinios) (< xamarinmac) (< xamarintvos) (< xamarinwatchos)) (&& (< monoandroid) (< net45) (>= netstandard1.0) (< netstandard1.3) (< win8) (< wp8) (< wpa81))
      Microsoft.NETCore.Targets (>= 1.1) - restriction: || (&& (< monoandroid) (< monotouch) (< net45) (>= netstandard1.3) (< win8) (< wpa81) (< xamarinios) (< xamarinmac) (< xamarintvos) (< xamarinwatchos)) (&& (< monoandroid) (< net45) (>= netstandard1.0) (< netstandard1.3) (< win8) (< wp8) (< wpa81))
      System.Runtime (>= 4.3) - restriction: || (&& (< monoandroid) (< monotouch) (< net45) (>= netstandard1.3) (< win8) (< wpa81) (< xamarinios) (< xamarinmac) (< xamarintvos) (< xamarinwatchos)) (&& (< monoandroid) (< net45) (>= netstandard1.0) (< netstandard1.3) (< win8) (< wp8) (< wpa81))
    System.Text.Encoding.CodePages (6.0) - restriction: >= netcoreapp2.2
      System.Runtime.CompilerServices.Unsafe (>= 6.0) - restriction: || (>= net461) (>= netstandard2.0)
    System.Text.Encoding.Extensions (4.3) - restriction: || (&& (< net45) (>= net46) (< netstandard1.4) (>= netstandard1.6)) (&& (< net45) (< netstandard1.2) (>= netstandard1.6) (< win8)) (&& (< net45) (< netstandard1.3) (>= netstandard1.6) (< win8) (< wpa81)) (&& (< net45) (< netstandard1.4) (>= netstandard1.6) (< win8) (< wpa81)) (&& (< net45) (< netstandard1.5) (>= netstandard1.6) (< win8) (< wpa81)) (&& (< net45) (>= netstandard1.6) (< netstandard2.0) (< win8) (< wpa81)) (&& (>= netcoreapp2.2) (>= uap10.0)) (&& (>= netcoreapp2.2) (< xamarinios) (< xamarinmac) (< xamarintvos) (< xamarinwatchos)) (&& (< netstandard1.5) (>= netstandard1.6) (>= uap10.0)) (&& (>= netstandard1.6) (< portable-net45+win8+wpa81))
      Microsoft.NETCore.Platforms (>= 1.1) - restriction: || (&& (< monoandroid) (< monotouch) (< net45) (>= netstandard1.3) (< win8) (< wpa81) (< xamarinios) (< xamarinmac) (< xamarintvos) (< xamarinwatchos)) (&& (< monoandroid) (< net45) (>= netstandard1.0) (< netstandard1.3) (< win8) (< wp8) (< wpa81))
      Microsoft.NETCore.Targets (>= 1.1) - restriction: || (&& (< monoandroid) (< monotouch) (< net45) (>= netstandard1.3) (< win8) (< wpa81) (< xamarinios) (< xamarinmac) (< xamarintvos) (< xamarinwatchos)) (&& (< monoandroid) (< net45) (>= netstandard1.0) (< netstandard1.3) (< win8) (< wp8) (< wpa81))
      System.Runtime (>= 4.3) - restriction: || (&& (< monoandroid) (< monotouch) (< net45) (>= netstandard1.3) (< win8) (< wpa81) (< xamarinios) (< xamarinmac) (< xamarintvos) (< xamarinwatchos)) (&& (< monoandroid) (< net45) (>= netstandard1.0) (< netstandard1.3) (< win8) (< wp8) (< wpa81))
      System.Text.Encoding (>= 4.3) - restriction: || (&& (< monoandroid) (< monotouch) (< net45) (>= netstandard1.3) (< win8) (< wpa81) (< xamarinios) (< xamarinmac) (< xamarintvos) (< xamarinwatchos)) (&& (< monoandroid) (< net45) (>= netstandard1.0) (< netstandard1.3) (< win8) (< wp8) (< wpa81))
    System.Text.Encodings.Web (6.0) - restriction: || (&& (>= net461) (>= netcoreapp2.2)) (>= netstandard2.0)
      System.Buffers (>= 4.5.1) - restriction: || (>= net461) (&& (< netcoreapp3.1) (>= netstandard2.0))
      System.Memory (>= 4.5.4) - restriction: || (>= net461) (&& (< netcoreapp3.1) (>= netstandard2.0))
      System.Runtime.CompilerServices.Unsafe (>= 6.0) - restriction: || (>= net461) (>= netstandard2.0)
    System.Text.Json (6.0.1) - restriction: >= netcoreapp2.2
      System.Runtime.CompilerServices.Unsafe (>= 6.0) - restriction: || (>= net461) (>= netstandard2.0)
      System.Text.Encodings.Web (>= 6.0) - restriction: || (>= net461) (>= netstandard2.0)
    System.Text.RegularExpressions (4.3.1) - restriction: || (&& (< net45) (>= net46) (< netstandard1.4) (>= netstandard1.6)) (&& (< net45) (< netstandard1.2) (>= netstandard1.6) (< win8)) (&& (< net45) (< netstandard1.3) (>= netstandard1.6) (< win8) (< wpa81)) (&& (< net45) (< netstandard1.4) (>= netstandard1.6) (< win8) (< wpa81)) (&& (< net45) (< netstandard1.5) (>= netstandard1.6) (< win8) (< wpa81)) (&& (< net45) (>= netstandard1.6) (< netstandard2.0) (< win8) (< wpa81)) (>= netcoreapp2.2) (&& (< netstandard1.5) (>= netstandard1.6) (>= uap10.0)) (&& (>= netstandard1.6) (< portable-net45+win8+wpa81))
      System.Collections (>= 4.3) - restriction: && (< monotouch) (< net45) (< netcoreapp1.1) (>= netstandard1.6) (< xamarinios) (< xamarinmac) (< xamarintvos) (< xamarinwatchos)
      System.Globalization (>= 4.3) - restriction: && (< monotouch) (< net45) (< netcoreapp1.1) (>= netstandard1.6) (< xamarinios) (< xamarinmac) (< xamarintvos) (< xamarinwatchos)
      System.Resources.ResourceManager (>= 4.3) - restriction: && (< monotouch) (< net45) (< netcoreapp1.1) (>= netstandard1.6) (< xamarinios) (< xamarinmac) (< xamarintvos) (< xamarinwatchos)
      System.Runtime (>= 4.3.1) - restriction: || (&& (< monoandroid) (< net45) (>= netstandard1.0) (< netstandard1.3) (< win8) (< wp8) (< wpa81)) (&& (< monoandroid) (< net45) (>= netstandard1.3) (< netstandard1.6) (< win8) (< wpa81)) (&& (< monotouch) (< net45) (< netcoreapp1.1) (>= netstandard1.6) (< xamarinios) (< xamarinmac) (< xamarintvos) (< xamarinwatchos)) (&& (>= netcoreapp1.1) (< xamarinios) (< xamarinmac) (< xamarintvos) (< xamarinwatchos))
      System.Runtime.Extensions (>= 4.3.1) - restriction: && (< monotouch) (< net45) (< netcoreapp1.1) (>= netstandard1.6) (< xamarinios) (< xamarinmac) (< xamarintvos) (< xamarinwatchos)
      System.Threading (>= 4.3) - restriction: && (< monotouch) (< net45) (< netcoreapp1.1) (>= netstandard1.6) (< xamarinios) (< xamarinmac) (< xamarintvos) (< xamarinwatchos)
    System.Threading (4.3) - restriction: || (&& (< monoandroid) (< monotouch) (< net45) (>= netstandard1.3) (< netstandard2.0) (< xamarintvos) (< xamarinwatchos)) (&& (< net45) (>= net46) (< netstandard1.4) (>= netstandard1.6)) (&& (< net45) (< netstandard1.2) (>= netstandard1.6) (< win8)) (&& (< net45) (< netstandard1.3) (>= netstandard1.6) (< win8) (< wpa81)) (&& (< net45) (< netstandard1.4) (>= netstandard1.6) (< win8) (< wpa81)) (&& (< net45) (< netstandard1.5) (>= netstandard1.6) (< win8) (< wpa81)) (&& (< net45) (>= netstandard1.6) (< netstandard2.0) (< win8) (< wpa81)) (>= netcoreapp2.2) (&& (< netstandard1.5) (>= netstandard1.6) (>= uap10.0)) (&& (>= netstandard1.6) (< portable-net45+win8+wpa81))
      System.Runtime (>= 4.3) - restriction: || (&& (< monoandroid) (< monotouch) (< net45) (>= netstandard1.3) (< win8) (< wpa81) (< xamarinios) (< xamarinmac) (< xamarintvos) (< xamarinwatchos)) (&& (< monoandroid) (< net45) (>= netstandard1.0) (< netstandard1.3) (< win8) (< wp8) (< wpa81))
      System.Threading.Tasks (>= 4.3) - restriction: || (&& (< monoandroid) (< monotouch) (< net45) (>= netstandard1.3) (< win8) (< wpa81) (< xamarinios) (< xamarinmac) (< xamarintvos) (< xamarinwatchos)) (&& (< monoandroid) (< net45) (>= netstandard1.0) (< netstandard1.3) (< win8) (< wp8) (< wpa81))
    System.Threading.Channels (6.0) - restriction: >= netcoreapp2.2
      System.Threading.Tasks.Extensions (>= 4.5.4) - restriction: || (>= net461) (&& (>= netstandard2.0) (< netstandard2.1))
    System.Threading.Tasks (4.3) - restriction: || (&& (< net45) (>= net46) (< netstandard1.3) (>= netstandard1.6)) (&& (< net45) (>= net46) (< netstandard1.4) (>= netstandard1.6)) (&& (< net45) (< netstandard1.2) (>= netstandard1.6) (< win8)) (&& (< net45) (< netstandard1.3) (>= netstandard1.6) (< win8) (< wpa81)) (&& (< net45) (< netstandard1.4) (>= netstandard1.6) (< win8) (< wpa81)) (&& (< net45) (< netstandard1.5) (>= netstandard1.6) (< win8) (< wpa81)) (&& (< net45) (>= netstandard1.6) (< netstandard2.0) (< win8) (< wpa81)) (&& (>= netcoreapp2.2) (< xamarinios) (< xamarinmac) (< xamarintvos) (< xamarinwatchos)) (&& (< netstandard1.3) (>= netstandard1.6) (>= uap10.0) (< win8) (< wpa81)) (&& (< netstandard1.5) (>= netstandard1.6) (>= uap10.0)) (&& (>= netstandard1.6) (< portable-net45+win8+wpa81))
      Microsoft.NETCore.Platforms (>= 1.1) - restriction: || (&& (< monoandroid) (< monotouch) (< net45) (>= netstandard1.3) (< win8) (< wpa81) (< xamarinios) (< xamarinmac) (< xamarintvos) (< xamarinwatchos)) (&& (< monoandroid) (< net45) (>= netstandard1.0) (< netstandard1.3) (< win8) (< wp8) (< wpa81))
      Microsoft.NETCore.Targets (>= 1.1) - restriction: || (&& (< monoandroid) (< monotouch) (< net45) (>= netstandard1.3) (< win8) (< wpa81) (< xamarinios) (< xamarinmac) (< xamarintvos) (< xamarinwatchos)) (&& (< monoandroid) (< net45) (>= netstandard1.0) (< netstandard1.3) (< win8) (< wp8) (< wpa81))
      System.Runtime (>= 4.3) - restriction: || (&& (< monoandroid) (< monotouch) (< net45) (>= netstandard1.3) (< win8) (< wpa81) (< xamarinios) (< xamarinmac) (< xamarintvos) (< xamarinwatchos)) (&& (< monoandroid) (< net45) (>= netstandard1.0) (< netstandard1.3) (< win8) (< wp8) (< wpa81))
    System.Threading.Tasks.Extensions (4.5.4) - restriction: || (&& (< monoandroid) (< monotouch) (< net45) (>= netstandard1.6) (< win8) (< wpa81) (< xamarintvos) (< xamarinwatchos)) (&& (< monoandroid) (< net45) (< netstandard1.2) (>= netstandard1.6) (< win8)) (&& (< monoandroid) (< net45) (< netstandard1.3) (>= netstandard1.6) (< win8) (< wpa81)) (&& (< monoandroid) (< net45) (< netstandard1.4) (>= netstandard1.6) (< win8) (< wpa81)) (&& (< monoandroid) (< net45) (< netstandard1.5) (>= netstandard1.6) (< win8) (< wpa81)) (&& (< net45) (>= net46) (< netstandard1.4) (>= netstandard1.6)) (&& (>= net461) (>= netcoreapp2.2)) (&& (>= netcoreapp2.2) (< netcoreapp3.1)) (&& (>= netcoreapp2.2) (< netstandard2.1)) (&& (< netstandard1.5) (>= netstandard1.6) (>= uap10.0) (< win8) (< wpa81)) (&& (>= netstandard1.6) (< portable-net45+win8+wpa81)) (>= netstandard2.0)
      System.Runtime.CompilerServices.Unsafe (>= 4.5.3) - restriction: || (&& (< monoandroid) (< monotouch) (< net45) (>= netstandard1.0) (< netstandard2.0) (< win8) (< wpa81) (< xamarintvos) (< xamarinwatchos)) (&& (< monoandroid) (< netstandard1.0) (>= portable-net45+win8+wp8+wpa81) (< win8)) (&& (>= net45) (< netstandard2.0)) (&& (< net45) (< netcoreapp2.1) (>= netstandard2.0) (< xamarinios) (< xamarinmac) (< xamarintvos) (< xamarinwatchos)) (>= net461) (&& (< netstandard1.0) (>= win8)) (&& (< netstandard2.0) (>= wpa81)) (>= wp8)
    System.Threading.Thread (4.3) - restriction: >= netcoreapp2.2
      System.Runtime (>= 4.3) - restriction: && (< monoandroid) (< monotouch) (< net46) (>= netstandard1.3) (< xamarinios) (< xamarinmac) (< xamarintvos) (< xamarinwatchos)
    System.Threading.ThreadPool (4.3) - restriction: >= netcoreapp2.2
      System.Runtime (>= 4.3) - restriction: && (< monoandroid) (< monotouch) (< net46) (>= netstandard1.3) (< xamarinios) (< xamarinmac) (< xamarintvos) (< xamarinwatchos)
      System.Runtime.Handles (>= 4.3) - restriction: && (< monoandroid) (< monotouch) (< net46) (>= netstandard1.3) (< xamarinios) (< xamarinmac) (< xamarintvos) (< xamarinwatchos)
    System.Threading.Timer (4.3) - restriction: || (&& (< net45) (< netstandard1.3) (>= netstandard1.6) (< win8) (< wpa81)) (&& (< net45) (< netstandard1.4) (>= netstandard1.6) (< win8) (< wpa81)) (&& (< net45) (< netstandard1.5) (>= netstandard1.6) (< win8) (< wpa81)) (&& (< net45) (>= netstandard1.6) (< netstandard2.0) (< win8) (< wpa81)) (>= netcoreapp2.2) (&& (< netstandard1.5) (>= netstandard1.6) (>= uap10.0))
      Microsoft.NETCore.Platforms (>= 1.1) - restriction: && (< monoandroid) (< monotouch) (< net451) (>= netstandard1.2) (< win81) (< wpa81) (< xamarinios) (< xamarinmac) (< xamarintvos) (< xamarinwatchos)
      Microsoft.NETCore.Targets (>= 1.1) - restriction: && (< monoandroid) (< monotouch) (< net451) (>= netstandard1.2) (< win81) (< wpa81) (< xamarinios) (< xamarinmac) (< xamarintvos) (< xamarinwatchos)
      System.Runtime (>= 4.3) - restriction: && (< monoandroid) (< monotouch) (< net451) (>= netstandard1.2) (< win81) (< wpa81) (< xamarinios) (< xamarinmac) (< xamarintvos) (< xamarinwatchos)
    System.ValueTuple (4.5) - restriction: || (>= net461) (>= netcoreapp2.2)
    System.Windows.Extensions (6.0) - restriction: >= net6.0
      System.Drawing.Common (>= 6.0) - restriction: >= netcoreapp3.1
    System.Xml.ReaderWriter (4.3.1) - restriction: || (&& (< monoandroid) (>= netcoreapp2.2) (< xamarinios) (< xamarinmac) (< xamarintvos) (< xamarinwatchos)) (&& (< net45) (< netstandard1.2) (>= netstandard1.6) (< win8)) (&& (< net45) (< netstandard1.3) (>= netstandard1.6) (< win8) (< wpa81)) (&& (< net45) (< netstandard1.4) (>= netstandard1.6) (< win8) (< wpa81)) (&& (< net45) (< netstandard1.5) (>= netstandard1.6) (< win8) (< wpa81)) (&& (< net45) (>= netstandard1.6) (< netstandard2.0) (< win8) (< wpa81)) (&& (>= net46) (< netstandard1.4) (>= netstandard1.6)) (&& (< netstandard1.3) (>= netstandard1.6) (>= uap10.0) (< win8) (< wpa81)) (&& (< netstandard1.5) (>= netstandard1.6) (>= uap10.0)) (&& (>= netstandard1.6) (< portable-net45+win8+wpa81))
      System.Collections (>= 4.3) - restriction: && (< monoandroid) (< monotouch) (< net45) (>= netstandard1.3) (< win8) (< wpa81) (< xamarinios) (< xamarinmac) (< xamarintvos) (< xamarinwatchos)
      System.Diagnostics.Debug (>= 4.3) - restriction: && (< monoandroid) (< monotouch) (< net45) (>= netstandard1.3) (< win8) (< wpa81) (< xamarinios) (< xamarinmac) (< xamarintvos) (< xamarinwatchos)
      System.Globalization (>= 4.3) - restriction: && (< monoandroid) (< monotouch) (< net45) (>= netstandard1.3) (< win8) (< wpa81) (< xamarinios) (< xamarinmac) (< xamarintvos) (< xamarinwatchos)
      System.IO (>= 4.3) - restriction: || (&& (< monoandroid) (< monotouch) (< net45) (>= netstandard1.3) (< win8) (< wpa81) (< xamarinios) (< xamarinmac) (< xamarintvos) (< xamarinwatchos)) (&& (< monoandroid) (< net45) (>= netstandard1.0) (< netstandard1.3) (< win8) (< wp8) (< wpa81))
      System.IO.FileSystem (>= 4.3) - restriction: && (< monoandroid) (< monotouch) (< net45) (>= netstandard1.3) (< win8) (< wpa81) (< xamarinios) (< xamarinmac) (< xamarintvos) (< xamarinwatchos)
      System.IO.FileSystem.Primitives (>= 4.3) - restriction: && (< monoandroid) (< monotouch) (< net45) (>= netstandard1.3) (< win8) (< wpa81) (< xamarinios) (< xamarinmac) (< xamarintvos) (< xamarinwatchos)
      System.Resources.ResourceManager (>= 4.3) - restriction: && (< monoandroid) (< monotouch) (< net45) (>= netstandard1.3) (< win8) (< wpa81) (< xamarinios) (< xamarinmac) (< xamarintvos) (< xamarinwatchos)
      System.Runtime (>= 4.3) - restriction: || (&& (< monoandroid) (< monotouch) (< net45) (>= netstandard1.3) (< win8) (< wpa81) (< xamarinios) (< xamarinmac) (< xamarintvos) (< xamarinwatchos)) (&& (< monoandroid) (< net45) (>= netstandard1.0) (< netstandard1.3) (< win8) (< wp8) (< wpa81))
      System.Runtime.Extensions (>= 4.3) - restriction: && (< monoandroid) (< monotouch) (< net45) (>= netstandard1.3) (< win8) (< wpa81) (< xamarinios) (< xamarinmac) (< xamarintvos) (< xamarinwatchos)
      System.Runtime.InteropServices (>= 4.3) - restriction: && (< monoandroid) (< monotouch) (< net45) (>= netstandard1.3) (< win8) (< wpa81) (< xamarinios) (< xamarinmac) (< xamarintvos) (< xamarinwatchos)
      System.Text.Encoding (>= 4.3) - restriction: || (&& (< monoandroid) (< monotouch) (< net45) (>= netstandard1.3) (< win8) (< wpa81) (< xamarinios) (< xamarinmac) (< xamarintvos) (< xamarinwatchos)) (&& (< monoandroid) (< net45) (>= netstandard1.0) (< netstandard1.3) (< win8) (< wp8) (< wpa81))
      System.Text.Encoding.Extensions (>= 4.3) - restriction: && (< monoandroid) (< monotouch) (< net45) (>= netstandard1.3) (< win8) (< wpa81) (< xamarinios) (< xamarinmac) (< xamarintvos) (< xamarinwatchos)
      System.Text.RegularExpressions (>= 4.3) - restriction: && (< monoandroid) (< monotouch) (< net45) (>= netstandard1.3) (< win8) (< wpa81) (< xamarinios) (< xamarinmac) (< xamarintvos) (< xamarinwatchos)
      System.Threading.Tasks (>= 4.3) - restriction: || (&& (< monoandroid) (< monotouch) (< net45) (>= netstandard1.3) (< win8) (< wpa81) (< xamarinios) (< xamarinmac) (< xamarintvos) (< xamarinwatchos)) (&& (< monoandroid) (< net45) (>= netstandard1.0) (< netstandard1.3) (< win8) (< wp8) (< wpa81))
      System.Threading.Tasks.Extensions (>= 4.3) - restriction: && (< monoandroid) (< monotouch) (< net45) (>= netstandard1.3) (< win8) (< wpa81) (< xamarinios) (< xamarinmac) (< xamarintvos) (< xamarinwatchos)
    System.Xml.XDocument (4.3) - restriction: || (&& (< monoandroid) (>= netcoreapp2.2) (< xamarinios) (< xamarinmac) (< xamarintvos) (< xamarinwatchos)) (&& (< monoandroid8.1) (>= netcoreapp2.2) (< xamarinios)) (&& (< net45) (< netstandard1.2) (>= netstandard1.6) (< win8)) (&& (< net45) (< netstandard1.3) (>= netstandard1.6) (< win8) (< wpa81)) (&& (< net45) (< netstandard1.4) (>= netstandard1.6) (< win8) (< wpa81)) (&& (< net45) (< netstandard1.5) (>= netstandard1.6) (< win8) (< wpa81)) (&& (< net45) (>= netstandard1.6) (< netstandard2.0) (< win8) (< wpa81)) (&& (>= netcoreapp2.2) (>= uap10.0)) (&& (< netstandard1.5) (>= netstandard1.6) (>= uap10.0)) (&& (>= netstandard1.6) (< portable-net45+win8+wpa81))
      System.Collections (>= 4.3) - restriction: && (< monoandroid) (< monotouch) (< net45) (>= netstandard1.3) (< win8) (< wpa81) (< xamarinios) (< xamarinmac) (< xamarintvos) (< xamarinwatchos)
      System.Diagnostics.Debug (>= 4.3) - restriction: && (< monoandroid) (< monotouch) (< net45) (>= netstandard1.3) (< win8) (< wpa81) (< xamarinios) (< xamarinmac) (< xamarintvos) (< xamarinwatchos)
      System.Diagnostics.Tools (>= 4.3) - restriction: && (< monoandroid) (< monotouch) (< net45) (>= netstandard1.3) (< win8) (< wpa81) (< xamarinios) (< xamarinmac) (< xamarintvos) (< xamarinwatchos)
      System.Globalization (>= 4.3) - restriction: && (< monoandroid) (< monotouch) (< net45) (>= netstandard1.3) (< win8) (< wpa81) (< xamarinios) (< xamarinmac) (< xamarintvos) (< xamarinwatchos)
      System.IO (>= 4.3) - restriction: || (&& (< monoandroid) (< monotouch) (< net45) (>= netstandard1.3) (< win8) (< wpa81) (< xamarinios) (< xamarinmac) (< xamarintvos) (< xamarinwatchos)) (&& (< monoandroid) (< net45) (>= netstandard1.0) (< netstandard1.3) (< win8) (< wp8) (< wpa81))
      System.Reflection (>= 4.3) - restriction: && (< monoandroid) (< monotouch) (< net45) (>= netstandard1.3) (< win8) (< wpa81) (< xamarinios) (< xamarinmac) (< xamarintvos) (< xamarinwatchos)
      System.Resources.ResourceManager (>= 4.3) - restriction: && (< monoandroid) (< monotouch) (< net45) (>= netstandard1.3) (< win8) (< wpa81) (< xamarinios) (< xamarinmac) (< xamarintvos) (< xamarinwatchos)
      System.Runtime (>= 4.3) - restriction: || (&& (< monoandroid) (< monotouch) (< net45) (>= netstandard1.3) (< win8) (< wpa81) (< xamarinios) (< xamarinmac) (< xamarintvos) (< xamarinwatchos)) (&& (< monoandroid) (< net45) (>= netstandard1.0) (< netstandard1.3) (< win8) (< wp8) (< wpa81))
      System.Runtime.Extensions (>= 4.3) - restriction: && (< monoandroid) (< monotouch) (< net45) (>= netstandard1.3) (< win8) (< wpa81) (< xamarinios) (< xamarinmac) (< xamarintvos) (< xamarinwatchos)
      System.Text.Encoding (>= 4.3) - restriction: && (< monoandroid) (< monotouch) (< net45) (>= netstandard1.3) (< win8) (< wpa81) (< xamarinios) (< xamarinmac) (< xamarintvos) (< xamarinwatchos)
      System.Threading (>= 4.3) - restriction: && (< monoandroid) (< monotouch) (< net45) (>= netstandard1.3) (< win8) (< wpa81) (< xamarinios) (< xamarinmac) (< xamarintvos) (< xamarinwatchos)
      System.Xml.ReaderWriter (>= 4.3) - restriction: || (&& (< monoandroid) (< monotouch) (< net45) (>= netstandard1.3) (< win8) (< wpa81) (< xamarinios) (< xamarinmac) (< xamarintvos) (< xamarinwatchos)) (&& (< monoandroid) (< net45) (>= netstandard1.0) (< netstandard1.3) (< win8) (< wp8) (< wpa81))
    System.Xml.XmlDocument (4.3) - restriction: || (&& (< monoandroid) (>= netcoreapp2.2) (< xamarinios) (< xamarinmac) (< xamarintvos) (< xamarinwatchos)) (&& (< monoandroid8.1) (>= netcoreapp2.2) (< xamarinios)) (&& (>= net46) (>= netcoreapp2.2)) (>= net6.0) (&& (>= netcoreapp2.2) (>= uap10.0))
      System.Collections (>= 4.3) - restriction: && (< monoandroid) (< monotouch) (< net46) (>= netstandard1.3) (< xamarinios) (< xamarinmac) (< xamarintvos) (< xamarinwatchos)
      System.Diagnostics.Debug (>= 4.3) - restriction: && (< monoandroid) (< monotouch) (< net46) (>= netstandard1.3) (< xamarinios) (< xamarinmac) (< xamarintvos) (< xamarinwatchos)
      System.Globalization (>= 4.3) - restriction: && (< monoandroid) (< monotouch) (< net46) (>= netstandard1.3) (< xamarinios) (< xamarinmac) (< xamarintvos) (< xamarinwatchos)
      System.IO (>= 4.3) - restriction: && (< monoandroid) (< monotouch) (< net46) (>= netstandard1.3) (< xamarinios) (< xamarinmac) (< xamarintvos) (< xamarinwatchos)
      System.Resources.ResourceManager (>= 4.3) - restriction: && (< monoandroid) (< monotouch) (< net46) (>= netstandard1.3) (< xamarinios) (< xamarinmac) (< xamarintvos) (< xamarinwatchos)
      System.Runtime (>= 4.3) - restriction: && (< monoandroid) (< monotouch) (< net46) (>= netstandard1.3) (< xamarinios) (< xamarinmac) (< xamarintvos) (< xamarinwatchos)
      System.Runtime.Extensions (>= 4.3) - restriction: && (< monoandroid) (< monotouch) (< net46) (>= netstandard1.3) (< xamarinios) (< xamarinmac) (< xamarintvos) (< xamarinwatchos)
      System.Text.Encoding (>= 4.3) - restriction: && (< monoandroid) (< monotouch) (< net46) (>= netstandard1.3) (< xamarinios) (< xamarinmac) (< xamarintvos) (< xamarinwatchos)
      System.Threading (>= 4.3) - restriction: && (< monoandroid) (< monotouch) (< net46) (>= netstandard1.3) (< xamarinios) (< xamarinmac) (< xamarintvos) (< xamarinwatchos)
      System.Xml.ReaderWriter (>= 4.3) - restriction: && (< monoandroid) (< monotouch) (< net46) (>= netstandard1.3) (< xamarinios) (< xamarinmac) (< xamarintvos) (< xamarinwatchos)
    System.Xml.XmlSerializer (4.3) - restriction: || (&& (< monoandroid) (>= netcoreapp2.2) (< xamarinios) (< xamarinmac) (< xamarintvos) (< xamarinwatchos)) (&& (>= netcoreapp2.2) (>= uap10.0))
      System.Collections (>= 4.3) - restriction: && (< monoandroid) (< monotouch) (< net45) (>= netstandard1.3) (< win8) (< wpa81) (< xamarinios) (< xamarinmac) (< xamarintvos) (< xamarinwatchos)
      System.Globalization (>= 4.3) - restriction: && (< monoandroid) (< monotouch) (< net45) (>= netstandard1.3) (< win8) (< wpa81) (< xamarinios) (< xamarinmac) (< xamarintvos) (< xamarinwatchos)
      System.IO (>= 4.3) - restriction: || (&& (< monoandroid) (< monotouch) (< net45) (>= netstandard1.3) (< win8) (< wpa81) (< xamarinios) (< xamarinmac) (< xamarintvos) (< xamarinwatchos)) (&& (< monoandroid) (< net45) (>= netstandard1.0) (< netstandard1.3) (< win8) (< wp8) (< wpa81))
      System.Linq (>= 4.3) - restriction: && (< monoandroid) (< monotouch) (< net45) (>= netstandard1.3) (< win8) (< wpa81) (< xamarinios) (< xamarinmac) (< xamarintvos) (< xamarinwatchos)
      System.Reflection (>= 4.3) - restriction: && (< monoandroid) (< monotouch) (< net45) (>= netstandard1.3) (< win8) (< wpa81) (< xamarinios) (< xamarinmac) (< xamarintvos) (< xamarinwatchos)
      System.Reflection.Emit (>= 4.3) - restriction: && (< monoandroid) (< monotouch) (< net45) (>= netstandard1.3) (< win8) (< wpa81) (< xamarinios) (< xamarinmac) (< xamarintvos) (< xamarinwatchos)
      System.Reflection.Emit.ILGeneration (>= 4.3) - restriction: && (< monoandroid) (< monotouch) (< net45) (>= netstandard1.3) (< win8) (< wpa81) (< xamarinios) (< xamarinmac) (< xamarintvos) (< xamarinwatchos)
      System.Reflection.Extensions (>= 4.3) - restriction: && (< monoandroid) (< monotouch) (< net45) (>= netstandard1.3) (< win8) (< wpa81) (< xamarinios) (< xamarinmac) (< xamarintvos) (< xamarinwatchos)
      System.Reflection.Primitives (>= 4.3) - restriction: && (< monoandroid) (< monotouch) (< net45) (>= netstandard1.3) (< win8) (< wpa81) (< xamarinios) (< xamarinmac) (< xamarintvos) (< xamarinwatchos)
      System.Reflection.TypeExtensions (>= 4.3) - restriction: && (< monoandroid) (< monotouch) (< net45) (>= netstandard1.3) (< win8) (< wpa81) (< xamarinios) (< xamarinmac) (< xamarintvos) (< xamarinwatchos)
      System.Resources.ResourceManager (>= 4.3) - restriction: && (< monoandroid) (< monotouch) (< net45) (>= netstandard1.3) (< win8) (< wpa81) (< xamarinios) (< xamarinmac) (< xamarintvos) (< xamarinwatchos)
      System.Runtime (>= 4.3) - restriction: || (&& (< monoandroid) (< monotouch) (< net45) (>= netstandard1.3) (< win8) (< wpa81) (< xamarinios) (< xamarinmac) (< xamarintvos) (< xamarinwatchos)) (&& (< monoandroid) (< net45) (>= netstandard1.0) (< netstandard1.3) (< win8) (< wp8) (< wpa81))
      System.Runtime.Extensions (>= 4.3) - restriction: && (< monoandroid) (< monotouch) (< net45) (>= netstandard1.3) (< win8) (< wpa81) (< xamarinios) (< xamarinmac) (< xamarintvos) (< xamarinwatchos)
      System.Text.RegularExpressions (>= 4.3) - restriction: && (< monoandroid) (< monotouch) (< net45) (>= netstandard1.3) (< win8) (< wpa81) (< xamarinios) (< xamarinmac) (< xamarintvos) (< xamarinwatchos)
      System.Threading (>= 4.3) - restriction: && (< monoandroid) (< monotouch) (< net45) (>= netstandard1.3) (< win8) (< wpa81) (< xamarinios) (< xamarinmac) (< xamarintvos) (< xamarinwatchos)
      System.Xml.ReaderWriter (>= 4.3) - restriction: || (&& (< monoandroid) (< monotouch) (< net45) (>= netstandard1.3) (< win8) (< wpa81) (< xamarinios) (< xamarinmac) (< xamarintvos) (< xamarinwatchos)) (&& (< monoandroid) (< net45) (>= netstandard1.0) (< netstandard1.3) (< win8) (< wp8) (< wpa81))
      System.Xml.XmlDocument (>= 4.3) - restriction: && (< monoandroid) (< monotouch) (< net45) (>= netstandard1.3) (< win8) (< wpa81) (< xamarinios) (< xamarinmac) (< xamarintvos) (< xamarinwatchos)
    Utf8Json (1.3.7) - restriction: >= net5.0
      System.Reflection.Emit (>= 4.3) - restriction: || (&& (>= net45) (< netstandard2.0)) (&& (< net45) (>= netstandard2.0)) (>= net47)
      System.Reflection.Emit.Lightweight (>= 4.3) - restriction: || (&& (>= net45) (< netstandard2.0)) (&& (< net45) (>= netstandard2.0)) (>= net47)
      System.Threading.Tasks.Extensions (>= 4.4) - restriction: || (&& (>= net45) (< netstandard2.0)) (&& (< net45) (>= netstandard2.0)) (>= net47)
      System.ValueTuple (>= 4.4) - restriction: || (&& (>= net45) (< netstandard2.0)) (&& (< net45) (>= netstandard2.0)) (>= net47)
    Xamarin.Android.Arch.Core.Common (1.1.1.3) - restriction: && (>= monoandroid8.1) (>= netcoreapp2.2)
      Xamarin.Android.Support.Annotations (28.0.0.3) - restriction: >= monoandroid8.0
    Xamarin.Android.Arch.Core.Runtime (1.1.1.3) - restriction: && (>= monoandroid9.0) (>= netcoreapp2.2)
      Xamarin.Android.Arch.Core.Common (1.1.1.3) - restriction: >= monoandroid8.1
      Xamarin.Android.Support.Annotations (28.0.0.3) - restriction: >= monoandroid8.1
    Xamarin.Android.Arch.Lifecycle.Common (1.1.1.3) - restriction: && (>= monoandroid8.1) (>= netcoreapp2.2)
      Xamarin.Android.Support.Annotations (28.0.0.3) - restriction: >= monoandroid8.0
    Xamarin.Android.Arch.Lifecycle.LiveData (1.1.1.3) - restriction: && (>= monoandroid9.0) (>= netcoreapp2.2)
      Xamarin.Android.Arch.Core.Common (1.1.1.3) - restriction: >= monoandroid9.0
      Xamarin.Android.Arch.Core.Runtime (1.1.1.3) - restriction: >= monoandroid9.0
      Xamarin.Android.Arch.Lifecycle.LiveData.Core (1.1.1.3) - restriction: >= monoandroid9.0
    Xamarin.Android.Arch.Lifecycle.LiveData.Core (1.1.1.3) - restriction: && (>= monoandroid9.0) (>= netcoreapp2.2)
      Xamarin.Android.Arch.Core.Common (1.1.1.3) - restriction: >= monoandroid9.0
      Xamarin.Android.Arch.Core.Runtime (1.1.1.3) - restriction: >= monoandroid9.0
      Xamarin.Android.Arch.Lifecycle.Common (1.1.1.3) - restriction: >= monoandroid9.0
    Xamarin.Android.Arch.Lifecycle.Runtime (1.1.1.3) - restriction: && (>= monoandroid8.1) (>= netcoreapp2.2)
      Xamarin.Android.Arch.Core.Common (1.1.1.3) - restriction: >= monoandroid8.0
      Xamarin.Android.Arch.Lifecycle.Common (1.1.1.3) - restriction: >= monoandroid8.0
      Xamarin.Android.Support.Annotations (28.0.0.3) - restriction: >= monoandroid8.0
    Xamarin.Android.Arch.Lifecycle.ViewModel (1.1.1.3) - restriction: && (>= monoandroid9.0) (>= netcoreapp2.2)
      Xamarin.Android.Support.Annotations (28.0.0.3) - restriction: >= monoandroid9.0
    Xamarin.Android.Support.Animated.Vector.Drawable (28.0.0.3) - restriction: && (>= monoandroid8.1) (>= netcoreapp2.2)
      Xamarin.Android.Support.Core.UI (28.0.0.3) - restriction: >= monoandroid9.0
      Xamarin.Android.Support.Vector.Drawable (28.0.0.3) - restriction: >= monoandroid6.0
    Xamarin.Android.Support.Annotations (28.0.0.3) - restriction: && (>= monoandroid9.0) (>= netcoreapp2.2)
    Xamarin.Android.Support.AsyncLayoutInflater (28.0.0.3) - restriction: && (>= monoandroid9.0) (>= netcoreapp2.2)
      Xamarin.Android.Support.Annotations (28.0.0.3) - restriction: >= monoandroid9.0
      Xamarin.Android.Support.Compat (28.0.0.3) - restriction: >= monoandroid9.0
    Xamarin.Android.Support.Collections (28.0.0.3) - restriction: && (>= monoandroid9.0) (>= netcoreapp2.2)
      Xamarin.Android.Support.Annotations (28.0.0.3) - restriction: >= monoandroid9.0
    Xamarin.Android.Support.Compat (28.0.0.3) - restriction: && (>= monoandroid8.1) (>= netcoreapp2.2)
      Xamarin.Android.Arch.Lifecycle.Runtime (1.1.1.3) - restriction: >= monoandroid8.0
      Xamarin.Android.Support.Annotations (28.0.0.3) - restriction: >= monoandroid7.1
      Xamarin.Android.Support.Collections (28.0.0.3) - restriction: >= monoandroid9.0
      Xamarin.Android.Support.VersionedParcelable (28.0.0.3) - restriction: >= monoandroid9.0
    Xamarin.Android.Support.CoordinaterLayout (28.0.0.3) - restriction: && (>= monoandroid9.0) (>= netcoreapp2.2)
      Xamarin.Android.Support.Annotations (28.0.0.3) - restriction: >= monoandroid9.0
      Xamarin.Android.Support.Compat (28.0.0.3) - restriction: >= monoandroid9.0
      Xamarin.Android.Support.CustomView (28.0.0.3) - restriction: >= monoandroid9.0
    Xamarin.Android.Support.Core.UI (28.0.0.3) - restriction: && (>= monoandroid9.0) (>= netcoreapp2.2)
      Xamarin.Android.Support.Annotations (28.0.0.3) - restriction: >= monoandroid9.0
      Xamarin.Android.Support.AsyncLayoutInflater (28.0.0.3) - restriction: >= monoandroid9.0
      Xamarin.Android.Support.Compat (28.0.0.3) - restriction: >= monoandroid7.0
      Xamarin.Android.Support.CoordinaterLayout (28.0.0.3) - restriction: >= monoandroid9.0
      Xamarin.Android.Support.Core.Utils (28.0.0.3) - restriction: >= monoandroid9.0
      Xamarin.Android.Support.CursorAdapter (28.0.0.3) - restriction: >= monoandroid9.0
      Xamarin.Android.Support.CustomView (28.0.0.3) - restriction: >= monoandroid9.0
      Xamarin.Android.Support.DrawerLayout (28.0.0.3) - restriction: >= monoandroid9.0
      Xamarin.Android.Support.Interpolator (28.0.0.3) - restriction: >= monoandroid9.0
      Xamarin.Android.Support.SlidingPaneLayout (28.0.0.3) - restriction: >= monoandroid9.0
      Xamarin.Android.Support.SwipeRefreshLayout (28.0.0.3) - restriction: >= monoandroid9.0
      Xamarin.Android.Support.ViewPager (28.0.0.3) - restriction: >= monoandroid9.0
    Xamarin.Android.Support.Core.Utils (28.0.0.3) - restriction: && (>= monoandroid8.1) (>= netcoreapp2.2)
      Xamarin.Android.Support.Annotations (28.0.0.3) - restriction: >= monoandroid9.0
      Xamarin.Android.Support.Compat (28.0.0.3) - restriction: >= monoandroid7.0
      Xamarin.Android.Support.DocumentFile (28.0.0.3) - restriction: >= monoandroid9.0
      Xamarin.Android.Support.Loader (28.0.0.3) - restriction: >= monoandroid9.0
      Xamarin.Android.Support.LocalBroadcastManager (28.0.0.3) - restriction: >= monoandroid9.0
      Xamarin.Android.Support.Print (28.0.0.3) - restriction: >= monoandroid9.0
    Xamarin.Android.Support.CursorAdapter (28.0.0.3) - restriction: && (>= monoandroid9.0) (>= netcoreapp2.2)
      Xamarin.Android.Support.Annotations (28.0.0.3) - restriction: >= monoandroid9.0
    Xamarin.Android.Support.CustomTabs (28.0.0.3) - restriction: && (>= monoandroid8.1) (>= netcoreapp2.2)
      Xamarin.Android.Support.Annotations (28.0.0.3) - restriction: >= monoandroid9.0
      Xamarin.Android.Support.Collections (28.0.0.3) - restriction: >= monoandroid9.0
      Xamarin.Android.Support.Compat (28.0.0.3) - restriction: >= monoandroid7.0
      Xamarin.Android.Support.Core.UI (28.0.0.3) - restriction: >= monoandroid9.0
      Xamarin.Android.Support.Interpolator (28.0.0.3) - restriction: >= monoandroid9.0
    Xamarin.Android.Support.CustomView (28.0.0.3) - restriction: && (>= monoandroid9.0) (>= netcoreapp2.2)
      Xamarin.Android.Support.Annotations (28.0.0.3) - restriction: >= monoandroid9.0
      Xamarin.Android.Support.Compat (28.0.0.3) - restriction: >= monoandroid9.0
    Xamarin.Android.Support.DocumentFile (28.0.0.3) - restriction: && (>= monoandroid9.0) (>= netcoreapp2.2)
      Xamarin.Android.Support.Annotations (28.0.0.3) - restriction: >= monoandroid9.0
    Xamarin.Android.Support.DrawerLayout (28.0.0.3) - restriction: && (>= monoandroid9.0) (>= netcoreapp2.2)
      Xamarin.Android.Support.Annotations (28.0.0.3) - restriction: >= monoandroid9.0
      Xamarin.Android.Support.Compat (28.0.0.3) - restriction: >= monoandroid9.0
      Xamarin.Android.Support.CustomView (28.0.0.3) - restriction: >= monoandroid9.0
    Xamarin.Android.Support.Fragment (28.0.0.3) - restriction: && (>= monoandroid8.1) (>= netcoreapp2.2)
      Xamarin.Android.Arch.Lifecycle.ViewModel (1.1.1.3) - restriction: >= monoandroid9.0
      Xamarin.Android.Support.Annotations (28.0.0.3) - restriction: >= monoandroid9.0
      Xamarin.Android.Support.Compat (28.0.0.3) - restriction: >= monoandroid7.0
      Xamarin.Android.Support.Core.UI (28.0.0.3) - restriction: >= monoandroid7.0
      Xamarin.Android.Support.Core.Utils (28.0.0.3) - restriction: >= monoandroid7.0
      Xamarin.Android.Support.Loader (28.0.0.3) - restriction: >= monoandroid9.0
    Xamarin.Android.Support.Interpolator (28.0.0.3) - restriction: && (>= monoandroid9.0) (>= netcoreapp2.2)
      Xamarin.Android.Support.Annotations (28.0.0.3) - restriction: >= monoandroid9.0
    Xamarin.Android.Support.Loader (28.0.0.3) - restriction: && (>= monoandroid9.0) (>= netcoreapp2.2)
      Xamarin.Android.Arch.Lifecycle.LiveData (1.1.1.3) - restriction: >= monoandroid9.0
      Xamarin.Android.Arch.Lifecycle.ViewModel (1.1.1.3) - restriction: >= monoandroid9.0
      Xamarin.Android.Support.Annotations (28.0.0.3) - restriction: >= monoandroid9.0
      Xamarin.Android.Support.Compat (28.0.0.3) - restriction: >= monoandroid9.0
    Xamarin.Android.Support.LocalBroadcastManager (28.0.0.3) - restriction: && (>= monoandroid9.0) (>= netcoreapp2.2)
      Xamarin.Android.Support.Annotations (28.0.0.3) - restriction: >= monoandroid9.0
    Xamarin.Android.Support.Print (28.0.0.3) - restriction: && (>= monoandroid9.0) (>= netcoreapp2.2)
      Xamarin.Android.Support.Annotations (28.0.0.3) - restriction: >= monoandroid9.0
    Xamarin.Android.Support.SlidingPaneLayout (28.0.0.3) - restriction: && (>= monoandroid9.0) (>= netcoreapp2.2)
      Xamarin.Android.Support.Annotations (28.0.0.3) - restriction: >= monoandroid9.0
      Xamarin.Android.Support.Compat (28.0.0.3) - restriction: >= monoandroid9.0
      Xamarin.Android.Support.CustomView (28.0.0.3) - restriction: >= monoandroid9.0
    Xamarin.Android.Support.SwipeRefreshLayout (28.0.0.3) - restriction: && (>= monoandroid9.0) (>= netcoreapp2.2)
      Xamarin.Android.Support.Annotations (28.0.0.3) - restriction: >= monoandroid9.0
      Xamarin.Android.Support.Compat (28.0.0.3) - restriction: >= monoandroid9.0
      Xamarin.Android.Support.Interpolator (28.0.0.3) - restriction: >= monoandroid9.0
    Xamarin.Android.Support.v7.AppCompat (28.0.0.3) - restriction: && (>= monoandroid8.1) (>= netcoreapp2.2)
      Xamarin.Android.Support.Animated.Vector.Drawable (28.0.0.3) - restriction: >= monoandroid6.0
      Xamarin.Android.Support.Annotations (28.0.0.3) - restriction: >= monoandroid9.0
      Xamarin.Android.Support.Collections (28.0.0.3) - restriction: >= monoandroid9.0
      Xamarin.Android.Support.Compat (28.0.0.3) - restriction: >= monoandroid7.0
      Xamarin.Android.Support.Core.Utils (28.0.0.3) - restriction: >= monoandroid7.0
      Xamarin.Android.Support.CursorAdapter (28.0.0.3) - restriction: >= monoandroid9.0
      Xamarin.Android.Support.Fragment (28.0.0.3) - restriction: >= monoandroid7.0
      Xamarin.Android.Support.Vector.Drawable (28.0.0.3) - restriction: >= monoandroid6.0
    Xamarin.Android.Support.Vector.Drawable (28.0.0.3) - restriction: && (>= monoandroid8.1) (>= netcoreapp2.2)
      Xamarin.Android.Support.Annotations (28.0.0.3) - restriction: >= monoandroid9.0
      Xamarin.Android.Support.Compat (28.0.0.3) - restriction: >= monoandroid7.0
    Xamarin.Android.Support.VersionedParcelable (28.0.0.3) - restriction: && (>= monoandroid9.0) (>= netcoreapp2.2)
      Xamarin.Android.Support.Annotations (28.0.0.3) - restriction: >= monoandroid9.0
      Xamarin.Android.Support.Collections (28.0.0.3) - restriction: >= monoandroid9.0
    Xamarin.Android.Support.ViewPager (28.0.0.3) - restriction: && (>= monoandroid9.0) (>= netcoreapp2.2)
      Xamarin.Android.Support.Annotations (28.0.0.3) - restriction: >= monoandroid9.0
      Xamarin.Android.Support.Compat (28.0.0.3) - restriction: >= monoandroid9.0
      Xamarin.Android.Support.CustomView (28.0.0.3) - restriction: >= monoandroid9.0
    Xamarin.AndroidX.Annotation (1.3.0.1) - restriction: >= net6.0-android
    Xamarin.AndroidX.Annotation.Experimental (1.1.0.4) - restriction: >= net6.0-android
    Xamarin.AndroidX.Arch.Core.Common (2.1.0.12) - restriction: >= net6.0-android
      Xamarin.AndroidX.Annotation (>= 1.2.0.4) - restriction: >= monoandroid9.0
    Xamarin.AndroidX.Arch.Core.Runtime (2.1.0.12) - restriction: >= net6.0-android
      Xamarin.AndroidX.Annotation (>= 1.2.0.4) - restriction: >= monoandroid9.0
      Xamarin.AndroidX.Arch.Core.Common (>= 2.1.0.12) - restriction: >= monoandroid9.0
    Xamarin.AndroidX.Browser (1.3.0.8) - restriction: && (>= monoandroid10.0) (>= net6.0)
      Xamarin.AndroidX.Annotation (>= 1.2.0.3) - restriction: >= monoandroid9.0
      Xamarin.AndroidX.Collection (>= 1.1.0.10) - restriction: >= monoandroid9.0
      Xamarin.AndroidX.Concurrent.Futures (>= 1.1.0.5) - restriction: >= monoandroid9.0
      Xamarin.AndroidX.Core (>= 1.6.0.3) - restriction: >= monoandroid9.0
      Xamarin.AndroidX.Interpolator (>= 1.0.0.10) - restriction: >= monoandroid9.0
      Xamarin.Google.Guava.ListenableFuture (>= 1.0.0.4) - restriction: >= monoandroid9.0
    Xamarin.AndroidX.Collection (1.2.0.1) - restriction: >= net6.0-android
      Xamarin.AndroidX.Annotation (>= 1.3.0.1) - restriction: >= net6.0-android
    Xamarin.AndroidX.Concurrent.Futures (1.1.0.5) - restriction: && (>= monoandroid10.0) (>= net6.0)
      Xamarin.AndroidX.Annotation (>= 1.2.0.3) - restriction: >= monoandroid9.0
      Xamarin.Google.Guava.ListenableFuture (>= 1.0.0.4) - restriction: >= monoandroid9.0
    Xamarin.AndroidX.Core (1.6.0.4) - restriction: && (>= monoandroid10.0) (>= net6.0)
      Xamarin.AndroidX.Annotation (>= 1.3.0.1) - restriction: >= net6.0-android
      Xamarin.AndroidX.Annotation.Experimental (>= 1.1.0.4) - restriction: >= net6.0-android
      Xamarin.AndroidX.Collection (>= 1.2.0.1) - restriction: >= net6.0-android
      Xamarin.AndroidX.Lifecycle.Runtime (>= 2.4.0.1) - restriction: >= net6.0-android
      Xamarin.AndroidX.VersionedParcelable (>= 1.1.1.11) - restriction: >= net6.0-android
    Xamarin.AndroidX.Interpolator (1.0.0.10) - restriction: && (>= monoandroid10.0) (>= net6.0)
      Xamarin.AndroidX.Annotation (>= 1.2.0.3) - restriction: >= monoandroid9.0
    Xamarin.AndroidX.Lifecycle.Common (2.4.0.1) - restriction: >= net6.0-android
      Xamarin.AndroidX.Annotation (>= 1.2.0.4) - restriction: >= monoandroid9.0
    Xamarin.AndroidX.Lifecycle.Runtime (2.4.0.1) - restriction: >= net6.0-android
      Xamarin.AndroidX.Annotation (>= 1.2.0.4) - restriction: >= monoandroid9.0
      Xamarin.AndroidX.Arch.Core.Common (>= 2.1.0.12) - restriction: >= monoandroid9.0
      Xamarin.AndroidX.Arch.Core.Runtime (>= 2.1.0.12) - restriction: >= monoandroid9.0
      Xamarin.AndroidX.Lifecycle.Common (>= 2.4.0.1) - restriction: >= monoandroid9.0
    Xamarin.AndroidX.VersionedParcelable (1.1.1.11) - restriction: >= net6.0-android
      Xamarin.AndroidX.Annotation (>= 1.2.0.4) - restriction: >= monoandroid9.0
      Xamarin.AndroidX.Collection (>= 1.1.0.11) - restriction: >= monoandroid9.0
    Xamarin.Google.Guava.ListenableFuture (1.0.0.5) - restriction: && (>= monoandroid10.0) (>= net6.0)
